{
  "aor": 0.02735239043824701,
  "aqi": 0.04489840956175299,
  "bids_meta": {
    "AcquisitionMatrixPE": 146,
    "CoilString": "RM:Nova32ch",
    "EchoTime": 0.0276,
    "EffectiveEchoSpacing": 0.000354,
    "FlipAngle": 71,
    "InstitutionName": "Stanford CNI",
    "MagneticFieldStrength": 3,
    "Manufacturer": "GE",
    "ManufacturerModelName": "GE Discovery MR750",
    "MultibandAccelerationFactor": 3,
    "PartialFourier": 0.0136986,
    "PhaseEncodingDirection": "j",
    "PulseSequenceType": "Multiband Gradient Echo EPI",
    "ReconMatrixPE": 146,
    "RepetitionTime": 1.5,
    "SliceThickness": 1.6,
    "SoftwareVersions": "DV24.0_R01_1344.a",
    "TaskDescription": "Simultaneous feature discrimination. Subjects performed a speeded reaction time task. The target was predicted by preceeding stimuli (AB+, B-, AC-, C+), where + corresponds to a 70% probability of seeing the target, and - corresponds to a 30% change of seeing the target. A, B and C are house, faces and body parts, counterbalanced across runs.",
    "TaskName": "sim",
    "TotalReadoutTime": 0.05133,
    "dataset": "ds001590",
    "modality": "bold",
    "run_id": 2,
    "subject_id": "19",
    "task_id": "sim"
  },
  "dummy_trs": 5,
  "dvars_nstd": 73.1860777588,
  "dvars_std": 1.5102185685599998,
  "dvars_vstd": 1.7034735727599994,
  "efc": 0.5109759072327523,
  "fber": 937.2462158203125,
  "fd_mean": 0.330882889076878,
  "fd_num": 23,
  "fd_perc": 9.163346613545817,
  "fwhm_avg": 2.960190802301307,
  "fwhm_x": 2.9260091995196347,
  "fwhm_y": 3.0541195006042665,
  "fwhm_z": 2.900443706780021,
  "gcor": 0.325581,
  "gsr_x": -0.007134101819247007,
  "gsr_y": 0.016656167805194855,
  "provenance": {
    "md5sum": "de8e806bea70d362597ab1019729a046",
    "settings": {
      "fd_thres": 0.2,
      "testing": false
    },
    "software": "mriqc",
    "version": "22.0.6",
    "webapi_port": null,
    "webapi_url": "https://mriqc.nimh.nih.gov/api/v1"
  },
  "size_t": 251,
  "size_x": 146,
  "size_y": 146,
  "size_z": 57,
  "snr": 3.424611287425863,
  "spacing_tr": 1.5,
  "spacing_x": 1.5958904027938843,
  "spacing_y": 1.5958904027938843,
  "spacing_z": 1.600000023841858,
  "summary_bg_k": 31.72480865651039,
  "summary_bg_mad": 80.70970121504709,
  "summary_bg_mean": 344.11474609375,
  "summary_bg_median": 161.55392456054688,
  "summary_bg_n": 867069.0,
  "summary_bg_p05": 95.70863189697266,
  "summary_bg_p95": 1230.2590820312494,
  "summary_bg_stdv": 555.9539184570312,
  "summary_fg_k": 0.8637029724652905,
  "summary_fg_mad": 1353.2071687806017,
  "summary_fg_mean": 5149.97900390625,
  "summary_fg_median": 4962.595703125,
  "summary_fg_n": 221186.0,
  "summary_fg_p05": 3155.9214477539062,
  "summary_fg_p95": 7788.4942626953125,
  "summary_fg_stdv": 1449.09423828125,
  "tsnr": 7.795719146728516
}