{
  "aor": 0.02678437984496124,
  "aqi": 0.04302929612403101,
  "bids_meta": {
    "AcquisitionMatrixPE": 146,
    "CoilString": "RM:Nova32ch",
    "EchoTime": 0.0276,
    "EffectiveEchoSpacing": 0.000354,
    "FlipAngle": 71,
    "InstitutionName": "Stanford CNI",
    "MagneticFieldStrength": 3,
    "Manufacturer": "GE",
    "ManufacturerModelName": "GE Discovery MR750",
    "MultibandAccelerationFactor": 3,
    "PartialFourier": 0.0136986,
    "PhaseEncodingDirection": "j",
    "PulseSequenceType": "Multiband Gradient Echo EPI",
    "ReconMatrixPE": 146,
    "RepetitionTime": 1.5,
    "SliceThickness": 1.6,
    "SoftwareVersions": "DV24.0_R01_1344.a",
    "TaskDescription": "Simultaneous feature discrimination. Subjects performed a speeded reaction time task. The target was predicted by preceeding stimuli (AB+, B-, AC-, C+), where + corresponds to a 70% probability of seeing the target, and - corresponds to a 30% change of seeing the target. A, B and C are house, faces and body parts, counterbalanced across runs.",
    "TaskName": "sim",
    "TotalReadoutTime": 0.05133,
    "dataset": "ds001590",
    "modality": "bold",
    "run_id": 1,
    "subject_id": "19",
    "task_id": "sim"
  },
  "dummy_trs": 5,
  "dvars_nstd": 72.6841712689105,
  "dvars_std": 1.5543066103891052,
  "dvars_vstd": 1.7426594251750966,
  "efc": 0.5127256434615827,
  "fber": 890.129638671875,
  "fd_mean": 0.2791745190142636,
  "fd_num": 12,
  "fd_perc": 4.651162790697675,
  "fwhm_avg": 2.9498563635734687,
  "fwhm_x": 2.9122739204794037,
  "fwhm_y": 3.0081639638884585,
  "fwhm_z": 2.929131206352544,
  "gcor": 0.33019,
  "gsr_x": -0.009305661544203758,
  "gsr_y": 0.015617451630532742,
  "provenance": {
    "md5sum": "f1205eb971169c98c2d565f8158e00fc",
    "settings": {
      "fd_thres": 0.2,
      "testing": false
    },
    "software": "mriqc",
    "version": "22.0.6",
    "webapi_port": null,
    "webapi_url": "https://mriqc.nimh.nih.gov/api/v1"
  },
  "size_t": 258,
  "size_x": 146,
  "size_y": 146,
  "size_z": 57,
  "snr": 3.486842746896901,
  "spacing_tr": 1.5,
  "spacing_x": 1.5958904027938843,
  "spacing_y": 1.5958904027938843,
  "spacing_z": 1.600000023841858,
  "summary_bg_k": 34.34876823355,
  "summary_bg_mad": 84.99437547619067,
  "summary_bg_mean": 348.03472900390625,
  "summary_bg_median": 165.710693359375,
  "summary_bg_n": 865754.0,
  "summary_bg_p05": 96.97329750061036,
  "summary_bg_p95": 1228.271514892578,
  "summary_bg_stdv": 570.309814453125,
  "summary_fg_k": 0.7905778646497632,
  "summary_fg_mad": 1361.9894875373402,
  "summary_fg_mean": 5178.83740234375,
  "summary_fg_median": 4999.3818359375,
  "summary_fg_n": 222542.0,
  "summary_fg_p05": 3187.83115234375,
  "summary_fg_p95": 7753.062451171873,
  "summary_fg_stdv": 1433.781494140625,
  "tsnr": 8.111200332641602
}