{
  "aor": 0.05831441558441559,
  "aqi": 0.06978105108225109,
  "bids_meta": {
    "AcquisitionMatrixPE": 146,
    "CoilString": "RM:Nova32ch",
    "EchoTime": 0.0276,
    "EffectiveEchoSpacing": 0.000354,
    "FlipAngle": 71,
    "InstitutionName": "Stanford CNI",
    "MagneticFieldStrength": 3,
    "Manufacturer": "GE",
    "ManufacturerModelName": "GE Discovery MR750",
    "MultibandAccelerationFactor": 3,
    "PartialFourier": 0.0136986,
    "PhaseEncodingDirection": "j",
    "PulseSequenceType": "Multiband Gradient Echo EPI",
    "ReconMatrixPE": 146,
    "RepetitionTime": 1.5,
    "SliceThickness": 1.6,
    "SoftwareVersions": "DV24.0_R01_1344.a",
    "TaskDescription": "Subjects performed a visual localizer task. Stimuli were presented in miniblocks at a rate of 4 HZ. Subjects were instructed to maintain fixation on a central cross and to respond to oddball frames in which a blank display, rather than a face/object/place/character was presented. Due to an error, these responses were not recorded.",
    "TaskName": "sim",
    "TotalReadoutTime": 0.05133,
    "dataset": "ds001590",
    "modality": "bold",
    "run_id": 2,
    "subject_id": "15",
    "task_id": "loc"
  },
  "dummy_trs": 6,
  "dvars_nstd": 81.90080692478264,
  "dvars_std": 2.181712278956521,
  "dvars_vstd": 2.524672172913044,
  "efc": 0.513199058722773,
  "fber": 1211.1962890625,
  "fd_mean": 0.6444106521629202,
  "fd_num": 19,
  "fd_perc": 8.225108225108226,
  "fwhm_avg": 3.122627552278861,
  "fwhm_x": 3.0461051657993146,
  "fwhm_y": 3.186215037760791,
  "fwhm_z": 3.1355624532764783,
  "gcor": 0.627503,
  "gsr_x": -0.029617981985211372,
  "gsr_y": 0.047024890780448914,
  "provenance": {
    "md5sum": "f2ed04740c33c7d41b20d545efeef32a",
    "settings": {
      "fd_thres": 0.2,
      "testing": false
    },
    "software": "mriqc",
    "version": "22.0.6",
    "webapi_port": null,
    "webapi_url": "https://mriqc.nimh.nih.gov/api/v1"
  },
  "size_t": 231,
  "size_x": 146,
  "size_y": 146,
  "size_z": 57,
  "snr": 3.021370744918163,
  "spacing_tr": 1.5,
  "spacing_x": 1.5958904027938843,
  "spacing_y": 1.5958904027938843,
  "spacing_z": 1.600000023841858,
  "summary_bg_k": 52.46123728522651,
  "summary_bg_mad": 50.08782107364392,
  "summary_bg_mean": 313.27447509765625,
  "summary_bg_median": 134.56271362304688,
  "summary_bg_n": 847485.0,
  "summary_bg_p05": 90.60984802246094,
  "summary_bg_p95": 1178.9786132812499,
  "summary_bg_stdv": 496.7378845214844,
  "summary_fg_k": 0.9896720864512574,
  "summary_fg_mad": 1468.163497193056,
  "summary_fg_mean": 5002.0849609375,
  "summary_fg_median": 4723.9521484375,
  "summary_fg_n": 239746.0,
  "summary_fg_p05": 2986.0050659179688,
  "summary_fg_p95": 7905.511962890625,
  "summary_fg_stdv": 1563.5096435546875,
  "tsnr": 4.891078472137451
}