{
  "aor": 0.03930654901960784,
  "aqi": 0.05376989529411765,
  "bids_meta": {
    "AcquisitionMatrixPE": 146,
    "CoilString": "RM:Nova32ch",
    "EchoTime": 0.0276,
    "EffectiveEchoSpacing": 0.000354,
    "FlipAngle": 71,
    "InstitutionName": "Stanford CNI",
    "MagneticFieldStrength": 3,
    "Manufacturer": "GE",
    "ManufacturerModelName": "GE Discovery MR750",
    "MultibandAccelerationFactor": 3,
    "PartialFourier": 0.0136986,
    "PhaseEncodingDirection": "j",
    "PulseSequenceType": "Multiband Gradient Echo EPI",
    "ReconMatrixPE": 146,
    "RepetitionTime": 1.5,
    "SliceThickness": 1.6,
    "SoftwareVersions": "DV24.0_R01_1344.a",
    "TaskDescription": "Simultaneous feature discrimination. Subjects performed a speeded reaction time task. The target was predicted by preceeding stimuli (AB+, B-, AC-, C+), where + corresponds to a 70% probability of seeing the target, and - corresponds to a 30% change of seeing the target. A, B and C are house, faces and body parts, counterbalanced across runs.",
    "TaskName": "sim",
    "TotalReadoutTime": 0.05133,
    "dataset": "ds001590",
    "modality": "bold",
    "run_id": 2,
    "subject_id": "15",
    "task_id": "sim"
  },
  "dummy_trs": 6,
  "dvars_nstd": 85.71993335204725,
  "dvars_std": 1.8406955266141733,
  "dvars_vstd": 2.079045432362205,
  "efc": 0.5119747492494668,
  "fber": 1249.832763671875,
  "fd_mean": 0.4697796320655943,
  "fd_num": 14,
  "fd_perc": 5.490196078431373,
  "fwhm_avg": 3.1113663360765833,
  "fwhm_x": 3.0247001871490284,
  "fwhm_y": 3.155586368076189,
  "fwhm_z": 3.1538124530045324,
  "gcor": 0.425022,
  "gsr_x": -0.02903883159160614,
  "gsr_y": 0.04494013637304306,
  "provenance": {
    "md5sum": "6f5cacc08b756bfeb69502f850f2a80c",
    "settings": {
      "fd_thres": 0.2,
      "testing": false
    },
    "software": "mriqc",
    "version": "22.0.6",
    "webapi_port": null,
    "webapi_url": "https://mriqc.nimh.nih.gov/api/v1"
  },
  "size_t": 255,
  "size_x": 146,
  "size_y": 146,
  "size_z": 57,
  "snr": 3.070878020102502,
  "spacing_tr": 1.5,
  "spacing_x": 1.5958904027938843,
  "spacing_y": 1.5958904027938843,
  "spacing_z": 1.600000023841858,
  "summary_bg_k": 58.720796976986,
  "summary_bg_mad": 49.790756553658696,
  "summary_bg_mean": 314.5216979980469,
  "summary_bg_median": 136.22998046875,
  "summary_bg_n": 847634.0,
  "summary_bg_p05": 92.66212120056153,
  "summary_bg_p95": 1176.7055419921871,
  "summary_bg_stdv": 504.69805908203125,
  "summary_fg_k": 0.9553668081058797,
  "summary_fg_mad": 1495.2774539762145,
  "summary_fg_mean": 5157.49072265625,
  "summary_fg_median": 4871.43896484375,
  "summary_fg_n": 239471.0,
  "summary_fg_p05": 3096.463134765625,
  "summary_fg_p95": 8099.26025390625,
  "summary_fg_stdv": 1586.3309326171875,
  "tsnr": 6.1815996170043945
}