{
  "aor": 0.04552714285714286,
  "aqi": 0.057925528968253974,
  "bids_meta": {
    "AcquisitionMatrixPE": 146,
    "CoilString": "RM:Nova32ch",
    "EchoTime": 0.0276,
    "EffectiveEchoSpacing": 0.000354,
    "FlipAngle": 71,
    "InstitutionName": "Stanford CNI",
    "MagneticFieldStrength": 3,
    "Manufacturer": "GE",
    "ManufacturerModelName": "GE Discovery MR750",
    "MultibandAccelerationFactor": 3,
    "PartialFourier": 0.0136986,
    "PhaseEncodingDirection": "j",
    "PulseSequenceType": "Multiband Gradient Echo EPI",
    "ReconMatrixPE": 146,
    "RepetitionTime": 1.5,
    "SliceThickness": 1.6,
    "SoftwareVersions": "DV24.0_R01_1344.a",
    "TaskDescription": "Simultaneous feature discrimination. Subjects performed a speeded reaction time task. The target was predicted by preceeding stimuli (AB+, B-, AC-, C+), where + corresponds to a 70% probability of seeing the target, and - corresponds to a 30% change of seeing the target. A, B and C are house, faces and body parts, counterbalanced across runs.",
    "TaskName": "sim",
    "TotalReadoutTime": 0.05133,
    "dataset": "ds001590",
    "modality": "bold",
    "run_id": 2,
    "subject_id": "04",
    "task_id": "sim"
  },
  "dummy_trs": 6,
  "dvars_nstd": 95.91544877011955,
  "dvars_std": 2.0155021498406382,
  "dvars_vstd": 2.270760296015937,
  "efc": 0.5503687490645589,
  "fber": 666.52001953125,
  "fd_mean": 0.4290495281162818,
  "fd_num": 15,
  "fd_perc": 5.9523809523809526,
  "fwhm_avg": 3.3727942679037297,
  "fwhm_x": 3.248838385720674,
  "fwhm_y": 3.37530697005871,
  "fwhm_z": 3.494237447931804,
  "gcor": 0.495545,
  "gsr_x": 0.0052932617254555225,
  "gsr_y": 0.054350897669792175,
  "provenance": {
    "md5sum": "15f0d4ef2e4e36b75b830f89265eaddd",
    "settings": {
      "fd_thres": 0.2,
      "testing": false
    },
    "software": "mriqc",
    "version": "22.0.6",
    "webapi_port": null,
    "webapi_url": "https://mriqc.nimh.nih.gov/api/v1"
  },
  "size_t": 252,
  "size_x": 146,
  "size_y": 146,
  "size_z": 57,
  "snr": 2.499689159801621,
  "spacing_tr": 1.5,
  "spacing_x": 1.5958904027938843,
  "spacing_y": 1.5958904027938843,
  "spacing_z": 1.600000023841858,
  "summary_bg_k": 22.73146291280478,
  "summary_bg_mad": 67.3375617124189,
  "summary_bg_mean": 470.7442321777344,
  "summary_bg_median": 182.8699493408203,
  "summary_bg_n": 809212.0,
  "summary_bg_p05": 115.64295043945313,
  "summary_bg_p95": 2047.1001098632798,
  "summary_bg_stdv": 819.9464721679688,
  "summary_fg_k": 1.909979685167551,
  "summary_fg_mad": 1639.2283201840944,
  "summary_fg_mean": 5144.48291015625,
  "summary_fg_median": 4757.6943359375,
  "summary_fg_n": 274100.0,
  "summary_fg_p05": 2748.1414184570312,
  "summary_fg_p95": 8736.818505859372,
  "summary_fg_stdv": 1903.3109130859375,
  "tsnr": 5.650897026062012
}