{
  "aor": 0.031839819819819815,
  "aqi": 0.046277786036036044,
  "bids_meta": {
    "AcquisitionMatrixPE": 146,
    "CoilString": "RM:Nova32ch",
    "EchoTime": 0.0276,
    "EffectiveEchoSpacing": 0.000354,
    "FlipAngle": 71,
    "InstitutionName": "Stanford CNI",
    "MagneticFieldStrength": 3,
    "Manufacturer": "GE",
    "ManufacturerModelName": "GE Discovery MR750",
    "MultibandAccelerationFactor": 3,
    "PartialFourier": 0.0136986,
    "PhaseEncodingDirection": "j",
    "PulseSequenceType": "Multiband Gradient Echo EPI",
    "ReconMatrixPE": 146,
    "RepetitionTime": 1.5,
    "SliceThickness": 1.6,
    "SoftwareVersions": "DV24.0_R01_1344.a",
    "TaskDescription": "Subjects performed a visual localizer task. Stimuli were presented in miniblocks at a rate of 4 HZ. Subjects were instructed to maintain fixation on a central cross and to respond to oddball frames in which a blank display, rather than a face/object/place/character was presented. Due to an error, these responses were not recorded.",
    "TaskName": "sim",
    "TotalReadoutTime": 0.05133,
    "dataset": "ds001590",
    "modality": "bold",
    "run_id": 1,
    "subject_id": "16",
    "task_id": "loc"
  },
  "dummy_trs": 6,
  "dvars_nstd": 82.31174979941177,
  "dvars_std": 1.6469482001809959,
  "dvars_vstd": 1.8802247140723984,
  "efc": 0.5481370923514526,
  "fber": 873.907958984375,
  "fd_mean": 0.30772444270862287,
  "fd_num": 15,
  "fd_perc": 6.756756756756757,
  "fwhm_avg": 3.1356722295700834,
  "fwhm_x": 2.7535098853323587,
  "fwhm_y": 3.384994352082522,
  "fwhm_z": 3.268512451295369,
  "gcor": 0.28567,
  "gsr_x": -0.01738729514181614,
  "gsr_y": 0.04354953393340111,
  "provenance": {
    "md5sum": "4a42befc2b0c37a67526c7ebd3f2e3e4",
    "settings": {
      "fd_thres": 0.2,
      "testing": false
    },
    "software": "mriqc",
    "version": "22.0.6",
    "webapi_port": null,
    "webapi_url": "https://mriqc.nimh.nih.gov/api/v1"
  },
  "size_t": 222,
  "size_x": 146,
  "size_y": 146,
  "size_z": 57,
  "snr": 2.764397989559235,
  "spacing_tr": 1.5,
  "spacing_x": 1.5958904027938843,
  "spacing_y": 1.5958904027938843,
  "spacing_z": 1.600000023841858,
  "summary_bg_k": 29.069724224862384,
  "summary_bg_mad": 57.7620679620428,
  "summary_bg_mean": 354.344970703125,
  "summary_bg_median": 149.4644775390625,
  "summary_bg_n": 797033.0,
  "summary_bg_p05": 96.34773101806641,
  "summary_bg_p95": 1516.3109619140578,
  "summary_bg_stdv": 597.97265625,
  "summary_fg_k": 0.8554910328470351,
  "summary_fg_mad": 1445.356543290268,
  "summary_fg_mean": 4734.3369140625,
  "summary_fg_median": 4505.041015625,
  "summary_fg_n": 280023.0,
  "summary_fg_p05": 2554.597705078125,
  "summary_fg_p95": 7656.8991210937465,
  "summary_fg_stdv": 1629.6614990234375,
  "tsnr": 7.709735870361328
}