{
  "aor": 0.0345003187250996,
  "aqi": 0.0494331390438247,
  "bids_meta": {
    "AcquisitionMatrixPE": 146,
    "CoilString": "RM:Nova32ch",
    "EchoTime": 0.0276,
    "EffectiveEchoSpacing": 0.000354,
    "FlipAngle": 71,
    "InstitutionName": "Stanford CNI",
    "MagneticFieldStrength": 3,
    "Manufacturer": "GE",
    "ManufacturerModelName": "GE Discovery MR750",
    "MultibandAccelerationFactor": 3,
    "PartialFourier": 0.0136986,
    "PhaseEncodingDirection": "j",
    "PulseSequenceType": "Multiband Gradient Echo EPI",
    "ReconMatrixPE": 146,
    "RepetitionTime": 1.5,
    "SliceThickness": 1.6,
    "SoftwareVersions": "DV24.0_R01_1344.a",
    "TaskDescription": "Simultaneous feature discrimination. Subjects performed a speeded reaction time task. The target was predicted by preceeding stimuli (AB+, B-, AC-, C+), where + corresponds to a 70% probability of seeing the target, and - corresponds to a 30% change of seeing the target. A, B and C are house, faces and body parts, counterbalanced across runs.",
    "TaskName": "sim",
    "TotalReadoutTime": 0.05133,
    "dataset": "ds001590",
    "modality": "bold",
    "run_id": 3,
    "subject_id": "16",
    "task_id": "sim"
  },
  "dummy_trs": 6,
  "dvars_nstd": 88.53358966080005,
  "dvars_std": 1.6989546266800002,
  "dvars_vstd": 1.8655738101199983,
  "efc": 0.5456571084185914,
  "fber": 939.3464965820312,
  "fd_mean": 0.27826670625926136,
  "fd_num": 13,
  "fd_perc": 5.179282868525896,
  "fwhm_avg": 3.1113220185908212,
  "fwhm_x": 2.742481559095677,
  "fwhm_y": 3.3471095450217403,
  "fwhm_z": 3.244374951655046,
  "gcor": 0.343446,
  "gsr_x": -0.016152819618582726,
  "gsr_y": 0.040359314531087875,
  "provenance": {
    "md5sum": "ddb82740dd4241d76e62d1c32f2e0e1a",
    "settings": {
      "fd_thres": 0.2,
      "testing": false
    },
    "software": "mriqc",
    "version": "22.0.6",
    "webapi_port": null,
    "webapi_url": "https://mriqc.nimh.nih.gov/api/v1"
  },
  "size_t": 251,
  "size_x": 146,
  "size_y": 146,
  "size_z": 57,
  "snr": 2.760634862820486,
  "spacing_tr": 1.5,
  "spacing_x": 1.5958904027938843,
  "spacing_y": 1.5958904027938843,
  "spacing_z": 1.600000023841858,
  "summary_bg_k": 28.544389004936313,
  "summary_bg_mad": 53.98719657251213,
  "summary_bg_mean": 343.0332946777344,
  "summary_bg_median": 144.049072265625,
  "summary_bg_n": 796937.0,
  "summary_bg_p05": 94.06329498291015,
  "summary_bg_p95": 1469.9588378906237,
  "summary_bg_stdv": 582.2667236328125,
  "summary_fg_k": 0.8335875184716213,
  "summary_fg_mad": 1446.560252684223,
  "summary_fg_mean": 4738.08935546875,
  "summary_fg_median": 4502.14013671875,
  "summary_fg_n": 280024.0,
  "summary_fg_p05": 2567.2619750976564,
  "summary_fg_p95": 7678.536401367187,
  "summary_fg_stdv": 1630.8321533203125,
  "tsnr": 6.865364074707031
}