{
  "aor": 0.030229083665338646,
  "aqi": 0.047113212350597615,
  "bids_meta": {
    "AcquisitionMatrixPE": 146,
    "CoilString": "RM:Nova32ch",
    "EchoTime": 0.0276,
    "EffectiveEchoSpacing": 0.000354,
    "FlipAngle": 71,
    "InstitutionName": "Stanford CNI",
    "MagneticFieldStrength": 3,
    "Manufacturer": "GE",
    "ManufacturerModelName": "GE Discovery MR750",
    "MultibandAccelerationFactor": 3,
    "PartialFourier": 0.0136986,
    "PhaseEncodingDirection": "j",
    "PulseSequenceType": "Multiband Gradient Echo EPI",
    "ReconMatrixPE": 146,
    "RepetitionTime": 1.5,
    "SliceThickness": 1.6,
    "SoftwareVersions": "DV24.0_R01_1344.a",
    "TaskDescription": "Simultaneous feature discrimination. Subjects performed a speeded reaction time task. The target was predicted by preceeding stimuli (AB+, B-, AC-, C+), where + corresponds to a 70% probability of seeing the target, and - corresponds to a 30% change of seeing the target. A, B and C are house, faces and body parts, counterbalanced across runs.",
    "TaskName": "sim",
    "TotalReadoutTime": 0.05133,
    "dataset": "ds001590",
    "modality": "bold",
    "run_id": 2,
    "subject_id": "16",
    "task_id": "sim"
  },
  "dummy_trs": 4,
  "dvars_nstd": 83.93560897804001,
  "dvars_std": 1.631458606199999,
  "dvars_vstd": 1.8777766277199996,
  "efc": 0.5464315579883234,
  "fber": 986.1543579101562,
  "fd_mean": 0.2842186827712986,
  "fd_num": 14,
  "fd_perc": 5.577689243027889,
  "fwhm_avg": 3.0991340877637854,
  "fwhm_x": 2.7452887694104686,
  "fwhm_y": 3.338932291761019,
  "fwhm_z": 3.213181202119869,
  "gcor": 0.307553,
  "gsr_x": -0.01690947450697422,
  "gsr_y": 0.04081296920776367,
  "provenance": {
    "md5sum": "e4c2d35d4f2709a0be150be488a3b144",
    "settings": {
      "fd_thres": 0.2,
      "testing": false
    },
    "software": "mriqc",
    "version": "22.0.6",
    "webapi_port": null,
    "webapi_url": "https://mriqc.nimh.nih.gov/api/v1"
  },
  "size_t": 251,
  "size_x": 146,
  "size_y": 146,
  "size_z": 57,
  "snr": 2.7776813501052167,
  "spacing_tr": 1.5,
  "spacing_x": 1.5958904027938843,
  "spacing_y": 1.5958904027938843,
  "spacing_z": 1.600000023841858,
  "summary_bg_k": 30.117248895516276,
  "summary_bg_mad": 52.82672484167523,
  "summary_bg_mean": 341.6166076660156,
  "summary_bg_median": 141.40858459472656,
  "summary_bg_n": 793486.0,
  "summary_bg_p05": 92.61873817443848,
  "summary_bg_p95": 1458.4692687988281,
  "summary_bg_stdv": 588.312744140625,
  "summary_fg_k": 0.8464590326104826,
  "summary_fg_mad": 1449.180686952014,
  "summary_fg_mean": 4765.9521484375,
  "summary_fg_median": 4532.482421875,
  "summary_fg_n": 283303.0,
  "summary_fg_p05": 2602.2284912109376,
  "summary_fg_p95": 7699.3796875,
  "summary_fg_stdv": 1631.7474365234375,
  "tsnr": 7.116698265075684
}