{
  "aor": 0.03182675471698114,
  "aqi": 0.048465850943396234,
  "bids_meta": {
    "AcquisitionMatrixPE": 146,
    "CoilString": "RM:Nova32ch",
    "EchoTime": 0.0276,
    "EffectiveEchoSpacing": 0.000354,
    "FlipAngle": 71,
    "InstitutionName": "Stanford CNI",
    "MagneticFieldStrength": 3,
    "Manufacturer": "GE",
    "ManufacturerModelName": "GE Discovery MR750",
    "MultibandAccelerationFactor": 3,
    "PartialFourier": 0.0136986,
    "PhaseEncodingDirection": "j",
    "PulseSequenceType": "Multiband Gradient Echo EPI",
    "ReconMatrixPE": 146,
    "RepetitionTime": 1.5,
    "SliceThickness": 1.6,
    "SoftwareVersions": "DV24.0_R01_1344.a",
    "TaskDescription": "Simultaneous feature discrimination. Subjects performed a speeded reaction time task. The target was predicted by preceeding stimuli (AB+, B-, AC-, C+), where + corresponds to a 70% probability of seeing the target, and - corresponds to a 30% change of seeing the target. A, B and C are house, faces and body parts, counterbalanced across runs.",
    "TaskName": "sim",
    "TotalReadoutTime": 0.05133,
    "dataset": "ds001590",
    "modality": "bold",
    "run_id": 1,
    "subject_id": "16",
    "task_id": "sim"
  },
  "dummy_trs": 5,
  "dvars_nstd": 87.99611577132575,
  "dvars_std": 1.64504279564394,
  "dvars_vstd": 1.8049134279545451,
  "efc": 0.5445220879787188,
  "fber": 1036.7279052734375,
  "fd_mean": 0.32141572607747704,
  "fd_num": 40,
  "fd_perc": 15.09433962264151,
  "fwhm_avg": 3.125807387098965,
  "fwhm_x": 2.760289799530137,
  "fwhm_y": 3.380344909998649,
  "fwhm_z": 3.236787451768109,
  "gcor": 0.35003,
  "gsr_x": -0.017667248845100403,
  "gsr_y": 0.04018637165427208,
  "provenance": {
    "md5sum": "69486fa9274829452d73874b64650582",
    "settings": {
      "fd_thres": 0.2,
      "testing": false
    },
    "software": "mriqc",
    "version": "22.0.6",
    "webapi_port": null,
    "webapi_url": "https://mriqc.nimh.nih.gov/api/v1"
  },
  "size_t": 265,
  "size_x": 146,
  "size_y": 146,
  "size_z": 57,
  "snr": 2.773116510069812,
  "spacing_tr": 1.5,
  "spacing_x": 1.5958904027938843,
  "spacing_y": 1.5958904027938843,
  "spacing_z": 1.600000023841858,
  "summary_bg_k": 31.34704941715576,
  "summary_bg_mad": 50.783673149434534,
  "summary_bg_mean": 332.448486328125,
  "summary_bg_median": 138.52064514160156,
  "summary_bg_n": 793083.0,
  "summary_bg_p05": 91.98252792358399,
  "summary_bg_p95": 1396.5277709960935,
  "summary_bg_stdv": 571.240234375,
  "summary_fg_k": 0.8642894864275741,
  "summary_fg_mad": 1450.6477247429327,
  "summary_fg_mean": 4784.32470703125,
  "summary_fg_median": 4548.44140625,
  "summary_fg_n": 284250.0,
  "summary_fg_p05": 2617.0955444335937,
  "summary_fg_p95": 7748.092749023436,
  "summary_fg_stdv": 1640.1883544921875,
  "tsnr": 7.067996025085449
}