{
  "aor": 0.049428217391304353,
  "aqi": 0.06565241782608697,
  "bids_meta": {
    "AcquisitionMatrixPE": 146,
    "CoilString": "RM:Nova32ch",
    "EchoTime": 0.0276,
    "EffectiveEchoSpacing": 0.000354,
    "FlipAngle": 71,
    "InstitutionName": "Stanford CNI",
    "MagneticFieldStrength": 3,
    "Manufacturer": "GE",
    "ManufacturerModelName": "GE Discovery MR750",
    "MultibandAccelerationFactor": 3,
    "PartialFourier": 0.0136986,
    "PhaseEncodingDirection": "j",
    "PulseSequenceType": "Multiband Gradient Echo EPI",
    "ReconMatrixPE": 146,
    "RepetitionTime": 1.5,
    "SliceThickness": 1.6,
    "SoftwareVersions": "DV24.0_R01_1344.a",
    "TaskDescription": "Subjects performed a visual localizer task. Stimuli were presented in miniblocks at a rate of 4 HZ. Subjects were instructed to maintain fixation on a central cross and to respond to oddball frames in which a blank display, rather than a face/object/place/character was presented. Due to an error, these responses were not recorded.",
    "TaskName": "sim",
    "TotalReadoutTime": 0.05133,
    "dataset": "ds001590",
    "modality": "bold",
    "run_id": 2,
    "subject_id": "16",
    "task_id": "loc"
  },
  "dummy_trs": 5,
  "dvars_nstd": 98.18916057585157,
  "dvars_std": 2.110476745327511,
  "dvars_vstd": 2.3703752158515288,
  "efc": 0.5483820680706607,
  "fber": 876.8134155273438,
  "fd_mean": 0.6135021941481238,
  "fd_num": 17,
  "fd_perc": 7.391304347826087,
  "fwhm_avg": 3.127425722014619,
  "fwhm_x": 2.7447624174764456,
  "fwhm_y": 3.368621047277722,
  "fwhm_z": 3.268893701289688,
  "gcor": 0.487878,
  "gsr_x": -0.017144398763775826,
  "gsr_y": 0.04379893094301224,
  "provenance": {
    "md5sum": "48db3d7aa12002e36e32d53da80dbb63",
    "settings": {
      "fd_thres": 0.2,
      "testing": false
    },
    "software": "mriqc",
    "version": "22.0.6",
    "webapi_port": null,
    "webapi_url": "https://mriqc.nimh.nih.gov/api/v1"
  },
  "size_t": 230,
  "size_x": 146,
  "size_y": 146,
  "size_z": 57,
  "snr": 2.785844669099842,
  "spacing_tr": 1.5,
  "spacing_x": 1.5958904027938843,
  "spacing_y": 1.5958904027938843,
  "spacing_z": 1.600000023841858,
  "summary_bg_k": 28.638358692262344,
  "summary_bg_mad": 57.626297740876396,
  "summary_bg_mean": 349.1451416015625,
  "summary_bg_median": 147.06753540039062,
  "summary_bg_n": 797395.0,
  "summary_bg_p05": 94.51742782592774,
  "summary_bg_p95": 1496.6476684570239,
  "summary_bg_stdv": 588.2859497070312,
  "summary_fg_k": 0.8330534672882943,
  "summary_fg_mad": 1419.8270814317939,
  "summary_fg_mean": 4665.43994140625,
  "summary_fg_median": 4440.078125,
  "summary_fg_n": 279700.0,
  "summary_fg_p05": 2541.899658203125,
  "summary_fg_p95": 7527.242846679687,
  "summary_fg_stdv": 1593.7967529296875,
  "tsnr": 5.3181538581848145
}