{
  "aor": 0.048067878787878784,
  "aqi": 0.06802509264069263,
  "bids_meta": {
    "AcquisitionMatrixPE": 146,
    "CoilString": "RM:Nova32ch",
    "EchoTime": 0.0276,
    "EffectiveEchoSpacing": 0.000354,
    "FlipAngle": 71,
    "InstitutionName": "Stanford CNI",
    "MagneticFieldStrength": 3,
    "Manufacturer": "GE",
    "ManufacturerModelName": "GE Discovery MR750",
    "MultibandAccelerationFactor": 3,
    "PartialFourier": 0.0136986,
    "PhaseEncodingDirection": "j",
    "PulseSequenceType": "Multiband Gradient Echo EPI",
    "ReconMatrixPE": 146,
    "RepetitionTime": 1.5,
    "SliceThickness": 1.6,
    "SoftwareVersions": "DV24.0_R01_1344.a",
    "TaskDescription": "Subjects performed a visual localizer task. Stimuli were presented in miniblocks at a rate of 4 HZ. Subjects were instructed to maintain fixation on a central cross and to respond to oddball frames in which a blank display, rather than a face/object/place/character was presented. Due to an error, these responses were not recorded.",
    "TaskName": "sim",
    "TotalReadoutTime": 0.05133,
    "dataset": "ds001590",
    "modality": "bold",
    "run_id": 1,
    "subject_id": "28",
    "task_id": "loc"
  },
  "dummy_trs": 5,
  "dvars_nstd": 93.0551842403043,
  "dvars_std": 1.8927386591304356,
  "dvars_vstd": 2.1589492663043486,
  "efc": 0.5396528003353362,
  "fber": 1315.094970703125,
  "fd_mean": 0.5727698135417157,
  "fd_num": 70,
  "fd_perc": 30.303030303030305,
  "fwhm_avg": 3.0638478554839987,
  "fwhm_x": 2.735131430302707,
  "fwhm_y": 3.245937183989093,
  "fwhm_z": 3.210474952160195,
  "gcor": 0.453184,
  "gsr_x": 0.004951973911374807,
  "gsr_y": 0.018327733501791954,
  "provenance": {
    "md5sum": "1197a09bfb45ecfcd6b57f7386f31fb0",
    "settings": {
      "fd_thres": 0.2,
      "testing": false
    },
    "software": "mriqc",
    "version": "22.0.6",
    "webapi_port": null,
    "webapi_url": "https://mriqc.nimh.nih.gov/api/v1"
  },
  "size_t": 231,
  "size_x": 146,
  "size_y": 146,
  "size_z": 57,
  "snr": 3.0848396189037826,
  "spacing_tr": 1.5,
  "spacing_x": 1.5958904027938843,
  "spacing_y": 1.5958904027938843,
  "spacing_z": 1.600000023841858,
  "summary_bg_k": 54.09959542699611,
  "summary_bg_mad": 48.018368673563316,
  "summary_bg_mean": 329.15625,
  "summary_bg_median": 132.0998992919922,
  "summary_bg_n": 796100.0,
  "summary_bg_p05": 88.43290901184082,
  "summary_bg_p95": 1247.354968261718,
  "summary_bg_stdv": 657.0160522460938,
  "summary_fg_k": 0.8516864596393456,
  "summary_fg_mad": 1441.3009240135966,
  "summary_fg_mean": 5070.41015625,
  "summary_fg_median": 4841.91015625,
  "summary_fg_n": 285628.0,
  "summary_fg_p05": 3018.4847045898437,
  "summary_fg_p95": 7890.998120117186,
  "summary_fg_stdv": 1569.5797119140625,
  "tsnr": 5.609136581420898
}