{
  "aor": 0.021429703703703704,
  "aqi": 0.035360055185185195,
  "bids_meta": {
    "AcquisitionMatrixPE": 146,
    "CoilString": "RM:Nova32ch",
    "EchoTime": 0.0276,
    "EffectiveEchoSpacing": 0.000354,
    "FlipAngle": 71,
    "InstitutionName": "Stanford CNI",
    "MagneticFieldStrength": 3,
    "Manufacturer": "GE",
    "ManufacturerModelName": "GE Discovery MR750",
    "MultibandAccelerationFactor": 3,
    "PartialFourier": 0.0136986,
    "PhaseEncodingDirection": "j",
    "PulseSequenceType": "Multiband Gradient Echo EPI",
    "ReconMatrixPE": 146,
    "RepetitionTime": 1.5,
    "SliceThickness": 1.6,
    "SoftwareVersions": "DV24.0_R01_1344.a",
    "TaskDescription": "Simultaneous feature discrimination. Subjects performed a speeded reaction time task. The target was predicted by preceeding stimuli (AB+, B-, AC-, C+), where + corresponds to a 70% probability of seeing the target, and - corresponds to a 30% change of seeing the target. A, B and C are house, faces and body parts, counterbalanced across runs.",
    "TaskName": "sim",
    "TotalReadoutTime": 0.05133,
    "dataset": "ds001590",
    "modality": "bold",
    "run_id": 3,
    "subject_id": "28",
    "task_id": "sim"
  },
  "dummy_trs": 6,
  "dvars_nstd": 75.58815731334573,
  "dvars_std": 1.4563467068773246,
  "dvars_vstd": 1.6183364485501857,
  "efc": 0.5381090233004814,
  "fber": 1365.0423583984375,
  "fd_mean": 0.29352213379702063,
  "fd_num": 35,
  "fd_perc": 12.962962962962964,
  "fwhm_avg": 3.0669364637999315,
  "fwhm_x": 2.7181816448082623,
  "fwhm_y": 3.20821529538408,
  "fwhm_z": 3.2744124512074526,
  "gcor": 0.232053,
  "gsr_x": 0.0049716029316186905,
  "gsr_y": 0.01756286434829235,
  "provenance": {
    "md5sum": "7cd5ca72968b7653900c0a5a2542cb88",
    "settings": {
      "fd_thres": 0.2,
      "testing": false
    },
    "software": "mriqc",
    "version": "22.0.6",
    "webapi_port": null,
    "webapi_url": "https://mriqc.nimh.nih.gov/api/v1"
  },
  "size_t": 270,
  "size_x": 146,
  "size_y": 146,
  "size_z": 57,
  "snr": 3.0031155003264867,
  "spacing_tr": 1.5,
  "spacing_x": 1.5958904027938843,
  "spacing_y": 1.5958904027938843,
  "spacing_z": 1.600000023841858,
  "summary_bg_k": 46.34368287612104,
  "summary_bg_mad": 46.48916931883386,
  "summary_bg_mean": 342.38995361328125,
  "summary_bg_median": 132.45928955078125,
  "summary_bg_n": 797956.0,
  "summary_bg_p05": 90.9086799621582,
  "summary_bg_p95": 1325.3953857421875,
  "summary_bg_stdv": 679.5642700195312,
  "summary_fg_k": 0.8894796050697367,
  "summary_fg_mad": 1486.8936569583857,
  "summary_fg_mean": 5194.421875,
  "summary_fg_median": 4950.6640625,
  "summary_fg_n": 283515.0,
  "summary_fg_p05": 3024.9634033203124,
  "summary_fg_p95": 8172.107373046875,
  "summary_fg_stdv": 1648.5064697265625,
  "tsnr": 8.804482460021973
}