{
  "aor": 0.0364626953125,
  "aqi": 0.050881445703125,
  "bids_meta": {
    "AcquisitionMatrixPE": 146,
    "CoilString": "RM:Nova32ch",
    "EchoTime": 0.0276,
    "EffectiveEchoSpacing": 0.000354,
    "FlipAngle": 71,
    "InstitutionName": "Stanford CNI",
    "MagneticFieldStrength": 3,
    "Manufacturer": "GE",
    "ManufacturerModelName": "GE Discovery MR750",
    "MultibandAccelerationFactor": 3,
    "PartialFourier": 0.0136986,
    "PhaseEncodingDirection": "j",
    "PulseSequenceType": "Multiband Gradient Echo EPI",
    "ReconMatrixPE": 146,
    "RepetitionTime": 1.5,
    "SliceThickness": 1.6,
    "SoftwareVersions": "DV24.0_R01_1344.a",
    "TaskDescription": "Simultaneous feature discrimination. Subjects performed a speeded reaction time task. The target was predicted by preceeding stimuli (AB+, B-, AC-, C+), where + corresponds to a 70% probability of seeing the target, and - corresponds to a 30% change of seeing the target. A, B and C are house, faces and body parts, counterbalanced across runs.",
    "TaskName": "sim",
    "TotalReadoutTime": 0.05133,
    "dataset": "ds001590",
    "modality": "bold",
    "run_id": 2,
    "subject_id": "28",
    "task_id": "sim"
  },
  "dummy_trs": 6,
  "dvars_nstd": 85.46295233317642,
  "dvars_std": 1.7596616352156864,
  "dvars_vstd": 1.946868423294118,
  "efc": 0.5335342882900549,
  "fber": 1235.298095703125,
  "fd_mean": 0.3872319085950678,
  "fd_num": 29,
  "fd_perc": 11.328125,
  "fwhm_avg": 3.114548704146635,
  "fwhm_x": 2.6414595843298936,
  "fwhm_y": 3.3381678282377947,
  "fwhm_z": 3.3640186998722155,
  "gcor": 0.380183,
  "gsr_x": -0.011105558834969997,
  "gsr_y": 0.02810072712600231,
  "provenance": {
    "md5sum": "9f50a2d14db2334e73dadb71e13c241a",
    "settings": {
      "fd_thres": 0.2,
      "testing": false
    },
    "software": "mriqc",
    "version": "22.0.6",
    "webapi_port": null,
    "webapi_url": "https://mriqc.nimh.nih.gov/api/v1"
  },
  "size_t": 256,
  "size_x": 146,
  "size_y": 146,
  "size_z": 57,
  "snr": 2.8497059839444256,
  "spacing_tr": 1.5,
  "spacing_x": 1.5958904027938843,
  "spacing_y": 1.5958904027938843,
  "spacing_z": 1.600000023841858,
  "summary_bg_k": 68.73121414306574,
  "summary_bg_mad": 52.27041532469652,
  "summary_bg_mean": 306.1232604980469,
  "summary_bg_median": 139.58372497558594,
  "summary_bg_n": 794099.0,
  "summary_bg_p05": 92.62305297851563,
  "summary_bg_p95": 1158.031115722656,
  "summary_bg_stdv": 519.2650146484375,
  "summary_fg_k": 1.0194403872985767,
  "summary_fg_mad": 1522.102925903868,
  "summary_fg_mean": 5200.64892578125,
  "summary_fg_median": 4967.64599609375,
  "summary_fg_n": 283941.0,
  "summary_fg_p05": 2879.5673828125,
  "summary_fg_p95": 8311.134765625,
  "summary_fg_stdv": 1743.21044921875,
  "tsnr": 6.510658264160156
}