{
  "aor": 0.019562806324110674,
  "aqi": 0.028688738853754944,
  "bids_meta": {
    "AcquisitionMatrixPE": 146,
    "CoilString": "RM:Nova32ch",
    "EchoTime": 0.0276,
    "EffectiveEchoSpacing": 0.000354,
    "FlipAngle": 71,
    "InstitutionName": "Stanford CNI",
    "MagneticFieldStrength": 3,
    "Manufacturer": "GE",
    "ManufacturerModelName": "GE Discovery MR750",
    "MultibandAccelerationFactor": 3,
    "PartialFourier": 0.0136986,
    "PhaseEncodingDirection": "j",
    "PulseSequenceType": "Multiband Gradient Echo EPI",
    "ReconMatrixPE": 146,
    "RepetitionTime": 1.5,
    "SliceThickness": 1.6,
    "SoftwareVersions": "DV24.0_R01_1344.a",
    "TaskDescription": "Simultaneous feature discrimination. Subjects performed a speeded reaction time task. The target was predicted by preceeding stimuli (AB+, B-, AC-, C+), where + corresponds to a 70% probability of seeing the target, and - corresponds to a 30% change of seeing the target. A, B and C are house, faces and body parts, counterbalanced across runs.",
    "TaskName": "sim",
    "TotalReadoutTime": 0.05133,
    "dataset": "ds001590",
    "modality": "bold",
    "run_id": 1,
    "subject_id": "02",
    "task_id": "sim"
  },
  "dummy_trs": 5,
  "dvars_nstd": 72.96578769063488,
  "dvars_std": 1.43363303138889,
  "dvars_vstd": 1.5440603896031753,
  "efc": 0.5237160990563402,
  "fber": 970.0885009765625,
  "fd_mean": 0.2757211988848346,
  "fd_num": 7,
  "fd_perc": 2.766798418972332,
  "fwhm_avg": 3.341341304278426,
  "fwhm_x": 3.0365431056645553,
  "fwhm_y": 3.4478746099149653,
  "fwhm_z": 3.539606197255757,
  "gcor": 0.222007,
  "gsr_x": -0.01129378192126751,
  "gsr_y": 0.026945311576128006,
  "provenance": {
    "md5sum": "484dc7a9526993bd5eae9507e1a65a71",
    "settings": {
      "fd_thres": 0.2,
      "testing": false
    },
    "software": "mriqc",
    "version": "22.0.6",
    "webapi_port": null,
    "webapi_url": "https://mriqc.nimh.nih.gov/api/v1"
  },
  "size_t": 253,
  "size_x": 146,
  "size_y": 146,
  "size_z": 57,
  "snr": 2.7195129787452923,
  "spacing_tr": 1.5,
  "spacing_x": 1.5958904027938843,
  "spacing_y": 1.5958904027938843,
  "spacing_z": 1.600000023841858,
  "summary_bg_k": 35.03649081235611,
  "summary_bg_mad": 75.23452922522554,
  "summary_bg_mean": 380.45965576171875,
  "summary_bg_median": 172.98329162597656,
  "summary_bg_n": 821373.0,
  "summary_bg_p05": 109.52716217041016,
  "summary_bg_p95": 1478.199926757812,
  "summary_bg_stdv": 638.5283203125,
  "summary_fg_k": 2.5171052402532235,
  "summary_fg_mad": 1725.3739882247073,
  "summary_fg_mean": 5807.5048828125,
  "summary_fg_median": 5486.1748046875,
  "summary_fg_n": 260959.0,
  "summary_fg_p05": 3186.2901123046877,
  "summary_fg_p95": 9440.129199218747,
  "summary_fg_stdv": 2017.3333740234375,
  "tsnr": 9.615968704223633
}