{
  "aor": 0.033566937269372696,
  "aqi": 0.04703906088560886,
  "bids_meta": {
    "AcquisitionMatrixPE": 146,
    "CoilString": "RM:Nova32ch",
    "EchoTime": 0.0276,
    "EffectiveEchoSpacing": 0.000354,
    "FlipAngle": 71,
    "InstitutionName": "Stanford CNI",
    "MagneticFieldStrength": 3,
    "Manufacturer": "GE",
    "ManufacturerModelName": "GE Discovery MR750",
    "MultibandAccelerationFactor": 3,
    "PartialFourier": 0.0136986,
    "PhaseEncodingDirection": "j",
    "PulseSequenceType": "Multiband Gradient Echo EPI",
    "ReconMatrixPE": 146,
    "RepetitionTime": 1.5,
    "SliceThickness": 1.6,
    "SoftwareVersions": "DV24.0_R01_1344.a",
    "TaskDescription": "Simultaneous feature discrimination. Subjects performed a speeded reaction time task. The target was predicted by preceeding stimuli (AB+, B-, AC-, C+), where + corresponds to a 70% probability of seeing the target, and - corresponds to a 30% change of seeing the target. A, B and C are house, faces and body parts, counterbalanced across runs.",
    "TaskName": "sim",
    "TotalReadoutTime": 0.05133,
    "dataset": "ds001590",
    "modality": "bold",
    "run_id": 2,
    "subject_id": "02",
    "task_id": "sim"
  },
  "dummy_trs": 6,
  "dvars_nstd": 81.94574761581485,
  "dvars_std": 1.6529740410370366,
  "dvars_vstd": 1.9116489259629623,
  "efc": 0.5229880013715281,
  "fber": 1043.9443359375,
  "fd_mean": 0.3861609459267473,
  "fd_num": 14,
  "fd_perc": 5.166051660516605,
  "fwhm_avg": 3.35241156714692,
  "fwhm_x": 3.0404406164141102,
  "fwhm_y": 3.4676441379131067,
  "fwhm_z": 3.5491499471135444,
  "gcor": 0.388234,
  "gsr_x": -0.008862712420523167,
  "gsr_y": 0.02664145827293396,
  "provenance": {
    "md5sum": "5f21d6e9da67d3a2062d97c61617450b",
    "settings": {
      "fd_thres": 0.2,
      "testing": false
    },
    "software": "mriqc",
    "version": "22.0.6",
    "webapi_port": null,
    "webapi_url": "https://mriqc.nimh.nih.gov/api/v1"
  },
  "size_t": 271,
  "size_x": 146,
  "size_y": 146,
  "size_z": 57,
  "snr": 2.7537749655151327,
  "spacing_tr": 1.5,
  "spacing_x": 1.5958904027938843,
  "spacing_y": 1.5958904027938843,
  "spacing_z": 1.600000023841858,
  "summary_bg_k": 34.71193968535082,
  "summary_bg_mad": 68.36037422542734,
  "summary_bg_mean": 369.1002502441406,
  "summary_bg_median": 165.00477600097656,
  "summary_bg_n": 820988.0,
  "summary_bg_p05": 106.05811958312988,
  "summary_bg_p95": 1461.9620483398426,
  "summary_bg_stdv": 626.7139282226562,
  "summary_fg_k": 2.413006842970333,
  "summary_fg_mad": 1678.1106130583573,
  "summary_fg_mean": 5736.083984375,
  "summary_fg_median": 5411.1142578125,
  "summary_fg_n": 262170.0,
  "summary_fg_p05": 3182.0278076171876,
  "summary_fg_p95": 9294.694775390624,
  "summary_fg_stdv": 1964.976806640625,
  "tsnr": 6.563382625579834
}