{
  "aor": 0.03435025179856115,
  "aqi": 0.04443061661870504,
  "bids_meta": {
    "AcquisitionMatrixPE": 146,
    "CoilString": "RM:Nova32ch",
    "EchoTime": 0.0276,
    "EffectiveEchoSpacing": 0.000354,
    "FlipAngle": 71,
    "InstitutionName": "Stanford CNI",
    "MagneticFieldStrength": 3,
    "Manufacturer": "GE",
    "ManufacturerModelName": "GE Discovery MR750",
    "MultibandAccelerationFactor": 3,
    "PartialFourier": 0.0136986,
    "PhaseEncodingDirection": "j",
    "PulseSequenceType": "Multiband Gradient Echo EPI",
    "ReconMatrixPE": 146,
    "RepetitionTime": 1.5,
    "SliceThickness": 1.6,
    "SoftwareVersions": "DV24.0_R01_1344.a",
    "TaskDescription": "Simultaneous feature discrimination. Subjects performed a speeded reaction time task. The target was predicted by preceeding stimuli (AB+, B-, AC-, C+), where + corresponds to a 70% probability of seeing the target, and - corresponds to a 30% change of seeing the target. A, B and C are house, faces and body parts, counterbalanced across runs.",
    "TaskName": "sim",
    "TotalReadoutTime": 0.05133,
    "dataset": "ds001590",
    "modality": "bold",
    "run_id": 3,
    "subject_id": "02",
    "task_id": "sim"
  },
  "dummy_trs": 5,
  "dvars_nstd": 83.31467096220213,
  "dvars_std": 1.7707158297111922,
  "dvars_vstd": 1.969253592599278,
  "efc": 0.5247102932373908,
  "fber": 1039.6474609375,
  "fd_mean": 0.41283697204407543,
  "fd_num": 25,
  "fd_perc": 8.992805755395683,
  "fwhm_avg": 3.3712342962017856,
  "fwhm_x": 3.0712823333101027,
  "fwhm_y": 3.5022831080474113,
  "fwhm_z": 3.5401374472478415,
  "gcor": 0.396971,
  "gsr_x": -0.00890903640538454,
  "gsr_y": 0.02984340488910675,
  "provenance": {
    "md5sum": "151f78258c1074228de295acc361d4a9",
    "settings": {
      "fd_thres": 0.2,
      "testing": false
    },
    "software": "mriqc",
    "version": "22.0.6",
    "webapi_port": null,
    "webapi_url": "https://mriqc.nimh.nih.gov/api/v1"
  },
  "size_t": 278,
  "size_x": 146,
  "size_y": 146,
  "size_z": 57,
  "snr": 2.6698077949506733,
  "spacing_tr": 1.5,
  "spacing_x": 1.5958904027938843,
  "spacing_y": 1.5958904027938843,
  "spacing_z": 1.600000023841858,
  "summary_bg_k": 33.32454895871163,
  "summary_bg_mad": 70.69096061916348,
  "summary_bg_mean": 375.69677734375,
  "summary_bg_median": 163.43772888183594,
  "summary_bg_n": 817939.0,
  "summary_bg_p05": 103.75271606445312,
  "summary_bg_p95": 1511.4843383789062,
  "summary_bg_stdv": 641.4080200195312,
  "summary_fg_k": 2.5470246644698253,
  "summary_fg_mad": 1688.8200251284075,
  "summary_fg_mean": 5706.88916015625,
  "summary_fg_median": 5356.4560546875,
  "summary_fg_n": 264742.0,
  "summary_fg_p05": 3110.337292480469,
  "summary_fg_p95": 9362.914160156248,
  "summary_fg_stdv": 2006.303955078125,
  "tsnr": 6.766510963439941
}