{
  "aor": 0.01918073059360731,
  "aqi": 0.028890711780821924,
  "bids_meta": {
    "AcquisitionMatrixPE": 146,
    "CoilString": "RM:Nova32ch",
    "EchoTime": 0.0276,
    "EffectiveEchoSpacing": 0.000354,
    "FlipAngle": 71,
    "InstitutionName": "Stanford CNI",
    "MagneticFieldStrength": 3,
    "Manufacturer": "GE",
    "ManufacturerModelName": "GE Discovery MR750",
    "MultibandAccelerationFactor": 3,
    "PartialFourier": 0.0136986,
    "PhaseEncodingDirection": "j",
    "PulseSequenceType": "Multiband Gradient Echo EPI",
    "ReconMatrixPE": 146,
    "RepetitionTime": 1.5,
    "SliceThickness": 1.6,
    "SoftwareVersions": "DV24.0_R01_1344.a",
    "TaskDescription": "Subjects performed a visual localizer task. Stimuli were presented in miniblocks at a rate of 4 HZ. Subjects were instructed to maintain fixation on a central cross and to respond to oddball frames in which a blank display, rather than a face/object/place/character was presented. Due to an error, these responses were not recorded.",
    "TaskName": "sim",
    "TotalReadoutTime": 0.05133,
    "dataset": "ds001590",
    "modality": "bold",
    "run_id": 2,
    "subject_id": "02",
    "task_id": "loc"
  },
  "dummy_trs": 6,
  "dvars_nstd": 73.14794316431193,
  "dvars_std": 1.3822052290825693,
  "dvars_vstd": 1.4733891007339441,
  "efc": 0.52437694540471,
  "fber": 1074.0054931640625,
  "fd_mean": 0.2983777017861153,
  "fd_num": 7,
  "fd_perc": 3.1963470319634704,
  "fwhm_avg": 3.3588075828872195,
  "fwhm_x": 3.0397701443076754,
  "fwhm_y": 3.48312765730563,
  "fwhm_z": 3.553524947048352,
  "gcor": 0.186404,
  "gsr_x": -0.008926169946789742,
  "gsr_y": 0.028138089925050735,
  "provenance": {
    "md5sum": "3af3594e594c293b6b259f99072046e7",
    "settings": {
      "fd_thres": 0.2,
      "testing": false
    },
    "software": "mriqc",
    "version": "22.0.6",
    "webapi_port": null,
    "webapi_url": "https://mriqc.nimh.nih.gov/api/v1"
  },
  "size_t": 219,
  "size_x": 146,
  "size_y": 146,
  "size_z": 57,
  "snr": 2.747679354519369,
  "spacing_tr": 1.5,
  "spacing_x": 1.5958904027938843,
  "spacing_y": 1.5958904027938843,
  "spacing_z": 1.600000023841858,
  "summary_bg_k": 33.361766256725396,
  "summary_bg_mad": 66.38902522684438,
  "summary_bg_mean": 380.05352783203125,
  "summary_bg_median": 163.3587188720703,
  "summary_bg_n": 820380.0,
  "summary_bg_p05": 105.61939125061035,
  "summary_bg_p95": 1553.1726928710927,
  "summary_bg_stdv": 652.8590698242188,
  "summary_fg_k": 2.501756095880517,
  "summary_fg_mad": 1684.5365498711333,
  "summary_fg_mean": 5765.33154296875,
  "summary_fg_median": 5442.16064453125,
  "summary_fg_n": 262047.0,
  "summary_fg_p05": 3193.305517578125,
  "summary_fg_p95": 9350.816015625,
  "summary_fg_stdv": 1980.6351318359375,
  "tsnr": 9.641655921936035
}