{
  "aor": 0.002110139534883721,
  "aqi": 0.016036626976744187,
  "bids_meta": {
    "AcquisitionMatrixPE": 146,
    "CoilString": "RM:Nova32ch",
    "EchoTime": 0.0276,
    "EffectiveEchoSpacing": 0.000354,
    "FlipAngle": 71,
    "InstitutionName": "Stanford CNI",
    "MagneticFieldStrength": 3,
    "Manufacturer": "GE",
    "ManufacturerModelName": "GE Discovery MR750",
    "MultibandAccelerationFactor": 3,
    "PartialFourier": 0.0136986,
    "PhaseEncodingDirection": "j",
    "PulseSequenceType": "Multiband Gradient Echo EPI",
    "ReconMatrixPE": 146,
    "RepetitionTime": 1.5,
    "SliceThickness": 1.6,
    "SoftwareVersions": "DV24.0_R01_1344.a",
    "TaskDescription": "Subjects performed a visual localizer task. Stimuli were presented in miniblocks at a rate of 4 HZ. Subjects were instructed to maintain fixation on a central cross and to respond to oddball frames in which a blank display, rather than a face/object/place/character was presented. Due to an error, these responses were not recorded.",
    "TaskName": "sim",
    "TotalReadoutTime": 0.05133,
    "dataset": "ds001590",
    "modality": "bold",
    "run_id": 1,
    "subject_id": "19",
    "task_id": "loc"
  },
  "dummy_trs": 6,
  "dvars_nstd": 59.026372357149526,
  "dvars_std": 1.0321512885046726,
  "dvars_vstd": 1.0189064210280374,
  "efc": 0.5103873078537154,
  "fber": 1153.0159912109375,
  "fd_mean": 0.09896950212635125,
  "fd_num": 6,
  "fd_perc": 2.7906976744186047,
  "fwhm_avg": 2.923048205566604,
  "fwhm_x": 2.890524306634221,
  "fwhm_y": 2.9814516032367693,
  "fwhm_z": 2.897168706828822,
  "gcor": 0.0126482,
  "gsr_x": -0.005525306332856417,
  "gsr_y": 0.00968833826482296,
  "provenance": {
    "md5sum": "24e7b200bb9649e804965eeae4e1ed4a",
    "settings": {
      "fd_thres": 0.2,
      "testing": false
    },
    "software": "mriqc",
    "version": "22.0.6",
    "webapi_port": null,
    "webapi_url": "https://mriqc.nimh.nih.gov/api/v1"
  },
  "size_t": 215,
  "size_x": 146,
  "size_y": 146,
  "size_z": 57,
  "snr": 3.4787188128555413,
  "spacing_tr": 1.5,
  "spacing_x": 1.5958904027938843,
  "spacing_y": 1.5958904027938843,
  "spacing_z": 1.600000023841858,
  "summary_bg_k": 30.959861020031703,
  "summary_bg_mad": 65.16271574108794,
  "summary_bg_mean": 346.816162109375,
  "summary_bg_median": 146.92660522460938,
  "summary_bg_n": 864661.0,
  "summary_bg_p05": 91.62641906738281,
  "summary_bg_p95": 1316.8040771484375,
  "summary_bg_stdv": 593.5846557617188,
  "summary_fg_k": 0.7292475214131482,
  "summary_fg_mad": 1372.0889912240452,
  "summary_fg_mean": 5203.62060546875,
  "summary_fg_median": 5036.16552734375,
  "summary_fg_n": 222687.0,
  "summary_fg_p05": 3181.385986328125,
  "summary_fg_p95": 7811.069140625,
  "summary_fg_stdv": 1447.7037353515625,
  "tsnr": 20.749473571777344
}