{
  "aor": 0.0378837168141593,
  "aqi": 0.0638219924778761,
  "bids_meta": {
    "AcquisitionMatrixPE": 146,
    "CoilString": "RM:Nova32ch",
    "EchoTime": 0.0276,
    "EffectiveEchoSpacing": 0.000354,
    "FlipAngle": 71,
    "InstitutionName": "Stanford CNI",
    "MagneticFieldStrength": 3,
    "Manufacturer": "GE",
    "ManufacturerModelName": "GE Discovery MR750",
    "MultibandAccelerationFactor": 3,
    "PartialFourier": 0.0136986,
    "PhaseEncodingDirection": "j",
    "PulseSequenceType": "Multiband Gradient Echo EPI",
    "ReconMatrixPE": 146,
    "RepetitionTime": 1.5,
    "SliceThickness": 1.6,
    "SoftwareVersions": "DV24.0_R01_1344.a",
    "TaskDescription": "Subjects performed a visual localizer task. Stimuli were presented in miniblocks at a rate of 4 HZ. Subjects were instructed to maintain fixation on a central cross and to respond to oddball frames in which a blank display, rather than a face/object/place/character was presented. Due to an error, these responses were not recorded.",
    "TaskName": "sim",
    "TotalReadoutTime": 0.05133,
    "dataset": "ds001590",
    "modality": "bold",
    "run_id": 2,
    "subject_id": "19",
    "task_id": "loc"
  },
  "dummy_trs": 5,
  "dvars_nstd": 84.39975740186665,
  "dvars_std": 1.494207579155556,
  "dvars_vstd": 1.7086618207555553,
  "efc": 0.5121190218626247,
  "fber": 1087.3626708984375,
  "fd_mean": 0.4483725522671076,
  "fd_num": 44,
  "fd_perc": 19.469026548672566,
  "fwhm_avg": 2.9793378554778234,
  "fwhm_x": 2.9570514314381113,
  "fwhm_y": 3.1023684278897483,
  "fwhm_z": 2.878593707105611,
  "gcor": 0.367579,
  "gsr_x": -0.0060299658216536045,
  "gsr_y": 0.01172714401036501,
  "provenance": {
    "md5sum": "b2f8510329242c6657fb4a8813cde129",
    "settings": {
      "fd_thres": 0.2,
      "testing": false
    },
    "software": "mriqc",
    "version": "22.0.6",
    "webapi_port": null,
    "webapi_url": "https://mriqc.nimh.nih.gov/api/v1"
  },
  "size_t": 226,
  "size_x": 146,
  "size_y": 146,
  "size_z": 57,
  "snr": 3.530387661559701,
  "spacing_tr": 1.5,
  "spacing_x": 1.5958904027938843,
  "spacing_y": 1.5958904027938843,
  "spacing_z": 1.600000023841858,
  "summary_bg_k": 30.978080451670166,
  "summary_bg_mad": 69.9111104043758,
  "summary_bg_mean": 341.52667236328125,
  "summary_bg_median": 149.13015747070312,
  "summary_bg_n": 863595.0,
  "summary_bg_p05": 90.16671829223633,
  "summary_bg_p95": 1275.896740722655,
  "summary_bg_stdv": 572.8178100585938,
  "summary_fg_k": 0.6723931316154803,
  "summary_fg_mad": 1329.8996194510087,
  "summary_fg_mean": 5100.30224609375,
  "summary_fg_median": 4933.20849609375,
  "summary_fg_n": 223415.0,
  "summary_fg_p05": 3146.927001953125,
  "summary_fg_p95": 7626.397656249999,
  "summary_fg_stdv": 1397.3529052734375,
  "tsnr": 6.490573883056641
}