{
  "aor": 0.03811322834645669,
  "aqi": 0.053599637795275594,
  "bids_meta": {
    "AcquisitionMatrixPE": 146,
    "CoilString": "RM:Nova32ch",
    "EchoTime": 0.0276,
    "EffectiveEchoSpacing": 0.000354,
    "FlipAngle": 71,
    "InstitutionName": "Stanford CNI",
    "MagneticFieldStrength": 3,
    "Manufacturer": "GE",
    "ManufacturerModelName": "GE Discovery MR750",
    "MultibandAccelerationFactor": 3,
    "PartialFourier": 0.0136986,
    "PhaseEncodingDirection": "j",
    "PulseSequenceType": "Multiband Gradient Echo EPI",
    "ReconMatrixPE": 146,
    "RepetitionTime": 1.5,
    "SliceThickness": 1.6,
    "SoftwareVersions": "DV24.0_R01_1344.a",
    "TaskDescription": "Simultaneous feature discrimination. Subjects performed a speeded reaction time task. The target was predicted by preceeding stimuli (AB+, B-, AC-, C+), where + corresponds to a 70% probability of seeing the target, and - corresponds to a 30% change of seeing the target. A, B and C are house, faces and body parts, counterbalanced across runs.",
    "TaskName": "sim",
    "TotalReadoutTime": 0.05133,
    "dataset": "ds001590",
    "modality": "bold",
    "run_id": 3,
    "subject_id": "19",
    "task_id": "sim"
  },
  "dummy_trs": 5,
  "dvars_nstd": 82.81795474588931,
  "dvars_std": 1.6967172285770744,
  "dvars_vstd": 1.8981049101581022,
  "efc": 0.5100002095405681,
  "fber": 1083.19677734375,
  "fd_mean": 0.4394549539883136,
  "fd_num": 18,
  "fd_perc": 7.086614173228346,
  "fwhm_avg": 3.0030161006636042,
  "fwhm_x": 2.9629791567903276,
  "fwhm_y": 3.0710316895319965,
  "fwhm_z": 2.9750374556684873,
  "gcor": 0.399294,
  "gsr_x": -0.005086021032184362,
  "gsr_y": 0.012254192493855953,
  "provenance": {
    "md5sum": "9b6953e0caf69f9e8e5e6dab82a85084",
    "settings": {
      "fd_thres": 0.2,
      "testing": false
    },
    "software": "mriqc",
    "version": "22.0.6",
    "webapi_port": null,
    "webapi_url": "https://mriqc.nimh.nih.gov/api/v1"
  },
  "size_t": 254,
  "size_x": 146,
  "size_y": 146,
  "size_z": 57,
  "snr": 3.4604258043981906,
  "spacing_tr": 1.5,
  "spacing_x": 1.5958904027938843,
  "spacing_y": 1.5958904027938843,
  "spacing_z": 1.600000023841858,
  "summary_bg_k": 31.794697121203164,
  "summary_bg_mad": 68.23021443746083,
  "summary_bg_mean": 336.43316650390625,
  "summary_bg_median": 149.30792236328125,
  "summary_bg_n": 864532.0,
  "summary_bg_p05": 92.01535034179688,
  "summary_bg_p95": 1244.3739318847636,
  "summary_bg_stdv": 566.1033325195312,
  "summary_fg_k": 0.6910827959303356,
  "summary_fg_mad": 1366.656644032802,
  "summary_fg_mean": 5097.58642578125,
  "summary_fg_median": 4931.55078125,
  "summary_fg_n": 223464.0,
  "summary_fg_p05": 3114.5076538085937,
  "summary_fg_p95": 7673.374658203124,
  "summary_fg_stdv": 1425.1251220703125,
  "tsnr": 6.428197860717773
}