{
  "aor": 0.04524334615384616,
  "aqi": 0.05803812153846154,
  "bids_meta": {
    "AcquisitionMatrixPE": 146,
    "CoilString": "RM:Nova32ch",
    "EchoTime": 0.0276,
    "EffectiveEchoSpacing": 0.000354,
    "FlipAngle": 71,
    "InstitutionName": "Stanford CNI",
    "MagneticFieldStrength": 3,
    "Manufacturer": "GE",
    "ManufacturerModelName": "GE Discovery MR750",
    "MultibandAccelerationFactor": 3,
    "PartialFourier": 0.0136986,
    "PhaseEncodingDirection": "j",
    "PulseSequenceType": "Multiband Gradient Echo EPI",
    "ReconMatrixPE": 146,
    "RepetitionTime": 1.5,
    "SliceThickness": 1.6,
    "SoftwareVersions": "DV24.0_R01_1344.a",
    "TaskDescription": "Simultaneous feature discrimination. Subjects performed a speeded reaction time task. The target was predicted by preceeding stimuli (AB+, B-, AC-, C+), where + corresponds to a 70% probability of seeing the target, and - corresponds to a 30% change of seeing the target. A, B and C are house, faces and body parts, counterbalanced across runs.",
    "TaskName": "sim",
    "TotalReadoutTime": 0.05133,
    "dataset": "ds001590",
    "modality": "bold",
    "run_id": 1,
    "subject_id": "09",
    "task_id": "sim"
  },
  "dummy_trs": 6,
  "dvars_nstd": 81.99103820111971,
  "dvars_std": 2.045949323745174,
  "dvars_vstd": 2.313812320424711,
  "efc": 0.5121837887276536,
  "fber": 1354.12646484375,
  "fd_mean": 0.47221940616428015,
  "fd_num": 24,
  "fd_perc": 9.23076923076923,
  "fwhm_avg": 3.195224769343298,
  "fwhm_x": 2.9847162384466053,
  "fwhm_y": 3.35142061800517,
  "fwhm_z": 3.2495374515781186,
  "gcor": 0.583603,
  "gsr_x": -0.02225303463637829,
  "gsr_y": 0.029264116659760475,
  "provenance": {
    "md5sum": "546fe08cbb4daef39301bc1136a10ac4",
    "settings": {
      "fd_thres": 0.2,
      "testing": false
    },
    "software": "mriqc",
    "version": "22.0.6",
    "webapi_port": null,
    "webapi_url": "https://mriqc.nimh.nih.gov/api/v1"
  },
  "size_t": 260,
  "size_x": 146,
  "size_y": 146,
  "size_z": 54,
  "snr": 2.959921457133424,
  "spacing_tr": 1.5,
  "spacing_x": 1.5958904027938843,
  "spacing_y": 1.5958904027938843,
  "spacing_z": 1.600000023841858,
  "summary_bg_k": 41.836349668831495,
  "summary_bg_mad": 48.70560715080205,
  "summary_bg_mean": 282.8041076660156,
  "summary_bg_median": 131.13706970214844,
  "summary_bg_n": 781670.0,
  "summary_bg_p05": 90.31755752563477,
  "summary_bg_p95": 958.1520812988277,
  "summary_bg_stdv": 460.8065490722656,
  "summary_fg_k": 1.5747129605699905,
  "summary_fg_mad": 1453.7265856976712,
  "summary_fg_mean": 5188.345703125,
  "summary_fg_median": 4926.79345703125,
  "summary_fg_n": 238377.0,
  "summary_fg_p05": 3005.394189453125,
  "summary_fg_p95": 8222.4953125,
  "summary_fg_stdv": 1664.4979248046875,
  "tsnr": 5.4215779304504395
}