{
  "aor": 0.04743237354085603,
  "aqi": 0.05961078221789884,
  "bids_meta": {
    "AcquisitionMatrixPE": 146,
    "CoilString": "RM:Nova32ch",
    "EchoTime": 0.0276,
    "EffectiveEchoSpacing": 0.000354,
    "FlipAngle": 71,
    "InstitutionName": "Stanford CNI",
    "MagneticFieldStrength": 3,
    "Manufacturer": "GE",
    "ManufacturerModelName": "GE Discovery MR750",
    "MultibandAccelerationFactor": 3,
    "PartialFourier": 0.0136986,
    "PhaseEncodingDirection": "j",
    "PulseSequenceType": "Multiband Gradient Echo EPI",
    "ReconMatrixPE": 146,
    "RepetitionTime": 1.5,
    "SliceThickness": 1.6,
    "SoftwareVersions": "DV24.0_R01_1344.a",
    "TaskDescription": "Simultaneous feature discrimination. Subjects performed a speeded reaction time task. The target was predicted by preceeding stimuli (AB+, B-, AC-, C+), where + corresponds to a 70% probability of seeing the target, and - corresponds to a 30% change of seeing the target. A, B and C are house, faces and body parts, counterbalanced across runs.",
    "TaskName": "sim",
    "TotalReadoutTime": 0.05133,
    "dataset": "ds001590",
    "modality": "bold",
    "run_id": 3,
    "subject_id": "09",
    "task_id": "sim"
  },
  "dummy_trs": 6,
  "dvars_nstd": 83.05594111976563,
  "dvars_std": 1.9640213866796876,
  "dvars_vstd": 2.2313886126953126,
  "efc": 0.5088214298860099,
  "fber": 1186.824462890625,
  "fd_mean": 0.46668209681171013,
  "fd_num": 33,
  "fd_perc": 12.84046692607004,
  "fwhm_avg": 3.2009424267958515,
  "fwhm_x": 2.963718555935742,
  "fwhm_y": 3.397908772749455,
  "fwhm_z": 3.2411999517023573,
  "gcor": 0.513678,
  "gsr_x": -0.022597210481762886,
  "gsr_y": 0.03590106964111328,
  "provenance": {
    "md5sum": "f145c4e9b7b5c58ded9e8d060fa94493",
    "settings": {
      "fd_thres": 0.2,
      "testing": false
    },
    "software": "mriqc",
    "version": "22.0.6",
    "webapi_port": null,
    "webapi_url": "https://mriqc.nimh.nih.gov/api/v1"
  },
  "size_t": 257,
  "size_x": 146,
  "size_y": 146,
  "size_z": 57,
  "snr": 3.0153571299826556,
  "spacing_tr": 1.5,
  "spacing_x": 1.5958904027938843,
  "spacing_y": 1.5958904027938843,
  "spacing_z": 1.600000023841858,
  "summary_bg_k": 43.79060718491799,
  "summary_bg_mad": 59.31701762156984,
  "summary_bg_mean": 288.4736633300781,
  "summary_bg_median": 141.56407165527344,
  "summary_bg_n": 837747.0,
  "summary_bg_p05": 93.96657028198243,
  "summary_bg_p95": 959.2757385253902,
  "summary_bg_stdv": 443.4251708984375,
  "summary_fg_k": 0.9949791967404793,
  "summary_fg_mad": 1501.5415931347736,
  "summary_fg_mean": 5208.4990234375,
  "summary_fg_median": 4971.9755859375,
  "summary_fg_n": 243869.0,
  "summary_fg_p05": 2996.82724609375,
  "summary_fg_p95": 8217.443749999999,
  "summary_fg_stdv": 1648.881103515625,
  "tsnr": 5.71669864654541
}