{
  "aor": 0.006949756097560975,
  "aqi": 0.02248843943089431,
  "bids_meta": {
    "AcquisitionMatrixPE": 146,
    "CoilString": "RM:Nova32ch",
    "EchoTime": 0.0276,
    "EffectiveEchoSpacing": 0.000354,
    "FlipAngle": 71,
    "InstitutionName": "Stanford CNI",
    "MagneticFieldStrength": 3,
    "Manufacturer": "GE",
    "ManufacturerModelName": "GE Discovery MR750",
    "MultibandAccelerationFactor": 3,
    "PartialFourier": 0.0136986,
    "PhaseEncodingDirection": "j",
    "PulseSequenceType": "Multiband Gradient Echo EPI",
    "ReconMatrixPE": 146,
    "RepetitionTime": 1.5,
    "SliceThickness": 1.6,
    "SoftwareVersions": "DV24.0_R01_1344.a",
    "TaskDescription": "Simultaneous feature discrimination. Subjects performed a speeded reaction time task. The target was predicted by preceeding stimuli (AB+, B-, AC-, C+), where + corresponds to a 70% probability of seeing the target, and - corresponds to a 30% change of seeing the target. A, B and C are house, faces and body parts, counterbalanced across runs.",
    "TaskName": "sim",
    "TotalReadoutTime": 0.05133,
    "dataset": "ds001590",
    "modality": "bold",
    "run_id": 2,
    "subject_id": "20",
    "task_id": "sim"
  },
  "dummy_trs": 5,
  "dvars_nstd": 66.12884910746935,
  "dvars_std": 1.1072679662448979,
  "dvars_vstd": 1.1377558513469388,
  "efc": 0.5086318803975416,
  "fber": 1137.2078857421875,
  "fd_mean": 0.08134376969956215,
  "fd_num": 6,
  "fd_perc": 2.4390243902439024,
  "fwhm_avg": 3.240238371225604,
  "fwhm_x": 3.046186625027199,
  "fwhm_y": 3.3349407895946745,
  "fwhm_z": 3.3395876990549387,
  "gcor": 0.0617944,
  "gsr_x": -0.03557311370968819,
  "gsr_y": 0.040864843875169754,
  "provenance": {
    "md5sum": "8f8b19da678fba34fdeb0b461b9d259d",
    "settings": {
      "fd_thres": 0.2,
      "testing": false
    },
    "software": "mriqc",
    "version": "22.0.6",
    "webapi_port": null,
    "webapi_url": "https://mriqc.nimh.nih.gov/api/v1"
  },
  "size_t": 246,
  "size_x": 146,
  "size_y": 146,
  "size_z": 57,
  "snr": 2.89891620553412,
  "spacing_tr": 1.5,
  "spacing_x": 1.5958904027938843,
  "spacing_y": 1.5958904027938843,
  "spacing_z": 1.5999999046325684,
  "summary_bg_k": 67.8472413067481,
  "summary_bg_mad": 58.045643688498,
  "summary_bg_mean": 343.8183898925781,
  "summary_bg_median": 146.11663818359375,
  "summary_bg_n": 855440.0,
  "summary_bg_p05": 97.17629432678223,
  "summary_bg_p95": 1287.1669799804683,
  "summary_bg_stdv": 576.3518676757812,
  "summary_fg_k": 1.5685102732706602,
  "summary_fg_mad": 1519.7268169528475,
  "summary_fg_mean": 5263.75341796875,
  "summary_fg_median": 5036.1669921875,
  "summary_fg_n": 228644.0,
  "summary_fg_p05": 2945.1060668945315,
  "summary_fg_p95": 8349.512548828121,
  "summary_fg_stdv": 1737.2547607421875,
  "tsnr": 14.04649543762207
}