{
  "aor": 0.040497451737451735,
  "aqi": 0.05756025714285714,
  "bids_meta": {
    "AcquisitionMatrixPE": 146,
    "CoilString": "RM:Nova32ch",
    "EchoTime": 0.0276,
    "EffectiveEchoSpacing": 0.000354,
    "FlipAngle": 71,
    "InstitutionName": "Stanford CNI",
    "MagneticFieldStrength": 3,
    "Manufacturer": "GE",
    "ManufacturerModelName": "GE Discovery MR750",
    "MultibandAccelerationFactor": 3,
    "PartialFourier": 0.0136986,
    "PhaseEncodingDirection": "j",
    "PulseSequenceType": "Multiband Gradient Echo EPI",
    "ReconMatrixPE": 146,
    "RepetitionTime": 1.5,
    "SliceThickness": 1.6,
    "SoftwareVersions": "DV24.0_R01_1344.a",
    "TaskDescription": "Simultaneous feature discrimination. Subjects performed a speeded reaction time task. The target was predicted by preceeding stimuli (AB+, B-, AC-, C+), where + corresponds to a 70% probability of seeing the target, and - corresponds to a 30% change of seeing the target. A, B and C are house, faces and body parts, counterbalanced across runs.",
    "TaskName": "sim",
    "TotalReadoutTime": 0.05133,
    "dataset": "ds001590",
    "modality": "bold",
    "run_id": 1,
    "subject_id": "17",
    "task_id": "sim"
  },
  "dummy_trs": 7,
  "dvars_nstd": 92.5823858096124,
  "dvars_std": 1.9170783691860451,
  "dvars_vstd": 2.110980308914729,
  "efc": 0.4955089851530328,
  "fber": 1139.8060302734375,
  "fd_mean": 0.535860455607328,
  "fd_num": 18,
  "fd_perc": 6.94980694980695,
  "fwhm_avg": 3.1251861103132046,
  "fwhm_x": 2.9284529763561715,
  "fwhm_y": 3.21653040272276,
  "fwhm_z": 3.2305749518606817,
  "gcor": 0.44546,
  "gsr_x": -0.011827575974166393,
  "gsr_y": 0.012757575139403343,
  "provenance": {
    "md5sum": "e479fd66ff2421fb0d64588025388404",
    "settings": {
      "fd_thres": 0.2,
      "testing": false
    },
    "software": "mriqc",
    "version": "22.0.6",
    "webapi_port": null,
    "webapi_url": "https://mriqc.nimh.nih.gov/api/v1"
  },
  "size_t": 259,
  "size_x": 146,
  "size_y": 146,
  "size_z": 57,
  "snr": 2.9347998050114574,
  "spacing_tr": 1.5,
  "spacing_x": 1.5958904027938843,
  "spacing_y": 1.5958904027938843,
  "spacing_z": 1.600000023841858,
  "summary_bg_k": 40.08839980496419,
  "summary_bg_mad": 52.714239049424194,
  "summary_bg_mean": 304.79888916015625,
  "summary_bg_median": 135.84906005859375,
  "summary_bg_n": 872120.0,
  "summary_bg_p05": 89.39017486572266,
  "summary_bg_p95": 1048.595709228515,
  "summary_bg_stdv": 524.3627319335938,
  "summary_fg_k": 1.4326341259889537,
  "summary_fg_mad": 1404.8025223041477,
  "summary_fg_mean": 4887.2138671875,
  "summary_fg_median": 4679.98681640625,
  "summary_fg_n": 210778.0,
  "summary_fg_p05": 2748.0879028320314,
  "summary_fg_p95": 7803.680834960937,
  "summary_fg_stdv": 1594.6490478515625,
  "tsnr": 5.848459243774414
}