{
  "aor": 0.04515895306859206,
  "aqi": 0.06058672671480145,
  "bids_meta": {
    "AcquisitionMatrixPE": 146,
    "CoilString": "RM:Nova32ch",
    "EchoTime": 0.0276,
    "EffectiveEchoSpacing": 0.000354,
    "FlipAngle": 71,
    "InstitutionName": "Stanford CNI",
    "MagneticFieldStrength": 3,
    "Manufacturer": "GE",
    "ManufacturerModelName": "GE Discovery MR750",
    "MultibandAccelerationFactor": 3,
    "PartialFourier": 0.0136986,
    "PhaseEncodingDirection": "j",
    "PulseSequenceType": "Multiband Gradient Echo EPI",
    "ReconMatrixPE": 146,
    "RepetitionTime": 1.5,
    "SliceThickness": 1.6,
    "SoftwareVersions": "DV24.0_R01_1344.a",
    "TaskDescription": "Simultaneous feature discrimination. Subjects performed a speeded reaction time task. The target was predicted by preceeding stimuli (AB+, B-, AC-, C+), where + corresponds to a 70% probability of seeing the target, and - corresponds to a 30% change of seeing the target. A, B and C are house, faces and body parts, counterbalanced across runs.",
    "TaskName": "sim",
    "TotalReadoutTime": 0.05133,
    "dataset": "ds001590",
    "modality": "bold",
    "run_id": 3,
    "subject_id": "26",
    "task_id": "sim"
  },
  "dummy_trs": 6,
  "dvars_nstd": 87.9121673553261,
  "dvars_std": 2.0539360452898543,
  "dvars_vstd": 2.3326940165942043,
  "efc": 0.5222345777250373,
  "fber": 1012.0938110351562,
  "fd_mean": 0.4155926220836145,
  "fd_num": 25,
  "fd_perc": 9.025270758122744,
  "fwhm_avg": 3.1827646546274924,
  "fwhm_x": 2.976050229818577,
  "fwhm_y": 3.2923062829387764,
  "fwhm_z": 3.279937451125123,
  "gcor": 0.530901,
  "gsr_x": -0.015310262329876423,
  "gsr_y": 0.02987384982407093,
  "provenance": {
    "md5sum": "613971d7c84cf8b782bed46859dab801",
    "settings": {
      "fd_thres": 0.2,
      "testing": false
    },
    "software": "mriqc",
    "version": "22.0.6",
    "webapi_port": null,
    "webapi_url": "https://mriqc.nimh.nih.gov/api/v1"
  },
  "size_t": 277,
  "size_x": 146,
  "size_y": 146,
  "size_z": 57,
  "snr": 2.7968434798408968,
  "spacing_tr": 1.5,
  "spacing_x": 1.5958904027938843,
  "spacing_y": 1.5958904027938843,
  "spacing_z": 1.600000023841858,
  "summary_bg_k": 42.23199053851793,
  "summary_bg_mad": 63.576088625560196,
  "summary_bg_mean": 346.0497741699219,
  "summary_bg_median": 149.59950256347656,
  "summary_bg_n": 828338.0,
  "summary_bg_p05": 95.29726829528809,
  "summary_bg_p95": 1264.8728576660144,
  "summary_bg_stdv": 628.4403686523438,
  "summary_fg_k": 1.8620287094462329,
  "summary_fg_mad": 1482.2543716472073,
  "summary_fg_mean": 5128.4970703125,
  "summary_fg_median": 4829.369140625,
  "summary_fg_n": 255440.0,
  "summary_fg_p05": 2962.511083984375,
  "summary_fg_p95": 8349.138818359372,
  "summary_fg_stdv": 1726.7178955078125,
  "tsnr": 5.424296855926514
}