{
  "aor": 0.012129772727272727,
  "aqi": 0.02704333787878788,
  "bids_meta": {
    "AcquisitionMatrixPE": 146,
    "CoilString": "RM:Nova32ch",
    "EchoTime": 0.0276,
    "EffectiveEchoSpacing": 0.000354,
    "FlipAngle": 71,
    "InstitutionName": "Stanford CNI",
    "MagneticFieldStrength": 3,
    "Manufacturer": "GE",
    "ManufacturerModelName": "GE Discovery MR750",
    "MultibandAccelerationFactor": 3,
    "PartialFourier": 0.0136986,
    "PhaseEncodingDirection": "j",
    "PulseSequenceType": "Multiband Gradient Echo EPI",
    "ReconMatrixPE": 146,
    "RepetitionTime": 1.5,
    "SliceThickness": 1.6,
    "SoftwareVersions": "DV24.0_R01_1344.a",
    "TaskDescription": "Simultaneous feature discrimination. Subjects performed a speeded reaction time task. The target was predicted by preceeding stimuli (AB+, B-, AC-, C+), where + corresponds to a 70% probability of seeing the target, and - corresponds to a 30% change of seeing the target. A, B and C are house, faces and body parts, counterbalanced across runs.",
    "TaskName": "sim",
    "TotalReadoutTime": 0.05133,
    "dataset": "ds001590",
    "modality": "bold",
    "run_id": 2,
    "subject_id": "26",
    "task_id": "sim"
  },
  "dummy_trs": 6,
  "dvars_nstd": 74.2364560840684,
  "dvars_std": 1.2462173060456272,
  "dvars_vstd": 1.300116295095057,
  "efc": 0.5206557364061605,
  "fber": 1172.341796875,
  "fd_mean": 0.2588129158646308,
  "fd_num": 14,
  "fd_perc": 5.303030303030303,
  "fwhm_avg": 3.1577138002665017,
  "fwhm_x": 3.0709126337373953,
  "fwhm_y": 3.206178814686966,
  "fwhm_z": 3.196049952375144,
  "gcor": 0.134993,
  "gsr_x": -0.014651634730398655,
  "gsr_y": 0.023389901965856552,
  "provenance": {
    "md5sum": "53c6dc362c0235bb381bcde9ff55fbb5",
    "settings": {
      "fd_thres": 0.2,
      "testing": false
    },
    "software": "mriqc",
    "version": "22.0.6",
    "webapi_port": null,
    "webapi_url": "https://mriqc.nimh.nih.gov/api/v1"
  },
  "size_t": 264,
  "size_x": 146,
  "size_y": 146,
  "size_z": 57,
  "snr": 2.9027907686843184,
  "spacing_tr": 1.5,
  "spacing_x": 1.5958904027938843,
  "spacing_y": 1.5958904027938843,
  "spacing_z": 1.600000023841858,
  "summary_bg_k": 38.28961012220202,
  "summary_bg_mad": 57.43116551682061,
  "summary_bg_mean": 376.6023864746094,
  "summary_bg_median": 144.9158935546875,
  "summary_bg_n": 836877.0,
  "summary_bg_p05": 95.28015441894532,
  "summary_bg_p95": 1436.3404785156238,
  "summary_bg_stdv": 728.1666870117188,
  "summary_fg_k": 1.6532948788173583,
  "summary_fg_mad": 1555.4589420762181,
  "summary_fg_mean": 5329.4111328125,
  "summary_fg_median": 5012.68603515625,
  "summary_fg_n": 250208.0,
  "summary_fg_p05": 3171.269677734375,
  "summary_fg_p95": 8567.255273437499,
  "summary_fg_stdv": 1726.84716796875,
  "tsnr": 11.114428520202637
}