{
  "aor": 0.055896806722689076,
  "aqi": 0.06892478752100842,
  "bids_meta": {
    "AcquisitionMatrixPE": 146,
    "CoilString": "RM:Nova32ch",
    "EchoTime": 0.0276,
    "EffectiveEchoSpacing": 0.000354,
    "FlipAngle": 71,
    "InstitutionName": "Stanford CNI",
    "MagneticFieldStrength": 3,
    "Manufacturer": "GE",
    "ManufacturerModelName": "GE Discovery MR750",
    "MultibandAccelerationFactor": 3,
    "PartialFourier": 0.0136986,
    "PhaseEncodingDirection": "j",
    "PulseSequenceType": "Multiband Gradient Echo EPI",
    "ReconMatrixPE": 146,
    "RepetitionTime": 1.5,
    "SliceThickness": 1.6,
    "SoftwareVersions": "DV24.0_R01_1344.a",
    "TaskDescription": "Subjects performed a visual localizer task. Stimuli were presented in miniblocks at a rate of 4 HZ. Subjects were instructed to maintain fixation on a central cross and to respond to oddball frames in which a blank display, rather than a face/object/place/character was presented. Due to an error, these responses were not recorded.",
    "TaskName": "sim",
    "TotalReadoutTime": 0.05133,
    "dataset": "ds001590",
    "modality": "bold",
    "run_id": 1,
    "subject_id": "09",
    "task_id": "loc"
  },
  "dummy_trs": 5,
  "dvars_nstd": 77.57714211181435,
  "dvars_std": 2.186853326033758,
  "dvars_vstd": 2.5277520653586505,
  "efc": 0.5050094141934018,
  "fber": 1420.8929443359375,
  "fd_mean": 0.6431805015153658,
  "fd_num": 28,
  "fd_perc": 11.764705882352942,
  "fwhm_avg": 3.178624315253155,
  "fwhm_x": 2.9473452511309413,
  "fwhm_y": 3.3712277425700288,
  "fwhm_z": 3.217299952058495,
  "gcor": 0.614869,
  "gsr_x": -0.020004408434033394,
  "gsr_y": 0.03010459989309311,
  "provenance": {
    "md5sum": "aba7abee72cd199767581c9da87bbdca",
    "settings": {
      "fd_thres": 0.2,
      "testing": false
    },
    "software": "mriqc",
    "version": "22.0.6",
    "webapi_port": null,
    "webapi_url": "https://mriqc.nimh.nih.gov/api/v1"
  },
  "size_t": 238,
  "size_x": 146,
  "size_y": 146,
  "size_z": 57,
  "snr": 3.0035081909504426,
  "spacing_tr": 1.5,
  "spacing_x": 1.5958904027938843,
  "spacing_y": 1.5958904027938843,
  "spacing_z": 1.600000023841858,
  "summary_bg_k": 42.59829700322144,
  "summary_bg_mad": 47.496739777937286,
  "summary_bg_mean": 277.2232360839844,
  "summary_bg_median": 129.1644744873047,
  "summary_bg_n": 838015.0,
  "summary_bg_p05": 88.28869094848633,
  "summary_bg_p95": 965.363488769531,
  "summary_bg_stdv": 447.6966247558594,
  "summary_fg_k": 1.122961155354914,
  "summary_fg_mad": 1472.5295001128836,
  "summary_fg_mean": 5184.095703125,
  "summary_fg_median": 4940.37158203125,
  "summary_fg_n": 243515.0,
  "summary_fg_p05": 3001.3979248046876,
  "summary_fg_p95": 8190.6334472656235,
  "summary_fg_stdv": 1644.8636474609375,
  "tsnr": 4.802659511566162
}