{
  "aor": 0.04209027027027028,
  "aqi": 0.055696276061776066,
  "bids_meta": {
    "AcquisitionMatrixPE": 146,
    "CoilString": "RM:Nova32ch",
    "EchoTime": 0.0276,
    "EffectiveEchoSpacing": 0.000354,
    "FlipAngle": 71,
    "InstitutionName": "Stanford CNI",
    "MagneticFieldStrength": 3,
    "Manufacturer": "GE",
    "ManufacturerModelName": "GE Discovery MR750",
    "MultibandAccelerationFactor": 3,
    "PartialFourier": 0.0136986,
    "PhaseEncodingDirection": "j",
    "PulseSequenceType": "Multiband Gradient Echo EPI",
    "ReconMatrixPE": 146,
    "RepetitionTime": 1.5,
    "SliceThickness": 1.6,
    "SoftwareVersions": "DV24.0_R01_1344.a",
    "TaskDescription": "Simultaneous feature discrimination. Subjects performed a speeded reaction time task. The target was predicted by preceeding stimuli (AB+, B-, AC-, C+), where + corresponds to a 70% probability of seeing the target, and - corresponds to a 30% change of seeing the target. A, B and C are house, faces and body parts, counterbalanced across runs.",
    "TaskName": "sim",
    "TotalReadoutTime": 0.05133,
    "dataset": "ds001590",
    "modality": "bold",
    "run_id": 2,
    "subject_id": "09",
    "task_id": "sim"
  },
  "dummy_trs": 6,
  "dvars_nstd": 82.78781660186043,
  "dvars_std": 1.9716923858139528,
  "dvars_vstd": 2.2179613368992253,
  "efc": 0.5125449138741316,
  "fber": 1305.413818359375,
  "fd_mean": 0.446709427758413,
  "fd_num": 27,
  "fd_perc": 10.424710424710424,
  "fwhm_avg": 3.2025232529492498,
  "fwhm_x": 3.0009140926067315,
  "fwhm_y": 3.360218214616705,
  "fwhm_z": 3.2464374516243124,
  "gcor": 0.513825,
  "gsr_x": -0.022930387407541275,
  "gsr_y": 0.03275412321090698,
  "provenance": {
    "md5sum": "d25dc1544635574fdd97b54483644e03",
    "settings": {
      "fd_thres": 0.2,
      "testing": false
    },
    "software": "mriqc",
    "version": "22.0.6",
    "webapi_port": null,
    "webapi_url": "https://mriqc.nimh.nih.gov/api/v1"
  },
  "size_t": 259,
  "size_x": 146,
  "size_y": 146,
  "size_z": 54,
  "snr": 2.943123888125013,
  "spacing_tr": 1.5,
  "spacing_x": 1.5958904027938843,
  "spacing_y": 1.5958904027938843,
  "spacing_z": 1.600000023841858,
  "summary_bg_k": 37.02528700188349,
  "summary_bg_mad": 51.37369616672037,
  "summary_bg_mean": 291.8009033203125,
  "summary_bg_median": 133.86936950683594,
  "summary_bg_n": 785089.0,
  "summary_bg_p05": 90.8111801147461,
  "summary_bg_p95": 993.5555664062499,
  "summary_bg_stdv": 469.5645446777344,
  "summary_fg_k": 1.6552510337780415,
  "summary_fg_mad": 1471.1377507158736,
  "summary_fg_mean": 5221.99267578125,
  "summary_fg_median": 4957.9775390625,
  "summary_fg_n": 235882.0,
  "summary_fg_p05": 3015.02939453125,
  "summary_fg_p95": 8304.364160156241,
  "summary_fg_stdv": 1684.5933837890625,
  "tsnr": 5.656506538391113
}