{
  "aor": 0.0398248,
  "aqi": 0.048883831688888886,
  "bids_meta": {
    "AcquisitionMatrixPE": 146,
    "CoilString": "RM:Nova32ch",
    "EchoTime": 0.0276,
    "EffectiveEchoSpacing": 0.000354,
    "FlipAngle": 71,
    "InstitutionName": "Stanford CNI",
    "MagneticFieldStrength": 3,
    "Manufacturer": "GE",
    "ManufacturerModelName": "GE Discovery MR750",
    "MultibandAccelerationFactor": 3,
    "PartialFourier": 0.0136986,
    "PhaseEncodingDirection": "j",
    "PulseSequenceType": "Multiband Gradient Echo EPI",
    "ReconMatrixPE": 146,
    "RepetitionTime": 1.5,
    "SliceThickness": 1.6,
    "SoftwareVersions": "DV24.0_R01_1344.a",
    "TaskDescription": "Subjects performed a visual localizer task. Stimuli were presented in miniblocks at a rate of 4 HZ. Subjects were instructed to maintain fixation on a central cross and to respond to oddball frames in which a blank display, rather than a face/object/place/character was presented. Due to an error, these responses were not recorded.",
    "TaskName": "sim",
    "TotalReadoutTime": 0.05133,
    "dataset": "ds001590",
    "modality": "bold",
    "run_id": 2,
    "subject_id": "09",
    "task_id": "loc"
  },
  "dummy_trs": 6,
  "dvars_nstd": 77.63988528933037,
  "dvars_std": 1.9224716091071428,
  "dvars_vstd": 2.130014121741071,
  "efc": 0.5051580816987861,
  "fber": 1421.9969482421875,
  "fd_mean": 0.3991341586208855,
  "fd_num": 17,
  "fd_perc": 7.555555555555555,
  "fwhm_avg": 3.1783444064694955,
  "fwhm_x": 2.9497326331174047,
  "fwhm_y": 3.37040688419673,
  "fwhm_z": 3.214893702094351,
  "gcor": 0.392915,
  "gsr_x": -0.020138435065746307,
  "gsr_y": 0.030967554077506065,
  "provenance": {
    "md5sum": "385356297f8ffe6722537158c5ceec09",
    "settings": {
      "fd_thres": 0.2,
      "testing": false
    },
    "software": "mriqc",
    "version": "22.0.6",
    "webapi_port": null,
    "webapi_url": "https://mriqc.nimh.nih.gov/api/v1"
  },
  "size_t": 225,
  "size_x": 146,
  "size_y": 146,
  "size_z": 57,
  "snr": 3.008040604995971,
  "spacing_tr": 1.5,
  "spacing_x": 1.5958904027938843,
  "spacing_y": 1.5958904027938843,
  "spacing_z": 1.600000023841858,
  "summary_bg_k": 43.6705547965266,
  "summary_bg_mad": 47.32684319192384,
  "summary_bg_mean": 281.9908142089844,
  "summary_bg_median": 131.08522033691406,
  "summary_bg_n": 838118.0,
  "summary_bg_p05": 89.73162879943848,
  "summary_bg_p95": 982.3096710205072,
  "summary_bg_stdv": 455.6398620605469,
  "summary_fg_k": 1.0839077668331916,
  "summary_fg_mad": 1501.1615315309086,
  "summary_fg_mean": 5278.7021484375,
  "summary_fg_median": 5033.0126953125,
  "summary_fg_n": 243337.0,
  "summary_fg_p05": 3051.603515625,
  "summary_fg_p95": 8325.246874999997,
  "summary_fg_stdv": 1673.1829833984375,
  "tsnr": 6.7003326416015625
}