{
  "aor": 0.04588885462555067,
  "aqi": 0.060753184140969176,
  "bids_meta": {
    "AcquisitionMatrixPE": 146,
    "CoilString": "RM:Nova32ch",
    "EchoTime": 0.0276,
    "EffectiveEchoSpacing": 0.000354,
    "FlipAngle": 71,
    "InstitutionName": "Stanford CNI",
    "MagneticFieldStrength": 3,
    "Manufacturer": "GE",
    "ManufacturerModelName": "GE Discovery MR750",
    "MultibandAccelerationFactor": 3,
    "PartialFourier": 0.0136986,
    "PhaseEncodingDirection": "j",
    "PulseSequenceType": "Multiband Gradient Echo EPI",
    "ReconMatrixPE": 146,
    "RepetitionTime": 1.5,
    "SliceThickness": 1.6,
    "SoftwareVersions": "DV24.0_R01_1344.a",
    "TaskDescription": "Subjects performed a visual localizer task. Stimuli were presented in miniblocks at a rate of 4 HZ. Subjects were instructed to maintain fixation on a central cross and to respond to oddball frames in which a blank display, rather than a face/object/place/character was presented. Due to an error, these responses were not recorded.",
    "TaskName": "sim",
    "TotalReadoutTime": 0.05133,
    "dataset": "ds001590",
    "modality": "bold",
    "run_id": 1,
    "subject_id": "13",
    "task_id": "loc"
  },
  "dummy_trs": 6,
  "dvars_nstd": 89.01743507384954,
  "dvars_std": 1.8648266034070793,
  "dvars_vstd": 2.0506425303982296,
  "efc": 0.50886272290218,
  "fber": 1420.96435546875,
  "fd_mean": 0.41096272544673557,
  "fd_num": 24,
  "fd_perc": 10.572687224669604,
  "fwhm_avg": 3.2265317730613137,
  "fwhm_x": 2.9322564956889363,
  "fwhm_y": 3.3341951243548085,
  "fwhm_z": 3.4131436991401958,
  "gcor": 0.431412,
  "gsr_x": -0.015560326166450977,
  "gsr_y": 0.0207376591861248,
  "provenance": {
    "md5sum": "78a13e608c0cdced834fb58ab27f3557",
    "settings": {
      "fd_thres": 0.2,
      "testing": false
    },
    "software": "mriqc",
    "version": "22.0.6",
    "webapi_port": null,
    "webapi_url": "https://mriqc.nimh.nih.gov/api/v1"
  },
  "size_t": 227,
  "size_x": 146,
  "size_y": 146,
  "size_z": 57,
  "snr": 3.159436112487012,
  "spacing_tr": 1.5,
  "spacing_x": 1.5958904027938843,
  "spacing_y": 1.5958904027938843,
  "spacing_z": 1.600000023841858,
  "summary_bg_k": 42.65087491281115,
  "summary_bg_mad": 72.73447042137312,
  "summary_bg_mean": 499.8172607421875,
  "summary_bg_median": 244.06149291992188,
  "summary_bg_n": 833320.0,
  "summary_bg_p05": 172.47022399902343,
  "summary_bg_p95": 1828.9078552246094,
  "summary_bg_stdv": 821.047607421875,
  "summary_fg_k": 1.1518720527705115,
  "summary_fg_mad": 2634.979406352474,
  "summary_fg_mean": 9687.888671875,
  "summary_fg_median": 9299.837890625,
  "summary_fg_n": 252578.0,
  "summary_fg_p05": 5730.957495117187,
  "summary_fg_p95": 14984.414306640625,
  "summary_fg_stdv": 2943.506103515625,
  "tsnr": 5.84554386138916
}