{
  "aor": 0.004026991869918699,
  "aqi": 0.020198382926829267,
  "bids_meta": {
    "AcquisitionMatrixPE": 146,
    "CoilString": "RM:Nova32ch",
    "EchoTime": 0.0276,
    "EffectiveEchoSpacing": 0.000354,
    "FlipAngle": 71,
    "InstitutionName": "Stanford CNI",
    "MagneticFieldStrength": 3,
    "Manufacturer": "GE",
    "ManufacturerModelName": "GE Discovery MR750",
    "MultibandAccelerationFactor": 3,
    "PartialFourier": 0.0136986,
    "PhaseEncodingDirection": "j",
    "PulseSequenceType": "Multiband Gradient Echo EPI",
    "ReconMatrixPE": 146,
    "RepetitionTime": 1.5,
    "SliceThickness": 1.6,
    "SoftwareVersions": "DV24.0_R01_1344.a",
    "TaskDescription": "Simultaneous feature discrimination. Subjects performed a speeded reaction time task. The target was predicted by preceeding stimuli (AB+, B-, AC-, C+), where + corresponds to a 70% probability of seeing the target, and - corresponds to a 30% change of seeing the target. A, B and C are house, faces and body parts, counterbalanced across runs.",
    "TaskName": "sim",
    "TotalReadoutTime": 0.05133,
    "dataset": "ds001590",
    "modality": "bold",
    "run_id": 3,
    "subject_id": "13",
    "task_id": "sim"
  },
  "dummy_trs": 6,
  "dvars_nstd": 62.26404714783669,
  "dvars_std": 1.0611455704897956,
  "dvars_vstd": 1.0564003475918369,
  "efc": 0.5065999541462626,
  "fber": 1504.3111572265625,
  "fd_mean": 0.12861601524439176,
  "fd_num": 12,
  "fd_perc": 4.878048780487805,
  "fwhm_avg": 3.159077191608931,
  "fwhm_x": 2.8670452507201043,
  "fwhm_y": 3.2626551239887895,
  "fwhm_z": 3.347531200117898,
  "gcor": 0.0310274,
  "gsr_x": -0.013820558786392212,
  "gsr_y": 0.017754148691892624,
  "provenance": {
    "md5sum": "a9c81f073108aff28fe0f2178628169f",
    "settings": {
      "fd_thres": 0.2,
      "testing": false
    },
    "software": "mriqc",
    "version": "22.0.6",
    "webapi_port": null,
    "webapi_url": "https://mriqc.nimh.nih.gov/api/v1"
  },
  "size_t": 246,
  "size_x": 146,
  "size_y": 146,
  "size_z": 57,
  "snr": 3.19660787244399,
  "spacing_tr": 1.5,
  "spacing_x": 1.5958904027938843,
  "spacing_y": 1.5958904027938843,
  "spacing_z": 1.600000023841858,
  "summary_bg_k": 49.01517523737366,
  "summary_bg_mad": 68.76098290975125,
  "summary_bg_mean": 497.4654235839844,
  "summary_bg_median": 243.7516326904297,
  "summary_bg_n": 833510.0,
  "summary_bg_p05": 172.89033889770508,
  "summary_bg_p95": 1819.3837707519515,
  "summary_bg_stdv": 837.19140625,
  "summary_fg_k": 1.1675309041018798,
  "summary_fg_mad": 2670.128951331635,
  "summary_fg_mean": 9924.0234375,
  "summary_fg_median": 9538.970703125,
  "summary_fg_n": 252572.0,
  "summary_fg_p05": 5861.021166992187,
  "summary_fg_p95": 15260.775,
  "summary_fg_stdv": 2984.085693359375,
  "tsnr": 17.60069465637207
}