{
  "aor": 0.052433362445414855,
  "aqi": 0.06516388034934499,
  "bids_meta": {
    "AcquisitionMatrixPE": 146,
    "CoilString": "RM:Nova32ch",
    "EchoTime": 0.0276,
    "EffectiveEchoSpacing": 0.000354,
    "FlipAngle": 71,
    "InstitutionName": "Stanford CNI",
    "MagneticFieldStrength": 3,
    "Manufacturer": "GE",
    "ManufacturerModelName": "GE Discovery MR750",
    "MultibandAccelerationFactor": 3,
    "PartialFourier": 0.0136986,
    "PhaseEncodingDirection": "j",
    "PulseSequenceType": "Multiband Gradient Echo EPI",
    "ReconMatrixPE": 146,
    "RepetitionTime": 1.5,
    "SliceThickness": 1.6,
    "SoftwareVersions": "DV24.0_R01_1344.a",
    "TaskDescription": "Subjects performed a visual localizer task. Stimuli were presented in miniblocks at a rate of 4 HZ. Subjects were instructed to maintain fixation on a central cross and to respond to oddball frames in which a blank display, rather than a face/object/place/character was presented. Due to an error, these responses were not recorded.",
    "TaskName": "sim",
    "TotalReadoutTime": 0.05133,
    "dataset": "ds001590",
    "modality": "bold",
    "run_id": 2,
    "subject_id": "13",
    "task_id": "loc"
  },
  "dummy_trs": 6,
  "dvars_nstd": 91.11426346758773,
  "dvars_std": 2.124581717587719,
  "dvars_vstd": 2.3381445893421047,
  "efc": 0.5093484375380183,
  "fber": 1429.2230224609375,
  "fd_mean": 0.44426731466010305,
  "fd_num": 15,
  "fd_perc": 6.550218340611353,
  "fwhm_avg": 3.201533833243449,
  "fwhm_x": 2.906665765944273,
  "fwhm_y": 3.3183920341452,
  "fwhm_z": 3.379543699640874,
  "gcor": 0.523753,
  "gsr_x": -0.01560195442289114,
  "gsr_y": 0.020762473344802856,
  "provenance": {
    "md5sum": "8862d795c5b245ed1128c5621f2f9f79",
    "settings": {
      "fd_thres": 0.2,
      "testing": false
    },
    "software": "mriqc",
    "version": "22.0.6",
    "webapi_port": null,
    "webapi_url": "https://mriqc.nimh.nih.gov/api/v1"
  },
  "size_t": 229,
  "size_x": 146,
  "size_y": 146,
  "size_z": 57,
  "snr": 3.1883891749451885,
  "spacing_tr": 1.5,
  "spacing_x": 1.5958904027938843,
  "spacing_y": 1.5958904027938843,
  "spacing_z": 1.600000023841858,
  "summary_bg_k": 44.8676231534845,
  "summary_bg_mad": 70.33198338522722,
  "summary_bg_mean": 495.6872863769531,
  "summary_bg_median": 241.2164764404297,
  "summary_bg_n": 833344.0,
  "summary_bg_p05": 171.1334487915039,
  "summary_bg_p95": 1819.501171874999,
  "summary_bg_stdv": 816.9810180664062,
  "summary_fg_k": 1.160978280030287,
  "summary_fg_mad": 2588.4497310632996,
  "summary_fg_mean": 9591.8525390625,
  "summary_fg_median": 9217.486328125,
  "summary_fg_n": 252570.0,
  "summary_fg_p05": 5689.928564453126,
  "summary_fg_p95": 14773.602490234374,
  "summary_fg_stdv": 2890.9482421875,
  "tsnr": 5.444040298461914
}