{
  "aor": 0.02834574898785425,
  "aqi": 0.041951710931174085,
  "bids_meta": {
    "AcquisitionMatrixPE": 146,
    "CoilString": "RM:Nova32ch",
    "EchoTime": 0.0276,
    "EffectiveEchoSpacing": 0.000354,
    "FlipAngle": 71,
    "InstitutionName": "Stanford CNI",
    "MagneticFieldStrength": 3,
    "Manufacturer": "GE",
    "ManufacturerModelName": "GE Discovery MR750",
    "MultibandAccelerationFactor": 3,
    "PartialFourier": 0.0136986,
    "PhaseEncodingDirection": "j",
    "PulseSequenceType": "Multiband Gradient Echo EPI",
    "ReconMatrixPE": 146,
    "RepetitionTime": 1.5,
    "SliceThickness": 1.6,
    "SoftwareVersions": "DV24.0_R01_1344.a",
    "TaskDescription": "Simultaneous feature discrimination. Subjects performed a speeded reaction time task. The target was predicted by preceeding stimuli (AB+, B-, AC-, C+), where + corresponds to a 70% probability of seeing the target, and - corresponds to a 30% change of seeing the target. A, B and C are house, faces and body parts, counterbalanced across runs.",
    "TaskName": "sim",
    "TotalReadoutTime": 0.05133,
    "dataset": "ds001590",
    "modality": "bold",
    "run_id": 1,
    "subject_id": "13",
    "task_id": "sim"
  },
  "dummy_trs": 6,
  "dvars_nstd": 74.66834057418703,
  "dvars_std": 1.6447923104878057,
  "dvars_vstd": 1.8323077556504064,
  "efc": 0.5058294568177413,
  "fber": 1469.0338134765625,
  "fd_mean": 0.3225847088354346,
  "fd_num": 13,
  "fd_perc": 5.2631578947368425,
  "fwhm_avg": 3.2059346164457794,
  "fwhm_x": 2.908063105007216,
  "fwhm_y": 3.3179095448723452,
  "fwhm_z": 3.3918311994577763,
  "gcor": 0.309546,
  "gsr_x": -0.01679389551281929,
  "gsr_y": 0.021242421120405197,
  "provenance": {
    "md5sum": "720428d849b20171515d9d4297e1f37f",
    "settings": {
      "fd_thres": 0.2,
      "testing": false
    },
    "software": "mriqc",
    "version": "22.0.6",
    "webapi_port": null,
    "webapi_url": "https://mriqc.nimh.nih.gov/api/v1"
  },
  "size_t": 247,
  "size_x": 146,
  "size_y": 146,
  "size_z": 57,
  "snr": 3.133798293157022,
  "spacing_tr": 1.5,
  "spacing_x": 1.5958904027938843,
  "spacing_y": 1.5958904027938843,
  "spacing_z": 1.600000023841858,
  "summary_bg_k": 43.48066129662768,
  "summary_bg_mad": 74.91174833451453,
  "summary_bg_mean": 507.8935852050781,
  "summary_bg_median": 248.37681579589844,
  "summary_bg_n": 836340.0,
  "summary_bg_p05": 176.50048370361327,
  "summary_bg_p95": 1800.1758422851556,
  "summary_bg_stdv": 808.341552734375,
  "summary_fg_k": 1.301008512068699,
  "summary_fg_mad": 2684.3150221684687,
  "summary_fg_mean": 10065.0,
  "summary_fg_median": 9632.6611328125,
  "summary_fg_n": 249171.0,
  "summary_fg_p05": 5965.281005859375,
  "summary_fg_p95": 15669.453125,
  "summary_fg_stdv": 3073.791259765625,
  "tsnr": 7.962704658508301
}