{
  "aor": 0.042505570175438594,
  "aqi": 0.05962465263157895,
  "bids_meta": {
    "AcquisitionMatrixPE": 146,
    "CoilString": "RM:Nova32ch",
    "EchoTime": 0.0276,
    "EffectiveEchoSpacing": 0.000354,
    "FlipAngle": 71,
    "InstitutionName": "Stanford CNI",
    "MagneticFieldStrength": 3,
    "Manufacturer": "GE",
    "ManufacturerModelName": "GE Discovery MR750",
    "MultibandAccelerationFactor": 3,
    "PartialFourier": 0.0136986,
    "PhaseEncodingDirection": "j",
    "PulseSequenceType": "Multiband Gradient Echo EPI",
    "ReconMatrixPE": 146,
    "RepetitionTime": 1.5,
    "SliceThickness": 1.6,
    "SoftwareVersions": "DV24.0_R01_1344.a",
    "TaskDescription": "Subjects performed a visual localizer task. Stimuli were presented in miniblocks at a rate of 4 HZ. Subjects were instructed to maintain fixation on a central cross and to respond to oddball frames in which a blank display, rather than a face/object/place/character was presented. Due to an error, these responses were not recorded.",
    "TaskName": "sim",
    "TotalReadoutTime": 0.05133,
    "dataset": "ds001590",
    "modality": "bold",
    "run_id": 2,
    "subject_id": "17",
    "task_id": "loc"
  },
  "dummy_trs": 5,
  "dvars_nstd": 93.76948994387662,
  "dvars_std": 1.9226426309691629,
  "dvars_vstd": 2.1034157617180615,
  "efc": 0.5001210609384187,
  "fber": 1076.141357421875,
  "fd_mean": 0.5244823370695729,
  "fd_num": 22,
  "fd_perc": 9.649122807017545,
  "fwhm_avg": 3.145809158126452,
  "fwhm_x": 3.1541075697853618,
  "fwhm_y": 3.1272949516224298,
  "fwhm_z": 3.1560249529715634,
  "gcor": 0.420806,
  "gsr_x": -0.006561093498021364,
  "gsr_y": 0.008938229642808437,
  "provenance": {
    "md5sum": "159276b645158e286f4ed2961a36b951",
    "settings": {
      "fd_thres": 0.2,
      "testing": false
    },
    "software": "mriqc",
    "version": "22.0.6",
    "webapi_port": null,
    "webapi_url": "https://mriqc.nimh.nih.gov/api/v1"
  },
  "size_t": 228,
  "size_x": 146,
  "size_y": 146,
  "size_z": 57,
  "snr": 3.097347200725117,
  "spacing_tr": 1.5,
  "spacing_x": 1.5958904027938843,
  "spacing_y": 1.5958904027938843,
  "spacing_z": 1.600000023841858,
  "summary_bg_k": 31.620923636376496,
  "summary_bg_mad": 56.524582855315586,
  "summary_bg_mean": 342.8179626464844,
  "summary_bg_median": 140.17213439941406,
  "summary_bg_n": 879213.0,
  "summary_bg_p05": 90.4976318359375,
  "summary_bg_p95": 1249.8809814453068,
  "summary_bg_stdv": 646.1375122070312,
  "summary_fg_k": 1.2454507665900634,
  "summary_fg_mad": 1369.8241860284422,
  "summary_fg_mean": 4859.08740234375,
  "summary_fg_median": 4648.07861328125,
  "summary_fg_n": 207715.0,
  "summary_fg_p05": 2864.798193359375,
  "summary_fg_p95": 7676.302050781249,
  "summary_fg_stdv": 1500.6607666015625,
  "tsnr": 5.755258560180664
}