{
  "aor": 0.022957556561085973,
  "aqi": 0.04045063981900453,
  "bids_meta": {
    "AcquisitionMatrixPE": 146,
    "CoilString": "RM:Nova32ch",
    "EchoTime": 0.0276,
    "EffectiveEchoSpacing": 0.000354,
    "FlipAngle": 71,
    "InstitutionName": "Stanford CNI",
    "MagneticFieldStrength": 3,
    "Manufacturer": "GE",
    "ManufacturerModelName": "GE Discovery MR750",
    "MultibandAccelerationFactor": 3,
    "PartialFourier": 0.0136986,
    "PhaseEncodingDirection": "j",
    "PulseSequenceType": "Multiband Gradient Echo EPI",
    "ReconMatrixPE": 146,
    "RepetitionTime": 1.5,
    "SliceThickness": 1.6,
    "SoftwareVersions": "DV24.0_R01_1344.a",
    "TaskDescription": "Subjects performed a visual localizer task. Stimuli were presented in miniblocks at a rate of 4 HZ. Subjects were instructed to maintain fixation on a central cross and to respond to oddball frames in which a blank display, rather than a face/object/place/character was presented. Due to an error, these responses were not recorded.",
    "TaskName": "sim",
    "TotalReadoutTime": 0.05133,
    "dataset": "ds001590",
    "modality": "bold",
    "run_id": 1,
    "subject_id": "17",
    "task_id": "loc"
  },
  "dummy_trs": 6,
  "dvars_nstd": 78.75591167127274,
  "dvars_std": 1.4229615932272726,
  "dvars_vstd": 1.5846230708636362,
  "efc": 0.4995372991026237,
  "fber": 1081.1385498046875,
  "fd_mean": 0.3137093125509196,
  "fd_num": 19,
  "fd_perc": 8.597285067873303,
  "fwhm_avg": 3.1056561695298828,
  "fwhm_x": 2.9154696286502606,
  "fwhm_y": 3.2164426774004227,
  "fwhm_z": 3.185056202538964,
  "gcor": 0.228278,
  "gsr_x": -0.009323079138994217,
  "gsr_y": 0.014198219403624535,
  "provenance": {
    "md5sum": "00afae819249bf768f0a25234f246562",
    "settings": {
      "fd_thres": 0.2,
      "testing": false
    },
    "software": "mriqc",
    "version": "22.0.6",
    "webapi_port": null,
    "webapi_url": "https://mriqc.nimh.nih.gov/api/v1"
  },
  "size_t": 221,
  "size_x": 146,
  "size_y": 146,
  "size_z": 57,
  "snr": 3.005546575089679,
  "spacing_tr": 1.5,
  "spacing_x": 1.5958904027938843,
  "spacing_y": 1.5958904027938843,
  "spacing_z": 1.600000023841858,
  "summary_bg_k": 36.025938351226195,
  "summary_bg_mad": 55.01798924806601,
  "summary_bg_mean": 310.5513000488281,
  "summary_bg_median": 140.37081909179688,
  "summary_bg_n": 867850.0,
  "summary_bg_p05": 91.54777755737305,
  "summary_bg_p95": 1087.5967468261686,
  "summary_bg_stdv": 535.4073486328125,
  "summary_fg_k": 1.2934453982902019,
  "summary_fg_mad": 1382.772160945257,
  "summary_fg_mean": 4857.01904296875,
  "summary_fg_median": 4670.81884765625,
  "summary_fg_n": 214464.0,
  "summary_fg_p05": 2773.78388671875,
  "summary_fg_p95": 7711.907763671873,
  "summary_fg_stdv": 1554.062744140625,
  "tsnr": 8.154729843139648
}