{
  "aor": 0.0501543956043956,
  "aqi": 0.06294237216117217,
  "bids_meta": {
    "AcquisitionMatrixPE": 146,
    "CoilString": "RM:Nova32ch",
    "EchoTime": 0.0276,
    "EffectiveEchoSpacing": 0.000354,
    "FlipAngle": 71,
    "InstitutionName": "Stanford CNI",
    "MagneticFieldStrength": 3,
    "Manufacturer": "GE",
    "ManufacturerModelName": "GE Discovery MR750",
    "MultibandAccelerationFactor": 3,
    "PartialFourier": 0.0136986,
    "PhaseEncodingDirection": "j",
    "PulseSequenceType": "Multiband Gradient Echo EPI",
    "ReconMatrixPE": 146,
    "RepetitionTime": 1.5,
    "SliceThickness": 1.6,
    "SoftwareVersions": "DV24.0_R01_1344.a",
    "TaskDescription": "Simultaneous feature discrimination. Subjects performed a speeded reaction time task. The target was predicted by preceeding stimuli (AB+, B-, AC-, C+), where + corresponds to a 70% probability of seeing the target, and - corresponds to a 30% change of seeing the target. A, B and C are house, faces and body parts, counterbalanced across runs.",
    "TaskName": "sim",
    "TotalReadoutTime": 0.05133,
    "dataset": "ds001590",
    "modality": "bold",
    "run_id": 3,
    "subject_id": "17",
    "task_id": "sim"
  },
  "dummy_trs": 6,
  "dvars_nstd": 83.43052468566177,
  "dvars_std": 2.0727701599632353,
  "dvars_vstd": 2.350201960808825,
  "efc": 0.4997316545164043,
  "fber": 1027.79052734375,
  "fd_mean": 0.5605082439112482,
  "fd_num": 27,
  "fd_perc": 9.89010989010989,
  "fwhm_avg": 3.106335115088808,
  "fwhm_x": 3.129488084680861,
  "fwhm_y": 3.0994985566304303,
  "fwhm_z": 3.090018703955133,
  "gcor": 0.615516,
  "gsr_x": -0.00680678803473711,
  "gsr_y": 0.010570412501692772,
  "provenance": {
    "md5sum": "3db31445ccb656ec546ba1a89ec517de",
    "settings": {
      "fd_thres": 0.2,
      "testing": false
    },
    "software": "mriqc",
    "version": "22.0.6",
    "webapi_port": null,
    "webapi_url": "https://mriqc.nimh.nih.gov/api/v1"
  },
  "size_t": 273,
  "size_x": 146,
  "size_y": 146,
  "size_z": 57,
  "snr": 3.094293913078311,
  "spacing_tr": 1.5,
  "spacing_x": 1.5958904027938843,
  "spacing_y": 1.5958904027938843,
  "spacing_z": 1.600000023841858,
  "summary_bg_k": 33.15392705193338,
  "summary_bg_mad": 60.01141053227419,
  "summary_bg_mean": 343.0282897949219,
  "summary_bg_median": 141.94241333007812,
  "summary_bg_n": 880491.0,
  "summary_bg_p05": 90.09868621826172,
  "summary_bg_p95": 1232.93603515625,
  "summary_bg_stdv": 647.1019287109375,
  "summary_fg_k": 1.4047929332407056,
  "summary_fg_mad": 1337.1247715221978,
  "summary_fg_mean": 4830.25830078125,
  "summary_fg_median": 4608.6484375,
  "summary_fg_n": 206430.0,
  "summary_fg_p05": 2855.3863159179687,
  "summary_fg_p95": 7620.776953125,
  "summary_fg_stdv": 1489.398681640625,
  "tsnr": 5.410079002380371
}