{
  "aor": 0.026523143939393937,
  "aqi": 0.04176222840909091,
  "bids_meta": {
    "AcquisitionMatrixPE": 146,
    "CoilString": "RM:Nova32ch",
    "EchoTime": 0.0276,
    "EffectiveEchoSpacing": 0.000354,
    "FlipAngle": 71,
    "InstitutionName": "Stanford CNI",
    "MagneticFieldStrength": 3,
    "Manufacturer": "GE",
    "ManufacturerModelName": "GE Discovery MR750",
    "MultibandAccelerationFactor": 3,
    "PartialFourier": 0.0136986,
    "PhaseEncodingDirection": "j",
    "PulseSequenceType": "Multiband Gradient Echo EPI",
    "ReconMatrixPE": 146,
    "RepetitionTime": 1.5,
    "SliceThickness": 1.6,
    "SoftwareVersions": "DV24.0_R01_1344.a",
    "TaskDescription": "Simultaneous feature discrimination. Subjects performed a speeded reaction time task. The target was predicted by preceeding stimuli (AB+, B-, AC-, C+), where + corresponds to a 70% probability of seeing the target, and - corresponds to a 30% change of seeing the target. A, B and C are house, faces and body parts, counterbalanced across runs.",
    "TaskName": "sim",
    "TotalReadoutTime": 0.05133,
    "dataset": "ds001590",
    "modality": "bold",
    "run_id": 2,
    "subject_id": "17",
    "task_id": "sim"
  },
  "dummy_trs": 6,
  "dvars_nstd": 81.15376077239543,
  "dvars_std": 1.5604876022813692,
  "dvars_vstd": 1.7086956105323206,
  "efc": 0.4992814784335332,
  "fber": 1090.958740234375,
  "fd_mean": 0.26499165584743567,
  "fd_num": 13,
  "fd_perc": 4.924242424242424,
  "fwhm_avg": 3.0786254940201885,
  "fwhm_x": 3.0652919470133595,
  "fwhm_y": 3.074590831181107,
  "fwhm_z": 3.0959937038660987,
  "gcor": 0.315344,
  "gsr_x": -0.008359906263649464,
  "gsr_y": 0.008694459684193134,
  "provenance": {
    "md5sum": "0595e997ea3cd369640517e79a6e2eea",
    "settings": {
      "fd_thres": 0.2,
      "testing": false
    },
    "software": "mriqc",
    "version": "22.0.6",
    "webapi_port": null,
    "webapi_url": "https://mriqc.nimh.nih.gov/api/v1"
  },
  "size_t": 264,
  "size_x": 146,
  "size_y": 146,
  "size_z": 57,
  "snr": 3.1200203023562896,
  "spacing_tr": 1.5,
  "spacing_x": 1.5958904027938843,
  "spacing_y": 1.5958904027938843,
  "spacing_z": 1.600000023841858,
  "summary_bg_k": 33.694478928950176,
  "summary_bg_mad": 57.37762886291904,
  "summary_bg_mean": 348.1321716308594,
  "summary_bg_median": 141.6493682861328,
  "summary_bg_n": 880767.0,
  "summary_bg_p05": 91.41939239501953,
  "summary_bg_p95": 1251.1822021484372,
  "summary_bg_stdv": 662.5709838867188,
  "summary_fg_k": 1.2359074778872268,
  "summary_fg_mad": 1381.0504818797488,
  "summary_fg_mean": 4957.08935546875,
  "summary_fg_median": 4740.09814453125,
  "summary_fg_n": 206277.0,
  "summary_fg_p05": 2931.91845703125,
  "summary_fg_p95": 7795.533398437494,
  "summary_fg_stdv": 1519.2486572265625,
  "tsnr": 8.208138465881348
}