{
  "aor": 0.0005110798122065728,
  "aqi": 0.013933236150234743,
  "bids_meta": {
    "AcquisitionMatrixPE": 146,
    "CoilString": "RM:Nova32ch",
    "EchoTime": 0.0276,
    "EffectiveEchoSpacing": 0.000354,
    "FlipAngle": 71,
    "InstitutionName": "Stanford CNI",
    "MagneticFieldStrength": 3,
    "Manufacturer": "GE",
    "ManufacturerModelName": "GE Discovery MR750",
    "MultibandAccelerationFactor": 3,
    "PartialFourier": 0.0136986,
    "PhaseEncodingDirection": "j",
    "PulseSequenceType": "Multiband Gradient Echo EPI",
    "ReconMatrixPE": 146,
    "RepetitionTime": 1.5,
    "SliceThickness": 1.6,
    "SoftwareVersions": "DV24.0_R01_1344.a",
    "TaskDescription": "Subjects performed a visual localizer task. Stimuli were presented in miniblocks at a rate of 4 HZ. Subjects were instructed to maintain fixation on a central cross and to respond to oddball frames in which a blank display, rather than a face/object/place/character was presented. Due to an error, these responses were not recorded.",
    "TaskName": "sim",
    "TotalReadoutTime": 0.05133,
    "dataset": "ds001590",
    "modality": "bold",
    "run_id": 1,
    "subject_id": "20",
    "task_id": "loc"
  },
  "dummy_trs": 6,
  "dvars_nstd": 61.60257926089621,
  "dvars_std": 1.0233708862735846,
  "dvars_vstd": 1.0005855983962266,
  "efc": 0.5081049992172519,
  "fber": 1169.770751953125,
  "fd_mean": 0.04239158595387282,
  "fd_num": 1,
  "fd_perc": 0.4694835680751174,
  "fwhm_avg": 3.2006784294172963,
  "fwhm_x": 2.9950302299156837,
  "fwhm_y": 3.3014861113119234,
  "fwhm_z": 3.3055189470242827,
  "gcor": 0.00237991,
  "gsr_x": -0.03556637465953827,
  "gsr_y": 0.037216879427433014,
  "provenance": {
    "md5sum": "63642cb90ea0108f3a2d7a0f62ab5549",
    "settings": {
      "fd_thres": 0.2,
      "testing": false
    },
    "software": "mriqc",
    "version": "22.0.6",
    "webapi_port": null,
    "webapi_url": "https://mriqc.nimh.nih.gov/api/v1"
  },
  "size_t": 213,
  "size_x": 146,
  "size_y": 146,
  "size_z": 57,
  "snr": 2.9406380395273426,
  "spacing_tr": 1.5,
  "spacing_x": 1.5958904027938843,
  "spacing_y": 1.5958904027938843,
  "spacing_z": 1.5999999046325684,
  "summary_bg_k": 62.69661134576623,
  "summary_bg_mad": 54.58670981853734,
  "summary_bg_mean": 357.6444396972656,
  "summary_bg_median": 145.12289428710938,
  "summary_bg_n": 862431.0,
  "summary_bg_p05": 97.9972915649414,
  "summary_bg_p95": 1378.3579711914062,
  "summary_bg_stdv": 600.9215698242188,
  "summary_fg_k": 1.5807128794688312,
  "summary_fg_mad": 1499.2565179869646,
  "summary_fg_mean": 5300.8310546875,
  "summary_fg_median": 5070.92919921875,
  "summary_fg_n": 222271.0,
  "summary_fg_p05": 3007.784423828125,
  "summary_fg_p95": 8359.705078125,
  "summary_fg_stdv": 1724.427734375,
  "tsnr": 21.708478927612305
}