{
  "aor": 0.029876264591439685,
  "aqi": 0.04449526536964982,
  "bids_meta": {
    "AcquisitionMatrixPE": 146,
    "CoilString": "RM:Nova32ch",
    "EchoTime": 0.0276,
    "EffectiveEchoSpacing": 0.000354,
    "FlipAngle": 71,
    "InstitutionName": "Stanford CNI",
    "MagneticFieldStrength": 3,
    "Manufacturer": "GE",
    "ManufacturerModelName": "GE Discovery MR750",
    "MultibandAccelerationFactor": 3,
    "PartialFourier": 0.0136986,
    "PhaseEncodingDirection": "j",
    "PulseSequenceType": "Multiband Gradient Echo EPI",
    "ReconMatrixPE": 146,
    "RepetitionTime": 1.5,
    "SliceThickness": 1.6,
    "SoftwareVersions": "DV24.0_R01_1344.a",
    "TaskDescription": "Simultaneous feature discrimination. Subjects performed a speeded reaction time task. The target was predicted by preceeding stimuli (AB+, B-, AC-, C+), where + corresponds to a 70% probability of seeing the target, and - corresponds to a 30% change of seeing the target. A, B and C are house, faces and body parts, counterbalanced across runs.",
    "TaskName": "sim",
    "TotalReadoutTime": 0.05133,
    "dataset": "ds001590",
    "modality": "bold",
    "run_id": 3,
    "subject_id": "20",
    "task_id": "sim"
  },
  "dummy_trs": 5,
  "dvars_nstd": 81.66917333031249,
  "dvars_std": 1.6120587881249997,
  "dvars_vstd": 1.8011776493359388,
  "efc": 0.5086412709226583,
  "fber": 1198.9271240234375,
  "fd_mean": 0.28914433414140095,
  "fd_num": 16,
  "fd_perc": 6.22568093385214,
  "fwhm_avg": 3.260393728090467,
  "fwhm_x": 3.0435172687903664,
  "fwhm_y": 3.3487324634849793,
  "fwhm_z": 3.3889314519960556,
  "gcor": 0.326619,
  "gsr_x": -0.03605027496814728,
  "gsr_y": 0.04041228070855141,
  "provenance": {
    "md5sum": "67323dfabd831990bea2fbb88e0a1abe",
    "settings": {
      "fd_thres": 0.2,
      "testing": false
    },
    "software": "mriqc",
    "version": "22.0.6",
    "webapi_port": null,
    "webapi_url": "https://mriqc.nimh.nih.gov/api/v1"
  },
  "size_t": 257,
  "size_x": 146,
  "size_y": 146,
  "size_z": 57,
  "snr": 2.868553939607403,
  "spacing_tr": 1.5,
  "spacing_x": 1.5958904027938843,
  "spacing_y": 1.5958904027938843,
  "spacing_z": 1.5999999046325684,
  "summary_bg_k": 65.19052859290515,
  "summary_bg_mad": 52.94971888481886,
  "summary_bg_mean": 347.0992126464844,
  "summary_bg_median": 140.1304931640625,
  "summary_bg_n": 857735.0,
  "summary_bg_p05": 94.29730682373047,
  "summary_bg_p95": 1328.088952636717,
  "summary_bg_stdv": 585.7474365234375,
  "summary_fg_k": 1.539804342672836,
  "summary_fg_mad": 1495.6017732115126,
  "summary_fg_mean": 5186.20556640625,
  "summary_fg_median": 4949.84326171875,
  "summary_fg_n": 226607.0,
  "summary_fg_p05": 2907.3072265625,
  "summary_fg_p95": 8247.8115234375,
  "summary_fg_stdv": 1725.5496826171875,
  "tsnr": 7.436436653137207
}