{
  "aor": 0.03497422480620155,
  "aqi": 0.0495073562015504,
  "bids_meta": {
    "AcquisitionMatrixPE": 146,
    "CoilString": "RM:Nova32ch",
    "EchoTime": 0.0276,
    "EffectiveEchoSpacing": 0.000354,
    "FlipAngle": 71,
    "InstitutionName": "Stanford CNI",
    "MagneticFieldStrength": 3,
    "Manufacturer": "GE",
    "ManufacturerModelName": "GE Discovery MR750",
    "MultibandAccelerationFactor": 3,
    "PartialFourier": 0.0136986,
    "PhaseEncodingDirection": "j",
    "PulseSequenceType": "Multiband Gradient Echo EPI",
    "ReconMatrixPE": 146,
    "RepetitionTime": 1.5,
    "SliceThickness": 1.6,
    "SoftwareVersions": "DV24.0_R01_1344.a",
    "TaskDescription": "Simultaneous feature discrimination. Subjects performed a speeded reaction time task. The target was predicted by preceeding stimuli (AB+, B-, AC-, C+), where + corresponds to a 70% probability of seeing the target, and - corresponds to a 30% change of seeing the target. A, B and C are house, faces and body parts, counterbalanced across runs.",
    "TaskName": "sim",
    "TotalReadoutTime": 0.05133,
    "dataset": "ds001590",
    "modality": "bold",
    "run_id": 1,
    "subject_id": "20",
    "task_id": "sim"
  },
  "dummy_trs": 5,
  "dvars_nstd": 80.55203376202333,
  "dvars_std": 1.7306537370038908,
  "dvars_vstd": 1.9754880201167306,
  "efc": 0.5067374921403972,
  "fber": 1318.0699462890625,
  "fd_mean": 0.33093087178249836,
  "fd_num": 16,
  "fd_perc": 6.2015503875969,
  "fwhm_avg": 3.2860826630315896,
  "fwhm_x": 3.061663878325269,
  "fwhm_y": 3.373627656745397,
  "fwhm_z": 3.4229564540241033,
  "gcor": 0.386254,
  "gsr_x": -0.033375613391399384,
  "gsr_y": 0.03741754591464996,
  "provenance": {
    "md5sum": "d6684f35ee45a004c9279ce13d70ea9a",
    "settings": {
      "fd_thres": 0.2,
      "testing": false
    },
    "software": "mriqc",
    "version": "22.0.6",
    "webapi_port": null,
    "webapi_url": "https://mriqc.nimh.nih.gov/api/v1"
  },
  "size_t": 258,
  "size_x": 146,
  "size_y": 146,
  "size_z": 57,
  "snr": 2.9334554799811303,
  "spacing_tr": 1.5,
  "spacing_x": 1.5958904027938843,
  "spacing_y": 1.5958904027938843,
  "spacing_z": 1.5999999046325684,
  "summary_bg_k": 64.75094507770814,
  "summary_bg_mad": 48.38836882514739,
  "summary_bg_mean": 321.5197448730469,
  "summary_bg_median": 133.9485321044922,
  "summary_bg_n": 850655.0,
  "summary_bg_p05": 92.21134643554687,
  "summary_bg_p95": 1198.4783813476558,
  "summary_bg_stdv": 542.435546875,
  "summary_fg_k": 1.5473769604660275,
  "summary_fg_mad": 1476.3159995776755,
  "summary_fg_mean": 5182.294921875,
  "summary_fg_median": 4961.08544921875,
  "summary_fg_n": 233024.0,
  "summary_fg_p05": 2940.4948486328126,
  "summary_fg_p95": 8187.397656249998,
  "summary_fg_stdv": 1691.205078125,
  "tsnr": 6.45048713684082
}