{
  "aor": 0.037439162995594716,
  "aqi": 0.051633655947136564,
  "bids_meta": {
    "AcquisitionMatrixPE": 146,
    "CoilString": "RM:Nova32ch",
    "EchoTime": 0.0276,
    "EffectiveEchoSpacing": 0.000354,
    "FlipAngle": 71,
    "InstitutionName": "Stanford CNI",
    "MagneticFieldStrength": 3,
    "Manufacturer": "GE",
    "ManufacturerModelName": "GE Discovery MR750",
    "MultibandAccelerationFactor": 3,
    "PartialFourier": 0.0136986,
    "PhaseEncodingDirection": "j",
    "PulseSequenceType": "Multiband Gradient Echo EPI",
    "ReconMatrixPE": 146,
    "RepetitionTime": 1.5,
    "SliceThickness": 1.6,
    "SoftwareVersions": "DV24.0_R01_1344.a",
    "TaskDescription": "Subjects performed a visual localizer task. Stimuli were presented in miniblocks at a rate of 4 HZ. Subjects were instructed to maintain fixation on a central cross and to respond to oddball frames in which a blank display, rather than a face/object/place/character was presented. Due to an error, these responses were not recorded.",
    "TaskName": "sim",
    "TotalReadoutTime": 0.05133,
    "dataset": "ds001590",
    "modality": "bold",
    "run_id": 2,
    "subject_id": "20",
    "task_id": "loc"
  },
  "dummy_trs": 6,
  "dvars_nstd": 86.14922106579651,
  "dvars_std": 1.826695727654868,
  "dvars_vstd": 1.9959422010619472,
  "efc": 0.5101287364247422,
  "fber": 1130.0970458984375,
  "fd_mean": 0.2817229360827475,
  "fd_num": 12,
  "fd_perc": 5.286343612334802,
  "fwhm_avg": 3.235721497296874,
  "fwhm_x": 3.016491603416044,
  "fwhm_y": 3.3400601887624983,
  "fwhm_z": 3.3506126997120793,
  "gcor": 0.361992,
  "gsr_x": -0.036614544689655304,
  "gsr_y": 0.03914056718349457,
  "provenance": {
    "md5sum": "3df94f4eb1e4c080d5efe69c9fd8f37d",
    "settings": {
      "fd_thres": 0.2,
      "testing": false
    },
    "software": "mriqc",
    "version": "22.0.6",
    "webapi_port": null,
    "webapi_url": "https://mriqc.nimh.nih.gov/api/v1"
  },
  "size_t": 227,
  "size_x": 146,
  "size_y": 146,
  "size_z": 57,
  "snr": 2.9278899174258575,
  "spacing_tr": 1.5,
  "spacing_x": 1.5958904027938843,
  "spacing_y": 1.5958904027938843,
  "spacing_z": 1.5999999046325684,
  "summary_bg_k": 62.31628955376139,
  "summary_bg_mad": 56.93409923348008,
  "summary_bg_mean": 353.19146728515625,
  "summary_bg_median": 144.24818420410156,
  "summary_bg_n": 860904.0,
  "summary_bg_p05": 96.1000602722168,
  "summary_bg_p95": 1347.2032104492187,
  "summary_bg_stdv": 585.2221069335938,
  "summary_fg_k": 1.497531649628761,
  "summary_fg_mad": 1473.4774823419525,
  "summary_fg_mean": 5181.82958984375,
  "summary_fg_median": 4956.9033203125,
  "summary_fg_n": 223968.0,
  "summary_fg_p05": 2915.37666015625,
  "summary_fg_p95": 8178.173486328124,
  "summary_fg_stdv": 1692.9913330078125,
  "tsnr": 6.535457611083984
}