{
  "aor": 0.0016355813953488373,
  "aqi": 0.022817022790697673,
  "bids_meta": {
    "AcquisitionMatrixPE": 146,
    "CoilString": "RM:Nova32ch",
    "EchoTime": 0.0276,
    "EffectiveEchoSpacing": 0.000354,
    "FlipAngle": 71,
    "InstitutionName": "Stanford CNI",
    "MagneticFieldStrength": 3,
    "Manufacturer": "GE",
    "ManufacturerModelName": "GE Discovery MR750",
    "MultibandAccelerationFactor": 3,
    "PartialFourier": 0.0136986,
    "PhaseEncodingDirection": "j",
    "PulseSequenceType": "Multiband Gradient Echo EPI",
    "ReconMatrixPE": 146,
    "RepetitionTime": 1.5,
    "SliceThickness": 1.6,
    "SoftwareVersions": "DV24.0_R01_1344.a",
    "TaskDescription": "Subjects performed a visual localizer task. Stimuli were presented in miniblocks at a rate of 4 HZ. Subjects were instructed to maintain fixation on a central cross and to respond to oddball frames in which a blank display, rather than a face/object/place/character was presented. Due to an error, these responses were not recorded.",
    "TaskName": "sim",
    "TotalReadoutTime": 0.05133,
    "dataset": "ds001590",
    "modality": "bold",
    "run_id": 2,
    "subject_id": "06",
    "task_id": "loc"
  },
  "dummy_trs": 5,
  "dvars_nstd": 69.11007005929909,
  "dvars_std": 1.0086760524766354,
  "dvars_vstd": 1.0225355918691585,
  "efc": 0.5341216229519044,
  "fber": 745.8638305664062,
  "fd_mean": 0.09495583400951173,
  "fd_num": 15,
  "fd_perc": 6.976744186046512,
  "fwhm_avg": 3.2262202113269836,
  "fwhm_x": 2.9128879977357642,
  "fwhm_y": 3.3571916909960704,
  "fwhm_z": 3.4085809452491156,
  "gcor": 0.0109334,
  "gsr_x": -0.020791396498680115,
  "gsr_y": 0.06675150990486145,
  "provenance": {
    "md5sum": "6f83f432b79bdf2a43e81e277975b1d1",
    "settings": {
      "fd_thres": 0.2,
      "testing": false
    },
    "software": "mriqc",
    "version": "22.0.6",
    "webapi_port": null,
    "webapi_url": "https://mriqc.nimh.nih.gov/api/v1"
  },
  "size_t": 215,
  "size_x": 146,
  "size_y": 146,
  "size_z": 57,
  "snr": 2.6283667267216804,
  "spacing_tr": 1.5,
  "spacing_x": 1.5958904027938843,
  "spacing_y": 1.5958904027938843,
  "spacing_z": 1.6000001430511475,
  "summary_bg_k": 39.464475467574566,
  "summary_bg_mad": 71.87770297723182,
  "summary_bg_mean": 454.59185791015625,
  "summary_bg_median": 179.25103759765625,
  "summary_bg_n": 837237.0,
  "summary_bg_p05": 114.8471664428711,
  "summary_bg_p95": 1865.384912109373,
  "summary_bg_stdv": 808.7782592773438,
  "summary_fg_k": 2.2806164149044266,
  "summary_fg_mad": 1572.8668494235303,
  "summary_fg_mean": 5284.5224609375,
  "summary_fg_median": 4953.2861328125,
  "summary_fg_n": 247600.0,
  "summary_fg_p05": 2947.43603515625,
  "summary_fg_p95": 8768.408349609374,
  "summary_fg_stdv": 1884.5452880859375,
  "tsnr": 16.98482894897461
}