{
  "aor": 0.024817710843373496,
  "aqi": 0.04113542369477912,
  "bids_meta": {
    "AcquisitionMatrixPE": 146,
    "CoilString": "RM:Nova32ch",
    "EchoTime": 0.0276,
    "EffectiveEchoSpacing": 0.000354,
    "FlipAngle": 71,
    "InstitutionName": "Stanford CNI",
    "MagneticFieldStrength": 3,
    "Manufacturer": "GE",
    "ManufacturerModelName": "GE Discovery MR750",
    "MultibandAccelerationFactor": 3,
    "PartialFourier": 0.0136986,
    "PhaseEncodingDirection": "j",
    "PulseSequenceType": "Multiband Gradient Echo EPI",
    "ReconMatrixPE": 146,
    "RepetitionTime": 1.5,
    "SliceThickness": 1.6,
    "SoftwareVersions": "DV24.0_R01_1344.a",
    "TaskDescription": "Simultaneous feature discrimination. Subjects performed a speeded reaction time task. The target was predicted by preceeding stimuli (AB+, B-, AC-, C+), where + corresponds to a 70% probability of seeing the target, and - corresponds to a 30% change of seeing the target. A, B and C are house, faces and body parts, counterbalanced across runs.",
    "TaskName": "sim",
    "TotalReadoutTime": 0.05133,
    "dataset": "ds001590",
    "modality": "bold",
    "run_id": 3,
    "subject_id": "06",
    "task_id": "sim"
  },
  "dummy_trs": 6,
  "dvars_nstd": 81.40082602330644,
  "dvars_std": 1.511641717096774,
  "dvars_vstd": 1.6519388040322576,
  "efc": 0.5348599016100755,
  "fber": 676.3015747070312,
  "fd_mean": 0.3130302763227793,
  "fd_num": 17,
  "fd_perc": 6.827309236947791,
  "fwhm_avg": 3.1912105496826655,
  "fwhm_x": 2.904140529879851,
  "fwhm_y": 3.3351851672783286,
  "fwhm_z": 3.3343059518898173,
  "gcor": 0.269279,
  "gsr_x": -0.022708095610141754,
  "gsr_y": 0.06105292961001396,
  "provenance": {
    "md5sum": "da77a4339cd9d6dbc4f2179b272add10",
    "settings": {
      "fd_thres": 0.2,
      "testing": false
    },
    "software": "mriqc",
    "version": "22.0.6",
    "webapi_port": null,
    "webapi_url": "https://mriqc.nimh.nih.gov/api/v1"
  },
  "size_t": 249,
  "size_x": 146,
  "size_y": 146,
  "size_z": 57,
  "snr": 2.6991613779472186,
  "spacing_tr": 1.5,
  "spacing_x": 1.5958904027938843,
  "spacing_y": 1.5958904027938843,
  "spacing_z": 1.6000001430511475,
  "summary_bg_k": 37.159997242415905,
  "summary_bg_mad": 75.02373077136758,
  "summary_bg_mean": 441.9867858886719,
  "summary_bg_median": 185.94776916503906,
  "summary_bg_n": 839845.0,
  "summary_bg_p05": 120.22281951904297,
  "summary_bg_p95": 1742.6120117187495,
  "summary_bg_stdv": 754.748046875,
  "summary_fg_k": 1.835080118640998,
  "summary_fg_mad": 1550.719392894306,
  "summary_fg_mean": 5231.55810546875,
  "summary_fg_median": 4922.5947265625,
  "summary_fg_n": 245232.0,
  "summary_fg_p05": 2932.009411621094,
  "summary_fg_p95": 8604.189599609374,
  "summary_fg_stdv": 1823.7459716796875,
  "tsnr": 8.399920463562012
}