{
  "aor": 0.03545838129496402,
  "aqi": 0.05026712949640288,
  "bids_meta": {
    "AcquisitionMatrixPE": 146,
    "CoilString": "RM:Nova32ch",
    "EchoTime": 0.0276,
    "EffectiveEchoSpacing": 0.000354,
    "FlipAngle": 71,
    "InstitutionName": "Stanford CNI",
    "MagneticFieldStrength": 3,
    "Manufacturer": "GE",
    "ManufacturerModelName": "GE Discovery MR750",
    "MultibandAccelerationFactor": 3,
    "PartialFourier": 0.0136986,
    "PhaseEncodingDirection": "j",
    "PulseSequenceType": "Multiband Gradient Echo EPI",
    "ReconMatrixPE": 146,
    "RepetitionTime": 1.5,
    "SliceThickness": 1.6,
    "SoftwareVersions": "DV24.0_R01_1344.a",
    "TaskDescription": "Simultaneous feature discrimination. Subjects performed a speeded reaction time task. The target was predicted by preceeding stimuli (AB+, B-, AC-, C+), where + corresponds to a 70% probability of seeing the target, and - corresponds to a 30% change of seeing the target. A, B and C are house, faces and body parts, counterbalanced across runs.",
    "TaskName": "sim",
    "TotalReadoutTime": 0.05133,
    "dataset": "ds001590",
    "modality": "bold",
    "run_id": 1,
    "subject_id": "06",
    "task_id": "sim"
  },
  "dummy_trs": 5,
  "dvars_nstd": 90.15332931844769,
  "dvars_std": 1.7584901367148011,
  "dvars_vstd": 1.9698578760649825,
  "efc": 0.5308312082453284,
  "fber": 761.8924560546875,
  "fd_mean": 0.41027072913930157,
  "fd_num": 15,
  "fd_perc": 5.39568345323741,
  "fwhm_avg": 3.2333800713347345,
  "fwhm_x": 2.9249001008015134,
  "fwhm_y": 3.3493966694969615,
  "fwhm_z": 3.4258434437057277,
  "gcor": 0.407457,
  "gsr_x": -0.0188771840184927,
  "gsr_y": 0.054310016334056854,
  "provenance": {
    "md5sum": "d8e8a899de9bd0d0063ab89b70cdab92",
    "settings": {
      "fd_thres": 0.2,
      "testing": false
    },
    "software": "mriqc",
    "version": "22.0.6",
    "webapi_port": null,
    "webapi_url": "https://mriqc.nimh.nih.gov/api/v1"
  },
  "size_t": 278,
  "size_x": 146,
  "size_y": 146,
  "size_z": 57,
  "snr": 2.6426000675427925,
  "spacing_tr": 1.5,
  "spacing_x": 1.5958904027938843,
  "spacing_y": 1.5958904027938843,
  "spacing_z": 1.6000001430511475,
  "summary_bg_k": 34.080193185816015,
  "summary_bg_mad": 67.34554753064296,
  "summary_bg_mean": 436.7589111328125,
  "summary_bg_median": 177.81997680664062,
  "summary_bg_n": 838720.0,
  "summary_bg_p05": 115.79798812866211,
  "summary_bg_p95": 1729.5925170898427,
  "summary_bg_stdv": 769.6034545898438,
  "summary_fg_k": 2.291044576848928,
  "summary_fg_mad": 1591.0716192669458,
  "summary_fg_mean": 5288.4375,
  "summary_fg_median": 4978.22216796875,
  "summary_fg_n": 246554.0,
  "summary_fg_p05": 2931.6156616210938,
  "summary_fg_p95": 8747.242529296875,
  "summary_fg_stdv": 1883.8310546875,
  "tsnr": 6.254528045654297
}