{
  "aor": 0.0484856015037594,
  "aqi": 0.06665465864661653,
  "bids_meta": {
    "AcquisitionMatrixPE": 146,
    "CoilString": "RM:Nova32ch",
    "EchoTime": 0.0276,
    "EffectiveEchoSpacing": 0.000354,
    "FlipAngle": 71,
    "InstitutionName": "Stanford CNI",
    "MagneticFieldStrength": 3,
    "Manufacturer": "GE",
    "ManufacturerModelName": "GE Discovery MR750",
    "MultibandAccelerationFactor": 3,
    "PartialFourier": 0.0136986,
    "PhaseEncodingDirection": "j",
    "PulseSequenceType": "Multiband Gradient Echo EPI",
    "ReconMatrixPE": 146,
    "RepetitionTime": 1.5,
    "SliceThickness": 1.6,
    "SoftwareVersions": "DV24.0_R01_1344.a",
    "TaskDescription": "Simultaneous feature discrimination. Subjects performed a speeded reaction time task. The target was predicted by preceeding stimuli (AB+, B-, AC-, C+), where + corresponds to a 70% probability of seeing the target, and - corresponds to a 30% change of seeing the target. A, B and C are house, faces and body parts, counterbalanced across runs.",
    "TaskName": "sim",
    "TotalReadoutTime": 0.05133,
    "dataset": "ds001590",
    "modality": "bold",
    "run_id": 2,
    "subject_id": "06",
    "task_id": "sim"
  },
  "dummy_trs": 6,
  "dvars_nstd": 87.34321355294335,
  "dvars_std": 2.0887195067169797,
  "dvars_vstd": 2.36049824207547,
  "efc": 0.5312352853867172,
  "fber": 795.9291381835938,
  "fd_mean": 0.5578030140506488,
  "fd_num": 22,
  "fd_perc": 8.270676691729323,
  "fwhm_avg": 3.1719982500071584,
  "fwhm_x": 2.889521731521796,
  "fwhm_y": 3.2965045662220587,
  "fwhm_z": 3.3299684522776203,
  "gcor": 0.591389,
  "gsr_x": -0.01952230930328369,
  "gsr_y": 0.056161511689424515,
  "provenance": {
    "md5sum": "a9924858b5094680ce2ecf6ad5c786c3",
    "settings": {
      "fd_thres": 0.2,
      "testing": false
    },
    "software": "mriqc",
    "version": "22.0.6",
    "webapi_port": null,
    "webapi_url": "https://mriqc.nimh.nih.gov/api/v1"
  },
  "size_t": 266,
  "size_x": 146,
  "size_y": 146,
  "size_z": 57,
  "snr": 2.7129823132426445,
  "spacing_tr": 1.5,
  "spacing_x": 1.5958904027938843,
  "spacing_y": 1.5958904027938843,
  "spacing_z": 1.6000001430511475,
  "summary_bg_k": 34.802164368099675,
  "summary_bg_mad": 65.00992192724843,
  "summary_bg_mean": 425.68634033203125,
  "summary_bg_median": 169.93948364257812,
  "summary_bg_n": 840655.0,
  "summary_bg_p05": 110.57097930908203,
  "summary_bg_p95": 1714.3025268554688,
  "summary_bg_stdv": 745.8347778320312,
  "summary_fg_k": 2.0380341130044997,
  "summary_fg_mad": 1537.2836722525312,
  "summary_fg_mean": 5160.7958984375,
  "summary_fg_median": 4863.16455078125,
  "summary_fg_n": 244141.0,
  "summary_fg_p05": 2927.651123046875,
  "summary_fg_p95": 8473.66796875,
  "summary_fg_stdv": 1792.54931640625,
  "tsnr": 5.066051483154297
}