{
  "aor": 0.003923824884792627,
  "aqi": 0.02315842488479263,
  "bids_meta": {
    "AcquisitionMatrixPE": 146,
    "CoilString": "RM:Nova32ch",
    "EchoTime": 0.0276,
    "EffectiveEchoSpacing": 0.000354,
    "FlipAngle": 71,
    "InstitutionName": "Stanford CNI",
    "MagneticFieldStrength": 3,
    "Manufacturer": "GE",
    "ManufacturerModelName": "GE Discovery MR750",
    "MultibandAccelerationFactor": 3,
    "PartialFourier": 0.0136986,
    "PhaseEncodingDirection": "j",
    "PulseSequenceType": "Multiband Gradient Echo EPI",
    "ReconMatrixPE": 146,
    "RepetitionTime": 1.5,
    "SliceThickness": 1.6,
    "SoftwareVersions": "DV24.0_R01_1344.a",
    "TaskDescription": "Subjects performed a visual localizer task. Stimuli were presented in miniblocks at a rate of 4 HZ. Subjects were instructed to maintain fixation on a central cross and to respond to oddball frames in which a blank display, rather than a face/object/place/character was presented. Due to an error, these responses were not recorded.",
    "TaskName": "sim",
    "TotalReadoutTime": 0.05133,
    "dataset": "ds001590",
    "modality": "bold",
    "run_id": 1,
    "subject_id": "06",
    "task_id": "loc"
  },
  "dummy_trs": 5,
  "dvars_nstd": 70.84029180060182,
  "dvars_std": 1.065310567824074,
  "dvars_vstd": 1.0671878595370374,
  "efc": 0.5335671077010691,
  "fber": 747.6974487304688,
  "fd_mean": 0.11567280399033145,
  "fd_num": 12,
  "fd_perc": 5.529953917050691,
  "fwhm_avg": 3.2091043529845305,
  "fwhm_x": 2.8987391564616583,
  "fwhm_y": 3.323617956918718,
  "fwhm_z": 3.404955945573216,
  "gcor": 0.0289877,
  "gsr_x": -0.021153675392270088,
  "gsr_y": 0.06562726199626923,
  "provenance": {
    "md5sum": "8ca6bcd9764162c17233bf48c3436d1b",
    "settings": {
      "fd_thres": 0.2,
      "testing": false
    },
    "software": "mriqc",
    "version": "22.0.6",
    "webapi_port": null,
    "webapi_url": "https://mriqc.nimh.nih.gov/api/v1"
  },
  "size_t": 217,
  "size_x": 146,
  "size_y": 146,
  "size_z": 57,
  "snr": 2.6470074945625117,
  "spacing_tr": 1.5,
  "spacing_x": 1.5958904027938843,
  "spacing_y": 1.5958904027938843,
  "spacing_z": 1.6000001430511475,
  "summary_bg_k": 37.71724824319975,
  "summary_bg_mad": 71.91618421462314,
  "summary_bg_mean": 450.62725830078125,
  "summary_bg_median": 178.4696807861328,
  "summary_bg_n": 837327.0,
  "summary_bg_p05": 114.32118530273438,
  "summary_bg_p95": 1845.7028930664053,
  "summary_bg_stdv": 802.0104370117188,
  "summary_fg_k": 2.19927138391939,
  "summary_fg_mad": 1563.16984907349,
  "summary_fg_mean": 5291.56982421875,
  "summary_fg_median": 4951.3115234375,
  "summary_fg_n": 247315.0,
  "summary_fg_p05": 2994.939990234375,
  "summary_fg_p95": 8769.99619140625,
  "summary_fg_stdv": 1870.5279541015625,
  "tsnr": 15.089899063110352
}