{
  "aor": 0.022695916030534353,
  "aqi": 0.039000267557251916,
  "bids_meta": {
    "AcquisitionMatrixPE": 146,
    "CoilString": "RM:Nova32ch",
    "EchoTime": 0.0276,
    "EffectiveEchoSpacing": 0.000354,
    "FlipAngle": 71,
    "InstitutionName": "Stanford CNI",
    "MagneticFieldStrength": 3,
    "Manufacturer": "GE",
    "ManufacturerModelName": "GE Discovery MR750",
    "MultibandAccelerationFactor": 3,
    "PartialFourier": 0.0136986,
    "PhaseEncodingDirection": "j",
    "PulseSequenceType": "Multiband Gradient Echo EPI",
    "ReconMatrixPE": 146,
    "RepetitionTime": 1.5,
    "SliceThickness": 1.6,
    "SoftwareVersions": "DV24.0_R01_1344.a",
    "TaskDescription": "Simultaneous feature discrimination. Subjects performed a speeded reaction time task. The target was predicted by preceeding stimuli (AB+, B-, AC-, C+), where + corresponds to a 70% probability of seeing the target, and - corresponds to a 30% change of seeing the target. A, B and C are house, faces and body parts, counterbalanced across runs.",
    "TaskName": "sim",
    "TotalReadoutTime": 0.05133,
    "dataset": "ds001590",
    "modality": "bold",
    "run_id": 1,
    "subject_id": "24",
    "task_id": "sim"
  },
  "dummy_trs": 5,
  "dvars_nstd": 79.72376569816095,
  "dvars_std": 1.4642689689655164,
  "dvars_vstd": 1.6141481242911875,
  "efc": 0.5395659142645588,
  "fber": 1019.529296875,
  "fd_mean": 0.28212228078195684,
  "fd_num": 18,
  "fd_perc": 6.870229007633588,
  "fwhm_avg": 3.2282953329810233,
  "fwhm_x": 2.92350276173857,
  "fwhm_y": 3.417089287869046,
  "fwhm_z": 3.3442939493354524,
  "gcor": 0.289889,
  "gsr_x": -0.021839693188667297,
  "gsr_y": 0.04609110206365585,
  "provenance": {
    "md5sum": "75dbe51dc7adeca2b3aa3b666ef72f2d",
    "settings": {
      "fd_thres": 0.2,
      "testing": false
    },
    "software": "mriqc",
    "version": "22.0.6",
    "webapi_port": null,
    "webapi_url": "https://mriqc.nimh.nih.gov/api/v1"
  },
  "size_t": 262,
  "size_x": 146,
  "size_y": 146,
  "size_z": 57,
  "snr": 2.747209597643317,
  "spacing_tr": 1.5,
  "spacing_x": 1.5958904027938843,
  "spacing_y": 1.5958904027938843,
  "spacing_z": 1.5999999046325684,
  "summary_bg_k": 35.36285854706124,
  "summary_bg_mad": 51.715027683334334,
  "summary_bg_mean": 318.62255859375,
  "summary_bg_median": 137.8663330078125,
  "summary_bg_n": 797983.0,
  "summary_bg_p05": 91.70568084716797,
  "summary_bg_p95": 1249.168371582026,
  "summary_bg_stdv": 549.1915893554688,
  "summary_fg_k": 0.7800312895503989,
  "summary_fg_mad": 1488.8786644208576,
  "summary_fg_mean": 4766.73046875,
  "summary_fg_median": 4493.13232421875,
  "summary_fg_n": 281491.0,
  "summary_fg_p05": 2654.7938232421875,
  "summary_fg_p95": 7783.39794921875,
  "summary_fg_stdv": 1635.52294921875,
  "tsnr": 8.540955543518066
}