{
  "aor": 0.029006385542168674,
  "aqi": 0.04753023212851405,
  "bids_meta": {
    "AcquisitionMatrixPE": 146,
    "CoilString": "RM:Nova32ch",
    "EchoTime": 0.0276,
    "EffectiveEchoSpacing": 0.000354,
    "FlipAngle": 71,
    "InstitutionName": "Stanford CNI",
    "MagneticFieldStrength": 3,
    "Manufacturer": "GE",
    "ManufacturerModelName": "GE Discovery MR750",
    "MultibandAccelerationFactor": 3,
    "PartialFourier": 0.0136986,
    "PhaseEncodingDirection": "j",
    "PulseSequenceType": "Multiband Gradient Echo EPI",
    "ReconMatrixPE": 146,
    "RepetitionTime": 1.5,
    "SliceThickness": 1.6,
    "SoftwareVersions": "DV24.0_R01_1344.a",
    "TaskDescription": "Simultaneous feature discrimination. Subjects performed a speeded reaction time task. The target was predicted by preceeding stimuli (AB+, B-, AC-, C+), where + corresponds to a 70% probability of seeing the target, and - corresponds to a 30% change of seeing the target. A, B and C are house, faces and body parts, counterbalanced across runs.",
    "TaskName": "sim",
    "TotalReadoutTime": 0.05133,
    "dataset": "ds001590",
    "modality": "bold",
    "run_id": 1,
    "subject_id": "01",
    "task_id": "sim"
  },
  "dummy_trs": 5,
  "dvars_nstd": 92.88898311112901,
  "dvars_std": 1.5720566413306458,
  "dvars_vstd": 1.7559393156451606,
  "efc": 0.5348112099983588,
  "fber": 782.0917358398438,
  "fd_mean": 0.3591071237103638,
  "fd_num": 19,
  "fd_perc": 7.6305220883534135,
  "fwhm_avg": 3.418858875434808,
  "fwhm_x": 3.3357491157790675,
  "fwhm_y": 3.439189803003578,
  "fwhm_z": 3.4816377075217786,
  "gcor": 0.312528,
  "gsr_x": -0.01976313814520836,
  "gsr_y": 0.03754006698727608,
  "provenance": {
    "md5sum": "11a7892cac74c83ab5ad362872cead1e",
    "settings": {
      "fd_thres": 0.2,
      "testing": false
    },
    "software": "mriqc",
    "version": "22.0.6",
    "webapi_port": null,
    "webapi_url": "https://mriqc.nimh.nih.gov/api/v1"
  },
  "size_t": 249,
  "size_x": 146,
  "size_y": 146,
  "size_z": 57,
  "snr": 2.5526635621210487,
  "spacing_tr": 1.5,
  "spacing_x": 1.5958904027938843,
  "spacing_y": 1.5958904027938843,
  "spacing_z": 1.5999999046325684,
  "summary_bg_k": 31.87978582450249,
  "summary_bg_mad": 51.710016752069095,
  "summary_bg_mean": 337.38690185546875,
  "summary_bg_median": 158.19781494140625,
  "summary_bg_n": 808750.0,
  "summary_bg_p05": 106.44468612670899,
  "summary_bg_p95": 1240.7172058105461,
  "summary_bg_stdv": 555.9347534179688,
  "summary_fg_k": 2.938059853100955,
  "summary_fg_mad": 1494.58248418629,
  "summary_fg_mean": 4794.79443359375,
  "summary_fg_median": 4502.99560546875,
  "summary_fg_n": 272097.0,
  "summary_fg_p05": 2572.09052734375,
  "summary_fg_p95": 8035.7875,
  "summary_fg_stdv": 1764.0347900390625,
  "tsnr": 7.139683723449707
}