{
  "aor": 0.050201861471861474,
  "aqi": 0.0702927329004329,
  "bids_meta": {
    "AcquisitionMatrixPE": 146,
    "CoilString": "RM:Nova32ch",
    "EchoTime": 0.0276,
    "EffectiveEchoSpacing": 0.000354,
    "FlipAngle": 71,
    "InstitutionName": "Stanford CNI",
    "MagneticFieldStrength": 3,
    "Manufacturer": "GE",
    "ManufacturerModelName": "GE Discovery MR750",
    "MultibandAccelerationFactor": 3,
    "PartialFourier": 0.0136986,
    "PhaseEncodingDirection": "j",
    "PulseSequenceType": "Multiband Gradient Echo EPI",
    "ReconMatrixPE": 146,
    "RepetitionTime": 1.5,
    "SliceThickness": 1.6,
    "SoftwareVersions": "DV24.0_R01_1344.a",
    "TaskDescription": "Subjects performed a visual localizer task. Stimuli were presented in miniblocks at a rate of 4 HZ. Subjects were instructed to maintain fixation on a central cross and to respond to oddball frames in which a blank display, rather than a face/object/place/character was presented. Due to an error, these responses were not recorded.",
    "TaskName": "sim",
    "TotalReadoutTime": 0.05133,
    "dataset": "ds001590",
    "modality": "bold",
    "run_id": 2,
    "subject_id": "28",
    "task_id": "loc"
  },
  "dummy_trs": 5,
  "dvars_nstd": 88.14275048265219,
  "dvars_std": 1.8650463761304341,
  "dvars_vstd": 2.17135884273913,
  "efc": 0.5386332485746774,
  "fber": 1332.6221923828125,
  "fd_mean": 0.5116827143733326,
  "fd_num": 38,
  "fd_perc": 16.450216450216452,
  "fwhm_avg": 3.027714034244326,
  "fwhm_x": 2.7137327177468733,
  "fwhm_y": 3.2302656817629902,
  "fwhm_z": 3.1391437032231138,
  "gcor": 0.438489,
  "gsr_x": 0.003619469003751874,
  "gsr_y": 0.017988568171858788,
  "provenance": {
    "md5sum": "6a8cbfe984b40702d2d0694969a9e161",
    "settings": {
      "fd_thres": 0.2,
      "testing": false
    },
    "software": "mriqc",
    "version": "22.0.6",
    "webapi_port": null,
    "webapi_url": "https://mriqc.nimh.nih.gov/api/v1"
  },
  "size_t": 231,
  "size_x": 146,
  "size_y": 146,
  "size_z": 57,
  "snr": 3.0860341829960087,
  "spacing_tr": 1.5,
  "spacing_x": 1.5958904027938843,
  "spacing_y": 1.5958904027938843,
  "spacing_z": 1.600000023841858,
  "summary_bg_k": 53.10581564099071,
  "summary_bg_mad": 45.88544259223009,
  "summary_bg_mean": 325.8223876953125,
  "summary_bg_median": 131.32904052734375,
  "summary_bg_n": 796952.0,
  "summary_bg_p05": 89.33038940429688,
  "summary_bg_p95": 1251.2667053222651,
  "summary_bg_stdv": 647.81298828125,
  "summary_fg_k": 0.8354266362673983,
  "summary_fg_mad": 1436.582549692471,
  "summary_fg_mean": 5071.31494140625,
  "summary_fg_median": 4843.55419921875,
  "summary_fg_n": 285571.0,
  "summary_fg_p05": 3011.890625,
  "summary_fg_p95": 7892.3291015625,
  "summary_fg_stdv": 1569.5048828125,
  "tsnr": 5.5033040046691895
}