{
  "aor": 0.04714326923076923,
  "aqi": 0.07242751653846154,
  "bids_meta": {
    "AcquisitionMatrixPE": 146,
    "CoilString": "RM:Nova32ch",
    "EchoTime": 0.0276,
    "EffectiveEchoSpacing": 0.000354,
    "FlipAngle": 71,
    "InstitutionName": "Stanford CNI",
    "MagneticFieldStrength": 3,
    "Manufacturer": "GE",
    "ManufacturerModelName": "GE Discovery MR750",
    "MultibandAccelerationFactor": 3,
    "PartialFourier": 0.0136986,
    "PhaseEncodingDirection": "j",
    "PulseSequenceType": "Multiband Gradient Echo EPI",
    "ReconMatrixPE": 146,
    "RepetitionTime": 1.5,
    "SliceThickness": 1.6,
    "SoftwareVersions": "DV24.0_R01_1344.a",
    "TaskDescription": "Simultaneous feature discrimination. Subjects performed a speeded reaction time task. The target was predicted by preceeding stimuli (AB+, B-, AC-, C+), where + corresponds to a 70% probability of seeing the target, and - corresponds to a 30% change of seeing the target. A, B and C are house, faces and body parts, counterbalanced across runs.",
    "TaskName": "sim",
    "TotalReadoutTime": 0.05133,
    "dataset": "ds001590",
    "modality": "bold",
    "run_id": 1,
    "subject_id": "28",
    "task_id": "sim"
  },
  "dummy_trs": 6,
  "dvars_nstd": 86.76455542687259,
  "dvars_std": 1.8165229733590733,
  "dvars_vstd": 2.143216013976834,
  "efc": 0.5350372781956146,
  "fber": 1127.2525634765625,
  "fd_mean": 0.6697982373156721,
  "fd_num": 62,
  "fd_perc": 23.846153846153847,
  "fwhm_avg": 3.0887927988062156,
  "fwhm_x": 2.7968399284725023,
  "fwhm_y": 3.3218885148497845,
  "fwhm_z": 3.147649953096361,
  "gcor": 0.525928,
  "gsr_x": 0.0017186003969982266,
  "gsr_y": 0.02366730198264122,
  "provenance": {
    "md5sum": "853e739f63fba5dab194a8bb049e4b06",
    "settings": {
      "fd_thres": 0.2,
      "testing": false
    },
    "software": "mriqc",
    "version": "22.0.6",
    "webapi_port": null,
    "webapi_url": "https://mriqc.nimh.nih.gov/api/v1"
  },
  "size_t": 260,
  "size_x": 146,
  "size_y": 146,
  "size_z": 57,
  "snr": 2.9281823493425447,
  "spacing_tr": 1.5,
  "spacing_x": 1.5958904027938843,
  "spacing_y": 1.5958904027938843,
  "spacing_z": 1.600000023841858,
  "summary_bg_k": 53.81718984148779,
  "summary_bg_mad": 61.8573165788672,
  "summary_bg_mean": 353.2258605957031,
  "summary_bg_median": 145.30039978027344,
  "summary_bg_n": 805984.0,
  "summary_bg_p05": 91.56733474731445,
  "summary_bg_p95": 1306.1743896484372,
  "summary_bg_stdv": 684.6696166992188,
  "summary_fg_k": 1.0245906892362493,
  "summary_fg_mad": 1522.9195154070294,
  "summary_fg_mean": 5219.5419921875,
  "summary_fg_median": 4956.0205078125,
  "summary_fg_n": 276213.0,
  "summary_fg_p05": 3009.26201171875,
  "summary_fg_p95": 8289.523242187497,
  "summary_fg_stdv": 1692.521484375,
  "tsnr": 5.337371349334717
}