{
  "aor": 0.02704475982532751,
  "aqi": 0.05721368471615721,
  "bids_meta": {
    "AcquisitionMatrixPE": 146,
    "CoilString": "RM:Nova32ch",
    "EchoTime": 0.0276,
    "EffectiveEchoSpacing": 0.000354,
    "FlipAngle": 71,
    "InstitutionName": "Stanford CNI",
    "MagneticFieldStrength": 3,
    "Manufacturer": "GE",
    "ManufacturerModelName": "GE Discovery MR750",
    "MultibandAccelerationFactor": 3,
    "PartialFourier": 0.0136986,
    "PhaseEncodingDirection": "j",
    "PulseSequenceType": "Multiband Gradient Echo EPI",
    "ReconMatrixPE": 146,
    "RepetitionTime": 1.5,
    "SliceThickness": 1.6,
    "SoftwareVersions": "DV24.0_R01_1344.a",
    "TaskDescription": "Subjects performed a visual localizer task. Stimuli were presented in miniblocks at a rate of 4 HZ. Subjects were instructed to maintain fixation on a central cross and to respond to oddball frames in which a blank display, rather than a face/object/place/character was presented. Due to an error, these responses were not recorded.",
    "TaskName": "sim",
    "TotalReadoutTime": 0.05133,
    "dataset": "ds001590",
    "modality": "bold",
    "run_id": 1,
    "subject_id": "22",
    "task_id": "loc"
  },
  "dummy_trs": 6,
  "dvars_nstd": 88.36089274745613,
  "dvars_std": 1.3704782463596488,
  "dvars_vstd": 1.520672848859649,
  "efc": 0.5486935046780691,
  "fber": 751.799560546875,
  "fd_mean": 0.42337074793980545,
  "fd_num": 61,
  "fd_perc": 26.637554585152838,
  "fwhm_avg": 3.246495528333257,
  "fwhm_x": 2.903438727301153,
  "fwhm_y": 3.3936791589939093,
  "fwhm_z": 3.4423686987047093,
  "gcor": 0.29095,
  "gsr_x": 0.004251986276358366,
  "gsr_y": 0.023977329954504967,
  "provenance": {
    "md5sum": "44c50479115cfd483a7489c79631958d",
    "settings": {
      "fd_thres": 0.2,
      "testing": false
    },
    "software": "mriqc",
    "version": "22.0.6",
    "webapi_port": null,
    "webapi_url": "https://mriqc.nimh.nih.gov/api/v1"
  },
  "size_t": 229,
  "size_x": 146,
  "size_y": 146,
  "size_z": 57,
  "snr": 2.8241744031284033,
  "spacing_tr": 1.5,
  "spacing_x": 1.5958904027938843,
  "spacing_y": 1.5958904027938843,
  "spacing_z": 1.600000023841858,
  "summary_bg_k": 32.98888548497697,
  "summary_bg_mad": 90.07027352184471,
  "summary_bg_mean": 396.0957946777344,
  "summary_bg_median": 169.70587158203125,
  "summary_bg_n": 806146.0,
  "summary_bg_p05": 92.63038635253906,
  "summary_bg_p95": 1537.6673889160156,
  "summary_bg_stdv": 651.5493774414062,
  "summary_fg_k": 1.7251240992401629,
  "summary_fg_mad": 1425.9542174312455,
  "summary_fg_mean": 4989.4951171875,
  "summary_fg_median": 4711.2314453125,
  "summary_fg_n": 272121.0,
  "summary_fg_p05": 2846.9990234375,
  "summary_fg_p95": 8044.08642578125,
  "summary_fg_stdv": 1668.177001953125,
  "tsnr": 7.190131187438965
}