{
  "aor": 0.016699595141700403,
  "aqi": 0.0374360975708502,
  "bids_meta": {
    "AcquisitionMatrixPE": 146,
    "CoilString": "RM:Nova32ch",
    "EchoTime": 0.0276,
    "EffectiveEchoSpacing": 0.000354,
    "FlipAngle": 71,
    "InstitutionName": "Stanford CNI",
    "MagneticFieldStrength": 3,
    "Manufacturer": "GE",
    "ManufacturerModelName": "GE Discovery MR750",
    "MultibandAccelerationFactor": 3,
    "PartialFourier": 0.0136986,
    "PhaseEncodingDirection": "j",
    "PulseSequenceType": "Multiband Gradient Echo EPI",
    "ReconMatrixPE": 146,
    "RepetitionTime": 1.5,
    "SliceThickness": 1.6,
    "SoftwareVersions": "DV24.0_R01_1344.a",
    "TaskDescription": "Simultaneous feature discrimination. Subjects performed a speeded reaction time task. The target was predicted by preceeding stimuli (AB+, B-, AC-, C+), where + corresponds to a 70% probability of seeing the target, and - corresponds to a 30% change of seeing the target. A, B and C are house, faces and body parts, counterbalanced across runs.",
    "TaskName": "sim",
    "TotalReadoutTime": 0.05133,
    "dataset": "ds001590",
    "modality": "bold",
    "run_id": 3,
    "subject_id": "22",
    "task_id": "sim"
  },
  "dummy_trs": 7,
  "dvars_nstd": 85.48239752886184,
  "dvars_std": 1.2389265602845527,
  "dvars_vstd": 1.2903474133333328,
  "efc": 0.5442442928484965,
  "fber": 624.2008056640625,
  "fd_mean": 0.43447559155105864,
  "fd_num": 74,
  "fd_perc": 29.959514170040485,
  "fwhm_avg": 3.343659189120876,
  "fwhm_x": 3.0920732347040283,
  "fwhm_y": 3.4521668846150373,
  "fwhm_z": 3.4867374480435633,
  "gcor": 0.168471,
  "gsr_x": 0.008675706572830677,
  "gsr_y": 0.020585697144269943,
  "provenance": {
    "md5sum": "b391818ad7d8af77fa9999eda80dc3e2",
    "settings": {
      "fd_thres": 0.2,
      "testing": false
    },
    "software": "mriqc",
    "version": "22.0.6",
    "webapi_port": null,
    "webapi_url": "https://mriqc.nimh.nih.gov/api/v1"
  },
  "size_t": 247,
  "size_x": 146,
  "size_y": 146,
  "size_z": 57,
  "snr": 2.7147188494189933,
  "spacing_tr": 1.5,
  "spacing_x": 1.5958904027938843,
  "spacing_y": 1.5958904027938843,
  "spacing_z": 1.600000023841858,
  "summary_bg_k": 40.28644811601005,
  "summary_bg_mad": 109.67690511565905,
  "summary_bg_mean": 467.3905944824219,
  "summary_bg_median": 191.91189575195312,
  "summary_bg_n": 827078.0,
  "summary_bg_p05": 102.35927886962891,
  "summary_bg_p95": 1795.0903381347628,
  "summary_bg_stdv": 836.2666015625,
  "summary_fg_k": 2.7074841136057417,
  "summary_fg_mad": 1497.5239800184886,
  "summary_fg_mean": 5198.4375,
  "summary_fg_median": 4857.046875,
  "summary_fg_n": 253828.0,
  "summary_fg_p05": 2964.4000732421873,
  "summary_fg_p95": 8485.088671874999,
  "summary_fg_stdv": 1789.1492919921875,
  "tsnr": 9.784666061401367
}