{
  "aor": 0.03490069868995633,
  "aqi": 0.058556255895196516,
  "bids_meta": {
    "AcquisitionMatrixPE": 146,
    "CoilString": "RM:Nova32ch",
    "EchoTime": 0.0276,
    "EffectiveEchoSpacing": 0.000354,
    "FlipAngle": 71,
    "InstitutionName": "Stanford CNI",
    "MagneticFieldStrength": 3,
    "Manufacturer": "GE",
    "ManufacturerModelName": "GE Discovery MR750",
    "MultibandAccelerationFactor": 3,
    "PartialFourier": 0.0136986,
    "PhaseEncodingDirection": "j",
    "PulseSequenceType": "Multiband Gradient Echo EPI",
    "ReconMatrixPE": 146,
    "RepetitionTime": 1.5,
    "SliceThickness": 1.6,
    "SoftwareVersions": "DV24.0_R01_1344.a",
    "TaskDescription": "Subjects performed a visual localizer task. Stimuli were presented in miniblocks at a rate of 4 HZ. Subjects were instructed to maintain fixation on a central cross and to respond to oddball frames in which a blank display, rather than a face/object/place/character was presented. Due to an error, these responses were not recorded.",
    "TaskName": "sim",
    "TotalReadoutTime": 0.05133,
    "dataset": "ds001590",
    "modality": "bold",
    "run_id": 2,
    "subject_id": "22",
    "task_id": "loc"
  },
  "dummy_trs": 5,
  "dvars_nstd": 90.7006591328947,
  "dvars_std": 1.6574823162280699,
  "dvars_vstd": 1.8711549790789483,
  "efc": 0.547657954244989,
  "fber": 791.736328125,
  "fd_mean": 0.47285175474966,
  "fd_num": 58,
  "fd_perc": 25.32751091703057,
  "fwhm_avg": 3.258055296703871,
  "fwhm_x": 3.086176839824075,
  "fwhm_y": 3.363482849826541,
  "fwhm_z": 3.324506200460997,
  "gcor": 0.351721,
  "gsr_x": 0.011924944818019867,
  "gsr_y": 0.015393448062241077,
  "provenance": {
    "md5sum": "568f75a8840bb315146a2a94d8df504c",
    "settings": {
      "fd_thres": 0.2,
      "testing": false
    },
    "software": "mriqc",
    "version": "22.0.6",
    "webapi_port": null,
    "webapi_url": "https://mriqc.nimh.nih.gov/api/v1"
  },
  "size_t": 229,
  "size_x": 146,
  "size_y": 146,
  "size_z": 57,
  "snr": 2.9100351424952646,
  "spacing_tr": 1.5,
  "spacing_x": 1.5958904027938843,
  "spacing_y": 1.5958904027938843,
  "spacing_z": 1.600000023841858,
  "summary_bg_k": 31.870444248005505,
  "summary_bg_mad": 84.68635590670118,
  "summary_bg_mean": 439.9123840332031,
  "summary_bg_median": 166.15725708007812,
  "summary_bg_n": 818214.0,
  "summary_bg_p05": 94.99688949584962,
  "summary_bg_p95": 1785.7431640625,
  "summary_bg_stdv": 811.4495239257812,
  "summary_fg_k": 2.9837549712356237,
  "summary_fg_mad": 1394.7457303024485,
  "summary_fg_mean": 5022.4736328125,
  "summary_fg_median": 4713.076171875,
  "summary_fg_n": 264702.0,
  "summary_fg_p05": 2964.6273193359375,
  "summary_fg_p95": 8003.841064453125,
  "summary_fg_stdv": 1619.5911865234375,
  "tsnr": 6.277301788330078
}