{
  "aor": 0.015578749999999999,
  "aqi": 0.029642000378787878,
  "bids_meta": {
    "AcquisitionMatrixPE": 146,
    "CoilString": "RM:Nova32ch",
    "EchoTime": 0.0276,
    "EffectiveEchoSpacing": 0.000354,
    "FlipAngle": 71,
    "InstitutionName": "Stanford CNI",
    "MagneticFieldStrength": 3,
    "Manufacturer": "GE",
    "ManufacturerModelName": "GE Discovery MR750",
    "MultibandAccelerationFactor": 3,
    "PartialFourier": 0.0136986,
    "PhaseEncodingDirection": "j",
    "PulseSequenceType": "Multiband Gradient Echo EPI",
    "ReconMatrixPE": 146,
    "RepetitionTime": 1.5,
    "SliceThickness": 1.6,
    "SoftwareVersions": "DV24.0_R01_1344.a",
    "TaskDescription": "Simultaneous feature discrimination. Subjects performed a speeded reaction time task. The target was predicted by preceeding stimuli (AB+, B-, AC-, C+), where + corresponds to a 70% probability of seeing the target, and - corresponds to a 30% change of seeing the target. A, B and C are house, faces and body parts, counterbalanced across runs.",
    "TaskName": "sim",
    "TotalReadoutTime": 0.05133,
    "dataset": "ds001590",
    "modality": "bold",
    "run_id": 1,
    "subject_id": "22",
    "task_id": "sim"
  },
  "dummy_trs": 5,
  "dvars_nstd": 77.57977030965777,
  "dvars_std": 1.3318213170342212,
  "dvars_vstd": 1.4295749780608364,
  "efc": 0.5409316823552808,
  "fber": 736.7288208007812,
  "fd_mean": 0.2684370630790062,
  "fd_num": 9,
  "fd_perc": 3.409090909090909,
  "fwhm_avg": 3.2069738939185424,
  "fwhm_x": 2.871431516836966,
  "fwhm_y": 3.3468839656214446,
  "fwhm_z": 3.4026061992972165,
  "gcor": 0.173865,
  "gsr_x": -0.0032374453730881214,
  "gsr_y": 0.032379232347011566,
  "provenance": {
    "md5sum": "a4edc9cddc99de3be5fbfe524bd3d07e",
    "settings": {
      "fd_thres": 0.2,
      "testing": false
    },
    "software": "mriqc",
    "version": "22.0.6",
    "webapi_port": null,
    "webapi_url": "https://mriqc.nimh.nih.gov/api/v1"
  },
  "size_t": 264,
  "size_x": 146,
  "size_y": 146,
  "size_z": 57,
  "snr": 2.6441593704646853,
  "spacing_tr": 1.5,
  "spacing_x": 1.5958904027938843,
  "spacing_y": 1.5958904027938843,
  "spacing_z": 1.600000023841858,
  "summary_bg_k": 50.141924765747085,
  "summary_bg_mad": 99.00534650267247,
  "summary_bg_mean": 417.07623291015625,
  "summary_bg_median": 181.63632202148438,
  "summary_bg_n": 813171.0,
  "summary_bg_p05": 100.85845947265625,
  "summary_bg_p95": 1572.8319091796875,
  "summary_bg_stdv": 695.7630615234375,
  "summary_fg_k": 2.499036075216229,
  "summary_fg_mad": 1556.2239517902835,
  "summary_fg_mean": 5380.1591796875,
  "summary_fg_median": 5008.0546875,
  "summary_fg_n": 265932.0,
  "summary_fg_p05": 3043.4785400390624,
  "summary_fg_p95": 8820.206542968746,
  "summary_fg_stdv": 1894.0028076171875,
  "tsnr": 10.18692398071289
}