{
  "aor": 0.03846321782178218,
  "aqi": 0.052506501485148516,
  "bids_meta": {
    "AcquisitionMatrixPE": 146,
    "CoilString": "RM:Nova32ch",
    "EchoTime": 0.0276,
    "EffectiveEchoSpacing": 0.000354,
    "FlipAngle": 71,
    "InstitutionName": "Stanford CNI",
    "MagneticFieldStrength": 3,
    "Manufacturer": "GE",
    "ManufacturerModelName": "GE Discovery MR750",
    "MultibandAccelerationFactor": 3,
    "PartialFourier": 0.0136986,
    "PhaseEncodingDirection": "j",
    "PulseSequenceType": "Multiband Gradient Echo EPI",
    "ReconMatrixPE": 146,
    "RepetitionTime": 1.5,
    "SliceThickness": 1.6,
    "SoftwareVersions": "DV24.0_R01_1344.a",
    "TaskDescription": "Subjects performed a visual localizer task. Stimuli were presented in miniblocks at a rate of 4 HZ. Subjects were instructed to maintain fixation on a central cross and to respond to oddball frames in which a blank display, rather than a face/object/place/character was presented. Due to an error, these responses were not recorded.",
    "TaskName": "sim",
    "TotalReadoutTime": 0.05133,
    "dataset": "ds001590",
    "modality": "bold",
    "run_id": 1,
    "subject_id": "04",
    "task_id": "loc"
  },
  "dummy_trs": 6,
  "dvars_nstd": 91.84177857960195,
  "dvars_std": 1.6907807601492537,
  "dvars_vstd": 1.8827041250248757,
  "efc": 0.5517347700987184,
  "fber": 669.8084716796875,
  "fd_mean": 0.38356702408614285,
  "fd_num": 17,
  "fd_perc": 8.415841584158416,
  "fwhm_avg": 3.394156724958869,
  "fwhm_x": 3.25669606816431,
  "fwhm_y": 3.411199159083546,
  "fwhm_z": 3.514574947628752,
  "gcor": 0.335102,
  "gsr_x": 0.004568855278193951,
  "gsr_y": 0.05381972715258598,
  "provenance": {
    "md5sum": "e0939bae17a612b5c7375b64d6df8db7",
    "settings": {
      "fd_thres": 0.2,
      "testing": false
    },
    "software": "mriqc",
    "version": "22.0.6",
    "webapi_port": null,
    "webapi_url": "https://mriqc.nimh.nih.gov/api/v1"
  },
  "size_t": 202,
  "size_x": 146,
  "size_y": 146,
  "size_z": 57,
  "snr": 2.49744509981809,
  "spacing_tr": 1.5,
  "spacing_x": 1.5958904027938843,
  "spacing_y": 1.5958904027938843,
  "spacing_z": 1.600000023841858,
  "summary_bg_k": 22.49405163936177,
  "summary_bg_mad": 67.50922287016456,
  "summary_bg_mean": 467.5146179199219,
  "summary_bg_median": 181.46273803710938,
  "summary_bg_n": 806480.0,
  "summary_bg_p05": 114.07109718322754,
  "summary_bg_p95": 2036.4764831542955,
  "summary_bg_stdv": 809.967529296875,
  "summary_fg_k": 1.9173733961941055,
  "summary_fg_mad": 1621.1730412381992,
  "summary_fg_mean": 5137.26953125,
  "summary_fg_median": 4738.65576171875,
  "summary_fg_n": 277081.0,
  "summary_fg_p05": 2775.525634765625,
  "summary_fg_p95": 8730.392578125,
  "summary_fg_stdv": 1897.39794921875,
  "tsnr": 6.642200469970703
}