{
  "aor": 0.035900446428571424,
  "aqi": 0.050841877232142854,
  "bids_meta": {
    "AcquisitionMatrixPE": 146,
    "CoilString": "RM:Nova32ch",
    "EchoTime": 0.0276,
    "EffectiveEchoSpacing": 0.000354,
    "FlipAngle": 71,
    "InstitutionName": "Stanford CNI",
    "MagneticFieldStrength": 3,
    "Manufacturer": "GE",
    "ManufacturerModelName": "GE Discovery MR750",
    "MultibandAccelerationFactor": 3,
    "PartialFourier": 0.0136986,
    "PhaseEncodingDirection": "j",
    "PulseSequenceType": "Multiband Gradient Echo EPI",
    "ReconMatrixPE": 146,
    "RepetitionTime": 1.5,
    "SliceThickness": 1.6,
    "SoftwareVersions": "DV24.0_R01_1344.a",
    "TaskDescription": "Subjects performed a visual localizer task. Stimuli were presented in miniblocks at a rate of 4 HZ. Subjects were instructed to maintain fixation on a central cross and to respond to oddball frames in which a blank display, rather than a face/object/place/character was presented. Due to an error, these responses were not recorded.",
    "TaskName": "sim",
    "TotalReadoutTime": 0.05133,
    "dataset": "ds001590",
    "modality": "bold",
    "run_id": 2,
    "subject_id": "04",
    "task_id": "loc"
  },
  "dummy_trs": 6,
  "dvars_nstd": 92.30985834784761,
  "dvars_std": 1.7340804630941704,
  "dvars_vstd": 1.9109903370852008,
  "efc": 0.5525267360014965,
  "fber": 657.4649047851562,
  "fd_mean": 0.35225202452022614,
  "fd_num": 12,
  "fd_perc": 5.357142857142857,
  "fwhm_avg": 3.3556939651756257,
  "fwhm_x": 3.060304135829042,
  "fwhm_y": 3.449121562711044,
  "fwhm_z": 3.5576561969867915,
  "gcor": 0.359349,
  "gsr_x": -0.0020977486856281757,
  "gsr_y": 0.05914841592311859,
  "provenance": {
    "md5sum": "a4b0257b5926430b6513557f39b7b315",
    "settings": {
      "fd_thres": 0.2,
      "testing": false
    },
    "software": "mriqc",
    "version": "22.0.6",
    "webapi_port": null,
    "webapi_url": "https://mriqc.nimh.nih.gov/api/v1"
  },
  "size_t": 224,
  "size_x": 146,
  "size_y": 146,
  "size_z": 57,
  "snr": 2.4575000117412116,
  "spacing_tr": 1.5,
  "spacing_x": 1.5958904027938843,
  "spacing_y": 1.5958904027938843,
  "spacing_z": 1.600000023841858,
  "summary_bg_k": 23.857403049390545,
  "summary_bg_mad": 66.22102894885025,
  "summary_bg_mean": 437.20025634765625,
  "summary_bg_median": 180.69000244140625,
  "summary_bg_n": 796371.0,
  "summary_bg_p05": 114.0118408203125,
  "summary_bg_p95": 1858.321533203125,
  "summary_bg_stdv": 734.3533935546875,
  "summary_fg_k": 1.9612539227252475,
  "summary_fg_mad": 1605.486450992963,
  "summary_fg_mean": 5053.27294921875,
  "summary_fg_median": 4683.0126953125,
  "summary_fg_n": 284418.0,
  "summary_fg_p05": 2681.37158203125,
  "summary_fg_p95": 8617.2671875,
  "summary_fg_stdv": 1905.596923828125,
  "tsnr": 6.449767112731934
}