{
  "aor": 0.0209196484375,
  "aqi": 0.032692379296875004,
  "bids_meta": {
    "AcquisitionMatrixPE": 146,
    "CoilString": "RM:Nova32ch",
    "EchoTime": 0.0276,
    "EffectiveEchoSpacing": 0.000354,
    "FlipAngle": 71,
    "InstitutionName": "Stanford CNI",
    "MagneticFieldStrength": 3,
    "Manufacturer": "GE",
    "ManufacturerModelName": "GE Discovery MR750",
    "MultibandAccelerationFactor": 3,
    "PartialFourier": 0.0136986,
    "PhaseEncodingDirection": "j",
    "PulseSequenceType": "Multiband Gradient Echo EPI",
    "ReconMatrixPE": 146,
    "RepetitionTime": 1.5,
    "SliceThickness": 1.6,
    "SoftwareVersions": "DV24.0_R01_1344.a",
    "TaskDescription": "Simultaneous feature discrimination. Subjects performed a speeded reaction time task. The target was predicted by preceeding stimuli (AB+, B-, AC-, C+), where + corresponds to a 70% probability of seeing the target, and - corresponds to a 30% change of seeing the target. A, B and C are house, faces and body parts, counterbalanced across runs.",
    "TaskName": "sim",
    "TotalReadoutTime": 0.05133,
    "dataset": "ds001590",
    "modality": "bold",
    "run_id": 3,
    "subject_id": "04",
    "task_id": "sim"
  },
  "dummy_trs": 5,
  "dvars_nstd": 80.16885112650982,
  "dvars_std": 1.4653479800000002,
  "dvars_vstd": 1.6090808156862755,
  "efc": 0.5508977170282078,
  "fber": 676.867431640625,
  "fd_mean": 0.24996994895459304,
  "fd_num": 12,
  "fd_perc": 4.6875,
  "fwhm_avg": 3.3726519126690895,
  "fwhm_x": 3.235911432864837,
  "fwhm_y": 3.3752631073975414,
  "fwhm_z": 3.506781197744888,
  "gcor": 0.255191,
  "gsr_x": 0.004879883956164122,
  "gsr_y": 0.05314124375581741,
  "provenance": {
    "md5sum": "c4380a7d6a496c74510051ede6d7671b",
    "settings": {
      "fd_thres": 0.2,
      "testing": false
    },
    "software": "mriqc",
    "version": "22.0.6",
    "webapi_port": null,
    "webapi_url": "https://mriqc.nimh.nih.gov/api/v1"
  },
  "size_t": 256,
  "size_x": 146,
  "size_y": 146,
  "size_z": 57,
  "snr": 2.514815204833111,
  "spacing_tr": 1.5,
  "spacing_x": 1.5958904027938843,
  "spacing_y": 1.5958904027938843,
  "spacing_z": 1.600000023841858,
  "summary_bg_k": 22.68146162230787,
  "summary_bg_mad": 66.66345006527794,
  "summary_bg_mean": 468.4902648925781,
  "summary_bg_median": 182.2620849609375,
  "summary_bg_n": 806794.0,
  "summary_bg_p05": 115.01600570678711,
  "summary_bg_p95": 2060.3969970703124,
  "summary_bg_stdv": 818.5137939453125,
  "summary_fg_k": 1.8996701311251645,
  "summary_fg_mad": 1639.6328143196365,
  "summary_fg_mean": 5176.10888671875,
  "summary_fg_median": 4784.734375,
  "summary_fg_n": 276426.0,
  "summary_fg_p05": 2789.6401977539062,
  "summary_fg_p95": 8769.868896484375,
  "summary_fg_stdv": 1902.615234375,
  "tsnr": 9.093297004699707
}