{
  "aor": 0.0012827615062761504,
  "aqi": 0.014882740167364017,
  "bids_meta": {
    "AcquisitionMatrixPE": 146,
    "CoilString": "RM:Nova32ch",
    "EchoTime": 0.0276,
    "EffectiveEchoSpacing": 0.000354,
    "FlipAngle": 71,
    "InstitutionName": "Stanford CNI",
    "MagneticFieldStrength": 3,
    "Manufacturer": "GE",
    "ManufacturerModelName": "GE Discovery MR750",
    "MultibandAccelerationFactor": 3,
    "PartialFourier": 0.0136986,
    "PhaseEncodingDirection": "j",
    "PulseSequenceType": "Multiband Gradient Echo EPI",
    "ReconMatrixPE": 146,
    "RepetitionTime": 1.5,
    "SliceThickness": 1.6,
    "SoftwareVersions": "DV24.0_R01_1344.a",
    "TaskDescription": "Simultaneous feature discrimination. Subjects performed a speeded reaction time task. The target was predicted by preceeding stimuli (AB+, B-, AC-, C+), where + corresponds to a 70% probability of seeing the target, and - corresponds to a 30% change of seeing the target. A, B and C are house, faces and body parts, counterbalanced across runs.",
    "TaskName": "sim",
    "TotalReadoutTime": 0.05133,
    "dataset": "ds001590",
    "modality": "bold",
    "run_id": 1,
    "subject_id": "04",
    "task_id": "sim"
  },
  "dummy_trs": 6,
  "dvars_nstd": 68.70626427130253,
  "dvars_std": 1.0239098669747901,
  "dvars_vstd": 1.0094554669327729,
  "efc": 0.5484606702438604,
  "fber": 693.7595825195312,
  "fd_mean": 0.06326716456669372,
  "fd_num": 1,
  "fd_perc": 0.41841004184100417,
  "fwhm_avg": 3.328236310286678,
  "fwhm_x": 3.2233667117706117,
  "fwhm_y": 3.3282172702469706,
  "fwhm_z": 3.433124948842452,
  "gcor": 0.00884452,
  "gsr_x": 0.004250878468155861,
  "gsr_y": 0.049615729600191116,
  "provenance": {
    "md5sum": "b90dd6822d858a7943493360d59ddd51",
    "settings": {
      "fd_thres": 0.2,
      "testing": false
    },
    "software": "mriqc",
    "version": "22.0.6",
    "webapi_port": null,
    "webapi_url": "https://mriqc.nimh.nih.gov/api/v1"
  },
  "size_t": 239,
  "size_x": 146,
  "size_y": 146,
  "size_z": 57,
  "snr": 2.5030048788024737,
  "spacing_tr": 1.5,
  "spacing_x": 1.5958904027938843,
  "spacing_y": 1.5958904027938843,
  "spacing_z": 1.600000023841858,
  "summary_bg_k": 23.691367906144617,
  "summary_bg_mad": 66.04151770916761,
  "summary_bg_mean": 472.2625427246094,
  "summary_bg_median": 184.22732543945312,
  "summary_bg_n": 807700.0,
  "summary_bg_p05": 117.46451835632324,
  "summary_bg_p95": 2027.8731750488184,
  "summary_bg_stdv": 831.2027587890625,
  "summary_fg_k": 1.9759337319891905,
  "summary_fg_mad": 1683.0177513094025,
  "summary_fg_mean": 5305.50341796875,
  "summary_fg_median": 4895.1103515625,
  "summary_fg_n": 275415.0,
  "summary_fg_p05": 2877.4448486328124,
  "summary_fg_p95": 9000.571191406249,
  "summary_fg_stdv": 1955.68994140625,
  "tsnr": 18.141815185546875
}