{
  "aor": 0.0388767803030303,
  "aqi": 0.05454543371212121,
  "bids_meta": {
    "AcquisitionMatrixPE": 146,
    "CoilString": "RM:Nova32ch",
    "EchoTime": 0.0276,
    "EffectiveEchoSpacing": 0.000354,
    "FlipAngle": 71,
    "InstitutionName": "Stanford CNI",
    "MagneticFieldStrength": 3,
    "Manufacturer": "GE",
    "ManufacturerModelName": "GE Discovery MR750",
    "MultibandAccelerationFactor": 3,
    "PartialFourier": 0.0136986,
    "PhaseEncodingDirection": "j",
    "PulseSequenceType": "Multiband Gradient Echo EPI",
    "ReconMatrixPE": 146,
    "RepetitionTime": 1.5,
    "SliceThickness": 1.6,
    "SoftwareVersions": "DV24.0_R01_1344.a",
    "TaskDescription": "Simultaneous feature discrimination. Subjects performed a speeded reaction time task. The target was predicted by preceeding stimuli (AB+, B-, AC-, C+), where + corresponds to a 70% probability of seeing the target, and - corresponds to a 30% change of seeing the target. A, B and C are house, faces and body parts, counterbalanced across runs.",
    "TaskName": "sim",
    "TotalReadoutTime": 0.05133,
    "dataset": "ds001590",
    "modality": "bold",
    "run_id": 2,
    "subject_id": "13",
    "task_id": "sim"
  },
  "dummy_trs": 6,
  "dvars_nstd": 86.22116126604561,
  "dvars_std": 1.8207574293155895,
  "dvars_vstd": 2.000481490494297,
  "efc": 0.5046623125613076,
  "fber": 1431.8746337890625,
  "fd_mean": 0.3709164027151139,
  "fd_num": 22,
  "fd_perc": 8.333333333333334,
  "fwhm_avg": 3.237775009835186,
  "fwhm_x": 2.9431093712809435,
  "fwhm_y": 3.349509459197109,
  "fwhm_z": 3.4207061990275056,
  "gcor": 0.425676,
  "gsr_x": -0.016011463478207588,
  "gsr_y": 0.0195987056940794,
  "provenance": {
    "md5sum": "5cb9301908a8a7a47fa2f8163d860ec5",
    "settings": {
      "fd_thres": 0.2,
      "testing": false
    },
    "software": "mriqc",
    "version": "22.0.6",
    "webapi_port": null,
    "webapi_url": "https://mriqc.nimh.nih.gov/api/v1"
  },
  "size_t": 264,
  "size_x": 146,
  "size_y": 146,
  "size_z": 57,
  "snr": 3.1230429467546696,
  "spacing_tr": 1.5,
  "spacing_x": 1.5958904027938843,
  "spacing_y": 1.5958904027938843,
  "spacing_z": 1.600000023841858,
  "summary_bg_k": 44.44505712679133,
  "summary_bg_mad": 75.07775381363125,
  "summary_bg_mean": 503.4480285644531,
  "summary_bg_median": 246.74966430664062,
  "summary_bg_n": 839583.0,
  "summary_bg_p05": 174.44473266601562,
  "summary_bg_p95": 1794.2430664062485,
  "summary_bg_stdv": 804.3570556640625,
  "summary_fg_k": 1.2584720168377537,
  "summary_fg_mad": 2650.1199747601577,
  "summary_fg_mean": 9883.9453125,
  "summary_fg_median": 9473.1630859375,
  "summary_fg_n": 246358.0,
  "summary_fg_p05": 5804.204174804688,
  "summary_fg_p95": 15376.104052734372,
  "summary_fg_stdv": 3033.3056640625,
  "tsnr": 6.350514888763428
}