{
  "aor": 0.0005477916666666667,
  "aqi": 0.015805440416666667,
  "bids_meta": {
    "AcquisitionMatrixPE": 146,
    "CoilString": "RM:Nova32ch",
    "EchoTime": 0.0276,
    "EffectiveEchoSpacing": 0.000354,
    "FlipAngle": 71,
    "InstitutionName": "Stanford CNI",
    "MagneticFieldStrength": 3,
    "Manufacturer": "GE",
    "ManufacturerModelName": "GE Discovery MR750",
    "MultibandAccelerationFactor": 3,
    "PartialFourier": 0.0136986,
    "PhaseEncodingDirection": "j",
    "PulseSequenceType": "Multiband Gradient Echo EPI",
    "ReconMatrixPE": 146,
    "RepetitionTime": 1.5,
    "SliceThickness": 1.6,
    "SoftwareVersions": "DV24.0_R01_1344.a",
    "TaskDescription": "Simultaneous feature discrimination. Subjects performed a speeded reaction time task. The target was predicted by preceeding stimuli (AB+, B-, AC-, C+), where + corresponds to a 70% probability of seeing the target, and - corresponds to a 30% change of seeing the target. A, B and C are house, faces and body parts, counterbalanced across runs.",
    "TaskName": "sim",
    "TotalReadoutTime": 0.05133,
    "dataset": "ds001590",
    "modality": "bold",
    "run_id": 2,
    "subject_id": "18",
    "task_id": "sim"
  },
  "dummy_trs": 6,
  "dvars_nstd": 67.99901082790791,
  "dvars_std": 1.0263259398744773,
  "dvars_vstd": 0.9977946698326357,
  "efc": 0.5447997566372224,
  "fber": 778.2103271484375,
  "fd_mean": 0.08357939321016342,
  "fd_num": 7,
  "fd_perc": 2.9166666666666665,
  "fwhm_avg": 3.250730514848834,
  "fwhm_x": 2.848973834318633,
  "fwhm_y": 3.4185430217820634,
  "fwhm_z": 3.4846746884458044,
  "gcor": 0.00354253,
  "gsr_x": -0.02683173678815365,
  "gsr_y": 0.04349981248378754,
  "provenance": {
    "md5sum": "af1592af61e1a53c799a0f14e4e19e71",
    "settings": {
      "fd_thres": 0.2,
      "testing": false
    },
    "software": "mriqc",
    "version": "22.0.6",
    "webapi_port": null,
    "webapi_url": "https://mriqc.nimh.nih.gov/api/v1"
  },
  "size_t": 240,
  "size_x": 146,
  "size_y": 146,
  "size_z": 57,
  "snr": 2.488646964006475,
  "spacing_tr": 1.5,
  "spacing_x": 1.5958904027938843,
  "spacing_y": 1.5958904027938843,
  "spacing_z": 1.6000001430511475,
  "summary_bg_k": 56.191439092080266,
  "summary_bg_mad": 93.30395302337183,
  "summary_bg_mean": 377.4211730957031,
  "summary_bg_median": 179.27490234375,
  "summary_bg_n": 788084.0,
  "summary_bg_p05": 106.39550590515137,
  "summary_bg_p95": 1283.3726135253905,
  "summary_bg_stdv": 587.1238403320312,
  "summary_fg_k": 2.2877587168511972,
  "summary_fg_mad": 1766.0483620520517,
  "summary_fg_mean": 5506.0966796875,
  "summary_fg_median": 5163.98779296875,
  "summary_fg_n": 290508.0,
  "summary_fg_p05": 2891.887622070313,
  "summary_fg_p95": 9287.95361328124,
  "summary_fg_stdv": 2075.0146484375,
  "tsnr": 19.2585391998291
}