{
  "aor": 0.027689701492537317,
  "aqi": 0.04091040671641791,
  "bids_meta": {
    "AcquisitionMatrixPE": 146,
    "CoilString": "RM:Nova32ch",
    "EchoTime": 0.0276,
    "EffectiveEchoSpacing": 0.000354,
    "FlipAngle": 71,
    "InstitutionName": "Stanford CNI",
    "MagneticFieldStrength": 3,
    "Manufacturer": "GE",
    "ManufacturerModelName": "GE Discovery MR750",
    "MultibandAccelerationFactor": 3,
    "PartialFourier": 0.0136986,
    "PhaseEncodingDirection": "j",
    "PulseSequenceType": "Multiband Gradient Echo EPI",
    "ReconMatrixPE": 146,
    "RepetitionTime": 1.5,
    "SliceThickness": 1.6,
    "SoftwareVersions": "DV24.0_R01_1344.a",
    "TaskDescription": "Simultaneous feature discrimination. Subjects performed a speeded reaction time task. The target was predicted by preceeding stimuli (AB+, B-, AC-, C+), where + corresponds to a 70% probability of seeing the target, and - corresponds to a 30% change of seeing the target. A, B and C are house, faces and body parts, counterbalanced across runs.",
    "TaskName": "sim",
    "TotalReadoutTime": 0.05133,
    "dataset": "ds001590",
    "modality": "bold",
    "run_id": 3,
    "subject_id": "18",
    "task_id": "sim"
  },
  "dummy_trs": 6,
  "dvars_nstd": 80.20309113891385,
  "dvars_std": 1.5254194893632953,
  "dvars_vstd": 1.680960347378276,
  "efc": 0.5477671625741248,
  "fber": 1019.6598510742188,
  "fd_mean": 0.30665230372710783,
  "fd_num": 30,
  "fd_perc": 11.194029850746269,
  "fwhm_avg": 3.2392138812481233,
  "fwhm_x": 2.8138586410059268,
  "fwhm_y": 3.4535955541502434,
  "fwhm_z": 3.4501874485882005,
  "gcor": 0.293133,
  "gsr_x": -0.021491441875696182,
  "gsr_y": 0.04056985303759575,
  "provenance": {
    "md5sum": "792003584550ead14ddf093bbea1c17f",
    "settings": {
      "fd_thres": 0.2,
      "testing": false
    },
    "software": "mriqc",
    "version": "22.0.6",
    "webapi_port": null,
    "webapi_url": "https://mriqc.nimh.nih.gov/api/v1"
  },
  "size_t": 268,
  "size_x": 146,
  "size_y": 146,
  "size_z": 57,
  "snr": 2.6290340050697787,
  "spacing_tr": 1.5,
  "spacing_x": 1.5958904027938843,
  "spacing_y": 1.5958904027938843,
  "spacing_z": 1.600000023841858,
  "summary_bg_k": 56.48721024234804,
  "summary_bg_mad": 68.53950653464183,
  "summary_bg_mean": 343.3214416503906,
  "summary_bg_median": 156.88088989257812,
  "summary_bg_n": 773532.0,
  "summary_bg_p05": 98.96952095031739,
  "summary_bg_p95": 1254.745257568359,
  "summary_bg_stdv": 576.31201171875,
  "summary_fg_k": 1.9063634323683063,
  "summary_fg_mad": 1691.8873032533138,
  "summary_fg_mean": 5431.8671875,
  "summary_fg_median": 5126.86865234375,
  "summary_fg_n": 303799.0,
  "summary_fg_p05": 2935.5001464843754,
  "summary_fg_p95": 8965.437890625,
  "summary_fg_stdv": 1950.0927734375,
  "tsnr": 8.209513664245605
}