{
  "aor": 0.04106030701754386,
  "aqi": 0.06055747719298246,
  "bids_meta": {
    "AcquisitionMatrixPE": 146,
    "CoilString": "RM:Nova32ch",
    "EchoTime": 0.0276,
    "EffectiveEchoSpacing": 0.000354,
    "FlipAngle": 71,
    "InstitutionName": "Stanford CNI",
    "MagneticFieldStrength": 3,
    "Manufacturer": "GE",
    "ManufacturerModelName": "GE Discovery MR750",
    "MultibandAccelerationFactor": 3,
    "PartialFourier": 0.0136986,
    "PhaseEncodingDirection": "j",
    "PulseSequenceType": "Multiband Gradient Echo EPI",
    "ReconMatrixPE": 146,
    "RepetitionTime": 1.5,
    "SliceThickness": 1.6,
    "SoftwareVersions": "DV24.0_R01_1344.a",
    "TaskDescription": "Subjects performed a visual localizer task. Stimuli were presented in miniblocks at a rate of 4 HZ. Subjects were instructed to maintain fixation on a central cross and to respond to oddball frames in which a blank display, rather than a face/object/place/character was presented. Due to an error, these responses were not recorded.",
    "TaskName": "sim",
    "TotalReadoutTime": 0.05133,
    "dataset": "ds001590",
    "modality": "bold",
    "run_id": 1,
    "subject_id": "18",
    "task_id": "loc"
  },
  "dummy_trs": 5,
  "dvars_nstd": 91.56906889185021,
  "dvars_std": 1.604067642378855,
  "dvars_vstd": 1.8244550362555059,
  "efc": 0.545869201490926,
  "fber": 983.4381103515625,
  "fd_mean": 0.3619575930130978,
  "fd_num": 20,
  "fd_perc": 8.771929824561404,
  "fwhm_avg": 3.2671732124163575,
  "fwhm_x": 2.847407310705468,
  "fwhm_y": 3.4796123783176873,
  "fwhm_z": 3.4744999482259162,
  "gcor": 0.376048,
  "gsr_x": -0.023422690108418465,
  "gsr_y": 0.04521000757813454,
  "provenance": {
    "md5sum": "3c8e39bb19d8178fd0954f7f238e947f",
    "settings": {
      "fd_thres": 0.2,
      "testing": false
    },
    "software": "mriqc",
    "version": "22.0.6",
    "webapi_port": null,
    "webapi_url": "https://mriqc.nimh.nih.gov/api/v1"
  },
  "size_t": 228,
  "size_x": 146,
  "size_y": 146,
  "size_z": 57,
  "snr": 2.588720797983448,
  "spacing_tr": 1.5,
  "spacing_x": 1.5958904027938843,
  "spacing_y": 1.5958904027938843,
  "spacing_z": 1.600000023841858,
  "summary_bg_k": 71.00065681658666,
  "summary_bg_mad": 73.4431721990087,
  "summary_bg_mean": 353.0968322753906,
  "summary_bg_median": 158.10682678222656,
  "summary_bg_n": 778981.0,
  "summary_bg_p05": 97.7866439819336,
  "summary_bg_p95": 1272.2120361328125,
  "summary_bg_stdv": 609.6232299804688,
  "summary_fg_k": 1.8682359225608671,
  "summary_fg_mad": 1710.157769459683,
  "summary_fg_mean": 5395.3720703125,
  "summary_fg_median": 5095.74267578125,
  "summary_fg_n": 298765.0,
  "summary_fg_p05": 2863.349853515625,
  "summary_fg_p95": 8960.415820312499,
  "summary_fg_stdv": 1968.4371337890625,
  "tsnr": 6.132906436920166
}