{
  "aor": 0.018393727272727273,
  "aqi": 0.03875557318181817,
  "bids_meta": {
    "AcquisitionMatrixPE": 146,
    "CoilString": "RM:Nova32ch",
    "EchoTime": 0.0276,
    "EffectiveEchoSpacing": 0.000354,
    "FlipAngle": 71,
    "InstitutionName": "Stanford CNI",
    "MagneticFieldStrength": 3,
    "Manufacturer": "GE",
    "ManufacturerModelName": "GE Discovery MR750",
    "MultibandAccelerationFactor": 3,
    "PartialFourier": 0.0136986,
    "PhaseEncodingDirection": "j",
    "PulseSequenceType": "Multiband Gradient Echo EPI",
    "ReconMatrixPE": 146,
    "RepetitionTime": 1.5,
    "SliceThickness": 1.6,
    "SoftwareVersions": "DV24.0_R01_1344.a",
    "TaskDescription": "Subjects performed a visual localizer task. Stimuli were presented in miniblocks at a rate of 4 HZ. Subjects were instructed to maintain fixation on a central cross and to respond to oddball frames in which a blank display, rather than a face/object/place/character was presented. Due to an error, these responses were not recorded.",
    "TaskName": "sim",
    "TotalReadoutTime": 0.05133,
    "dataset": "ds001590",
    "modality": "bold",
    "run_id": 2,
    "subject_id": "18",
    "task_id": "loc"
  },
  "dummy_trs": 6,
  "dvars_nstd": 79.26215799753426,
  "dvars_std": 1.2202309038812789,
  "dvars_vstd": 1.2882860507762561,
  "efc": 0.5438722762878094,
  "fber": 1008.5088500976562,
  "fd_mean": 0.27251115776134066,
  "fd_num": 19,
  "fd_perc": 8.636363636363637,
  "fwhm_avg": 3.2731194103733774,
  "fwhm_x": 2.844180272062348,
  "fwhm_y": 3.468665511308891,
  "fwhm_z": 3.506512447748893,
  "gcor": 0.180097,
  "gsr_x": -0.023287441581487656,
  "gsr_y": 0.04185843840241432,
  "provenance": {
    "md5sum": "b7f0d345875a519de3fd89b77acad340",
    "settings": {
      "fd_thres": 0.2,
      "testing": false
    },
    "software": "mriqc",
    "version": "22.0.6",
    "webapi_port": null,
    "webapi_url": "https://mriqc.nimh.nih.gov/api/v1"
  },
  "size_t": 220,
  "size_x": 146,
  "size_y": 146,
  "size_z": 57,
  "snr": 2.583475495567651,
  "spacing_tr": 1.5,
  "spacing_x": 1.5958904027938843,
  "spacing_y": 1.5958904027938843,
  "spacing_z": 1.600000023841858,
  "summary_bg_k": 72.5025097236805,
  "summary_bg_mad": 70.97845573090854,
  "summary_bg_mean": 356.1578674316406,
  "summary_bg_median": 158.949462890625,
  "summary_bg_n": 781360.0,
  "summary_bg_p05": 99.68218727111817,
  "summary_bg_p95": 1292.1131286621078,
  "summary_bg_stdv": 616.943115234375,
  "summary_fg_k": 1.9310489288604575,
  "summary_fg_mad": 1743.1458498031488,
  "summary_fg_mean": 5484.52197265625,
  "summary_fg_median": 5184.3095703125,
  "summary_fg_n": 296676.0,
  "summary_fg_p05": 2902.3138427734375,
  "summary_fg_p95": 9125.052001953125,
  "summary_fg_stdv": 2006.7156982421875,
  "tsnr": 9.289767265319824
}