{
  "aor": 0.0011386746987951807,
  "aqi": 0.014910738152610441,
  "bids_meta": {
    "AcquisitionMatrixPE": 146,
    "CoilString": "RM:Nova32ch",
    "EchoTime": 0.0276,
    "EffectiveEchoSpacing": 0.000354,
    "FlipAngle": 71,
    "InstitutionName": "Stanford CNI",
    "MagneticFieldStrength": 3,
    "Manufacturer": "GE",
    "ManufacturerModelName": "GE Discovery MR750",
    "MultibandAccelerationFactor": 3,
    "PartialFourier": 0.0136986,
    "PhaseEncodingDirection": "j",
    "PulseSequenceType": "Multiband Gradient Echo EPI",
    "ReconMatrixPE": 146,
    "RepetitionTime": 1.5,
    "SliceThickness": 1.6,
    "SoftwareVersions": "DV24.0_R01_1344.a",
    "TaskDescription": "Simultaneous feature discrimination. Subjects performed a speeded reaction time task. The target was predicted by preceeding stimuli (AB+, B-, AC-, C+), where + corresponds to a 70% probability of seeing the target, and - corresponds to a 30% change of seeing the target. A, B and C are house, faces and body parts, counterbalanced across runs.",
    "TaskName": "sim",
    "TotalReadoutTime": 0.05133,
    "dataset": "ds001590",
    "modality": "bold",
    "run_id": 1,
    "subject_id": "15",
    "task_id": "sim"
  },
  "dummy_trs": 6,
  "dvars_nstd": 62.56618350560483,
  "dvars_std": 1.0304993664112896,
  "dvars_vstd": 1.0087494601209674,
  "efc": 0.5089774011331516,
  "fber": 1329.1156005859375,
  "fd_mean": 0.08762156019901861,
  "fd_num": 1,
  "fd_perc": 0.40160642570281124,
  "fwhm_avg": 3.0757537574681866,
  "fwhm_x": 2.9876425045559976,
  "fwhm_y": 3.1244188142686586,
  "fwhm_z": 3.1151999535799035,
  "gcor": 0.0117835,
  "gsr_x": -0.027629515156149864,
  "gsr_y": 0.04173224791884422,
  "provenance": {
    "md5sum": "8ad367f9cf662ee5b8f2b7856ca10b6e",
    "settings": {
      "fd_thres": 0.2,
      "testing": false
    },
    "software": "mriqc",
    "version": "22.0.6",
    "webapi_port": null,
    "webapi_url": "https://mriqc.nimh.nih.gov/api/v1"
  },
  "size_t": 249,
  "size_x": 146,
  "size_y": 146,
  "size_z": 57,
  "snr": 3.042161475804533,
  "spacing_tr": 1.5,
  "spacing_x": 1.5958904027938843,
  "spacing_y": 1.5958904027938843,
  "spacing_z": 1.600000023841858,
  "summary_bg_k": 63.1123320436419,
  "summary_bg_mad": 47.2902339841587,
  "summary_bg_mean": 314.3194274902344,
  "summary_bg_median": 135.60855102539062,
  "summary_bg_n": 847042.0,
  "summary_bg_p05": 93.56852340698242,
  "summary_bg_p95": 1181.4131652832027,
  "summary_bg_stdv": 517.5867919921875,
  "summary_fg_k": 0.9737970429055189,
  "summary_fg_mad": 1541.8100249728468,
  "summary_fg_mean": 5298.42041015625,
  "summary_fg_median": 4999.85107421875,
  "summary_fg_n": 240095.0,
  "summary_fg_p05": 3175.929296875,
  "summary_fg_p95": 8358.47109375,
  "summary_fg_stdv": 1643.515869140625,
  "tsnr": 20.067031860351562
}