{
  "aor": 0.012010825688073393,
  "aqi": 0.027173498165137613,
  "bids_meta": {
    "AcquisitionMatrixPE": 146,
    "CoilString": "RM:Nova32ch",
    "EchoTime": 0.0276,
    "EffectiveEchoSpacing": 0.000354,
    "FlipAngle": 71,
    "InstitutionName": "Stanford CNI",
    "MagneticFieldStrength": 3,
    "Manufacturer": "GE",
    "ManufacturerModelName": "GE Discovery MR750",
    "MultibandAccelerationFactor": 3,
    "PartialFourier": 0.0136986,
    "PhaseEncodingDirection": "j",
    "PulseSequenceType": "Multiband Gradient Echo EPI",
    "ReconMatrixPE": 146,
    "RepetitionTime": 1.5,
    "SliceThickness": 1.6,
    "SoftwareVersions": "DV24.0_R01_1344.a",
    "TaskDescription": "Subjects performed a visual localizer task. Stimuli were presented in miniblocks at a rate of 4 HZ. Subjects were instructed to maintain fixation on a central cross and to respond to oddball frames in which a blank display, rather than a face/object/place/character was presented. Due to an error, these responses were not recorded.",
    "TaskName": "sim",
    "TotalReadoutTime": 0.05133,
    "dataset": "ds001590",
    "modality": "bold",
    "run_id": 1,
    "subject_id": "15",
    "task_id": "loc"
  },
  "dummy_trs": 6,
  "dvars_nstd": 70.98783491308754,
  "dvars_std": 1.1671898239170506,
  "dvars_vstd": 1.2350414792165902,
  "efc": 0.5140679194305479,
  "fber": 1218.7994384765625,
  "fd_mean": 0.21712784957350528,
  "fd_num": 19,
  "fd_perc": 8.715596330275229,
  "fwhm_avg": 3.101950223852979,
  "fwhm_x": 3.0183526334684836,
  "fwhm_y": 3.152848084800377,
  "fwhm_z": 3.134649953290076,
  "gcor": 0.113729,
  "gsr_x": -0.02809756249189377,
  "gsr_y": 0.04459237679839134,
  "provenance": {
    "md5sum": "b8562bad03729b54d4c93e0e75e254ff",
    "settings": {
      "fd_thres": 0.2,
      "testing": false
    },
    "software": "mriqc",
    "version": "22.0.6",
    "webapi_port": null,
    "webapi_url": "https://mriqc.nimh.nih.gov/api/v1"
  },
  "size_t": 218,
  "size_x": 146,
  "size_y": 146,
  "size_z": 57,
  "snr": 3.049539299939046,
  "spacing_tr": 1.5,
  "spacing_x": 1.5958904027938843,
  "spacing_y": 1.5958904027938843,
  "spacing_z": 1.600000023841858,
  "summary_bg_k": 42.651562466966396,
  "summary_bg_mad": 50.86041505275066,
  "summary_bg_mean": 316.45220947265625,
  "summary_bg_median": 137.9941864013672,
  "summary_bg_n": 844588.0,
  "summary_bg_p05": 93.16831893920899,
  "summary_bg_p95": 1190.9323120117156,
  "summary_bg_stdv": 493.2995300292969,
  "summary_fg_k": 0.9429286732224171,
  "summary_fg_mad": 1507.658413176406,
  "summary_fg_mean": 5148.07373046875,
  "summary_fg_median": 4870.58740234375,
  "summary_fg_n": 242291.0,
  "summary_fg_p05": 3080.7061767578125,
  "summary_fg_p95": 8107.620849609375,
  "summary_fg_stdv": 1597.15185546875,
  "tsnr": 11.873052597045898
}