{
  "aor": 0.0002943873517786561,
  "aqi": 0.013896137944664032,
  "bids_meta": {
    "AcquisitionMatrixPE": 146,
    "CoilString": "RM:Nova32ch",
    "EchoTime": 0.0276,
    "EffectiveEchoSpacing": 0.000354,
    "FlipAngle": 71,
    "InstitutionName": "Stanford CNI",
    "MagneticFieldStrength": 3,
    "Manufacturer": "GE",
    "ManufacturerModelName": "GE Discovery MR750",
    "MultibandAccelerationFactor": 3,
    "PartialFourier": 0.0136986,
    "PhaseEncodingDirection": "j",
    "PulseSequenceType": "Multiband Gradient Echo EPI",
    "ReconMatrixPE": 146,
    "RepetitionTime": 1.5,
    "SliceThickness": 1.6,
    "SoftwareVersions": "DV24.0_R01_1344.a",
    "TaskDescription": "Simultaneous feature discrimination. Subjects performed a speeded reaction time task. The target was predicted by preceeding stimuli (AB+, B-, AC-, C+), where + corresponds to a 70% probability of seeing the target, and - corresponds to a 30% change of seeing the target. A, B and C are house, faces and body parts, counterbalanced across runs.",
    "TaskName": "sim",
    "TotalReadoutTime": 0.05133,
    "dataset": "ds001590",
    "modality": "bold",
    "run_id": 3,
    "subject_id": "15",
    "task_id": "sim"
  },
  "dummy_trs": 6,
  "dvars_nstd": 60.661308061349196,
  "dvars_std": 1.0140445322222218,
  "dvars_vstd": 0.9963808697619049,
  "efc": 0.5117383736071334,
  "fber": 1257.6270751953125,
  "fd_mean": 0.06659260105948309,
  "fd_num": 1,
  "fd_perc": 0.3952569169960474,
  "fwhm_avg": 3.069170493975984,
  "fwhm_x": 2.992561388701336,
  "fwhm_y": 3.119581389351205,
  "fwhm_z": 3.095368703875412,
  "gcor": 0.00160102,
  "gsr_x": -0.02867729961872101,
  "gsr_y": 0.04432491585612297,
  "provenance": {
    "md5sum": "39c2831ad1aae998a9307e655f20beca",
    "settings": {
      "fd_thres": 0.2,
      "testing": false
    },
    "software": "mriqc",
    "version": "22.0.6",
    "webapi_port": null,
    "webapi_url": "https://mriqc.nimh.nih.gov/api/v1"
  },
  "size_t": 253,
  "size_x": 146,
  "size_y": 146,
  "size_z": 57,
  "snr": 3.0625276807283703,
  "spacing_tr": 1.5,
  "spacing_x": 1.5958904027938843,
  "spacing_y": 1.5958904027938843,
  "spacing_z": 1.600000023841858,
  "summary_bg_k": 56.45526219356448,
  "summary_bg_mad": 48.760455922145546,
  "summary_bg_mean": 321.3377380371094,
  "summary_bg_median": 137.84100341796875,
  "summary_bg_n": 847887.0,
  "summary_bg_p05": 94.09964065551758,
  "summary_bg_p95": 1216.3875122070299,
  "summary_bg_stdv": 522.135498046875,
  "summary_fg_k": 0.9844097698260832,
  "summary_fg_mad": 1523.5791937623094,
  "summary_fg_mean": 5234.984375,
  "summary_fg_median": 4941.10302734375,
  "summary_fg_n": 239282.0,
  "summary_fg_p05": 3155.146923828125,
  "summary_fg_p95": 8238.435107421874,
  "summary_fg_stdv": 1613.4034423828125,
  "tsnr": 22.030057907104492
}