{
  "aor": 0.04990663755458515,
  "aqi": 0.06405603362445414,
  "bids_meta": {
    "AcquisitionMatrixPE": 146,
    "CoilString": "RM:Nova32ch",
    "EchoTime": 0.0276,
    "EffectiveEchoSpacing": 0.000354,
    "FlipAngle": 71,
    "InstitutionName": "Stanford CNI",
    "MagneticFieldStrength": 3,
    "Manufacturer": "GE",
    "ManufacturerModelName": "GE Discovery MR750",
    "MultibandAccelerationFactor": 3,
    "PartialFourier": 0.0136986,
    "PhaseEncodingDirection": "j",
    "PulseSequenceType": "Multiband Gradient Echo EPI",
    "ReconMatrixPE": 146,
    "RepetitionTime": 1.5,
    "SliceThickness": 1.6,
    "SoftwareVersions": "DV24.0_R01_1344.a",
    "TaskDescription": "Subjects performed a visual localizer task. Stimuli were presented in miniblocks at a rate of 4 HZ. Subjects were instructed to maintain fixation on a central cross and to respond to oddball frames in which a blank display, rather than a face/object/place/character was presented. Due to an error, these responses were not recorded.",
    "TaskName": "sim",
    "TotalReadoutTime": 0.05133,
    "dataset": "ds001590",
    "modality": "bold",
    "run_id": 1,
    "subject_id": "21",
    "task_id": "loc"
  },
  "dummy_trs": 6,
  "dvars_nstd": 92.45860661947373,
  "dvars_std": 2.128575811885966,
  "dvars_vstd": 2.3782599412280696,
  "efc": 0.49310839384161353,
  "fber": 890.8942260742188,
  "fd_mean": 0.4196925620117998,
  "fd_num": 15,
  "fd_perc": 6.550218340611353,
  "fwhm_avg": 3.2881678416784443,
  "fwhm_x": 3.0056763243907527,
  "fwhm_y": 3.4463707472463265,
  "fwhm_z": 3.4124564533982547,
  "gcor": 0.508322,
  "gsr_x": -0.009209546260535717,
  "gsr_y": 0.03371409699320793,
  "provenance": {
    "md5sum": "7fd0c9015cb1427b68e588d197c9c87b",
    "settings": {
      "fd_thres": 0.2,
      "testing": false
    },
    "software": "mriqc",
    "version": "22.0.6",
    "webapi_port": null,
    "webapi_url": "https://mriqc.nimh.nih.gov/api/v1"
  },
  "size_t": 229,
  "size_x": 146,
  "size_y": 146,
  "size_z": 57,
  "snr": 2.8405701973838484,
  "spacing_tr": 1.5,
  "spacing_x": 1.5958904027938843,
  "spacing_y": 1.5958904027938843,
  "spacing_z": 1.5999999046325684,
  "summary_bg_k": 78.82506441205547,
  "summary_bg_mad": 122.41564820159604,
  "summary_bg_mean": 595.3377075195312,
  "summary_bg_median": 300.12322998046875,
  "summary_bg_n": 883081.0,
  "summary_bg_p05": 189.39083862304688,
  "summary_bg_p95": 2087.275634765625,
  "summary_bg_stdv": 879.7687377929688,
  "summary_fg_k": 1.2906397131205738,
  "summary_fg_mad": 2835.5288656262082,
  "summary_fg_mean": 9449.3828125,
  "summary_fg_median": 9071.890625,
  "summary_fg_n": 205631.0,
  "summary_fg_p05": 4985.552001953125,
  "summary_fg_p95": 15192.61279296875,
  "summary_fg_stdv": 3193.6787109375,
  "tsnr": 5.306236267089844
}