{
  "aor": 0.013420992366412214,
  "aqi": 0.02933953893129771,
  "bids_meta": {
    "AcquisitionMatrixPE": 146,
    "CoilString": "RM:Nova32ch",
    "EchoTime": 0.0276,
    "EffectiveEchoSpacing": 0.000354,
    "FlipAngle": 71,
    "InstitutionName": "Stanford CNI",
    "MagneticFieldStrength": 3,
    "Manufacturer": "GE",
    "ManufacturerModelName": "GE Discovery MR750",
    "MultibandAccelerationFactor": 3,
    "PartialFourier": 0.0136986,
    "PhaseEncodingDirection": "j",
    "PulseSequenceType": "Multiband Gradient Echo EPI",
    "ReconMatrixPE": 146,
    "RepetitionTime": 1.5,
    "SliceThickness": 1.6,
    "SoftwareVersions": "DV24.0_R01_1344.a",
    "TaskDescription": "Simultaneous feature discrimination. Subjects performed a speeded reaction time task. The target was predicted by preceeding stimuli (AB+, B-, AC-, C+), where + corresponds to a 70% probability of seeing the target, and - corresponds to a 30% change of seeing the target. A, B and C are house, faces and body parts, counterbalanced across runs.",
    "TaskName": "sim",
    "TotalReadoutTime": 0.05133,
    "dataset": "ds001590",
    "modality": "bold",
    "run_id": 2,
    "subject_id": "21",
    "task_id": "sim"
  },
  "dummy_trs": 5,
  "dvars_nstd": 72.78213384045975,
  "dvars_std": 1.194162371724138,
  "dvars_vstd": 1.2793261442145594,
  "efc": 0.49145449155766185,
  "fber": 936.3057861328125,
  "fd_mean": 0.25245792091856345,
  "fd_num": 15,
  "fd_perc": 5.7251908396946565,
  "fwhm_avg": 3.2853041221313695,
  "fwhm_x": 3.0431162387453963,
  "fwhm_y": 3.495108429899116,
  "fwhm_z": 3.3176876977495966,
  "gcor": 0.147407,
  "gsr_x": -0.00969894602894783,
  "gsr_y": 0.040329404175281525,
  "provenance": {
    "md5sum": "d16953f189cd59c273245f89d1a2b14d",
    "settings": {
      "fd_thres": 0.2,
      "testing": false
    },
    "software": "mriqc",
    "version": "22.0.6",
    "webapi_port": null,
    "webapi_url": "https://mriqc.nimh.nih.gov/api/v1"
  },
  "size_t": 262,
  "size_x": 146,
  "size_y": 146,
  "size_z": 57,
  "snr": 2.750179823998775,
  "spacing_tr": 1.5,
  "spacing_x": 1.5958904027938843,
  "spacing_y": 1.5958904027938843,
  "spacing_z": 1.5999999046325684,
  "summary_bg_k": 100.05455843025229,
  "summary_bg_mad": 124.29420448091395,
  "summary_bg_mean": 623.46875,
  "summary_bg_median": 304.15643310546875,
  "summary_bg_n": 881218.0,
  "summary_bg_p05": 192.79900665283205,
  "summary_bg_p95": 2181.820751953119,
  "summary_bg_stdv": 989.290283203125,
  "summary_fg_k": 1.250815167423461,
  "summary_fg_mad": 3006.116801795254,
  "summary_fg_mean": 9915.7900390625,
  "summary_fg_median": 9435.833984375,
  "summary_fg_n": 207500.0,
  "summary_fg_p05": 5222.879931640625,
  "summary_fg_p95": 16204.444726562493,
  "summary_fg_stdv": 3430.979736328125,
  "tsnr": 10.605327606201172
}