{
  "aor": 0.01809442396313364,
  "aqi": 0.05454396129032259,
  "bids_meta": {
    "AcquisitionMatrixPE": 146,
    "CoilString": "RM:Nova32ch",
    "EchoTime": 0.0276,
    "EffectiveEchoSpacing": 0.000354,
    "FlipAngle": 71,
    "InstitutionName": "Stanford CNI",
    "MagneticFieldStrength": 3,
    "Manufacturer": "GE",
    "ManufacturerModelName": "GE Discovery MR750",
    "MultibandAccelerationFactor": 3,
    "PartialFourier": 0.0136986,
    "PhaseEncodingDirection": "j",
    "PulseSequenceType": "Multiband Gradient Echo EPI",
    "ReconMatrixPE": 146,
    "RepetitionTime": 1.5,
    "SliceThickness": 1.6,
    "SoftwareVersions": "DV24.0_R01_1344.a",
    "TaskDescription": "Subjects performed a visual localizer task. Stimuli were presented in miniblocks at a rate of 4 HZ. Subjects were instructed to maintain fixation on a central cross and to respond to oddball frames in which a blank display, rather than a face/object/place/character was presented. Due to an error, these responses were not recorded.",
    "TaskName": "sim",
    "TotalReadoutTime": 0.05133,
    "dataset": "ds001590",
    "modality": "bold",
    "run_id": 1,
    "subject_id": "08",
    "task_id": "loc"
  },
  "dummy_trs": 6,
  "dvars_nstd": 85.00799620560186,
  "dvars_std": 0.9454546665277769,
  "dvars_vstd": 1.0205337640740748,
  "efc": 0.5477713361408434,
  "fber": 587.8544921875,
  "fd_mean": 0.29025661603109265,
  "fd_num": 27,
  "fd_perc": 12.442396313364055,
  "fwhm_avg": 3.5986554499183363,
  "fwhm_x": 3.4058103178542587,
  "fwhm_y": 3.718062336619209,
  "fwhm_z": 3.67209369528154,
  "gcor": 0.0729104,
  "gsr_x": -0.02539902925491333,
  "gsr_y": 0.06884770840406418,
  "provenance": {
    "md5sum": "5ec26099d752dd582834b2d86082b450",
    "settings": {
      "fd_thres": 0.2,
      "testing": false
    },
    "software": "mriqc",
    "version": "22.0.6",
    "webapi_port": null,
    "webapi_url": "https://mriqc.nimh.nih.gov/api/v1"
  },
  "size_t": 217,
  "size_x": 146,
  "size_y": 146,
  "size_z": 57,
  "snr": 2.399538311153609,
  "spacing_tr": 1.5,
  "spacing_x": 1.5958904027938843,
  "spacing_y": 1.5958904027938843,
  "spacing_z": 1.600000023841858,
  "summary_bg_k": 44.91443155970407,
  "summary_bg_mad": 79.09990278417655,
  "summary_bg_mean": 406.7926940917969,
  "summary_bg_median": 196.37359619140625,
  "summary_bg_n": 797582.0,
  "summary_bg_p05": 124.18515243530274,
  "summary_bg_p95": 1436.8662231445294,
  "summary_bg_stdv": 612.9387817382812,
  "summary_fg_k": 4.160704709180197,
  "summary_fg_mad": 1697.9252152667152,
  "summary_fg_mean": 5214.9736328125,
  "summary_fg_median": 4814.16650390625,
  "summary_fg_n": 286272.0,
  "summary_fg_p05": 2796.28916015625,
  "summary_fg_p95": 8870.791357421876,
  "summary_fg_stdv": 2006.28515625,
  "tsnr": 9.71615982055664
}