{
  "aor": 0.004313669724770642,
  "aqi": 0.025493001376146785,
  "bids_meta": {
    "AcquisitionMatrixPE": 146,
    "CoilString": "RM:Nova32ch",
    "EchoTime": 0.0276,
    "EffectiveEchoSpacing": 0.000354,
    "FlipAngle": 71,
    "InstitutionName": "Stanford CNI",
    "MagneticFieldStrength": 3,
    "Manufacturer": "GE",
    "ManufacturerModelName": "GE Discovery MR750",
    "MultibandAccelerationFactor": 3,
    "PartialFourier": 0.0136986,
    "PhaseEncodingDirection": "j",
    "PulseSequenceType": "Multiband Gradient Echo EPI",
    "ReconMatrixPE": 146,
    "RepetitionTime": 1.5,
    "SliceThickness": 1.6,
    "SoftwareVersions": "DV24.0_R01_1344.a",
    "TaskDescription": "Subjects performed a visual localizer task. Stimuli were presented in miniblocks at a rate of 4 HZ. Subjects were instructed to maintain fixation on a central cross and to respond to oddball frames in which a blank display, rather than a face/object/place/character was presented. Due to an error, these responses were not recorded.",
    "TaskName": "sim",
    "TotalReadoutTime": 0.05133,
    "dataset": "ds001590",
    "modality": "bold",
    "run_id": 1,
    "subject_id": "32",
    "task_id": "loc"
  },
  "dummy_trs": 4,
  "dvars_nstd": 73.05042456714287,
  "dvars_std": 1.0869499845161292,
  "dvars_vstd": 1.091741108571428,
  "efc": 0.5033019195186322,
  "fber": 862.0328369140625,
  "fd_mean": 0.11278483172573726,
  "fd_num": 11,
  "fd_perc": 5.045871559633028,
  "fwhm_avg": 3.0289150520191774,
  "fwhm_x": 2.6864814729722553,
  "fwhm_y": 3.29763872931799,
  "fwhm_z": 3.102624953767285,
  "gcor": 0.040746,
  "gsr_x": -0.014608075842261314,
  "gsr_y": 0.023359015583992004,
  "provenance": {
    "md5sum": "65f27764072807151e95e84dcccac213",
    "settings": {
      "fd_thres": 0.2,
      "testing": false
    },
    "software": "mriqc",
    "version": "22.0.6",
    "webapi_port": null,
    "webapi_url": "https://mriqc.nimh.nih.gov/api/v1"
  },
  "size_t": 218,
  "size_x": 146,
  "size_y": 146,
  "size_z": 57,
  "snr": 3.365466379971754,
  "spacing_tr": 1.5,
  "spacing_x": 1.5958904027938843,
  "spacing_y": 1.5958904027938843,
  "spacing_z": 1.600000023841858,
  "summary_bg_k": 49.69618820090131,
  "summary_bg_mad": 58.69298135300954,
  "summary_bg_mean": 261.6398620605469,
  "summary_bg_median": 143.9228973388672,
  "summary_bg_n": 870482.0,
  "summary_bg_p05": 93.36464233398438,
  "summary_bg_p95": 809.7770782470701,
  "summary_bg_stdv": 350.1756896972656,
  "summary_fg_k": 0.7955343775022286,
  "summary_fg_mad": 1204.0648420456425,
  "summary_fg_mean": 4455.78271484375,
  "summary_fg_median": 4357.67138671875,
  "summary_fg_n": 211471.0,
  "summary_fg_p05": 2615.37890625,
  "summary_fg_p95": 6642.07568359375,
  "summary_fg_stdv": 1294.81640625,
  "tsnr": 14.998809814453125
}