{
  "aor": 0.0004343457943925234,
  "aqi": 0.01146782429906542,
  "bids_meta": {
    "AcquisitionMatrixPE": 146,
    "CoilString": "RM:Nova32ch",
    "EchoTime": 0.0276,
    "EffectiveEchoSpacing": 0.000354,
    "FlipAngle": 71,
    "InstitutionName": "Stanford CNI",
    "MagneticFieldStrength": 3,
    "Manufacturer": "GE",
    "ManufacturerModelName": "GE Discovery MR750",
    "MultibandAccelerationFactor": 3,
    "PartialFourier": 0.0136986,
    "PhaseEncodingDirection": "j",
    "PulseSequenceType": "Multiband Gradient Echo EPI",
    "ReconMatrixPE": 146,
    "RepetitionTime": 1.5,
    "SliceThickness": 1.6,
    "SoftwareVersions": "DV24.0_R01_1344.a",
    "TaskDescription": "Subjects performed a visual localizer task. Stimuli were presented in miniblocks at a rate of 4 HZ. Subjects were instructed to maintain fixation on a central cross and to respond to oddball frames in which a blank display, rather than a face/object/place/character was presented. Due to an error, these responses were not recorded.",
    "TaskName": "sim",
    "TotalReadoutTime": 0.05133,
    "dataset": "ds001590",
    "modality": "bold",
    "run_id": 1,
    "subject_id": "02",
    "task_id": "loc"
  },
  "dummy_trs": 5,
  "dvars_nstd": 58.60227790798125,
  "dvars_std": 1.031411619154929,
  "dvars_vstd": 1.0090328424882633,
  "efc": 0.5237468633019249,
  "fber": 1108.2127685546875,
  "fd_mean": 0.06306096876083697,
  "fd_num": 3,
  "fd_perc": 1.4018691588785046,
  "fwhm_avg": 3.3594797233641494,
  "fwhm_x": 3.027776839525284,
  "fwhm_y": 3.4844811337074044,
  "fwhm_z": 3.5661811968597594,
  "gcor": 0.00276583,
  "gsr_x": -0.00936254020780325,
  "gsr_y": 0.027004795148968697,
  "provenance": {
    "md5sum": "2f7b58b8aea03d8c028e4a69851358c0",
    "settings": {
      "fd_thres": 0.2,
      "testing": false
    },
    "software": "mriqc",
    "version": "22.0.6",
    "webapi_port": null,
    "webapi_url": "https://mriqc.nimh.nih.gov/api/v1"
  },
  "size_t": 214,
  "size_x": 146,
  "size_y": 146,
  "size_z": 57,
  "snr": 2.7143744362979927,
  "spacing_tr": 1.5,
  "spacing_x": 1.5958904027938843,
  "spacing_y": 1.5958904027938843,
  "spacing_z": 1.600000023841858,
  "summary_bg_k": 32.703833933597195,
  "summary_bg_mad": 65.08021070124893,
  "summary_bg_mean": 382.5938720703125,
  "summary_bg_median": 162.58413696289062,
  "summary_bg_n": 819497.0,
  "summary_bg_p05": 105.4387191772461,
  "summary_bg_p95": 1575.9867919921849,
  "summary_bg_stdv": 663.50390625,
  "summary_fg_k": 2.632592024654648,
  "summary_fg_mad": 1721.3178260028874,
  "summary_fg_mean": 5810.89404296875,
  "summary_fg_median": 5492.162109375,
  "summary_fg_n": 262535.0,
  "summary_fg_p05": 3189.285888671875,
  "summary_fg_p95": 9450.276660156249,
  "summary_fg_stdv": 2023.358154296875,
  "tsnr": 23.211978912353516
}