{
  "aor": 0.031068355555555555,
  "aqi": 0.051116276444444435,
  "bids_meta": {
    "AcquisitionMatrixPE": 146,
    "CoilString": "RM:Nova32ch",
    "EchoTime": 0.0276,
    "EffectiveEchoSpacing": 0.000354,
    "FlipAngle": 71,
    "InstitutionName": "Stanford CNI",
    "MagneticFieldStrength": 3,
    "Manufacturer": "GE",
    "ManufacturerModelName": "GE Discovery MR750",
    "MultibandAccelerationFactor": 3,
    "PartialFourier": 0.0136986,
    "PhaseEncodingDirection": "j",
    "PulseSequenceType": "Multiband Gradient Echo EPI",
    "ReconMatrixPE": 146,
    "RepetitionTime": 1.5,
    "SliceThickness": 1.6,
    "SoftwareVersions": "DV24.0_R01_1344.a",
    "TaskDescription": "Subjects performed a visual localizer task. Stimuli were presented in miniblocks at a rate of 4 HZ. Subjects were instructed to maintain fixation on a central cross and to respond to oddball frames in which a blank display, rather than a face/object/place/character was presented. Due to an error, these responses were not recorded.",
    "TaskName": "sim",
    "TotalReadoutTime": 0.05133,
    "dataset": "ds001590",
    "modality": "bold",
    "run_id": 2,
    "subject_id": "14",
    "task_id": "loc"
  },
  "dummy_trs": 6,
  "dvars_nstd": 94.9227353841964,
  "dvars_std": 1.6434123405357133,
  "dvars_vstd": 1.8657468612053563,
  "efc": 0.5634326452522733,
  "fber": 553.4539184570312,
  "fd_mean": 0.31625189550843796,
  "fd_num": 19,
  "fd_perc": 8.444444444444445,
  "fwhm_avg": 3.204593241272976,
  "fwhm_x": 2.7901477395970615,
  "fwhm_y": 3.4337320347353115,
  "fwhm_z": 3.3898999494865545,
  "gcor": 0.312135,
  "gsr_x": -0.013435344211757183,
  "gsr_y": 0.04182249307632446,
  "provenance": {
    "md5sum": "01757fe3fdd271c7b59c5c3f4885b618",
    "settings": {
      "fd_thres": 0.2,
      "testing": false
    },
    "software": "mriqc",
    "version": "22.0.6",
    "webapi_port": null,
    "webapi_url": "https://mriqc.nimh.nih.gov/api/v1"
  },
  "size_t": 225,
  "size_x": 146,
  "size_y": 146,
  "size_z": 57,
  "snr": 2.7463488032551626,
  "spacing_tr": 1.5,
  "spacing_x": 1.5958904027938843,
  "spacing_y": 1.5958904027938843,
  "spacing_z": 1.600000023841858,
  "summary_bg_k": 33.65635639926794,
  "summary_bg_mad": 95.77119757981914,
  "summary_bg_mean": 393.1506042480469,
  "summary_bg_median": 188.85833740234375,
  "summary_bg_n": 786322.0,
  "summary_bg_p05": 108.69435195922851,
  "summary_bg_p95": 1466.514184570311,
  "summary_bg_stdv": 602.548583984375,
  "summary_fg_k": 1.0691838193613439,
  "summary_fg_mad": 1453.1865362567507,
  "summary_fg_mean": 4819.6826171875,
  "summary_fg_median": 4622.0283203125,
  "summary_fg_n": 285237.0,
  "summary_fg_p05": 2433.625390625,
  "summary_fg_p95": 7852.81826171875,
  "summary_fg_stdv": 1682.9691162109375,
  "tsnr": 6.561619758605957
}