{
  "aor": 0.015101803278688526,
  "aqi": 0.03170110573770492,
  "bids_meta": {
    "AcquisitionMatrixPE": 146,
    "CoilString": "RM:Nova32ch",
    "EchoTime": 0.0276,
    "EffectiveEchoSpacing": 0.000354,
    "FlipAngle": 71,
    "InstitutionName": "Stanford CNI",
    "MagneticFieldStrength": 3,
    "Manufacturer": "GE",
    "ManufacturerModelName": "GE Discovery MR750",
    "MultibandAccelerationFactor": 3,
    "PartialFourier": 0.0136986,
    "PhaseEncodingDirection": "j",
    "PulseSequenceType": "Multiband Gradient Echo EPI",
    "ReconMatrixPE": 146,
    "RepetitionTime": 1.5,
    "SliceThickness": 1.6,
    "SoftwareVersions": "DV24.0_R01_1344.a",
    "TaskDescription": "Simultaneous feature discrimination. Subjects performed a speeded reaction time task. The target was predicted by preceeding stimuli (AB+, B-, AC-, C+), where + corresponds to a 70% probability of seeing the target, and - corresponds to a 30% change of seeing the target. A, B and C are house, faces and body parts, counterbalanced across runs.",
    "TaskName": "sim",
    "TotalReadoutTime": 0.05133,
    "dataset": "ds001590",
    "modality": "bold",
    "run_id": 1,
    "subject_id": "14",
    "task_id": "sim"
  },
  "dummy_trs": 4,
  "dvars_nstd": 87.65085890703706,
  "dvars_std": 1.2791458965432108,
  "dvars_vstd": 1.346890073333333,
  "efc": 0.5458542145922547,
  "fber": 748.4996337890625,
  "fd_mean": 0.24978075871525698,
  "fd_num": 6,
  "fd_perc": 2.459016393442623,
  "fwhm_avg": 3.379731700578523,
  "fwhm_x": 2.838816495210871,
  "fwhm_y": 3.627084911261039,
  "fwhm_z": 3.673293695263659,
  "gcor": 0.157179,
  "gsr_x": -0.007396613713353872,
  "gsr_y": 0.031658146530389786,
  "provenance": {
    "md5sum": "dee92b73f0c086ca5fbed57d8fc0d7ea",
    "settings": {
      "fd_thres": 0.2,
      "testing": false
    },
    "software": "mriqc",
    "version": "22.0.6",
    "webapi_port": null,
    "webapi_url": "https://mriqc.nimh.nih.gov/api/v1"
  },
  "size_t": 244,
  "size_x": 146,
  "size_y": 146,
  "size_z": 57,
  "snr": 2.6146643939305525,
  "spacing_tr": 1.5,
  "spacing_x": 1.5958904027938843,
  "spacing_y": 1.5958904027938843,
  "spacing_z": 1.600000023841858,
  "summary_bg_k": 34.392837971057695,
  "summary_bg_mad": 63.17389635122018,
  "summary_bg_mean": 329.64080810546875,
  "summary_bg_median": 149.95257568359375,
  "summary_bg_n": 800100.0,
  "summary_bg_p05": 93.47076606750488,
  "summary_bg_p95": 1235.2474548339837,
  "summary_bg_stdv": 535.6934814453125,
  "summary_fg_k": 0.7734751345848072,
  "summary_fg_mad": 1428.743326658466,
  "summary_fg_mean": 4417.796875,
  "summary_fg_median": 4197.7041015625,
  "summary_fg_n": 277780.0,
  "summary_fg_p05": 2227.609033203125,
  "summary_fg_p95": 7385.30810546875,
  "summary_fg_stdv": 1605.4437255859375,
  "tsnr": 9.602279663085938
}