{
  "aor": 0.03286224409448819,
  "aqi": 0.04935772755905511,
  "bids_meta": {
    "AcquisitionMatrixPE": 146,
    "CoilString": "RM:Nova32ch",
    "EchoTime": 0.0276,
    "EffectiveEchoSpacing": 0.000354,
    "FlipAngle": 71,
    "InstitutionName": "Stanford CNI",
    "MagneticFieldStrength": 3,
    "Manufacturer": "GE",
    "ManufacturerModelName": "GE Discovery MR750",
    "MultibandAccelerationFactor": 3,
    "PartialFourier": 0.0136986,
    "PhaseEncodingDirection": "j",
    "PulseSequenceType": "Multiband Gradient Echo EPI",
    "ReconMatrixPE": 146,
    "RepetitionTime": 1.5,
    "SliceThickness": 1.6,
    "SoftwareVersions": "DV24.0_R01_1344.a",
    "TaskDescription": "Simultaneous feature discrimination. Subjects performed a speeded reaction time task. The target was predicted by preceeding stimuli (AB+, B-, AC-, C+), where + corresponds to a 70% probability of seeing the target, and - corresponds to a 30% change of seeing the target. A, B and C are house, faces and body parts, counterbalanced across runs.",
    "TaskName": "sim",
    "TotalReadoutTime": 0.05133,
    "dataset": "ds001590",
    "modality": "bold",
    "run_id": 2,
    "subject_id": "14",
    "task_id": "sim"
  },
  "dummy_trs": 5,
  "dvars_nstd": 97.2310613697233,
  "dvars_std": 1.645092456324112,
  "dvars_vstd": 1.7885247628853758,
  "efc": 0.5507337464448555,
  "fber": 757.4440307617188,
  "fd_mean": 0.33068865225317523,
  "fd_num": 14,
  "fd_perc": 5.511811023622047,
  "fwhm_avg": 3.381055581223596,
  "fwhm_x": 2.870955293658564,
  "fwhm_y": 3.613105254537155,
  "fwhm_z": 3.6591061954750685,
  "gcor": 0.340423,
  "gsr_x": -0.005782227963209152,
  "gsr_y": 0.032803602516651154,
  "provenance": {
    "md5sum": "5faddd27fbfa7e8c641998fe8801742c",
    "settings": {
      "fd_thres": 0.2,
      "testing": false
    },
    "software": "mriqc",
    "version": "22.0.6",
    "webapi_port": null,
    "webapi_url": "https://mriqc.nimh.nih.gov/api/v1"
  },
  "size_t": 254,
  "size_x": 146,
  "size_y": 146,
  "size_z": 57,
  "snr": 2.631721473027289,
  "spacing_tr": 1.5,
  "spacing_x": 1.5958904027938843,
  "spacing_y": 1.5958904027938843,
  "spacing_z": 1.600000023841858,
  "summary_bg_k": 31.34485466410696,
  "summary_bg_mad": 61.33514473809279,
  "summary_bg_mean": 324.6123046875,
  "summary_bg_median": 145.75308227539062,
  "summary_bg_n": 791626.0,
  "summary_bg_p05": 91.07232666015625,
  "summary_bg_p95": 1230.9432983398438,
  "summary_bg_stdv": 526.701171875,
  "summary_fg_k": 0.7836317705500173,
  "summary_fg_mad": 1385.0391379214534,
  "summary_fg_mean": 4322.15380859375,
  "summary_fg_median": 4113.3056640625,
  "summary_fg_n": 283950.0,
  "summary_fg_p05": 2197.855676269531,
  "summary_fg_p95": 7216.300976562499,
  "summary_fg_stdv": 1562.96875,
  "tsnr": 6.809607982635498
}