{
  "aor": 0.05373256521739131,
  "aqi": 0.07201042739130434,
  "bids_meta": {
    "AcquisitionMatrixPE": 146,
    "CoilString": "RM:Nova32ch",
    "EchoTime": 0.0276,
    "EffectiveEchoSpacing": 0.000354,
    "FlipAngle": 71,
    "InstitutionName": "Stanford CNI",
    "MagneticFieldStrength": 3,
    "Manufacturer": "GE",
    "ManufacturerModelName": "GE Discovery MR750",
    "MultibandAccelerationFactor": 3,
    "PartialFourier": 0.0136986,
    "PhaseEncodingDirection": "j",
    "PulseSequenceType": "Multiband Gradient Echo EPI",
    "ReconMatrixPE": 146,
    "RepetitionTime": 1.5,
    "SliceThickness": 1.6,
    "SoftwareVersions": "DV24.0_R01_1344.a",
    "TaskDescription": "Subjects performed a visual localizer task. Stimuli were presented in miniblocks at a rate of 4 HZ. Subjects were instructed to maintain fixation on a central cross and to respond to oddball frames in which a blank display, rather than a face/object/place/character was presented. Due to an error, these responses were not recorded.",
    "TaskName": "sim",
    "TotalReadoutTime": 0.05133,
    "dataset": "ds001590",
    "modality": "bold",
    "run_id": 1,
    "subject_id": "14",
    "task_id": "loc"
  },
  "dummy_trs": 5,
  "dvars_nstd": 103.3880105829258,
  "dvars_std": 2.0125363107423584,
  "dvars_vstd": 2.29754966371179,
  "efc": 0.5633596710705577,
  "fber": 544.9140014648438,
  "fd_mean": 0.67419334627739,
  "fd_num": 37,
  "fd_perc": 16.08695652173913,
  "fwhm_avg": 3.2101515569978543,
  "fwhm_x": 2.815218383502154,
  "fwhm_y": 3.4621738374559348,
  "fwhm_z": 3.3530624500354755,
  "gcor": 0.520256,
  "gsr_x": -0.012689733877778053,
  "gsr_y": 0.04331199452280998,
  "provenance": {
    "md5sum": "90153ae2243caaf4bfc6ed76e14934f9",
    "settings": {
      "fd_thres": 0.2,
      "testing": false
    },
    "software": "mriqc",
    "version": "22.0.6",
    "webapi_port": null,
    "webapi_url": "https://mriqc.nimh.nih.gov/api/v1"
  },
  "size_t": 230,
  "size_x": 146,
  "size_y": 146,
  "size_z": 57,
  "snr": 2.741436874186325,
  "spacing_tr": 1.5,
  "spacing_x": 1.5958904027938843,
  "spacing_y": 1.5958904027938843,
  "spacing_z": 1.600000023841858,
  "summary_bg_k": 31.523722207172128,
  "summary_bg_mad": 96.03659029948228,
  "summary_bg_mean": 385.2991943359375,
  "summary_bg_median": 186.23233032226562,
  "summary_bg_n": 786424.0,
  "summary_bg_p05": 106.29413414001465,
  "summary_bg_p95": 1439.5448608398435,
  "summary_bg_stdv": 582.646240234375,
  "summary_fg_k": 1.074443969615377,
  "summary_fg_mad": 1414.1114978548135,
  "summary_fg_mean": 4699.0869140625,
  "summary_fg_median": 4499.9208984375,
  "summary_fg_n": 285499.0,
  "summary_fg_p05": 2392.9885009765626,
  "summary_fg_p95": 7662.907812499996,
  "summary_fg_stdv": 1641.4432373046875,
  "tsnr": 4.984196662902832
}