{
  "aor": 0.018485991902834006,
  "aqi": 0.033041059109311745,
  "bids_meta": {
    "AcquisitionMatrixPE": 146,
    "CoilString": "RM:Nova32ch",
    "EchoTime": 0.0276,
    "EffectiveEchoSpacing": 0.000354,
    "FlipAngle": 71,
    "InstitutionName": "Stanford CNI",
    "MagneticFieldStrength": 3,
    "Manufacturer": "GE",
    "ManufacturerModelName": "GE Discovery MR750",
    "MultibandAccelerationFactor": 3,
    "PartialFourier": 0.0136986,
    "PhaseEncodingDirection": "j",
    "PulseSequenceType": "Multiband Gradient Echo EPI",
    "ReconMatrixPE": 146,
    "RepetitionTime": 1.5,
    "SliceThickness": 1.6,
    "SoftwareVersions": "DV24.0_R01_1344.a",
    "TaskDescription": "Simultaneous feature discrimination. Subjects performed a speeded reaction time task. The target was predicted by preceeding stimuli (AB+, B-, AC-, C+), where + corresponds to a 70% probability of seeing the target, and - corresponds to a 30% change of seeing the target. A, B and C are house, faces and body parts, counterbalanced across runs.",
    "TaskName": "sim",
    "TotalReadoutTime": 0.05133,
    "dataset": "ds001590",
    "modality": "bold",
    "run_id": 3,
    "subject_id": "14",
    "task_id": "sim"
  },
  "dummy_trs": 5,
  "dvars_nstd": 80.73407199491875,
  "dvars_std": 1.40468680906504,
  "dvars_vstd": 1.5129042077642276,
  "efc": 0.5523694684192377,
  "fber": 856.6718139648438,
  "fd_mean": 0.2827833164004909,
  "fd_num": 8,
  "fd_perc": 3.2388663967611335,
  "fwhm_avg": 3.2224042653819303,
  "fwhm_x": 2.750207653555807,
  "fwhm_y": 3.4281489445779916,
  "fwhm_z": 3.488856198011991,
  "gcor": 0.206054,
  "gsr_x": -0.009581749327480793,
  "gsr_y": 0.03911944106221199,
  "provenance": {
    "md5sum": "2b1309fed9a242b101825db7508f78e2",
    "settings": {
      "fd_thres": 0.2,
      "testing": false
    },
    "software": "mriqc",
    "version": "22.0.6",
    "webapi_port": null,
    "webapi_url": "https://mriqc.nimh.nih.gov/api/v1"
  },
  "size_t": 247,
  "size_x": 146,
  "size_y": 146,
  "size_z": 57,
  "snr": 2.7539909516832073,
  "spacing_tr": 1.5,
  "spacing_x": 1.5958904027938843,
  "spacing_y": 1.5958904027938843,
  "spacing_z": 1.600000023841858,
  "summary_bg_k": 31.781284041034034,
  "summary_bg_mad": 66.9052416380225,
  "summary_bg_mean": 377.6189270019531,
  "summary_bg_median": 157.45504760742188,
  "summary_bg_n": 791756.0,
  "summary_bg_p05": 96.9930191040039,
  "summary_bg_p95": 1582.0665283203125,
  "summary_bg_stdv": 645.7894897460938,
  "summary_fg_k": 1.1210265405510453,
  "summary_fg_mad": 1469.7105289025023,
  "summary_fg_mean": 4929.8203125,
  "summary_fg_median": 4710.05322265625,
  "summary_fg_n": 285099.0,
  "summary_fg_p05": 2586.0578857421874,
  "summary_fg_p95": 8021.687988281246,
  "summary_fg_stdv": 1710.2615966796875,
  "tsnr": 9.31925106048584
}