{
  "aor": 0.03758350194552529,
  "aqi": 0.05267086031128405,
  "bids_meta": {
    "AcquisitionMatrixPE": 146,
    "CoilString": "RM:Nova32ch",
    "EchoTime": 0.0276,
    "EffectiveEchoSpacing": 0.000354,
    "FlipAngle": 71,
    "InstitutionName": "Stanford CNI",
    "MagneticFieldStrength": 3,
    "Manufacturer": "GE",
    "ManufacturerModelName": "GE Discovery MR750",
    "MultibandAccelerationFactor": 3,
    "PartialFourier": 0.0136986,
    "PhaseEncodingDirection": "j",
    "PulseSequenceType": "Multiband Gradient Echo EPI",
    "ReconMatrixPE": 146,
    "RepetitionTime": 1.5,
    "SliceThickness": 1.6,
    "SoftwareVersions": "DV24.0_R01_1344.a",
    "TaskDescription": "Simultaneous feature discrimination. Subjects performed a speeded reaction time task. The target was predicted by preceeding stimuli (AB+, B-, AC-, C+), where + corresponds to a 70% probability of seeing the target, and - corresponds to a 30% change of seeing the target. A, B and C are house, faces and body parts, counterbalanced across runs.",
    "TaskName": "sim",
    "TotalReadoutTime": 0.05133,
    "dataset": "ds001590",
    "modality": "bold",
    "run_id": 2,
    "subject_id": "29",
    "task_id": "sim"
  },
  "dummy_trs": 5,
  "dvars_nstd": 89.67229092093751,
  "dvars_std": 1.8571877499218752,
  "dvars_vstd": 2.0721107665625,
  "efc": 0.5186818290558556,
  "fber": 1051.679931640625,
  "fd_mean": 0.39828166204734483,
  "fd_num": 13,
  "fd_perc": 5.058365758754864,
  "fwhm_avg": 3.234502635394031,
  "fwhm_x": 2.7161576963000527,
  "fwhm_y": 3.4944630221704918,
  "fwhm_z": 3.49288718771155,
  "gcor": 0.382208,
  "gsr_x": -0.02222708985209465,
  "gsr_y": 0.03241308405995369,
  "provenance": {
    "md5sum": "dfa4896e621748e659598f15a45a28de",
    "settings": {
      "fd_thres": 0.2,
      "testing": false
    },
    "software": "mriqc",
    "version": "22.0.6",
    "webapi_port": null,
    "webapi_url": "https://mriqc.nimh.nih.gov/api/v1"
  },
  "size_t": 257,
  "size_x": 146,
  "size_y": 146,
  "size_z": 57,
  "snr": 2.881710235196728,
  "spacing_tr": 1.5,
  "spacing_x": 1.5958904027938843,
  "spacing_y": 1.5958904027938843,
  "spacing_z": 1.6000001430511475,
  "summary_bg_k": 39.96676294176637,
  "summary_bg_mad": 50.454150689797814,
  "summary_bg_mean": 295.68377685546875,
  "summary_bg_median": 134.9039306640625,
  "summary_bg_n": 833828.0,
  "summary_bg_p05": 88.80625762939454,
  "summary_bg_p95": 1093.519152832031,
  "summary_bg_stdv": 474.3211364746094,
  "summary_fg_k": 1.3582670876636325,
  "summary_fg_mad": 1398.5724077082202,
  "summary_fg_mean": 4665.49267578125,
  "summary_fg_median": 4498.0673828125,
  "summary_fg_n": 241208.0,
  "summary_fg_p05": 2523.918798828125,
  "summary_fg_p95": 7336.584301757812,
  "summary_fg_stdv": 1560.8988037109375,
  "tsnr": 6.314806938171387
}