{
  "aor": 0.01222689189189189,
  "aqi": 0.02601946261261261,
  "bids_meta": {
    "AcquisitionMatrixPE": 146,
    "CoilString": "RM:Nova32ch",
    "EchoTime": 0.0276,
    "EffectiveEchoSpacing": 0.000354,
    "FlipAngle": 71,
    "InstitutionName": "Stanford CNI",
    "MagneticFieldStrength": 3,
    "Manufacturer": "GE",
    "ManufacturerModelName": "GE Discovery MR750",
    "MultibandAccelerationFactor": 3,
    "PartialFourier": 0.0136986,
    "PhaseEncodingDirection": "j",
    "PulseSequenceType": "Multiband Gradient Echo EPI",
    "ReconMatrixPE": 146,
    "RepetitionTime": 1.5,
    "SliceThickness": 1.6,
    "SoftwareVersions": "DV24.0_R01_1344.a",
    "TaskDescription": "Subjects performed a visual localizer task. Stimuli were presented in miniblocks at a rate of 4 HZ. Subjects were instructed to maintain fixation on a central cross and to respond to oddball frames in which a blank display, rather than a face/object/place/character was presented. Due to an error, these responses were not recorded.",
    "TaskName": "sim",
    "TotalReadoutTime": 0.05133,
    "dataset": "ds001590",
    "modality": "bold",
    "run_id": 1,
    "subject_id": "29",
    "task_id": "loc"
  },
  "dummy_trs": 5,
  "dvars_nstd": 71.88269407167421,
  "dvars_std": 1.2505264778280538,
  "dvars_vstd": 1.3389855771040722,
  "efc": 0.5320834679684772,
  "fber": 1216.8165283203125,
  "fd_mean": 0.2581659868401338,
  "fd_num": 11,
  "fd_perc": 4.954954954954955,
  "fwhm_avg": 3.1593090745602015,
  "fwhm_x": 2.6886370094639704,
  "fwhm_y": 3.4272027643156395,
  "fwhm_z": 3.362087449900993,
  "gcor": 0.130601,
  "gsr_x": -0.018377916887402534,
  "gsr_y": 0.03394559398293495,
  "provenance": {
    "md5sum": "993f3526c400874d27f580cfded4ef1b",
    "settings": {
      "fd_thres": 0.2,
      "testing": false
    },
    "software": "mriqc",
    "version": "22.0.6",
    "webapi_port": null,
    "webapi_url": "https://mriqc.nimh.nih.gov/api/v1"
  },
  "size_t": 222,
  "size_x": 146,
  "size_y": 146,
  "size_z": 57,
  "snr": 2.991319189583362,
  "spacing_tr": 1.5,
  "spacing_x": 1.5958904027938843,
  "spacing_y": 1.5958904027938843,
  "spacing_z": 1.600000023841858,
  "summary_bg_k": 46.63546084142079,
  "summary_bg_mad": 45.492027931122195,
  "summary_bg_mean": 287.8381042480469,
  "summary_bg_median": 133.14630126953125,
  "summary_bg_n": 796479.0,
  "summary_bg_p05": 90.24582366943359,
  "summary_bg_p95": 1083.5779418945312,
  "summary_bg_stdv": 507.6597595214844,
  "summary_fg_k": 1.2523419722971445,
  "summary_fg_mad": 1432.0893166262067,
  "summary_fg_mean": 4913.72021484375,
  "summary_fg_median": 4751.3642578125,
  "summary_fg_n": 274576.0,
  "summary_fg_p05": 2757.0005493164062,
  "summary_fg_p95": 7624.9979248046875,
  "summary_fg_stdv": 1588.38134765625,
  "tsnr": 12.0481595993042
}