{
  "aor": 0.03375896551724137,
  "aqi": 0.048417732183908054,
  "bids_meta": {
    "AcquisitionMatrixPE": 146,
    "CoilString": "RM:Nova32ch",
    "EchoTime": 0.0276,
    "EffectiveEchoSpacing": 0.000354,
    "FlipAngle": 71,
    "InstitutionName": "Stanford CNI",
    "MagneticFieldStrength": 3,
    "Manufacturer": "GE",
    "ManufacturerModelName": "GE Discovery MR750",
    "MultibandAccelerationFactor": 3,
    "PartialFourier": 0.0136986,
    "PhaseEncodingDirection": "j",
    "PulseSequenceType": "Multiband Gradient Echo EPI",
    "ReconMatrixPE": 146,
    "RepetitionTime": 1.5,
    "SliceThickness": 1.6,
    "SoftwareVersions": "DV24.0_R01_1344.a",
    "TaskDescription": "Simultaneous feature discrimination. Subjects performed a speeded reaction time task. The target was predicted by preceeding stimuli (AB+, B-, AC-, C+), where + corresponds to a 70% probability of seeing the target, and - corresponds to a 30% change of seeing the target. A, B and C are house, faces and body parts, counterbalanced across runs.",
    "TaskName": "sim",
    "TotalReadoutTime": 0.05133,
    "dataset": "ds001590",
    "modality": "bold",
    "run_id": 2,
    "subject_id": "25",
    "task_id": "sim"
  },
  "dummy_trs": 6,
  "dvars_nstd": 89.52127342223078,
  "dvars_std": 1.6953296179230772,
  "dvars_vstd": 1.8629110751923084,
  "efc": 0.5567479193221727,
  "fber": 708.4080810546875,
  "fd_mean": 0.36127404404254065,
  "fd_num": 12,
  "fd_perc": 4.597701149425287,
  "fwhm_avg": 3.418126970094756,
  "fwhm_x": 2.850465164798366,
  "fwhm_y": 3.5954223359917483,
  "fwhm_z": 3.8084934094941545,
  "gcor": 0.326428,
  "gsr_x": -0.017700133845210075,
  "gsr_y": 0.04082471504807472,
  "provenance": {
    "md5sum": "c928c1c9df61be04c39a738b0abfbf0c",
    "settings": {
      "fd_thres": 0.2,
      "testing": false
    },
    "software": "mriqc",
    "version": "22.0.6",
    "webapi_port": null,
    "webapi_url": "https://mriqc.nimh.nih.gov/api/v1"
  },
  "size_t": 261,
  "size_x": 146,
  "size_y": 146,
  "size_z": 57,
  "snr": 2.361596091231274,
  "spacing_tr": 1.5,
  "spacing_x": 1.5958904027938843,
  "spacing_y": 1.5958904027938843,
  "spacing_z": 1.6000001430511475,
  "summary_bg_k": 36.50028638885376,
  "summary_bg_mad": 98.71893162554554,
  "summary_bg_mean": 446.81121826171875,
  "summary_bg_median": 189.43106079101562,
  "summary_bg_n": 772531.0,
  "summary_bg_p05": 105.99732971191406,
  "summary_bg_p95": 1822.7376098632812,
  "summary_bg_stdv": 765.9782104492188,
  "summary_fg_k": 1.7739558514014897,
  "summary_fg_mad": 1769.7651835561346,
  "summary_fg_mean": 5480.4208984375,
  "summary_fg_median": 5153.7060546875,
  "summary_fg_n": 298698.0,
  "summary_fg_p05": 2540.9546142578124,
  "summary_fg_p95": 9489.0220703125,
  "summary_fg_stdv": 2182.294189453125,
  "tsnr": 6.845736980438232
}