{
  "aor": 0.0467871582733813,
  "aqi": 0.06712588741007193,
  "bids_meta": {
    "AcquisitionMatrixPE": 146,
    "CoilString": "RM:Nova32ch",
    "EchoTime": 0.0276,
    "EffectiveEchoSpacing": 0.000354,
    "FlipAngle": 71,
    "InstitutionName": "Stanford CNI",
    "MagneticFieldStrength": 3,
    "Manufacturer": "GE",
    "ManufacturerModelName": "GE Discovery MR750",
    "MultibandAccelerationFactor": 3,
    "PartialFourier": 0.0136986,
    "PhaseEncodingDirection": "j",
    "PulseSequenceType": "Multiband Gradient Echo EPI",
    "ReconMatrixPE": 146,
    "RepetitionTime": 1.5,
    "SliceThickness": 1.6,
    "SoftwareVersions": "DV24.0_R01_1344.a",
    "TaskDescription": "Simultaneous feature discrimination. Subjects performed a speeded reaction time task. The target was predicted by preceeding stimuli (AB+, B-, AC-, C+), where + corresponds to a 70% probability of seeing the target, and - corresponds to a 30% change of seeing the target. A, B and C are house, faces and body parts, counterbalanced across runs.",
    "TaskName": "sim",
    "TotalReadoutTime": 0.05133,
    "dataset": "ds001590",
    "modality": "bold",
    "run_id": 2,
    "subject_id": "30",
    "task_id": "sim"
  },
  "dummy_trs": 6,
  "dvars_nstd": 90.6076060817689,
  "dvars_std": 2.0728437890613725,
  "dvars_vstd": 2.3334585348014434,
  "efc": 0.5461982809030992,
  "fber": 526.7345581054688,
  "fd_mean": 0.5044399438725365,
  "fd_num": 18,
  "fd_perc": 6.474820143884892,
  "fwhm_avg": 3.0758776439343714,
  "fwhm_x": 3.037677268760487,
  "fwhm_y": 3.1582494582185694,
  "fwhm_z": 3.0317062048240575,
  "gcor": 0.60987,
  "gsr_x": -0.008672021329402924,
  "gsr_y": 0.024933183565735817,
  "provenance": {
    "md5sum": "59d4b4bad4a03635502f73c5fbcecc4d",
    "settings": {
      "fd_thres": 0.2,
      "testing": false
    },
    "software": "mriqc",
    "version": "22.0.6",
    "webapi_port": null,
    "webapi_url": "https://mriqc.nimh.nih.gov/api/v1"
  },
  "size_t": 278,
  "size_x": 146,
  "size_y": 146,
  "size_z": 57,
  "snr": 3.1454809204446335,
  "spacing_tr": 1.5,
  "spacing_x": 1.5958904027938843,
  "spacing_y": 1.5958904027938843,
  "spacing_z": 1.600000023841858,
  "summary_bg_k": 29.49009399398988,
  "summary_bg_mad": 116.32352085285765,
  "summary_bg_mean": 422.6308288574219,
  "summary_bg_median": 196.02505493164062,
  "summary_bg_n": 845463.0,
  "summary_bg_p05": 104.31500778198243,
  "summary_bg_p95": 1495.0002441406193,
  "summary_bg_stdv": 653.97021484375,
  "summary_fg_k": 0.8449469231999798,
  "summary_fg_mad": 1296.2149404821732,
  "summary_fg_mean": 4865.810546875,
  "summary_fg_median": 4593.91064453125,
  "summary_fg_n": 242233.0,
  "summary_fg_p05": 2953.165625,
  "summary_fg_p95": 7597.614648437499,
  "summary_fg_stdv": 1460.4765625,
  "tsnr": 5.291760444641113
}