{
  "aor": 0.0012888940092165898,
  "aqi": 0.01817789723502304,
  "bids_meta": {
    "AcquisitionMatrixPE": 146,
    "CoilString": "RM:Nova32ch",
    "EchoTime": 0.0276,
    "EffectiveEchoSpacing": 0.000354,
    "FlipAngle": 71,
    "InstitutionName": "Stanford CNI",
    "MagneticFieldStrength": 3,
    "Manufacturer": "GE",
    "ManufacturerModelName": "GE Discovery MR750",
    "MultibandAccelerationFactor": 3,
    "PartialFourier": 0.0136986,
    "PhaseEncodingDirection": "j",
    "PulseSequenceType": "Multiband Gradient Echo EPI",
    "ReconMatrixPE": 146,
    "RepetitionTime": 1.5,
    "SliceThickness": 1.6,
    "SoftwareVersions": "DV24.0_R01_1344.a",
    "TaskDescription": "Subjects performed a visual localizer task. Stimuli were presented in miniblocks at a rate of 4 HZ. Subjects were instructed to maintain fixation on a central cross and to respond to oddball frames in which a blank display, rather than a face/object/place/character was presented. Due to an error, these responses were not recorded.",
    "TaskName": "sim",
    "TotalReadoutTime": 0.05133,
    "dataset": "ds001590",
    "modality": "bold",
    "run_id": 1,
    "subject_id": "30",
    "task_id": "loc"
  },
  "dummy_trs": 6,
  "dvars_nstd": 70.45491942648147,
  "dvars_std": 1.0339875848148143,
  "dvars_vstd": 1.0211412906018513,
  "efc": 0.5417034127830598,
  "fber": 634.9064331054688,
  "fd_mean": 0.07092390727631656,
  "fd_num": 3,
  "fd_perc": 1.3824884792626728,
  "fwhm_avg": 3.1356357817141856,
  "fwhm_x": 3.0441438782356323,
  "fwhm_y": 3.190488514177505,
  "fwhm_z": 3.1722749527294196,
  "gcor": 0.0128429,
  "gsr_x": -0.005017656832933426,
  "gsr_y": 0.01849370077252388,
  "provenance": {
    "md5sum": "cf0339329d37f9d5a77b7b28a1fcbf2f",
    "settings": {
      "fd_thres": 0.2,
      "testing": false
    },
    "software": "mriqc",
    "version": "22.0.6",
    "webapi_port": null,
    "webapi_url": "https://mriqc.nimh.nih.gov/api/v1"
  },
  "size_t": 217,
  "size_x": 146,
  "size_y": 146,
  "size_z": 57,
  "snr": 3.0701901230031043,
  "spacing_tr": 1.5,
  "spacing_x": 1.5958904027938843,
  "spacing_y": 1.5958904027938843,
  "spacing_z": 1.600000023841858,
  "summary_bg_k": 28.646078845119092,
  "summary_bg_mad": 98.59718748737892,
  "summary_bg_mean": 439.4606628417969,
  "summary_bg_median": 186.6446533203125,
  "summary_bg_n": 847072.0,
  "summary_bg_p05": 105.80480918884277,
  "summary_bg_p95": 1627.1484374999995,
  "summary_bg_stdv": 713.4784545898438,
  "summary_fg_k": 0.8907750839372466,
  "summary_fg_mad": 1377.2371971209704,
  "summary_fg_mean": 5076.37109375,
  "summary_fg_median": 4776.5087890625,
  "summary_fg_n": 240994.0,
  "summary_fg_p05": 3064.82451171875,
  "summary_fg_p95": 7993.540893554687,
  "summary_fg_stdv": 1555.7664794921875,
  "tsnr": 18.256067276000977
}