{
  "aor": 0.03994793103448277,
  "aqi": 0.05697172327586207,
  "bids_meta": {
    "AcquisitionMatrixPE": 146,
    "CoilString": "RM:Nova32ch",
    "EchoTime": 0.0276,
    "EffectiveEchoSpacing": 0.000354,
    "FlipAngle": 71,
    "InstitutionName": "Stanford CNI",
    "MagneticFieldStrength": 3,
    "Manufacturer": "GE",
    "ManufacturerModelName": "GE Discovery MR750",
    "MultibandAccelerationFactor": 3,
    "PartialFourier": 0.0136986,
    "PhaseEncodingDirection": "j",
    "PulseSequenceType": "Multiband Gradient Echo EPI",
    "ReconMatrixPE": 146,
    "RepetitionTime": 1.5,
    "SliceThickness": 1.6,
    "SoftwareVersions": "DV24.0_R01_1344.a",
    "TaskDescription": "Subjects performed a visual localizer task. Stimuli were presented in miniblocks at a rate of 4 HZ. Subjects were instructed to maintain fixation on a central cross and to respond to oddball frames in which a blank display, rather than a face/object/place/character was presented. Due to an error, these responses were not recorded.",
    "TaskName": "sim",
    "TotalReadoutTime": 0.05133,
    "dataset": "ds001590",
    "modality": "bold",
    "run_id": 2,
    "subject_id": "30",
    "task_id": "loc"
  },
  "dummy_trs": 6,
  "dvars_nstd": 95.11433308251085,
  "dvars_std": 1.814773990865801,
  "dvars_vstd": 2.0183328649783543,
  "efc": 0.5441023283442058,
  "fber": 598.1727294921875,
  "fd_mean": 0.4384259076031266,
  "fd_num": 15,
  "fd_perc": 6.4655172413793105,
  "fwhm_avg": 3.1412615078518105,
  "fwhm_x": 3.051243363250496,
  "fwhm_y": 3.211003707415514,
  "fwhm_z": 3.161537452889421,
  "gcor": 0.412607,
  "gsr_x": -0.00599705521017313,
  "gsr_y": 0.020107757300138474,
  "provenance": {
    "md5sum": "10d6f058c59696701d02998a323f3272",
    "settings": {
      "fd_thres": 0.2,
      "testing": false
    },
    "software": "mriqc",
    "version": "22.0.6",
    "webapi_port": null,
    "webapi_url": "https://mriqc.nimh.nih.gov/api/v1"
  },
  "size_t": 232,
  "size_x": 146,
  "size_y": 146,
  "size_z": 57,
  "snr": 3.135973006940457,
  "spacing_tr": 1.5,
  "spacing_x": 1.5958904027938843,
  "spacing_y": 1.5958904027938843,
  "spacing_z": 1.600000023841858,
  "summary_bg_k": 27.99161314659199,
  "summary_bg_mad": 103.68644990163317,
  "summary_bg_mean": 432.6759033203125,
  "summary_bg_median": 188.0203094482422,
  "summary_bg_n": 847829.0,
  "summary_bg_p05": 103.96558532714843,
  "summary_bg_p95": 1586.197045898436,
  "summary_bg_stdv": 686.8350219726562,
  "summary_fg_k": 0.8359395304289134,
  "summary_fg_mad": 1323.494133572155,
  "summary_fg_mean": 4943.99609375,
  "summary_fg_median": 4664.6845703125,
  "summary_fg_n": 240296.0,
  "summary_fg_p05": 3002.9492797851562,
  "summary_fg_p95": 7722.11376953125,
  "summary_fg_stdv": 1487.472900390625,
  "tsnr": 6.282001495361328
}