{
  "aor": 0.021023454545454547,
  "aqi": 0.043683005,
  "bids_meta": {
    "AcquisitionMatrixPE": 146,
    "CoilString": "RM:Nova32ch",
    "EchoTime": 0.0276,
    "EffectiveEchoSpacing": 0.000354,
    "FlipAngle": 71,
    "InstitutionName": "Stanford CNI",
    "MagneticFieldStrength": 3,
    "Manufacturer": "GE",
    "ManufacturerModelName": "GE Discovery MR750",
    "MultibandAccelerationFactor": 3,
    "PartialFourier": 0.0136986,
    "PhaseEncodingDirection": "j",
    "PulseSequenceType": "Multiband Gradient Echo EPI",
    "ReconMatrixPE": 146,
    "RepetitionTime": 1.5,
    "SliceThickness": 1.6,
    "SoftwareVersions": "DV24.0_R01_1344.a",
    "TaskDescription": "Subjects performed a visual localizer task. Stimuli were presented in miniblocks at a rate of 4 HZ. Subjects were instructed to maintain fixation on a central cross and to respond to oddball frames in which a blank display, rather than a face/object/place/character was presented. Due to an error, these responses were not recorded.",
    "TaskName": "sim",
    "TotalReadoutTime": 0.05133,
    "dataset": "ds001590",
    "modality": "bold",
    "run_id": 2,
    "subject_id": "01",
    "task_id": "loc"
  },
  "dummy_trs": 5,
  "dvars_nstd": 88.77403339392689,
  "dvars_std": 1.2808551302283098,
  "dvars_vstd": 1.4434072050228313,
  "efc": 0.5376692811344067,
  "fber": 833.4119262695312,
  "fd_mean": 0.3184889772133038,
  "fd_num": 37,
  "fd_perc": 16.818181818181817,
  "fwhm_avg": 3.3384500643352486,
  "fwhm_x": 3.1771041364266237,
  "fwhm_y": 3.4488458545551275,
  "fwhm_z": 3.389400202023995,
  "gcor": 0.20359,
  "gsr_x": -0.017429901286959648,
  "gsr_y": 0.03467985987663269,
  "provenance": {
    "md5sum": "1b37ba29afb271ec86278e60d4fe9019",
    "settings": {
      "fd_thres": 0.2,
      "testing": false
    },
    "software": "mriqc",
    "version": "22.0.6",
    "webapi_port": null,
    "webapi_url": "https://mriqc.nimh.nih.gov/api/v1"
  },
  "size_t": 220,
  "size_x": 146,
  "size_y": 146,
  "size_z": 57,
  "snr": 2.756223656529412,
  "spacing_tr": 1.5,
  "spacing_x": 1.5958904027938843,
  "spacing_y": 1.5958904027938843,
  "spacing_z": 1.5999999046325684,
  "summary_bg_k": 34.18372685657146,
  "summary_bg_mad": 49.18295773844209,
  "summary_bg_mean": 329.921875,
  "summary_bg_median": 153.16851806640625,
  "summary_bg_n": 807347.0,
  "summary_bg_p05": 102.54350051879882,
  "summary_bg_p95": 1245.1910278320292,
  "summary_bg_stdv": 563.9912719726562,
  "summary_fg_k": 2.732549116438431,
  "summary_fg_mad": 1353.0272729547723,
  "summary_fg_mean": 4793.61376953125,
  "summary_fg_median": 4499.40869140625,
  "summary_fg_n": 275924.0,
  "summary_fg_p05": 2766.4605346679687,
  "summary_fg_p95": 7837.785400390622,
  "summary_fg_stdv": 1632.451171875,
  "tsnr": 8.459251403808594
}