{
  "aor": 0.036726051660516595,
  "aqi": 0.05790614612546125,
  "bids_meta": {
    "AcquisitionMatrixPE": 146,
    "CoilString": "RM:Nova32ch",
    "EchoTime": 0.0276,
    "EffectiveEchoSpacing": 0.000354,
    "FlipAngle": 71,
    "InstitutionName": "Stanford CNI",
    "MagneticFieldStrength": 3,
    "Manufacturer": "GE",
    "ManufacturerModelName": "GE Discovery MR750",
    "MultibandAccelerationFactor": 3,
    "PartialFourier": 0.0136986,
    "PhaseEncodingDirection": "j",
    "PulseSequenceType": "Multiband Gradient Echo EPI",
    "ReconMatrixPE": 146,
    "RepetitionTime": 1.5,
    "SliceThickness": 1.6,
    "SoftwareVersions": "DV24.0_R01_1344.a",
    "TaskDescription": "Simultaneous feature discrimination. Subjects performed a speeded reaction time task. The target was predicted by preceeding stimuli (AB+, B-, AC-, C+), where + corresponds to a 70% probability of seeing the target, and - corresponds to a 30% change of seeing the target. A, B and C are house, faces and body parts, counterbalanced across runs.",
    "TaskName": "sim",
    "TotalReadoutTime": 0.05133,
    "dataset": "ds001590",
    "modality": "bold",
    "run_id": 3,
    "subject_id": "01",
    "task_id": "sim"
  },
  "dummy_trs": 4,
  "dvars_nstd": 97.47879782777785,
  "dvars_std": 1.6160095271481485,
  "dvars_vstd": 1.8008580333703708,
  "efc": 0.5346340863562572,
  "fber": 845.1580200195312,
  "fd_mean": 0.4565403738803516,
  "fd_num": 63,
  "fd_perc": 23.247232472324722,
  "fwhm_avg": 3.357014609522425,
  "fwhm_x": 3.216029115166547,
  "fwhm_y": 3.4050082577643184,
  "fwhm_z": 3.450006455636409,
  "gcor": 0.396257,
  "gsr_x": -0.01708434335887432,
  "gsr_y": 0.03251209855079651,
  "provenance": {
    "md5sum": "afbfaa5cb7d437d003dd323b69591ad7",
    "settings": {
      "fd_thres": 0.2,
      "testing": false
    },
    "software": "mriqc",
    "version": "22.0.6",
    "webapi_port": null,
    "webapi_url": "https://mriqc.nimh.nih.gov/api/v1"
  },
  "size_t": 271,
  "size_x": 146,
  "size_y": 146,
  "size_z": 57,
  "snr": 2.711276321645408,
  "spacing_tr": 1.5,
  "spacing_x": 1.5958904027938843,
  "spacing_y": 1.5958904027938843,
  "spacing_z": 1.5999999046325684,
  "summary_bg_k": 32.252228776455894,
  "summary_bg_mad": 49.19115281677543,
  "summary_bg_mean": 330.354736328125,
  "summary_bg_median": 152.275146484375,
  "summary_bg_n": 810276.0,
  "summary_bg_p05": 101.94940376281738,
  "summary_bg_p95": 1241.2445068359375,
  "summary_bg_stdv": 555.2366333007812,
  "summary_fg_k": 2.7949020848138133,
  "summary_fg_mad": 1357.070404493031,
  "summary_fg_mean": 4774.6513671875,
  "summary_fg_median": 4477.6142578125,
  "summary_fg_n": 270786.0,
  "summary_fg_p05": 2717.9072875976562,
  "summary_fg_p95": 7851.26318359375,
  "summary_fg_stdv": 1651.475341796875,
  "tsnr": 6.193519115447998
}