{
  "aor": 0.039429552238805975,
  "aqi": 0.060377018283582086,
  "bids_meta": {
    "AcquisitionMatrixPE": 146,
    "CoilString": "RM:Nova32ch",
    "EchoTime": 0.0276,
    "EffectiveEchoSpacing": 0.000354,
    "FlipAngle": 71,
    "InstitutionName": "Stanford CNI",
    "MagneticFieldStrength": 3,
    "Manufacturer": "GE",
    "ManufacturerModelName": "GE Discovery MR750",
    "MultibandAccelerationFactor": 3,
    "PartialFourier": 0.0136986,
    "PhaseEncodingDirection": "j",
    "PulseSequenceType": "Multiband Gradient Echo EPI",
    "ReconMatrixPE": 146,
    "RepetitionTime": 1.5,
    "SliceThickness": 1.6,
    "SoftwareVersions": "DV24.0_R01_1344.a",
    "TaskDescription": "Simultaneous feature discrimination. Subjects performed a speeded reaction time task. The target was predicted by preceeding stimuli (AB+, B-, AC-, C+), where + corresponds to a 70% probability of seeing the target, and - corresponds to a 30% change of seeing the target. A, B and C are house, faces and body parts, counterbalanced across runs.",
    "TaskName": "sim",
    "TotalReadoutTime": 0.05133,
    "dataset": "ds001590",
    "modality": "bold",
    "run_id": 2,
    "subject_id": "01",
    "task_id": "sim"
  },
  "dummy_trs": 5,
  "dvars_nstd": 96.3544714711236,
  "dvars_std": 1.7603447385393265,
  "dvars_vstd": 1.9983064923220966,
  "efc": 0.539080958459033,
  "fber": 833.1005249023438,
  "fd_mean": 0.4589644145562458,
  "fd_num": 32,
  "fd_perc": 11.940298507462687,
  "fwhm_avg": 3.290546687883582,
  "fwhm_x": 3.186578471239045,
  "fwhm_y": 3.3916301461078895,
  "fwhm_z": 3.2934314463038117,
  "gcor": 0.437032,
  "gsr_x": -0.018240662291646004,
  "gsr_y": 0.03351976349949837,
  "provenance": {
    "md5sum": "d07eb00385f4c57c11b5b280a5577b2d",
    "settings": {
      "fd_thres": 0.2,
      "testing": false
    },
    "software": "mriqc",
    "version": "22.0.6",
    "webapi_port": null,
    "webapi_url": "https://mriqc.nimh.nih.gov/api/v1"
  },
  "size_t": 268,
  "size_x": 146,
  "size_y": 146,
  "size_z": 57,
  "snr": 2.7690665784858357,
  "spacing_tr": 1.5,
  "spacing_x": 1.5958904027938843,
  "spacing_y": 1.5958904027938843,
  "spacing_z": 1.5999999046325684,
  "summary_bg_k": 32.511896698133576,
  "summary_bg_mad": 50.13918029127335,
  "summary_bg_mean": 324.6357421875,
  "summary_bg_median": 152.33889770507812,
  "summary_bg_n": 805168.0,
  "summary_bg_p05": 101.99976501464845,
  "summary_bg_p95": 1198.0904541015616,
  "summary_bg_stdv": 541.8067626953125,
  "summary_fg_k": 2.443556826787547,
  "summary_fg_mad": 1369.056461588635,
  "summary_fg_mean": 4754.21875,
  "summary_fg_median": 4480.71240234375,
  "summary_fg_n": 276775.0,
  "summary_fg_p05": 2720.0129150390626,
  "summary_fg_p95": 7772.610888671874,
  "summary_fg_stdv": 1618.1280517578125,
  "tsnr": 5.7797746658325195
}