{
  "aor": 0.04994947826086956,
  "aqi": 0.07030693652173912,
  "bids_meta": {
    "AcquisitionMatrixPE": 146,
    "CoilString": "RM:Nova32ch",
    "EchoTime": 0.0276,
    "EffectiveEchoSpacing": 0.000354,
    "FlipAngle": 71,
    "InstitutionName": "Stanford CNI",
    "MagneticFieldStrength": 3,
    "Manufacturer": "GE",
    "ManufacturerModelName": "GE Discovery MR750",
    "MultibandAccelerationFactor": 3,
    "PartialFourier": 0.0136986,
    "PhaseEncodingDirection": "j",
    "PulseSequenceType": "Multiband Gradient Echo EPI",
    "ReconMatrixPE": 146,
    "RepetitionTime": 1.5,
    "SliceThickness": 1.6,
    "SoftwareVersions": "DV24.0_R01_1344.a",
    "TaskDescription": "Subjects performed a visual localizer task. Stimuli were presented in miniblocks at a rate of 4 HZ. Subjects were instructed to maintain fixation on a central cross and to respond to oddball frames in which a blank display, rather than a face/object/place/character was presented. Due to an error, these responses were not recorded.",
    "TaskName": "sim",
    "TotalReadoutTime": 0.05133,
    "dataset": "ds001590",
    "modality": "bold",
    "run_id": 1,
    "subject_id": "01",
    "task_id": "loc"
  },
  "dummy_trs": 5,
  "dvars_nstd": 103.82344311672487,
  "dvars_std": 1.8565242995196514,
  "dvars_vstd": 2.08843315021834,
  "efc": 0.5356778574510557,
  "fber": 833.66650390625,
  "fd_mean": 0.5542244569386058,
  "fd_num": 29,
  "fd_perc": 12.608695652173912,
  "fwhm_avg": 3.378714304630558,
  "fwhm_x": 3.141932548263843,
  "fwhm_y": 3.500647657395267,
  "fwhm_z": 3.493562708232564,
  "gcor": 0.486476,
  "gsr_x": -0.02502080611884594,
  "gsr_y": 0.03991056978702545,
  "provenance": {
    "md5sum": "e0a1a8f94ccf7fb7aaee3883ebd8d406",
    "settings": {
      "fd_thres": 0.2,
      "testing": false
    },
    "software": "mriqc",
    "version": "22.0.6",
    "webapi_port": null,
    "webapi_url": "https://mriqc.nimh.nih.gov/api/v1"
  },
  "size_t": 230,
  "size_x": 146,
  "size_y": 146,
  "size_z": 57,
  "snr": 2.650673896629775,
  "spacing_tr": 1.5,
  "spacing_x": 1.5958904027938843,
  "spacing_y": 1.5958904027938843,
  "spacing_z": 1.5999999046325684,
  "summary_bg_k": 39.47606631321744,
  "summary_bg_mad": 46.64324131604352,
  "summary_bg_mean": 303.30682373046875,
  "summary_bg_median": 150.1830596923828,
  "summary_bg_n": 801045.0,
  "summary_bg_p05": 101.26375885009766,
  "summary_bg_p95": 1103.176318359371,
  "summary_bg_stdv": 486.4133605957031,
  "summary_fg_k": 2.745328052317549,
  "summary_fg_mad": 1342.5102444489644,
  "summary_fg_mean": 4681.6806640625,
  "summary_fg_median": 4403.4033203125,
  "summary_fg_n": 279660.0,
  "summary_fg_p05": 2593.238415527344,
  "summary_fg_p95": 7725.33212890625,
  "summary_fg_stdv": 1661.2362060546875,
  "tsnr": 5.3128461837768555
}