{
  "aor": 0.04612215094339622,
  "aqi": 0.06244752792452829,
  "bids_meta": {
    "AcquisitionMatrixPE": 146,
    "CoilString": "RM:Nova32ch",
    "EchoTime": 0.0276,
    "EffectiveEchoSpacing": 0.000354,
    "FlipAngle": 71,
    "InstitutionName": "Stanford CNI",
    "MagneticFieldStrength": 3,
    "Manufacturer": "GE",
    "ManufacturerModelName": "GE Discovery MR750",
    "MultibandAccelerationFactor": 3,
    "PartialFourier": 0.0136986,
    "PhaseEncodingDirection": "j",
    "PulseSequenceType": "Multiband Gradient Echo EPI",
    "ReconMatrixPE": 146,
    "RepetitionTime": 1.5,
    "SliceThickness": 1.6,
    "SoftwareVersions": "DV24.0_R01_1344.a",
    "TaskDescription": "Simultaneous feature discrimination. Subjects performed a speeded reaction time task. The target was predicted by preceeding stimuli (AB+, B-, AC-, C+), where + corresponds to a 70% probability of seeing the target, and - corresponds to a 30% change of seeing the target. A, B and C are house, faces and body parts, counterbalanced across runs.",
    "TaskName": "sim",
    "TotalReadoutTime": 0.05133,
    "dataset": "ds001590",
    "modality": "bold",
    "run_id": 2,
    "subject_id": "08",
    "task_id": "sim"
  },
  "dummy_trs": 6,
  "dvars_nstd": 99.78621352795457,
  "dvars_std": 1.8908238781439397,
  "dvars_vstd": 2.15192508625,
  "efc": 0.5520627112654228,
  "fber": 579.962646484375,
  "fd_mean": 0.5980738583810951,
  "fd_num": 35,
  "fd_perc": 13.20754716981132,
  "fwhm_avg": 3.482920673752727,
  "fwhm_x": 3.286478815097803,
  "fwhm_y": 3.6240082588847833,
  "fwhm_z": 3.5382749472755948,
  "gcor": 0.519456,
  "gsr_x": -0.029569275677204132,
  "gsr_y": 0.07155224680900574,
  "provenance": {
    "md5sum": "9d258a6b17998f9b3ab62d5503f5143f",
    "settings": {
      "fd_thres": 0.2,
      "testing": false
    },
    "software": "mriqc",
    "version": "22.0.6",
    "webapi_port": null,
    "webapi_url": "https://mriqc.nimh.nih.gov/api/v1"
  },
  "size_t": 265,
  "size_x": 146,
  "size_y": 146,
  "size_z": 57,
  "snr": 2.3359177158013655,
  "spacing_tr": 1.5,
  "spacing_x": 1.5958904027938843,
  "spacing_y": 1.5958904027938843,
  "spacing_z": 1.600000023841858,
  "summary_bg_k": 36.02987210913229,
  "summary_bg_mad": 70.98550836215882,
  "summary_bg_mean": 370.7910461425781,
  "summary_bg_median": 188.04611206054688,
  "summary_bg_n": 779565.0,
  "summary_bg_p05": 123.2938705444336,
  "summary_bg_p95": 1294.5232177734335,
  "summary_bg_stdv": 520.0001220703125,
  "summary_fg_k": 4.6852590032653945,
  "summary_fg_mad": 1672.5863271553221,
  "summary_fg_mean": 4973.11865234375,
  "summary_fg_median": 4621.888671875,
  "summary_fg_n": 299389.0,
  "summary_fg_p05": 2503.324169921875,
  "summary_fg_p95": 8504.420507812496,
  "summary_fg_stdv": 1978.6146240234375,
  "tsnr": 5.317963600158691
}