{
  "aor": 0.00033659663865546216,
  "aqi": 0.02088621680672269,
  "bids_meta": {
    "AcquisitionMatrixPE": 146,
    "CoilString": "RM:Nova32ch",
    "EchoTime": 0.0276,
    "EffectiveEchoSpacing": 0.000354,
    "FlipAngle": 71,
    "InstitutionName": "Stanford CNI",
    "MagneticFieldStrength": 3,
    "Manufacturer": "GE",
    "ManufacturerModelName": "GE Discovery MR750",
    "MultibandAccelerationFactor": 3,
    "PartialFourier": 0.0136986,
    "PhaseEncodingDirection": "j",
    "PulseSequenceType": "Multiband Gradient Echo EPI",
    "ReconMatrixPE": 146,
    "RepetitionTime": 1.5,
    "SliceThickness": 1.6,
    "SoftwareVersions": "DV24.0_R01_1344.a",
    "TaskDescription": "Simultaneous feature discrimination. Subjects performed a speeded reaction time task. The target was predicted by preceeding stimuli (AB+, B-, AC-, C+), where + corresponds to a 70% probability of seeing the target, and - corresponds to a 30% change of seeing the target. A, B and C are house, faces and body parts, counterbalanced across runs.",
    "TaskName": "sim",
    "TotalReadoutTime": 0.05133,
    "dataset": "ds001590",
    "modality": "bold",
    "run_id": 3,
    "subject_id": "08",
    "task_id": "sim"
  },
  "dummy_trs": 7,
  "dvars_nstd": 76.2547875901688,
  "dvars_std": 1.0062442846413506,
  "dvars_vstd": 0.9866148105063285,
  "efc": 0.5531889419208428,
  "fber": 516.3367309570312,
  "fd_mean": 0.10581091565267865,
  "fd_num": 12,
  "fd_perc": 5.042016806722689,
  "fwhm_avg": 3.3985547584478435,
  "fwhm_x": 3.2899502314245765,
  "fwhm_y": 3.4754140950344055,
  "fwhm_z": 3.4302999488845476,
  "gcor": 0.00492888,
  "gsr_x": -0.03171582892537117,
  "gsr_y": 0.07721637189388275,
  "provenance": {
    "md5sum": "f7863fddfb90019ac482206af433659b",
    "settings": {
      "fd_thres": 0.2,
      "testing": false
    },
    "software": "mriqc",
    "version": "22.0.6",
    "webapi_port": null,
    "webapi_url": "https://mriqc.nimh.nih.gov/api/v1"
  },
  "size_t": 238,
  "size_x": 146,
  "size_y": 146,
  "size_z": 57,
  "snr": 2.4097035726312406,
  "spacing_tr": 1.5,
  "spacing_x": 1.5958904027938843,
  "spacing_y": 1.5958904027938843,
  "spacing_z": 1.600000023841858,
  "summary_bg_k": 46.189282649535336,
  "summary_bg_mad": 87.64252256926333,
  "summary_bg_mean": 427.68902587890625,
  "summary_bg_median": 205.172607421875,
  "summary_bg_n": 799275.0,
  "summary_bg_p05": 130.4365478515625,
  "summary_bg_p95": 1467.3436157226552,
  "summary_bg_stdv": 629.52978515625,
  "summary_fg_k": 4.427737191391679,
  "summary_fg_mad": 1655.257327836241,
  "summary_fg_mean": 5113.2763671875,
  "summary_fg_median": 4720.65966796875,
  "summary_fg_n": 284197.0,
  "summary_fg_p05": 2692.951123046875,
  "summary_fg_p95": 8622.217187500002,
  "summary_fg_stdv": 1959.0174560546875,
  "tsnr": 15.776300430297852
}