{
  "aor": 0.006016115702479338,
  "aqi": 0.032418137190082644,
  "bids_meta": {
    "AcquisitionMatrixPE": 146,
    "CoilString": "RM:Nova32ch",
    "EchoTime": 0.0276,
    "EffectiveEchoSpacing": 0.000354,
    "FlipAngle": 71,
    "InstitutionName": "Stanford CNI",
    "MagneticFieldStrength": 3,
    "Manufacturer": "GE",
    "ManufacturerModelName": "GE Discovery MR750",
    "MultibandAccelerationFactor": 3,
    "PartialFourier": 0.0136986,
    "PhaseEncodingDirection": "j",
    "PulseSequenceType": "Multiband Gradient Echo EPI",
    "ReconMatrixPE": 146,
    "RepetitionTime": 1.5,
    "SliceThickness": 1.6,
    "SoftwareVersions": "DV24.0_R01_1344.a",
    "TaskDescription": "Simultaneous feature discrimination. Subjects performed a speeded reaction time task. The target was predicted by preceeding stimuli (AB+, B-, AC-, C+), where + corresponds to a 70% probability of seeing the target, and - corresponds to a 30% change of seeing the target. A, B and C are house, faces and body parts, counterbalanced across runs.",
    "TaskName": "sim",
    "TotalReadoutTime": 0.05133,
    "dataset": "ds001590",
    "modality": "bold",
    "run_id": 1,
    "subject_id": "08",
    "task_id": "sim"
  },
  "dummy_trs": 5,
  "dvars_nstd": 81.36570157265561,
  "dvars_std": 1.04185397153527,
  "dvars_vstd": 1.0573309015352697,
  "efc": 0.5476209612672562,
  "fber": 605.6502075195312,
  "fd_mean": 0.19780587804477193,
  "fd_num": 45,
  "fd_perc": 18.59504132231405,
  "fwhm_avg": 3.553779244147828,
  "fwhm_x": 3.297475810862221,
  "fwhm_y": 3.654655726852743,
  "fwhm_z": 3.7092061947285204,
  "gcor": 0.0458575,
  "gsr_x": -0.02671467699110508,
  "gsr_y": 0.06541544944047928,
  "provenance": {
    "md5sum": "7dc0e32fd367b9d08b5f101b79081dcc",
    "settings": {
      "fd_thres": 0.2,
      "testing": false
    },
    "software": "mriqc",
    "version": "22.0.6",
    "webapi_port": null,
    "webapi_url": "https://mriqc.nimh.nih.gov/api/v1"
  },
  "size_t": 242,
  "size_x": 146,
  "size_y": 146,
  "size_z": 57,
  "snr": 2.3272840611470373,
  "spacing_tr": 1.5,
  "spacing_x": 1.5958904027938843,
  "spacing_y": 1.5958904027938843,
  "spacing_z": 1.600000023841858,
  "summary_bg_k": 38.22899971187403,
  "summary_bg_mad": 71.25610996183923,
  "summary_bg_mean": 370.4795227050781,
  "summary_bg_median": 191.68423461914062,
  "summary_bg_n": 780642.0,
  "summary_bg_p05": 126.37156372070312,
  "summary_bg_p95": 1271.2562805175776,
  "summary_bg_stdv": 521.0556030273438,
  "summary_fg_k": 5.202184344074546,
  "summary_fg_mad": 1684.0044636257223,
  "summary_fg_mean": 5184.685546875,
  "summary_fg_median": 4797.16552734375,
  "summary_fg_n": 297065.0,
  "summary_fg_p05": 2656.19130859375,
  "summary_fg_p95": 8850.232421875,
  "summary_fg_stdv": 2061.2685546875,
  "tsnr": 11.65382194519043
}