{
  "aor": 0.05692890829694323,
  "aqi": 0.09983548602620088,
  "bids_meta": {
    "AcquisitionMatrixPE": 146,
    "CoilString": "RM:Nova32ch",
    "EchoTime": 0.0276,
    "EffectiveEchoSpacing": 0.000354,
    "FlipAngle": 71,
    "InstitutionName": "Stanford CNI",
    "MagneticFieldStrength": 3,
    "Manufacturer": "GE",
    "ManufacturerModelName": "GE Discovery MR750",
    "MultibandAccelerationFactor": 3,
    "PartialFourier": 0.0136986,
    "PhaseEncodingDirection": "j",
    "PulseSequenceType": "Multiband Gradient Echo EPI",
    "ReconMatrixPE": 146,
    "RepetitionTime": 1.5,
    "SliceThickness": 1.6,
    "SoftwareVersions": "DV24.0_R01_1344.a",
    "TaskDescription": "Subjects performed a visual localizer task. Stimuli were presented in miniblocks at a rate of 4 HZ. Subjects were instructed to maintain fixation on a central cross and to respond to oddball frames in which a blank display, rather than a face/object/place/character was presented. Due to an error, these responses were not recorded.",
    "TaskName": "sim",
    "TotalReadoutTime": 0.05133,
    "dataset": "ds001590",
    "modality": "bold",
    "run_id": 2,
    "subject_id": "08",
    "task_id": "loc"
  },
  "dummy_trs": 6,
  "dvars_nstd": 109.25962501662278,
  "dvars_std": 1.5045890933771935,
  "dvars_vstd": 1.7920254448684207,
  "efc": 0.5505544095476759,
  "fber": 573.1547241210938,
  "fd_mean": 0.6806231596056781,
  "fd_num": 67,
  "fd_perc": 29.25764192139738,
  "fwhm_avg": 3.533193359517579,
  "fwhm_x": 3.357580188852135,
  "fwhm_y": 3.6329374434798236,
  "fwhm_z": 3.6090624462207788,
  "gcor": 0.478406,
  "gsr_x": -0.024930300191044807,
  "gsr_y": 0.07130911946296692,
  "provenance": {
    "md5sum": "1a85f628bfa5b50ee45131982a7637d8",
    "settings": {
      "fd_thres": 0.2,
      "testing": false
    },
    "software": "mriqc",
    "version": "22.0.6",
    "webapi_port": null,
    "webapi_url": "https://mriqc.nimh.nih.gov/api/v1"
  },
  "size_t": 229,
  "size_x": 146,
  "size_y": 146,
  "size_z": 57,
  "snr": 2.386437099181851,
  "spacing_tr": 1.5,
  "spacing_x": 1.5958904027938843,
  "spacing_y": 1.5958904027938843,
  "spacing_z": 1.600000023841858,
  "summary_bg_k": 43.07538793009814,
  "summary_bg_mad": 73.27308331992187,
  "summary_bg_mean": 388.720703125,
  "summary_bg_median": 189.78692626953125,
  "summary_bg_n": 790938.0,
  "summary_bg_p05": 122.6876865386963,
  "summary_bg_p95": 1349.7446105957029,
  "summary_bg_stdv": 576.5823364257812,
  "summary_fg_k": 4.560855456099371,
  "summary_fg_mad": 1628.03930656631,
  "summary_fg_mean": 5020.8369140625,
  "summary_fg_median": 4633.052734375,
  "summary_fg_n": 290990.0,
  "summary_fg_p05": 2689.8976440429688,
  "summary_fg_p95": 8498.73081054687,
  "summary_fg_stdv": 1941.4066162109375,
  "tsnr": 4.882489204406738
}