{
  "aor": 0.033434940239043816,
  "aqi": 0.04916886414342629,
  "bids_meta": {
    "AcquisitionMatrixPE": 146,
    "CoilString": "RM:Nova32ch",
    "EchoTime": 0.0276,
    "EffectiveEchoSpacing": 0.000354,
    "FlipAngle": 71,
    "InstitutionName": "Stanford CNI",
    "MagneticFieldStrength": 3,
    "Manufacturer": "GE",
    "ManufacturerModelName": "GE Discovery MR750",
    "MultibandAccelerationFactor": 3,
    "PartialFourier": 0.0136986,
    "PhaseEncodingDirection": "j",
    "PulseSequenceType": "Multiband Gradient Echo EPI",
    "ReconMatrixPE": 146,
    "RepetitionTime": 1.5,
    "SliceThickness": 1.6,
    "SoftwareVersions": "DV24.0_R01_1344.a",
    "TaskDescription": "Simultaneous feature discrimination. Subjects performed a speeded reaction time task. The target was predicted by preceeding stimuli (AB+, B-, AC-, C+), where + corresponds to a 70% probability of seeing the target, and - corresponds to a 30% change of seeing the target. A, B and C are house, faces and body parts, counterbalanced across runs.",
    "TaskName": "sim",
    "TotalReadoutTime": 0.05133,
    "dataset": "ds001590",
    "modality": "bold",
    "run_id": 3,
    "subject_id": "10",
    "task_id": "sim"
  },
  "dummy_trs": 6,
  "dvars_nstd": 90.11383013912008,
  "dvars_std": 1.6620611172799997,
  "dvars_vstd": 1.8270158944400008,
  "efc": 0.5492846967273403,
  "fber": 841.71875,
  "fd_mean": 0.3187561970609765,
  "fd_num": 12,
  "fd_perc": 4.780876494023905,
  "fwhm_avg": 3.1085870167328857,
  "fwhm_x": 2.791400958487593,
  "fwhm_y": 3.2816413901803494,
  "fwhm_z": 3.252718701530714,
  "gcor": 0.343251,
  "gsr_x": -0.011955170892179012,
  "gsr_y": 0.05492338538169861,
  "provenance": {
    "md5sum": "2cc4bd024fdcde5f20996f00a87139c2",
    "settings": {
      "fd_thres": 0.2,
      "testing": false
    },
    "software": "mriqc",
    "version": "22.0.6",
    "webapi_port": null,
    "webapi_url": "https://mriqc.nimh.nih.gov/api/v1"
  },
  "size_t": 251,
  "size_x": 146,
  "size_y": 146,
  "size_z": 57,
  "snr": 2.7104198598178217,
  "spacing_tr": 1.5,
  "spacing_x": 1.5958904027938843,
  "spacing_y": 1.5958904027938843,
  "spacing_z": 1.600000023841858,
  "summary_bg_k": 28.917325101727716,
  "summary_bg_mad": 63.09176458617067,
  "summary_bg_mean": 391.7976379394531,
  "summary_bg_median": 154.54493713378906,
  "summary_bg_n": 803069.0,
  "summary_bg_p05": 96.69852447509766,
  "summary_bg_p95": 1754.9633056640623,
  "summary_bg_stdv": 677.0899047851562,
  "summary_fg_k": 1.665462782791547,
  "summary_fg_mad": 1472.5360154546643,
  "summary_fg_mean": 4829.92822265625,
  "summary_fg_median": 4556.77197265625,
  "summary_fg_n": 275129.0,
  "summary_fg_p05": 2658.6771484375,
  "summary_fg_p95": 7909.626367187498,
  "summary_fg_stdv": 1681.2021484375,
  "tsnr": 6.855978012084961
}