{
  "aor": 0.008383811659192825,
  "aqi": 0.0350641798206278,
  "bids_meta": {
    "AcquisitionMatrixPE": 146,
    "CoilString": "RM:Nova32ch",
    "EchoTime": 0.0276,
    "EffectiveEchoSpacing": 0.000354,
    "FlipAngle": 71,
    "InstitutionName": "Stanford CNI",
    "MagneticFieldStrength": 3,
    "Manufacturer": "GE",
    "ManufacturerModelName": "GE Discovery MR750",
    "MultibandAccelerationFactor": 3,
    "PartialFourier": 0.0136986,
    "PhaseEncodingDirection": "j",
    "PulseSequenceType": "Multiband Gradient Echo EPI",
    "ReconMatrixPE": 146,
    "RepetitionTime": 1.5,
    "SliceThickness": 1.6,
    "SoftwareVersions": "DV24.0_R01_1344.a",
    "TaskDescription": "Subjects performed a visual localizer task. Stimuli were presented in miniblocks at a rate of 4 HZ. Subjects were instructed to maintain fixation on a central cross and to respond to oddball frames in which a blank display, rather than a face/object/place/character was presented. Due to an error, these responses were not recorded.",
    "TaskName": "sim",
    "TotalReadoutTime": 0.05133,
    "dataset": "ds001590",
    "modality": "bold",
    "run_id": 1,
    "subject_id": "25",
    "task_id": "loc"
  },
  "dummy_trs": 5,
  "dvars_nstd": 78.25821713234238,
  "dvars_std": 1.0927784455405412,
  "dvars_vstd": 1.2921664854504495,
  "efc": 0.5501213071468353,
  "fber": 781.8532104492188,
  "fd_mean": 0.2854162889938051,
  "fd_num": 86,
  "fd_perc": 38.56502242152467,
  "fwhm_avg": 3.4229740648940017,
  "fwhm_x": 2.950497096640629,
  "fwhm_y": 3.419000446677108,
  "fwhm_z": 3.8994246513642685,
  "gcor": 0.0476119,
  "gsr_x": 0.021498026326298714,
  "gsr_y": 0.01680067367851734,
  "provenance": {
    "md5sum": "cc765eeb110ce5c87faab2be346d3311",
    "settings": {
      "fd_thres": 0.2,
      "testing": false
    },
    "software": "mriqc",
    "version": "22.0.6",
    "webapi_port": null,
    "webapi_url": "https://mriqc.nimh.nih.gov/api/v1"
  },
  "size_t": 223,
  "size_x": 146,
  "size_y": 146,
  "size_z": 57,
  "snr": 2.4674668338154855,
  "spacing_tr": 1.5,
  "spacing_x": 1.5958904027938843,
  "spacing_y": 1.5958904027938843,
  "spacing_z": 1.6000001430511475,
  "summary_bg_k": 21.631696793722508,
  "summary_bg_mad": 93.06927629434249,
  "summary_bg_mean": 476.2950439453125,
  "summary_bg_median": 182.3857421875,
  "summary_bg_n": 794006.0,
  "summary_bg_p05": 100.86174583435059,
  "summary_bg_p95": 2050.45068359375,
  "summary_bg_stdv": 825.0363159179688,
  "summary_fg_k": 2.1446206216919466,
  "summary_fg_mad": 1689.0632645548812,
  "summary_fg_mean": 5520.38037109375,
  "summary_fg_median": 5175.1005859375,
  "summary_fg_n": 275758.0,
  "summary_fg_p05": 2803.9051025390627,
  "summary_fg_p95": 9394.871923828125,
  "summary_fg_stdv": 2097.32958984375,
  "tsnr": 12.33728313446045
}