{
  "aor": 0.018266721311475408,
  "aqi": 0.04044750655737706,
  "bids_meta": {
    "AcquisitionMatrixPE": 146,
    "CoilString": "RM:Nova32ch",
    "EchoTime": 0.0276,
    "EffectiveEchoSpacing": 0.000354,
    "FlipAngle": 71,
    "InstitutionName": "Stanford CNI",
    "MagneticFieldStrength": 3,
    "Manufacturer": "GE",
    "ManufacturerModelName": "GE Discovery MR750",
    "MultibandAccelerationFactor": 3,
    "PartialFourier": 0.0136986,
    "PhaseEncodingDirection": "j",
    "PulseSequenceType": "Multiband Gradient Echo EPI",
    "ReconMatrixPE": 146,
    "RepetitionTime": 1.5,
    "SliceThickness": 1.6,
    "SoftwareVersions": "DV24.0_R01_1344.a",
    "TaskDescription": "Simultaneous feature discrimination. Subjects performed a speeded reaction time task. The target was predicted by preceeding stimuli (AB+, B-, AC-, C+), where + corresponds to a 70% probability of seeing the target, and - corresponds to a 30% change of seeing the target. A, B and C are house, faces and body parts, counterbalanced across runs.",
    "TaskName": "sim",
    "TotalReadoutTime": 0.05133,
    "dataset": "ds001590",
    "modality": "bold",
    "run_id": 3,
    "subject_id": "25",
    "task_id": "sim"
  },
  "dummy_trs": 5,
  "dvars_nstd": 84.57073440880662,
  "dvars_std": 1.2148825076543213,
  "dvars_vstd": 1.3585212093827157,
  "efc": 0.5526843197630522,
  "fber": 569.3377075195312,
  "fd_mean": 0.3018426106157193,
  "fd_num": 25,
  "fd_perc": 10.245901639344263,
  "fwhm_avg": 3.534350861846089,
  "fwhm_x": 3.0319187279584927,
  "fwhm_y": 3.5319154687140397,
  "fwhm_z": 4.039218388865734,
  "gcor": 0.180823,
  "gsr_x": 0.014699339866638184,
  "gsr_y": 0.02822752669453621,
  "provenance": {
    "md5sum": "a7f27545bbdc098e7fade592c3c6598e",
    "settings": {
      "fd_thres": 0.2,
      "testing": false
    },
    "software": "mriqc",
    "version": "22.0.6",
    "webapi_port": null,
    "webapi_url": "https://mriqc.nimh.nih.gov/api/v1"
  },
  "size_t": 244,
  "size_x": 146,
  "size_y": 146,
  "size_z": 57,
  "snr": 2.3207393260051417,
  "spacing_tr": 1.5,
  "spacing_x": 1.5958904027938843,
  "spacing_y": 1.5958904027938843,
  "spacing_z": 1.6000001430511475,
  "summary_bg_k": 21.935565393649664,
  "summary_bg_mad": 128.87635612658266,
  "summary_bg_mean": 527.8763427734375,
  "summary_bg_median": 213.1036376953125,
  "summary_bg_n": 798821.0,
  "summary_bg_p05": 107.84600067138672,
  "summary_bg_p95": 2199.10546875,
  "summary_bg_stdv": 884.8773193359375,
  "summary_fg_k": 2.1673580795680847,
  "summary_fg_mad": 1824.5649993454106,
  "summary_fg_mean": 5558.77392578125,
  "summary_fg_median": 5159.07763671875,
  "summary_fg_n": 270843.0,
  "summary_fg_p05": 2771.0299560546873,
  "summary_fg_p95": 9710.36748046875,
  "summary_fg_stdv": 2223.02783203125,
  "tsnr": 8.67698860168457
}