{
  "aor": 0.007485470852017938,
  "aqi": 0.03084102242152467,
  "bids_meta": {
    "AcquisitionMatrixPE": 146,
    "CoilString": "RM:Nova32ch",
    "EchoTime": 0.0276,
    "EffectiveEchoSpacing": 0.000354,
    "FlipAngle": 71,
    "InstitutionName": "Stanford CNI",
    "MagneticFieldStrength": 3,
    "Manufacturer": "GE",
    "ManufacturerModelName": "GE Discovery MR750",
    "MultibandAccelerationFactor": 3,
    "PartialFourier": 0.0136986,
    "PhaseEncodingDirection": "j",
    "PulseSequenceType": "Multiband Gradient Echo EPI",
    "ReconMatrixPE": 146,
    "RepetitionTime": 1.5,
    "SliceThickness": 1.6,
    "SoftwareVersions": "DV24.0_R01_1344.a",
    "TaskDescription": "Subjects performed a visual localizer task. Stimuli were presented in miniblocks at a rate of 4 HZ. Subjects were instructed to maintain fixation on a central cross and to respond to oddball frames in which a blank display, rather than a face/object/place/character was presented. Due to an error, these responses were not recorded.",
    "TaskName": "sim",
    "TotalReadoutTime": 0.05133,
    "dataset": "ds001590",
    "modality": "bold",
    "run_id": 2,
    "subject_id": "25",
    "task_id": "loc"
  },
  "dummy_trs": 5,
  "dvars_nstd": 72.87630369864871,
  "dvars_std": 1.0775731713963963,
  "dvars_vstd": 1.0866104506756755,
  "efc": 0.5515074371842751,
  "fber": 764.512451171875,
  "fd_mean": 0.19589979948444658,
  "fd_num": 53,
  "fd_perc": 23.766816143497756,
  "fwhm_avg": 3.4076671787470594,
  "fwhm_x": 2.9162403582679373,
  "fwhm_y": 3.4817115199593283,
  "fwhm_z": 3.825049658013911,
  "gcor": 0.0575985,
  "gsr_x": 0.014796840958297253,
  "gsr_y": 0.015139385126531124,
  "provenance": {
    "md5sum": "abc4570e189112b128c503ea55825d1a",
    "settings": {
      "fd_thres": 0.2,
      "testing": false
    },
    "software": "mriqc",
    "version": "22.0.6",
    "webapi_port": null,
    "webapi_url": "https://mriqc.nimh.nih.gov/api/v1"
  },
  "size_t": 223,
  "size_x": 146,
  "size_y": 146,
  "size_z": 57,
  "snr": 2.488463428184942,
  "spacing_tr": 1.5,
  "spacing_x": 1.5958904027938843,
  "spacing_y": 1.5958904027938843,
  "spacing_z": 1.6000001430511475,
  "summary_bg_k": 18.494821748030734,
  "summary_bg_mad": 95.15832562087238,
  "summary_bg_mean": 530.4766235351562,
  "summary_bg_median": 187.6862335205078,
  "summary_bg_n": 808870.0,
  "summary_bg_p05": 106.17000045776368,
  "summary_bg_p95": 2438.867663574218,
  "summary_bg_stdv": 922.14404296875,
  "summary_fg_k": 2.1892678107460055,
  "summary_fg_mad": 1703.7007037917335,
  "summary_fg_mean": 5599.458984375,
  "summary_fg_median": 5237.34912109375,
  "summary_fg_n": 270797.0,
  "summary_fg_p05": 2921.428662109375,
  "summary_fg_p95": 9506.796093749994,
  "summary_fg_stdv": 2104.64794921875,
  "tsnr": 12.973012924194336
}