{
  "aor": 0.03446793357933579,
  "aqi": 0.04812755092250923,
  "bids_meta": {
    "AcquisitionMatrixPE": 146,
    "CoilString": "RM:Nova32ch",
    "EchoTime": 0.0276,
    "EffectiveEchoSpacing": 0.000354,
    "FlipAngle": 71,
    "InstitutionName": "Stanford CNI",
    "MagneticFieldStrength": 3,
    "Manufacturer": "GE",
    "ManufacturerModelName": "GE Discovery MR750",
    "MultibandAccelerationFactor": 3,
    "PartialFourier": 0.0136986,
    "PhaseEncodingDirection": "j",
    "PulseSequenceType": "Multiband Gradient Echo EPI",
    "ReconMatrixPE": 146,
    "RepetitionTime": 1.5,
    "SliceThickness": 1.6,
    "SoftwareVersions": "DV24.0_R01_1344.a",
    "TaskDescription": "Simultaneous feature discrimination. Subjects performed a speeded reaction time task. The target was predicted by preceeding stimuli (AB+, B-, AC-, C+), where + corresponds to a 70% probability of seeing the target, and - corresponds to a 30% change of seeing the target. A, B and C are house, faces and body parts, counterbalanced across runs.",
    "TaskName": "sim",
    "TotalReadoutTime": 0.05133,
    "dataset": "ds001590",
    "modality": "bold",
    "run_id": 1,
    "subject_id": "25",
    "task_id": "sim"
  },
  "dummy_trs": 5,
  "dvars_nstd": 92.55164410633331,
  "dvars_std": 1.7596845429259258,
  "dvars_vstd": 1.9363699656666666,
  "efc": 0.558605852106389,
  "fber": 598.8366088867188,
  "fd_mean": 0.39572890776870856,
  "fd_num": 19,
  "fd_perc": 7.011070110701107,
  "fwhm_avg": 3.4395166004907662,
  "fwhm_x": 2.8753666241532367,
  "fwhm_y": 3.5924772715989985,
  "fwhm_z": 3.8507059057200634,
  "gcor": 0.365144,
  "gsr_x": -0.02040523663163185,
  "gsr_y": 0.04320365935564041,
  "provenance": {
    "md5sum": "985fff954603539c9898c49c43096149",
    "settings": {
      "fd_thres": 0.2,
      "testing": false
    },
    "software": "mriqc",
    "version": "22.0.6",
    "webapi_port": null,
    "webapi_url": "https://mriqc.nimh.nih.gov/api/v1"
  },
  "size_t": 271,
  "size_x": 146,
  "size_y": 146,
  "size_z": 57,
  "snr": 2.369252722988524,
  "spacing_tr": 1.5,
  "spacing_x": 1.5958904027938843,
  "spacing_y": 1.5958904027938843,
  "spacing_z": 1.6000001430511475,
  "summary_bg_k": 41.907890414279706,
  "summary_bg_mad": 112.2751408448313,
  "summary_bg_mean": 433.10003662109375,
  "summary_bg_median": 203.0389862060547,
  "summary_bg_n": 767953.0,
  "summary_bg_p05": 110.067919921875,
  "summary_bg_p95": 1672.9207763671875,
  "summary_bg_stdv": 716.61328125,
  "summary_fg_k": 1.7248384880030114,
  "summary_fg_mad": 1764.7347967564078,
  "summary_fg_mean": 5478.71435546875,
  "summary_fg_median": 5146.5888671875,
  "summary_fg_n": 300576.0,
  "summary_fg_p05": 2562.7631225585938,
  "summary_fg_p95": 9469.54052734375,
  "summary_fg_stdv": 2172.23779296875,
  "tsnr": 6.481783390045166
}