{
  "aor": 0.013460398230088494,
  "aqi": 0.03454558230088495,
  "bids_meta": {
    "AcquisitionMatrixPE": 146,
    "CoilString": "RM:Nova32ch",
    "EchoTime": 0.0276,
    "EffectiveEchoSpacing": 0.000354,
    "FlipAngle": 71,
    "InstitutionName": "Stanford CNI",
    "MagneticFieldStrength": 3,
    "Manufacturer": "GE",
    "ManufacturerModelName": "GE Discovery MR750",
    "MultibandAccelerationFactor": 3,
    "PartialFourier": 0.0136986,
    "PhaseEncodingDirection": "j",
    "PulseSequenceType": "Multiband Gradient Echo EPI",
    "ReconMatrixPE": 146,
    "RepetitionTime": 1.5,
    "SliceThickness": 1.6,
    "SoftwareVersions": "DV24.0_R01_1344.a",
    "TaskDescription": "Subjects performed a visual localizer task. Stimuli were presented in miniblocks at a rate of 4 HZ. Subjects were instructed to maintain fixation on a central cross and to respond to oddball frames in which a blank display, rather than a face/object/place/character was presented. Due to an error, these responses were not recorded.",
    "TaskName": "sim",
    "TotalReadoutTime": 0.05133,
    "dataset": "ds001590",
    "modality": "bold",
    "run_id": 2,
    "subject_id": "23",
    "task_id": "loc"
  },
  "dummy_trs": 5,
  "dvars_nstd": 87.63059583915555,
  "dvars_std": 1.193350624177778,
  "dvars_vstd": 1.2513431875555563,
  "efc": 0.560065904863435,
  "fber": 529.042236328125,
  "fd_mean": 0.29382687908457406,
  "fd_num": 32,
  "fd_perc": 14.15929203539823,
  "fwhm_avg": 3.172544095030677,
  "fwhm_x": 2.7033685975221737,
  "fwhm_y": 3.480044738834921,
  "fwhm_z": 3.334218948734936,
  "gcor": 0.129157,
  "gsr_x": -0.025039920583367348,
  "gsr_y": 0.05611521750688553,
  "provenance": {
    "md5sum": "83c6163f26d15f948ea502a34612a06d",
    "settings": {
      "fd_thres": 0.2,
      "testing": false
    },
    "software": "mriqc",
    "version": "22.0.6",
    "webapi_port": null,
    "webapi_url": "https://mriqc.nimh.nih.gov/api/v1"
  },
  "size_t": 226,
  "size_x": 146,
  "size_y": 146,
  "size_z": 57,
  "snr": 2.81145503509008,
  "spacing_tr": 1.5,
  "spacing_x": 1.5958904027938843,
  "spacing_y": 1.5958904027938843,
  "spacing_z": 1.5999999046325684,
  "summary_bg_k": 28.635303260931984,
  "summary_bg_mad": 93.32130464540543,
  "summary_bg_mean": 377.1346130371094,
  "summary_bg_median": 186.89129638671875,
  "summary_bg_n": 797740.0,
  "summary_bg_p05": 109.24191246032714,
  "summary_bg_p95": 1396.698132324218,
  "summary_bg_stdv": 549.7391357421875,
  "summary_fg_k": 0.4949358097799701,
  "summary_fg_mad": 1381.552887123715,
  "summary_fg_mean": 4625.9072265625,
  "summary_fg_median": 4394.20703125,
  "summary_fg_n": 280632.0,
  "summary_fg_p05": 2467.7375732421874,
  "summary_fg_p95": 7495.068164062503,
  "summary_fg_stdv": 1562.962646484375,
  "tsnr": 9.90254020690918
}