{
  "aor": 0.041164838709677416,
  "aqi": 0.06451500394265233,
  "bids_meta": {
    "AcquisitionMatrixPE": 146,
    "CoilString": "RM:Nova32ch",
    "EchoTime": 0.0276,
    "EffectiveEchoSpacing": 0.000354,
    "FlipAngle": 71,
    "InstitutionName": "Stanford CNI",
    "MagneticFieldStrength": 3,
    "Manufacturer": "GE",
    "ManufacturerModelName": "GE Discovery MR750",
    "MultibandAccelerationFactor": 3,
    "PartialFourier": 0.0136986,
    "PhaseEncodingDirection": "j",
    "PulseSequenceType": "Multiband Gradient Echo EPI",
    "ReconMatrixPE": 146,
    "RepetitionTime": 1.5,
    "SliceThickness": 1.6,
    "SoftwareVersions": "DV24.0_R01_1344.a",
    "TaskDescription": "Simultaneous feature discrimination. Subjects performed a speeded reaction time task. The target was predicted by preceeding stimuli (AB+, B-, AC-, C+), where + corresponds to a 70% probability of seeing the target, and - corresponds to a 30% change of seeing the target. A, B and C are house, faces and body parts, counterbalanced across runs.",
    "TaskName": "sim",
    "TotalReadoutTime": 0.05133,
    "dataset": "ds001590",
    "modality": "bold",
    "run_id": 3,
    "subject_id": "23",
    "task_id": "sim"
  },
  "dummy_trs": 5,
  "dvars_nstd": 101.96385283446044,
  "dvars_std": 1.6861443580935258,
  "dvars_vstd": 1.8822607922302153,
  "efc": 0.556459690275154,
  "fber": 657.9017333984375,
  "fd_mean": 0.5809649077985186,
  "fd_num": 90,
  "fd_perc": 32.25806451612903,
  "fwhm_avg": 3.210735095460867,
  "fwhm_x": 2.7345173530463467,
  "fwhm_y": 3.530850232657088,
  "fwhm_z": 3.366837700679165,
  "gcor": 0.454549,
  "gsr_x": -0.02339010313153267,
  "gsr_y": 0.05642998218536377,
  "provenance": {
    "md5sum": "55ab77158428d7fcf709cadc19654f41",
    "settings": {
      "fd_thres": 0.2,
      "testing": false
    },
    "software": "mriqc",
    "version": "22.0.6",
    "webapi_port": null,
    "webapi_url": "https://mriqc.nimh.nih.gov/api/v1"
  },
  "size_t": 279,
  "size_x": 146,
  "size_y": 146,
  "size_z": 57,
  "snr": 2.8172065755098425,
  "spacing_tr": 1.5,
  "spacing_x": 1.5958904027938843,
  "spacing_y": 1.5958904027938843,
  "spacing_z": 1.5999999046325684,
  "summary_bg_k": 35.05821176697434,
  "summary_bg_mad": 78.15285374208145,
  "summary_bg_mean": 361.2513732910156,
  "summary_bg_median": 166.1331787109375,
  "summary_bg_n": 795430.0,
  "summary_bg_p05": 99.78130302429199,
  "summary_bg_p95": 1385.747283935546,
  "summary_bg_stdv": 556.5392456054688,
  "summary_fg_k": 0.5312829857853254,
  "summary_fg_mad": 1372.5895866508504,
  "summary_fg_mean": 4595.06298828125,
  "summary_fg_median": 4357.18359375,
  "summary_fg_n": 282274.0,
  "summary_fg_p05": 2505.84931640625,
  "summary_fg_p95": 7430.343066406249,
  "summary_fg_stdv": 1546.6298828125,
  "tsnr": 5.697373867034912
}