{
  "aor": 0.017131858407079644,
  "aqi": 0.0374991017699115,
  "bids_meta": {
    "AcquisitionMatrixPE": 146,
    "CoilString": "RM:Nova32ch",
    "EchoTime": 0.0276,
    "EffectiveEchoSpacing": 0.000354,
    "FlipAngle": 71,
    "InstitutionName": "Stanford CNI",
    "MagneticFieldStrength": 3,
    "Manufacturer": "GE",
    "ManufacturerModelName": "GE Discovery MR750",
    "MultibandAccelerationFactor": 3,
    "PartialFourier": 0.0136986,
    "PhaseEncodingDirection": "j",
    "PulseSequenceType": "Multiband Gradient Echo EPI",
    "ReconMatrixPE": 146,
    "RepetitionTime": 1.5,
    "SliceThickness": 1.6,
    "SoftwareVersions": "DV24.0_R01_1344.a",
    "TaskDescription": "Subjects performed a visual localizer task. Stimuli were presented in miniblocks at a rate of 4 HZ. Subjects were instructed to maintain fixation on a central cross and to respond to oddball frames in which a blank display, rather than a face/object/place/character was presented. Due to an error, these responses were not recorded.",
    "TaskName": "sim",
    "TotalReadoutTime": 0.05133,
    "dataset": "ds001590",
    "modality": "bold",
    "run_id": 1,
    "subject_id": "23",
    "task_id": "loc"
  },
  "dummy_trs": 5,
  "dvars_nstd": 91.01075120684446,
  "dvars_std": 1.277644175866667,
  "dvars_vstd": 1.3621675018222226,
  "efc": 0.5615174840153252,
  "fber": 519.445068359375,
  "fd_mean": 0.3086631481865578,
  "fd_num": 32,
  "fd_perc": 14.15929203539823,
  "fwhm_avg": 3.133451530925701,
  "fwhm_x": 2.677345507260277,
  "fwhm_y": 3.4612213910991305,
  "fwhm_z": 3.261787694417697,
  "gcor": 0.158881,
  "gsr_x": -0.023777326568961143,
  "gsr_y": 0.05573203042149544,
  "provenance": {
    "md5sum": "ca28b34440a6713114e7c53252956cbb",
    "settings": {
      "fd_thres": 0.2,
      "testing": false
    },
    "software": "mriqc",
    "version": "22.0.6",
    "webapi_port": null,
    "webapi_url": "https://mriqc.nimh.nih.gov/api/v1"
  },
  "size_t": 226,
  "size_x": 146,
  "size_y": 146,
  "size_z": 57,
  "snr": 2.844892521733102,
  "spacing_tr": 1.5,
  "spacing_x": 1.5958904027938843,
  "spacing_y": 1.5958904027938843,
  "spacing_z": 1.5999999046325684,
  "summary_bg_k": 29.67278715990598,
  "summary_bg_mad": 90.81824267620104,
  "summary_bg_mean": 369.8450012207031,
  "summary_bg_median": 185.10931396484375,
  "summary_bg_n": 796652.0,
  "summary_bg_p05": 109.18202667236329,
  "summary_bg_p95": 1371.0330322265622,
  "summary_bg_stdv": 535.3052368164062,
  "summary_fg_k": 0.5032147900642876,
  "summary_fg_mad": 1342.2045663304273,
  "summary_fg_mean": 4542.453125,
  "summary_fg_median": 4321.52685546875,
  "summary_fg_n": 281925.0,
  "summary_fg_p05": 2428.867138671875,
  "summary_fg_p95": 7325.567578125,
  "summary_fg_stdv": 1519.0447998046875,
  "tsnr": 9.149078369140625
}