{
  "aor": 0.00415672,
  "aqi": 0.0251207852,
  "bids_meta": {
    "AcquisitionMatrixPE": 146,
    "CoilString": "RM:Nova32ch",
    "EchoTime": 0.0276,
    "EffectiveEchoSpacing": 0.000354,
    "FlipAngle": 71,
    "InstitutionName": "Stanford CNI",
    "MagneticFieldStrength": 3,
    "Manufacturer": "GE",
    "ManufacturerModelName": "GE Discovery MR750",
    "MultibandAccelerationFactor": 3,
    "PartialFourier": 0.0136986,
    "PhaseEncodingDirection": "j",
    "PulseSequenceType": "Multiband Gradient Echo EPI",
    "ReconMatrixPE": 146,
    "RepetitionTime": 1.5,
    "SliceThickness": 1.6,
    "SoftwareVersions": "DV24.0_R01_1344.a",
    "TaskDescription": "Simultaneous feature discrimination. Subjects performed a speeded reaction time task. The target was predicted by preceeding stimuli (AB+, B-, AC-, C+), where + corresponds to a 70% probability of seeing the target, and - corresponds to a 30% change of seeing the target. A, B and C are house, faces and body parts, counterbalanced across runs.",
    "TaskName": "sim",
    "TotalReadoutTime": 0.05133,
    "dataset": "ds001590",
    "modality": "bold",
    "run_id": 1,
    "subject_id": "23",
    "task_id": "sim"
  },
  "dummy_trs": 5,
  "dvars_nstd": 73.0422655741366,
  "dvars_std": 1.061592864538152,
  "dvars_vstd": 1.0931330981124499,
  "efc": 0.5465594841318335,
  "fber": 878.4051513671875,
  "fd_mean": 0.18354006372666598,
  "fd_num": 63,
  "fd_perc": 25.2,
  "fwhm_avg": 3.106630499332494,
  "fwhm_x": 2.7033811297110795,
  "fwhm_y": 3.432522678505948,
  "fwhm_z": 3.183987689780455,
  "gcor": 0.0307309,
  "gsr_x": -0.0181876290589571,
  "gsr_y": 0.043754734098911285,
  "provenance": {
    "md5sum": "c0dc27a744bc8a14525878a1da4226d6",
    "settings": {
      "fd_thres": 0.2,
      "testing": false
    },
    "software": "mriqc",
    "version": "22.0.6",
    "webapi_port": null,
    "webapi_url": "https://mriqc.nimh.nih.gov/api/v1"
  },
  "size_t": 250,
  "size_x": 146,
  "size_y": 146,
  "size_z": 57,
  "snr": 2.835627269575659,
  "spacing_tr": 1.5,
  "spacing_x": 1.5958904027938843,
  "spacing_y": 1.5958904027938843,
  "spacing_z": 1.5999999046325684,
  "summary_bg_k": 30.209961982956727,
  "summary_bg_mad": 60.17927107398121,
  "summary_bg_mean": 340.6497802734375,
  "summary_bg_median": 152.53680419921875,
  "summary_bg_n": 796179.0,
  "summary_bg_p05": 97.46857223510742,
  "summary_bg_p95": 1353.0068969726556,
  "summary_bg_stdv": 549.052734375,
  "summary_fg_k": 0.5162807111629153,
  "summary_fg_mad": 1462.8078862494503,
  "summary_fg_mean": 4825.94921875,
  "summary_fg_median": 4585.1796875,
  "summary_fg_n": 282252.0,
  "summary_fg_p05": 2649.478625488281,
  "summary_fg_p95": 7773.530810546876,
  "summary_fg_stdv": 1616.9866943359375,
  "tsnr": 14.996345520019531
}