{
  "aor": 0.015441249999999998,
  "aqi": 0.032217198387096774,
  "bids_meta": {
    "AcquisitionMatrixPE": 146,
    "CoilString": "RM:Nova32ch",
    "EchoTime": 0.0276,
    "EffectiveEchoSpacing": 0.000354,
    "FlipAngle": 71,
    "InstitutionName": "Stanford CNI",
    "MagneticFieldStrength": 3,
    "Manufacturer": "GE",
    "ManufacturerModelName": "GE Discovery MR750",
    "MultibandAccelerationFactor": 3,
    "PartialFourier": 0.0136986,
    "PhaseEncodingDirection": "j",
    "PulseSequenceType": "Multiband Gradient Echo EPI",
    "ReconMatrixPE": 146,
    "RepetitionTime": 1.5,
    "SliceThickness": 1.6,
    "SoftwareVersions": "DV24.0_R01_1344.a",
    "TaskDescription": "Simultaneous feature discrimination. Subjects performed a speeded reaction time task. The target was predicted by preceeding stimuli (AB+, B-, AC-, C+), where + corresponds to a 70% probability of seeing the target, and - corresponds to a 30% change of seeing the target. A, B and C are house, faces and body parts, counterbalanced across runs.",
    "TaskName": "sim",
    "TotalReadoutTime": 0.05133,
    "dataset": "ds001590",
    "modality": "bold",
    "run_id": 1,
    "subject_id": "10",
    "task_id": "sim"
  },
  "dummy_trs": 6,
  "dvars_nstd": 79.0713054025102,
  "dvars_std": 1.2544172414979753,
  "dvars_vstd": 1.3555690873279354,
  "efc": 0.5378073250154164,
  "fber": 905.7250366210938,
  "fd_mean": 0.2341270199910916,
  "fd_num": 7,
  "fd_perc": 2.8225806451612905,
  "fwhm_avg": 3.185394393570444,
  "fwhm_x": 2.994767053948672,
  "fwhm_y": 3.283991175600097,
  "fwhm_z": 3.2774249511625624,
  "gcor": 0.163692,
  "gsr_x": -0.011758331209421158,
  "gsr_y": 0.035501766949892044,
  "provenance": {
    "md5sum": "1c842e2204b8cc185d3b1b40b69168a0",
    "settings": {
      "fd_thres": 0.2,
      "testing": false
    },
    "software": "mriqc",
    "version": "22.0.6",
    "webapi_port": null,
    "webapi_url": "https://mriqc.nimh.nih.gov/api/v1"
  },
  "size_t": 248,
  "size_x": 146,
  "size_y": 146,
  "size_z": 57,
  "snr": 2.661738622763025,
  "spacing_tr": 1.5,
  "spacing_x": 1.5958904027938843,
  "spacing_y": 1.5958904027938843,
  "spacing_z": 1.600000023841858,
  "summary_bg_k": 30.65980495410556,
  "summary_bg_mad": 62.58029894504085,
  "summary_bg_mean": 397.9685363769531,
  "summary_bg_median": 153.78575134277344,
  "summary_bg_n": 817573.0,
  "summary_bg_p05": 97.85775909423829,
  "summary_bg_p95": 1669.752929687498,
  "summary_bg_stdv": 722.0261840820312,
  "summary_fg_k": 1.9363758067748797,
  "summary_fg_mad": 1528.9277464189859,
  "summary_fg_mean": 5003.0771484375,
  "summary_fg_median": 4691.3310546875,
  "summary_fg_n": 262555.0,
  "summary_fg_p05": 2783.6679443359376,
  "summary_fg_p95": 8298.827929687499,
  "summary_fg_stdv": 1762.5029296875,
  "tsnr": 9.833026885986328
}