{
  "aor": 0.01776345238095238,
  "aqi": 0.03239655714285714,
  "bids_meta": {
    "AcquisitionMatrixPE": 146,
    "CoilString": "RM:Nova32ch",
    "EchoTime": 0.0276,
    "EffectiveEchoSpacing": 0.000354,
    "FlipAngle": 71,
    "InstitutionName": "Stanford CNI",
    "MagneticFieldStrength": 3,
    "Manufacturer": "GE",
    "ManufacturerModelName": "GE Discovery MR750",
    "MultibandAccelerationFactor": 3,
    "PartialFourier": 0.0136986,
    "PhaseEncodingDirection": "j",
    "PulseSequenceType": "Multiband Gradient Echo EPI",
    "ReconMatrixPE": 146,
    "RepetitionTime": 1.5,
    "SliceThickness": 1.6,
    "SoftwareVersions": "DV24.0_R01_1344.a",
    "TaskDescription": "Simultaneous feature discrimination. Subjects performed a speeded reaction time task. The target was predicted by preceeding stimuli (AB+, B-, AC-, C+), where + corresponds to a 70% probability of seeing the target, and - corresponds to a 30% change of seeing the target. A, B and C are house, faces and body parts, counterbalanced across runs.",
    "TaskName": "sim",
    "TotalReadoutTime": 0.05133,
    "dataset": "ds001590",
    "modality": "bold",
    "run_id": 2,
    "subject_id": "10",
    "task_id": "sim"
  },
  "dummy_trs": 6,
  "dvars_nstd": 79.0167888019123,
  "dvars_std": 1.3706448462948213,
  "dvars_vstd": 1.5032374539840625,
  "efc": 0.5410417127505885,
  "fber": 886.90185546875,
  "fd_mean": 0.24424911262460622,
  "fd_num": 8,
  "fd_perc": 3.1746031746031744,
  "fwhm_avg": 3.16231355239203,
  "fwhm_x": 2.820262589536545,
  "fwhm_y": 3.303240617758668,
  "fwhm_z": 3.3634374498808763,
  "gcor": 0.201322,
  "gsr_x": -0.012953474186360836,
  "gsr_y": 0.054218590259552,
  "provenance": {
    "md5sum": "ae187353a4b9e5f1432d34912276c25d",
    "settings": {
      "fd_thres": 0.2,
      "testing": false
    },
    "software": "mriqc",
    "version": "22.0.6",
    "webapi_port": null,
    "webapi_url": "https://mriqc.nimh.nih.gov/api/v1"
  },
  "size_t": 252,
  "size_x": 146,
  "size_y": 146,
  "size_z": 57,
  "snr": 2.61318815596974,
  "spacing_tr": 1.5,
  "spacing_x": 1.5958904027938843,
  "spacing_y": 1.5958904027938843,
  "spacing_z": 1.600000023841858,
  "summary_bg_k": 28.11640286829169,
  "summary_bg_mad": 61.16451291385758,
  "summary_bg_mean": 399.177734375,
  "summary_bg_median": 153.86395263671875,
  "summary_bg_n": 812825.0,
  "summary_bg_p05": 98.31079406738282,
  "summary_bg_p95": 1724.2227050781244,
  "summary_bg_stdv": 704.6175537109375,
  "summary_fg_k": 1.750807598940468,
  "summary_fg_mad": 1552.5786180640703,
  "summary_fg_mean": 4955.95947265625,
  "summary_fg_median": 4662.0595703125,
  "summary_fg_n": 265830.0,
  "summary_fg_p05": 2676.156604003906,
  "summary_fg_p95": 8237.403857421872,
  "summary_fg_stdv": 1784.047119140625,
  "tsnr": 9.16748046875
}