{
  "aor": 0.053207608695652164,
  "aqi": 0.07475014347826088,
  "bids_meta": {
    "AcquisitionMatrixPE": 146,
    "CoilString": "RM:Nova32ch",
    "EchoTime": 0.0276,
    "EffectiveEchoSpacing": 0.000354,
    "FlipAngle": 71,
    "InstitutionName": "Stanford CNI",
    "MagneticFieldStrength": 3,
    "Manufacturer": "GE",
    "ManufacturerModelName": "GE Discovery MR750",
    "MultibandAccelerationFactor": 3,
    "PartialFourier": 0.0136986,
    "PhaseEncodingDirection": "j",
    "PulseSequenceType": "Multiband Gradient Echo EPI",
    "ReconMatrixPE": 146,
    "RepetitionTime": 1.5,
    "SliceThickness": 1.6,
    "SoftwareVersions": "DV24.0_R01_1344.a",
    "TaskDescription": "Subjects performed a visual localizer task. Stimuli were presented in miniblocks at a rate of 4 HZ. Subjects were instructed to maintain fixation on a central cross and to respond to oddball frames in which a blank display, rather than a face/object/place/character was presented. Due to an error, these responses were not recorded.",
    "TaskName": "sim",
    "TotalReadoutTime": 0.05133,
    "dataset": "ds001590",
    "modality": "bold",
    "run_id": 1,
    "subject_id": "10",
    "task_id": "loc"
  },
  "dummy_trs": 6,
  "dvars_nstd": 104.38568138541488,
  "dvars_std": 2.0999782904803492,
  "dvars_vstd": 2.3551094826637553,
  "efc": 0.5655275860374168,
  "fber": 408.2384338378906,
  "fd_mean": 0.5646205859487753,
  "fd_num": 17,
  "fd_perc": 7.391304347826087,
  "fwhm_avg": 3.1420682687366592,
  "fwhm_x": 2.8512734909827593,
  "fwhm_y": 3.3288376135977837,
  "fwhm_z": 3.2460937016294342,
  "gcor": 0.585492,
  "gsr_x": -0.023697173222899437,
  "gsr_y": 0.07307479530572891,
  "provenance": {
    "md5sum": "e5f9af298e3e51a104e3c4644050c54b",
    "settings": {
      "fd_thres": 0.2,
      "testing": false
    },
    "software": "mriqc",
    "version": "22.0.6",
    "webapi_port": null,
    "webapi_url": "https://mriqc.nimh.nih.gov/api/v1"
  },
  "size_t": 230,
  "size_x": 146,
  "size_y": 146,
  "size_z": 57,
  "snr": 2.6207929015730254,
  "spacing_tr": 1.5,
  "spacing_x": 1.5958904027938843,
  "spacing_y": 1.5958904027938843,
  "spacing_z": 1.600000023841858,
  "summary_bg_k": 25.120889791616584,
  "summary_bg_mad": 120.36716140219293,
  "summary_bg_mean": 433.8695068359375,
  "summary_bg_median": 209.93545532226562,
  "summary_bg_n": 804592.0,
  "summary_bg_p05": 116.2377716064453,
  "summary_bg_p95": 1648.5386108398436,
  "summary_bg_stdv": 631.08154296875,
  "summary_fg_k": 1.700676364569932,
  "summary_fg_mad": 1480.1191493603508,
  "summary_fg_mean": 4667.623046875,
  "summary_fg_median": 4394.1064453125,
  "summary_fg_n": 273621.0,
  "summary_fg_p05": 2507.3681640625,
  "summary_fg_p95": 7749.09619140625,
  "summary_fg_stdv": 1676.62939453125,
  "tsnr": 4.6356306076049805
}