{
  "aor": 0.05252978260869565,
  "aqi": 0.06977069782608696,
  "bids_meta": {
    "AcquisitionMatrixPE": 146,
    "CoilString": "RM:Nova32ch",
    "EchoTime": 0.0276,
    "EffectiveEchoSpacing": 0.000354,
    "FlipAngle": 71,
    "InstitutionName": "Stanford CNI",
    "MagneticFieldStrength": 3,
    "Manufacturer": "GE",
    "ManufacturerModelName": "GE Discovery MR750",
    "MultibandAccelerationFactor": 3,
    "PartialFourier": 0.0136986,
    "PhaseEncodingDirection": "j",
    "PulseSequenceType": "Multiband Gradient Echo EPI",
    "ReconMatrixPE": 146,
    "RepetitionTime": 1.5,
    "SliceThickness": 1.6,
    "SoftwareVersions": "DV24.0_R01_1344.a",
    "TaskDescription": "Subjects performed a visual localizer task. Stimuli were presented in miniblocks at a rate of 4 HZ. Subjects were instructed to maintain fixation on a central cross and to respond to oddball frames in which a blank display, rather than a face/object/place/character was presented. Due to an error, these responses were not recorded.",
    "TaskName": "sim",
    "TotalReadoutTime": 0.05133,
    "dataset": "ds001590",
    "modality": "bold",
    "run_id": 2,
    "subject_id": "10",
    "task_id": "loc"
  },
  "dummy_trs": 5,
  "dvars_nstd": 98.6317021063319,
  "dvars_std": 2.1128010285152854,
  "dvars_vstd": 2.401134301441048,
  "efc": 0.5420682204557784,
  "fber": 908.5045776367188,
  "fd_mean": 0.6081926120887342,
  "fd_num": 22,
  "fd_perc": 9.565217391304348,
  "fwhm_avg": 3.1541379302990262,
  "fwhm_x": 2.803381731081079,
  "fwhm_y": 3.350931862637863,
  "fwhm_z": 3.308100197178137,
  "gcor": 0.538399,
  "gsr_x": -0.009400536306202412,
  "gsr_y": 0.047145046293735504,
  "provenance": {
    "md5sum": "5d3890875b80d58f2ab5b26a467e1500",
    "settings": {
      "fd_thres": 0.2,
      "testing": false
    },
    "software": "mriqc",
    "version": "22.0.6",
    "webapi_port": null,
    "webapi_url": "https://mriqc.nimh.nih.gov/api/v1"
  },
  "size_t": 230,
  "size_x": 146,
  "size_y": 146,
  "size_z": 57,
  "snr": 2.6507991836090605,
  "spacing_tr": 1.5,
  "spacing_x": 1.5958904027938843,
  "spacing_y": 1.5958904027938843,
  "spacing_z": 1.5999999046325684,
  "summary_bg_k": 55.261484473301856,
  "summary_bg_mad": 56.26008373287581,
  "summary_bg_mean": 341.0373229980469,
  "summary_bg_median": 140.8606414794922,
  "summary_bg_n": 801328.0,
  "summary_bg_p05": 90.24292640686035,
  "summary_bg_p95": 1437.4238891601558,
  "summary_bg_stdv": 606.3812255859375,
  "summary_fg_k": 1.8096693881089303,
  "summary_fg_mad": 1400.1791633839885,
  "summary_fg_mean": 4611.8134765625,
  "summary_fg_median": 4332.990234375,
  "summary_fg_n": 275367.0,
  "summary_fg_p05": 2533.835546875,
  "summary_fg_p95": 7693.084667968747,
  "summary_fg_stdv": 1634.5947265625,
  "tsnr": 5.063945770263672
}