{
  "aor": 0.05177697872340424,
  "aqi": 0.0717328085106383,
  "bids_meta": {
    "AcquisitionMatrixPE": 146,
    "CoilString": "RM:Nova32ch",
    "EchoTime": 0.0276,
    "EffectiveEchoSpacing": 0.000354,
    "FlipAngle": 71,
    "InstitutionName": "Stanford CNI",
    "MagneticFieldStrength": 3,
    "Manufacturer": "GE",
    "ManufacturerModelName": "GE Discovery MR750",
    "MultibandAccelerationFactor": 3,
    "PartialFourier": 0.0136986,
    "PhaseEncodingDirection": "j",
    "PulseSequenceType": "Multiband Gradient Echo EPI",
    "ReconMatrixPE": 146,
    "RepetitionTime": 1.5,
    "SliceThickness": 1.6,
    "SoftwareVersions": "DV24.0_R01_1344.a",
    "TaskDescription": "Subjects performed a visual localizer task. Stimuli were presented in miniblocks at a rate of 4 HZ. Subjects were instructed to maintain fixation on a central cross and to respond to oddball frames in which a blank display, rather than a face/object/place/character was presented. Due to an error, these responses were not recorded.",
    "TaskName": "sim",
    "TotalReadoutTime": 0.05133,
    "dataset": "ds001590",
    "modality": "bold",
    "run_id": 2,
    "subject_id": "26",
    "task_id": "loc"
  },
  "dummy_trs": 7,
  "dvars_nstd": 89.69602156094015,
  "dvars_std": 2.034011431324786,
  "dvars_vstd": 2.360847565042735,
  "efc": 0.5203723449023837,
  "fber": 1224.9825439453125,
  "fd_mean": 0.4611042629323074,
  "fd_num": 33,
  "fd_perc": 14.042553191489361,
  "fwhm_avg": 3.1492928702478284,
  "fwhm_x": 2.960955208282119,
  "fwhm_y": 3.2795234502553505,
  "fwhm_z": 3.2073999522060164,
  "gcor": 0.543356,
  "gsr_x": -0.013816340826451778,
  "gsr_y": 0.02665056474506855,
  "provenance": {
    "md5sum": "54e3c442809978599defb6728f734355",
    "settings": {
      "fd_thres": 0.2,
      "testing": false
    },
    "software": "mriqc",
    "version": "22.0.6",
    "webapi_port": null,
    "webapi_url": "https://mriqc.nimh.nih.gov/api/v1"
  },
  "size_t": 235,
  "size_x": 146,
  "size_y": 146,
  "size_z": 57,
  "snr": 2.8692153466546078,
  "spacing_tr": 1.5,
  "spacing_x": 1.5958904027938843,
  "spacing_y": 1.5958904027938843,
  "spacing_z": 1.600000023841858,
  "summary_bg_k": 48.93410506447125,
  "summary_bg_mad": 50.89156087496025,
  "summary_bg_mean": 336.01806640625,
  "summary_bg_median": 135.22073364257812,
  "summary_bg_n": 828237.0,
  "summary_bg_p05": 89.92811737060546,
  "summary_bg_p95": 1263.0962890624978,
  "summary_bg_stdv": 646.8578491210938,
  "summary_fg_k": 1.6305410856223537,
  "summary_fg_mad": 1461.546805651483,
  "summary_fg_mean": 5078.34619140625,
  "summary_fg_median": 4787.416015625,
  "summary_fg_n": 255333.0,
  "summary_fg_p05": 3002.736376953125,
  "summary_fg_p95": 8174.12509765625,
  "summary_fg_stdv": 1668.5421142578125,
  "tsnr": 5.122979164123535
}