{
  "aor": 0.01870794466403162,
  "aqi": 0.036290046245059285,
  "bids_meta": {
    "AcquisitionMatrixPE": 146,
    "CoilString": "RM:Nova32ch",
    "EchoTime": 0.0276,
    "EffectiveEchoSpacing": 0.000354,
    "FlipAngle": 71,
    "InstitutionName": "Stanford CNI",
    "MagneticFieldStrength": 3,
    "Manufacturer": "GE",
    "ManufacturerModelName": "GE Discovery MR750",
    "MultibandAccelerationFactor": 3,
    "PartialFourier": 0.0136986,
    "PhaseEncodingDirection": "j",
    "PulseSequenceType": "Multiband Gradient Echo EPI",
    "ReconMatrixPE": 146,
    "RepetitionTime": 1.5,
    "SliceThickness": 1.6,
    "SoftwareVersions": "DV24.0_R01_1344.a",
    "TaskDescription": "Subjects performed a visual localizer task. Stimuli were presented in miniblocks at a rate of 4 HZ. Subjects were instructed to maintain fixation on a central cross and to respond to oddball frames in which a blank display, rather than a face/object/place/character was presented. Due to an error, these responses were not recorded.",
    "TaskName": "sim",
    "TotalReadoutTime": 0.05133,
    "dataset": "ds001590",
    "modality": "bold",
    "run_id": 1,
    "subject_id": "26",
    "task_id": "loc"
  },
  "dummy_trs": 5,
  "dvars_nstd": 76.64083108448413,
  "dvars_std": 1.3309317609126983,
  "dvars_vstd": 1.4400337471825402,
  "efc": 0.5202493827738344,
  "fber": 1230.096435546875,
  "fd_mean": 0.34141063746334566,
  "fd_num": 58,
  "fd_perc": 22.92490118577075,
  "fwhm_avg": 3.1416912035677917,
  "fwhm_x": 2.9532353799164417,
  "fwhm_y": 3.2682632785239205,
  "fwhm_z": 3.2035749522630135,
  "gcor": 0.206124,
  "gsr_x": -0.012787665240466595,
  "gsr_y": 0.025870421901345253,
  "provenance": {
    "md5sum": "f7e76e74420a74dd9d77fa05bc616db2",
    "settings": {
      "fd_thres": 0.2,
      "testing": false
    },
    "software": "mriqc",
    "version": "22.0.6",
    "webapi_port": null,
    "webapi_url": "https://mriqc.nimh.nih.gov/api/v1"
  },
  "size_t": 253,
  "size_x": 146,
  "size_y": 146,
  "size_z": 57,
  "snr": 2.8608698635572107,
  "spacing_tr": 1.5,
  "spacing_x": 1.5958904027938843,
  "spacing_y": 1.5958904027938843,
  "spacing_z": 1.600000023841858,
  "summary_bg_k": 49.0009697453717,
  "summary_bg_mad": 50.727218165360426,
  "summary_bg_mean": 344.1419982910156,
  "summary_bg_median": 137.9825897216797,
  "summary_bg_n": 828100.0,
  "summary_bg_p05": 92.57766914367676,
  "summary_bg_p95": 1300.7718139648437,
  "summary_bg_stdv": 666.628173828125,
  "summary_fg_k": 1.6754156307229833,
  "summary_fg_mad": 1499.604364845359,
  "summary_fg_mean": 5212.6611328125,
  "summary_fg_median": 4912.56005859375,
  "summary_fg_n": 255343.0,
  "summary_fg_p05": 3075.693017578125,
  "summary_fg_p95": 8398.96826171875,
  "summary_fg_stdv": 1717.1527099609375,
  "tsnr": 9.586282730102539
}