{
  "aor": 0.04576287937743191,
  "aqi": 0.060370530350194546,
  "bids_meta": {
    "AcquisitionMatrixPE": 146,
    "CoilString": "RM:Nova32ch",
    "EchoTime": 0.0276,
    "EffectiveEchoSpacing": 0.000354,
    "FlipAngle": 71,
    "InstitutionName": "Stanford CNI",
    "MagneticFieldStrength": 3,
    "Manufacturer": "GE",
    "ManufacturerModelName": "GE Discovery MR750",
    "MultibandAccelerationFactor": 3,
    "PartialFourier": 0.0136986,
    "PhaseEncodingDirection": "j",
    "PulseSequenceType": "Multiband Gradient Echo EPI",
    "ReconMatrixPE": 146,
    "RepetitionTime": 1.5,
    "SliceThickness": 1.6,
    "SoftwareVersions": "DV24.0_R01_1344.a",
    "TaskDescription": "Simultaneous feature discrimination. Subjects performed a speeded reaction time task. The target was predicted by preceeding stimuli (AB+, B-, AC-, C+), where + corresponds to a 70% probability of seeing the target, and - corresponds to a 30% change of seeing the target. A, B and C are house, faces and body parts, counterbalanced across runs.",
    "TaskName": "sim",
    "TotalReadoutTime": 0.05133,
    "dataset": "ds001590",
    "modality": "bold",
    "run_id": 1,
    "subject_id": "26",
    "task_id": "sim"
  },
  "dummy_trs": 5,
  "dvars_nstd": 91.30990761511714,
  "dvars_std": 2.028360928984375,
  "dvars_vstd": 2.2691667415234376,
  "efc": 0.5197157037386623,
  "fber": 1189.1893310546875,
  "fd_mean": 0.6010597148643704,
  "fd_num": 20,
  "fd_perc": 7.782101167315175,
  "fwhm_avg": 3.150445462981066,
  "fwhm_x": 2.954494864901426,
  "fwhm_y": 3.2500790724223014,
  "fwhm_z": 3.2467624516194693,
  "gcor": 0.493914,
  "gsr_x": -0.014722093008458614,
  "gsr_y": 0.027332300320267677,
  "provenance": {
    "md5sum": "80b2685694af8eff72da7baf1c7974d2",
    "settings": {
      "fd_thres": 0.2,
      "testing": false
    },
    "software": "mriqc",
    "version": "22.0.6",
    "webapi_port": null,
    "webapi_url": "https://mriqc.nimh.nih.gov/api/v1"
  },
  "size_t": 257,
  "size_x": 146,
  "size_y": 146,
  "size_z": 57,
  "snr": 2.8834366909765365,
  "spacing_tr": 1.5,
  "spacing_x": 1.5958904027938843,
  "spacing_y": 1.5958904027938843,
  "spacing_z": 1.600000023841858,
  "summary_bg_k": 48.161630090473096,
  "summary_bg_mad": 55.133059685450476,
  "summary_bg_mean": 334.9671325683594,
  "summary_bg_median": 140.02476501464844,
  "summary_bg_n": 826849.0,
  "summary_bg_p05": 91.38299865722657,
  "summary_bg_p95": 1241.2744140624986,
  "summary_bg_stdv": 637.8544921875,
  "summary_fg_k": 1.7071215933147936,
  "summary_fg_mad": 1476.463318694602,
  "summary_fg_mean": 5189.61279296875,
  "summary_fg_median": 4898.43310546875,
  "summary_fg_n": 256943.0,
  "summary_fg_p05": 3056.2789306640625,
  "summary_fg_p95": 8334.181640625,
  "summary_fg_stdv": 1698.8143310546875,
  "tsnr": 5.648177146911621
}