{
  "aor": 0.009984511278195487,
  "aqi": 0.02368106917293233,
  "bids_meta": {
    "AcquisitionMatrixPE": 146,
    "CoilString": "RM:Nova32ch",
    "EchoTime": 0.0276,
    "EffectiveEchoSpacing": 0.000354,
    "FlipAngle": 71,
    "InstitutionName": "Stanford CNI",
    "MagneticFieldStrength": 3,
    "Manufacturer": "GE",
    "ManufacturerModelName": "GE Discovery MR750",
    "MultibandAccelerationFactor": 3,
    "PartialFourier": 0.0136986,
    "PhaseEncodingDirection": "j",
    "PulseSequenceType": "Multiband Gradient Echo EPI",
    "ReconMatrixPE": 146,
    "RepetitionTime": 1.5,
    "SliceThickness": 1.6,
    "SoftwareVersions": "DV24.0_R01_1344.a",
    "TaskDescription": "Simultaneous feature discrimination. Subjects performed a speeded reaction time task. The target was predicted by preceeding stimuli (AB+, B-, AC-, C+), where + corresponds to a 70% probability of seeing the target, and - corresponds to a 30% change of seeing the target. A, B and C are house, faces and body parts, counterbalanced across runs.",
    "TaskName": "sim",
    "TotalReadoutTime": 0.05133,
    "dataset": "ds001590",
    "modality": "bold",
    "run_id": 3,
    "subject_id": "21",
    "task_id": "sim"
  },
  "dummy_trs": 6,
  "dvars_nstd": 71.0223065502264,
  "dvars_std": 1.155494422716981,
  "dvars_vstd": 1.2044933829811333,
  "efc": 0.49115876906130745,
  "fber": 880.70068359375,
  "fd_mean": 0.21080700002223124,
  "fd_num": 8,
  "fd_perc": 3.007518796992481,
  "fwhm_avg": 3.31627415836916,
  "fwhm_x": 3.0423455091277187,
  "fwhm_y": 3.4730455113313,
  "fwhm_z": 3.4334314546484626,
  "gcor": 0.130364,
  "gsr_x": -0.009098107926547527,
  "gsr_y": 0.036769114434719086,
  "provenance": {
    "md5sum": "a160d9a82f49f1c3d5c8cff10cc9980a",
    "settings": {
      "fd_thres": 0.2,
      "testing": false
    },
    "software": "mriqc",
    "version": "22.0.6",
    "webapi_port": null,
    "webapi_url": "https://mriqc.nimh.nih.gov/api/v1"
  },
  "size_t": 266,
  "size_x": 146,
  "size_y": 146,
  "size_z": 57,
  "snr": 2.77510637098366,
  "spacing_tr": 1.5,
  "spacing_x": 1.5958904027938843,
  "spacing_y": 1.5958904027938843,
  "spacing_z": 1.5999999046325684,
  "summary_bg_k": 78.99997295957536,
  "summary_bg_mad": 127.69046212030867,
  "summary_bg_mean": 617.1624145507812,
  "summary_bg_median": 311.34039306640625,
  "summary_bg_n": 884052.0,
  "summary_bg_p05": 196.28796157836913,
  "summary_bg_p95": 2157.8999877929677,
  "summary_bg_stdv": 916.1910400390625,
  "summary_fg_k": 1.273349169083155,
  "summary_fg_mad": 2998.382005211454,
  "summary_fg_mean": 9808.8515625,
  "summary_fg_median": 9376.177734375,
  "summary_fg_n": 205087.0,
  "summary_fg_p05": 5163.172314453125,
  "summary_fg_p95": 15953.369140624993,
  "summary_fg_stdv": 3378.6650390625,
  "tsnr": 11.98750114440918
}