{
  "aor": 0.005142824074074074,
  "aqi": 0.019797825,
  "bids_meta": {
    "AcquisitionMatrixPE": 146,
    "CoilString": "RM:Nova32ch",
    "EchoTime": 0.0276,
    "EffectiveEchoSpacing": 0.000354,
    "FlipAngle": 71,
    "InstitutionName": "Stanford CNI",
    "MagneticFieldStrength": 3,
    "Manufacturer": "GE",
    "ManufacturerModelName": "GE Discovery MR750",
    "MultibandAccelerationFactor": 3,
    "PartialFourier": 0.0136986,
    "PhaseEncodingDirection": "j",
    "PulseSequenceType": "Multiband Gradient Echo EPI",
    "ReconMatrixPE": 146,
    "RepetitionTime": 1.5,
    "SliceThickness": 1.6,
    "SoftwareVersions": "DV24.0_R01_1344.a",
    "TaskDescription": "Subjects performed a visual localizer task. Stimuli were presented in miniblocks at a rate of 4 HZ. Subjects were instructed to maintain fixation on a central cross and to respond to oddball frames in which a blank display, rather than a face/object/place/character was presented. Due to an error, these responses were not recorded.",
    "TaskName": "sim",
    "TotalReadoutTime": 0.05133,
    "dataset": "ds001590",
    "modality": "bold",
    "run_id": 2,
    "subject_id": "21",
    "task_id": "loc"
  },
  "dummy_trs": 5,
  "dvars_nstd": 67.11202580651164,
  "dvars_std": 1.0623996337209303,
  "dvars_vstd": 1.0664444822790702,
  "efc": 0.490998750719166,
  "fber": 918.66357421875,
  "fd_mean": 0.0955485445248965,
  "fd_num": 8,
  "fd_perc": 3.7037037037037037,
  "fwhm_avg": 3.2858668433106213,
  "fwhm_x": 3.054470401893616,
  "fwhm_y": 3.4183111762873155,
  "fwhm_z": 3.384818951750931,
  "gcor": 0.0368867,
  "gsr_x": -0.005956833716481924,
  "gsr_y": 0.03190569579601288,
  "provenance": {
    "md5sum": "14445750a65213d1d305a57ea93dbb85",
    "settings": {
      "fd_thres": 0.2,
      "testing": false
    },
    "software": "mriqc",
    "version": "22.0.6",
    "webapi_port": null,
    "webapi_url": "https://mriqc.nimh.nih.gov/api/v1"
  },
  "size_t": 216,
  "size_x": 146,
  "size_y": 146,
  "size_z": 57,
  "snr": 2.8246222127379936,
  "spacing_tr": 1.5,
  "spacing_x": 1.5958904027938843,
  "spacing_y": 1.5958904027938843,
  "spacing_z": 1.5999999046325684,
  "summary_bg_k": 72.96908674564561,
  "summary_bg_mad": 120.56653538522043,
  "summary_bg_mean": 617.0387573242188,
  "summary_bg_median": 304.60809326171875,
  "summary_bg_n": 884766.0,
  "summary_bg_p05": 193.97882843017578,
  "summary_bg_p95": 2186.50927734375,
  "summary_bg_stdv": 945.8355712890625,
  "summary_fg_k": 1.3216103092788245,
  "summary_fg_mad": 2916.140293769399,
  "summary_fg_mean": 9772.7734375,
  "summary_fg_median": 9332.544921875,
  "summary_fg_n": 204805.0,
  "summary_fg_p05": 5215.1623046875,
  "summary_fg_p95": 15765.850390624995,
  "summary_fg_stdv": 3303.989501953125,
  "tsnr": 15.461774826049805
}