{
  "aor": 0.004056086956521739,
  "aqi": 0.019309227272727273,
  "bids_meta": {
    "AcquisitionMatrixPE": 146,
    "CoilString": "RM:Nova32ch",
    "EchoTime": 0.0276,
    "EffectiveEchoSpacing": 0.000354,
    "FlipAngle": 71,
    "InstitutionName": "Stanford CNI",
    "MagneticFieldStrength": 3,
    "Manufacturer": "GE",
    "ManufacturerModelName": "GE Discovery MR750",
    "MultibandAccelerationFactor": 3,
    "PartialFourier": 0.0136986,
    "PhaseEncodingDirection": "j",
    "PulseSequenceType": "Multiband Gradient Echo EPI",
    "ReconMatrixPE": 146,
    "RepetitionTime": 1.5,
    "SliceThickness": 1.6,
    "SoftwareVersions": "DV24.0_R01_1344.a",
    "TaskDescription": "Simultaneous feature discrimination. Subjects performed a speeded reaction time task. The target was predicted by preceeding stimuli (AB+, B-, AC-, C+), where + corresponds to a 70% probability of seeing the target, and - corresponds to a 30% change of seeing the target. A, B and C are house, faces and body parts, counterbalanced across runs.",
    "TaskName": "sim",
    "TotalReadoutTime": 0.05133,
    "dataset": "ds001590",
    "modality": "bold",
    "run_id": 1,
    "subject_id": "21",
    "task_id": "sim"
  },
  "dummy_trs": 6,
  "dvars_nstd": 65.08728572293653,
  "dvars_std": 1.0587441049603175,
  "dvars_vstd": 1.0674293962301586,
  "efc": 0.4858402222550148,
  "fber": 1037.4342041015625,
  "fd_mean": 0.07644436673982449,
  "fd_num": 2,
  "fd_perc": 0.7905138339920948,
  "fwhm_avg": 3.276576120541339,
  "fwhm_x": 3.0548964963163967,
  "fwhm_y": 3.4043879144135047,
  "fwhm_z": 3.3704439508941144,
  "gcor": 0.0339753,
  "gsr_x": -0.008846226148307323,
  "gsr_y": 0.030552227050065994,
  "provenance": {
    "md5sum": "5da6c3f018de380da22ce65faf890bda",
    "settings": {
      "fd_thres": 0.2,
      "testing": false
    },
    "software": "mriqc",
    "version": "22.0.6",
    "webapi_port": null,
    "webapi_url": "https://mriqc.nimh.nih.gov/api/v1"
  },
  "size_t": 253,
  "size_x": 146,
  "size_y": 146,
  "size_z": 57,
  "snr": 2.8227791444826957,
  "spacing_tr": 1.5,
  "spacing_x": 1.5958904027938843,
  "spacing_y": 1.5958904027938843,
  "spacing_z": 1.5999999046325684,
  "summary_bg_k": 92.33876808998171,
  "summary_bg_mad": 110.26311054987036,
  "summary_bg_mean": 601.6683349609375,
  "summary_bg_median": 292.953369140625,
  "summary_bg_n": 885900.0,
  "summary_bg_p05": 190.1762481689453,
  "summary_bg_p95": 2119.070434570307,
  "summary_bg_stdv": 949.4776611328125,
  "summary_fg_k": 1.3809800534317764,
  "summary_fg_mad": 2938.674689207701,
  "summary_fg_mean": 10046.15234375,
  "summary_fg_median": 9563.701171875,
  "summary_fg_n": 204044.0,
  "summary_fg_p05": 5473.024194335938,
  "summary_fg_p95": 16295.566113281238,
  "summary_fg_stdv": 3388.0361328125,
  "tsnr": 15.845775604248047
}