{
  "aor": 0.03488453531598514,
  "aqi": 0.047545987732342004,
  "bids_meta": {
    "AcquisitionMatrixPE": 146,
    "CoilString": "RM:Nova32ch",
    "EchoTime": 0.0276,
    "EffectiveEchoSpacing": 0.000354,
    "FlipAngle": 71,
    "InstitutionName": "Stanford CNI",
    "MagneticFieldStrength": 3,
    "Manufacturer": "GE",
    "ManufacturerModelName": "GE Discovery MR750",
    "MultibandAccelerationFactor": 3,
    "PartialFourier": 0.0136986,
    "PhaseEncodingDirection": "j",
    "PulseSequenceType": "Multiband Gradient Echo EPI",
    "ReconMatrixPE": 146,
    "RepetitionTime": 1.5,
    "SliceThickness": 1.6,
    "SoftwareVersions": "DV24.0_R01_1344.a",
    "TaskDescription": "Simultaneous feature discrimination. Subjects performed a speeded reaction time task. The target was predicted by preceeding stimuli (AB+, B-, AC-, C+), where + corresponds to a 70% probability of seeing the target, and - corresponds to a 30% change of seeing the target. A, B and C are house, faces and body parts, counterbalanced across runs.",
    "TaskName": "sim",
    "TotalReadoutTime": 0.05133,
    "dataset": "ds001590",
    "modality": "bold",
    "run_id": 1,
    "subject_id": "27",
    "task_id": "sim"
  },
  "dummy_trs": 5,
  "dvars_nstd": 83.88347713977616,
  "dvars_std": 1.7511578573134325,
  "dvars_vstd": 1.952495407985075,
  "efc": 0.525647922942233,
  "fber": 1320.661865234375,
  "fd_mean": 0.3651980994307388,
  "fd_num": 13,
  "fd_perc": 4.83271375464684,
  "fwhm_avg": 3.218272486366141,
  "fwhm_x": 3.065329543580076,
  "fwhm_y": 3.3071694589804856,
  "fwhm_z": 3.282318456537862,
  "gcor": 0.391286,
  "gsr_x": -0.04014327749609947,
  "gsr_y": 0.06576284766197205,
  "provenance": {
    "md5sum": "fda8f1326715a2d906146639ff2de72f",
    "settings": {
      "fd_thres": 0.2,
      "testing": false
    },
    "software": "mriqc",
    "version": "22.0.6",
    "webapi_port": null,
    "webapi_url": "https://mriqc.nimh.nih.gov/api/v1"
  },
  "size_t": 269,
  "size_x": 146,
  "size_y": 146,
  "size_z": 57,
  "snr": 2.8613831843773907,
  "spacing_tr": 1.5,
  "spacing_x": 1.5958904027938843,
  "spacing_y": 1.5958904027938843,
  "spacing_z": 1.6000001430511475,
  "summary_bg_k": 43.38856459535695,
  "summary_bg_mad": 42.47585451830696,
  "summary_bg_mean": 291.8092041015625,
  "summary_bg_median": 128.65196228027344,
  "summary_bg_n": 810105.0,
  "summary_bg_p05": 91.22974395751953,
  "summary_bg_p95": 1102.9777099609362,
  "summary_bg_stdv": 484.06744384765625,
  "summary_fg_k": 2.2898854641210997,
  "summary_fg_mad": 1485.7549200005199,
  "summary_fg_mean": 5059.13037109375,
  "summary_fg_median": 4757.3212890625,
  "summary_fg_n": 272479.0,
  "summary_fg_p05": 2958.7026611328124,
  "summary_fg_p95": 8062.1654785156215,
  "summary_fg_stdv": 1662.5919189453125,
  "tsnr": 6.656924724578857
}