{
  "aor": 0.00038944223107569725,
  "aqi": 0.014501393227091633,
  "bids_meta": {
    "AcquisitionMatrixPE": 146,
    "CoilString": "RM:Nova32ch",
    "EchoTime": 0.0276,
    "EffectiveEchoSpacing": 0.000354,
    "FlipAngle": 71,
    "InstitutionName": "Stanford CNI",
    "MagneticFieldStrength": 3,
    "Manufacturer": "GE",
    "ManufacturerModelName": "GE Discovery MR750",
    "MultibandAccelerationFactor": 3,
    "PartialFourier": 0.0136986,
    "PhaseEncodingDirection": "j",
    "PulseSequenceType": "Multiband Gradient Echo EPI",
    "ReconMatrixPE": 146,
    "RepetitionTime": 1.5,
    "SliceThickness": 1.6,
    "SoftwareVersions": "DV24.0_R01_1344.a",
    "TaskDescription": "Simultaneous feature discrimination. Subjects performed a speeded reaction time task. The target was predicted by preceeding stimuli (AB+, B-, AC-, C+), where + corresponds to a 70% probability of seeing the target, and - corresponds to a 30% change of seeing the target. A, B and C are house, faces and body parts, counterbalanced across runs.",
    "TaskName": "sim",
    "TotalReadoutTime": 0.05133,
    "dataset": "ds001590",
    "modality": "bold",
    "run_id": 2,
    "subject_id": "27",
    "task_id": "sim"
  },
  "dummy_trs": 6,
  "dvars_nstd": 60.81672851523998,
  "dvars_std": 1.0115274320399996,
  "dvars_vstd": 0.9976447124799996,
  "efc": 0.5239067235544179,
  "fber": 1308.22900390625,
  "fd_mean": 0.0719019750420747,
  "fd_num": 4,
  "fd_perc": 1.593625498007968,
  "fwhm_avg": 3.2503769365777324,
  "fwhm_x": 3.0885078269604644,
  "fwhm_y": 3.350023278942227,
  "fwhm_z": 3.312599703830507,
  "gcor": 0.00143489,
  "gsr_x": -0.03971695899963379,
  "gsr_y": 0.06713499128818512,
  "provenance": {
    "md5sum": "06cbc949d481a87b64af0fe8ae424602",
    "settings": {
      "fd_thres": 0.2,
      "testing": false
    },
    "software": "mriqc",
    "version": "22.0.6",
    "webapi_port": null,
    "webapi_url": "https://mriqc.nimh.nih.gov/api/v1"
  },
  "size_t": 251,
  "size_x": 146,
  "size_y": 146,
  "size_z": 57,
  "snr": 2.7941065719839537,
  "spacing_tr": 1.5,
  "spacing_x": 1.5958904027938843,
  "spacing_y": 1.5958904027938843,
  "spacing_z": 1.6000001430511475,
  "summary_bg_k": 42.62618639314078,
  "summary_bg_mad": 42.37744571016335,
  "summary_bg_mean": 301.7802429199219,
  "summary_bg_median": 131.18389892578125,
  "summary_bg_n": 811882.0,
  "summary_bg_p05": 93.50010032653809,
  "summary_bg_p95": 1160.788769531247,
  "summary_bg_stdv": 508.9320373535156,
  "summary_fg_k": 2.4723022231607104,
  "summary_fg_mad": 1513.938116762552,
  "summary_fg_mean": 5129.908203125,
  "summary_fg_median": 4809.47021484375,
  "summary_fg_n": 270655.0,
  "summary_fg_p05": 2978.27919921875,
  "summary_fg_p95": 8271.53271484375,
  "summary_fg_stdv": 1721.2877197265625,
  "tsnr": 21.091760635375977
}