{
  "aor": 0.04690242424242423,
  "aqi": 0.06355135151515151,
  "bids_meta": {
    "AcquisitionMatrixPE": 146,
    "CoilString": "RM:Nova32ch",
    "EchoTime": 0.0276,
    "EffectiveEchoSpacing": 0.000354,
    "FlipAngle": 71,
    "InstitutionName": "Stanford CNI",
    "MagneticFieldStrength": 3,
    "Manufacturer": "GE",
    "ManufacturerModelName": "GE Discovery MR750",
    "MultibandAccelerationFactor": 3,
    "PartialFourier": 0.0136986,
    "PhaseEncodingDirection": "j",
    "PulseSequenceType": "Multiband Gradient Echo EPI",
    "ReconMatrixPE": 146,
    "RepetitionTime": 1.5,
    "SliceThickness": 1.6,
    "SoftwareVersions": "DV24.0_R01_1344.a",
    "TaskDescription": "Subjects performed a visual localizer task. Stimuli were presented in miniblocks at a rate of 4 HZ. Subjects were instructed to maintain fixation on a central cross and to respond to oddball frames in which a blank display, rather than a face/object/place/character was presented. Due to an error, these responses were not recorded.",
    "TaskName": "sim",
    "TotalReadoutTime": 0.05133,
    "dataset": "ds001590",
    "modality": "bold",
    "run_id": 2,
    "subject_id": "27",
    "task_id": "loc"
  },
  "dummy_trs": 6,
  "dvars_nstd": 91.03390569239129,
  "dvars_std": 1.7815678147826084,
  "dvars_vstd": 2.0346682596086954,
  "efc": 0.5257810660441413,
  "fber": 1282.0406494140625,
  "fd_mean": 0.43153557158685213,
  "fd_num": 18,
  "fd_perc": 7.792207792207792,
  "fwhm_avg": 3.2997279465096145,
  "fwhm_x": 3.1231843936614845,
  "fwhm_y": 3.3846622490765315,
  "fwhm_z": 3.391337196790827,
  "gcor": 0.445612,
  "gsr_x": -0.03961526229977608,
  "gsr_y": 0.0686512216925621,
  "provenance": {
    "md5sum": "d8e2072b90ef1bcefc94ab789120d4a6",
    "settings": {
      "fd_thres": 0.2,
      "testing": false
    },
    "software": "mriqc",
    "version": "22.0.6",
    "webapi_port": null,
    "webapi_url": "https://mriqc.nimh.nih.gov/api/v1"
  },
  "size_t": 231,
  "size_x": 146,
  "size_y": 146,
  "size_z": 57,
  "snr": 2.815051065150786,
  "spacing_tr": 1.5,
  "spacing_x": 1.5958904027938843,
  "spacing_y": 1.5958904027938843,
  "spacing_z": 1.6000001430511475,
  "summary_bg_k": 36.803923828811634,
  "summary_bg_mad": 44.072084976146655,
  "summary_bg_mean": 296.9807434082031,
  "summary_bg_median": 128.09881591796875,
  "summary_bg_n": 812224.0,
  "summary_bg_p05": 89.35836563110351,
  "summary_bg_p95": 1142.442883300781,
  "summary_bg_stdv": 489.279541015625,
  "summary_fg_k": 2.5441854805614286,
  "summary_fg_mad": 1451.2297619419944,
  "summary_fg_mean": 4942.0380859375,
  "summary_fg_median": 4643.25732421875,
  "summary_fg_n": 270122.0,
  "summary_fg_p05": 2876.1754516601563,
  "summary_fg_p95": 7941.892187499997,
  "summary_fg_stdv": 1649.436767578125,
  "tsnr": 5.549245834350586
}