{
  "aor": 0.00033183453237410073,
  "aqi": 0.01979665287769784,
  "bids_meta": {
    "AcquisitionMatrixPE": 146,
    "CoilString": "RM:Nova32ch",
    "EchoTime": 0.0276,
    "EffectiveEchoSpacing": 0.000354,
    "FlipAngle": 71,
    "InstitutionName": "Stanford CNI",
    "MagneticFieldStrength": 3,
    "Manufacturer": "GE",
    "ManufacturerModelName": "GE Discovery MR750",
    "MultibandAccelerationFactor": 3,
    "PartialFourier": 0.0136986,
    "PhaseEncodingDirection": "j",
    "PulseSequenceType": "Multiband Gradient Echo EPI",
    "ReconMatrixPE": 146,
    "RepetitionTime": 1.5,
    "SliceThickness": 1.6,
    "SoftwareVersions": "DV24.0_R01_1344.a",
    "TaskDescription": "Simultaneous feature discrimination. Subjects performed a speeded reaction time task. The target was predicted by preceeding stimuli (AB+, B-, AC-, C+), where + corresponds to a 70% probability of seeing the target, and - corresponds to a 30% change of seeing the target. A, B and C are house, faces and body parts, counterbalanced across runs.",
    "TaskName": "sim",
    "TotalReadoutTime": 0.05133,
    "dataset": "ds001590",
    "modality": "bold",
    "run_id": 3,
    "subject_id": "27",
    "task_id": "sim"
  },
  "dummy_trs": 6,
  "dvars_nstd": 62.43373258028879,
  "dvars_std": 0.9981170550541514,
  "dvars_vstd": 1.0186292363898914,
  "efc": 0.5240889693011288,
  "fber": 1232.4609375,
  "fd_mean": 0.07932390423717922,
  "fd_num": 3,
  "fd_perc": 1.079136690647482,
  "fwhm_avg": 3.2278115362562985,
  "fwhm_x": 3.1210100588864114,
  "fwhm_y": 3.374962334863814,
  "fwhm_z": 3.1874622150186704,
  "gcor": 0.00253637,
  "gsr_x": -0.039947569370269775,
  "gsr_y": 0.06880172342061996,
  "provenance": {
    "md5sum": "cd59153231d1ef659f98c5aa9d21f0aa",
    "settings": {
      "fd_thres": 0.2,
      "testing": false
    },
    "software": "mriqc",
    "version": "22.0.6",
    "webapi_port": null,
    "webapi_url": "https://mriqc.nimh.nih.gov/api/v1"
  },
  "size_t": 278,
  "size_x": 146,
  "size_y": 146,
  "size_z": 57,
  "snr": 2.776887662135951,
  "spacing_tr": 1.5,
  "spacing_x": 1.5958904027938843,
  "spacing_y": 1.5958904027938843,
  "spacing_z": 1.6000001430511475,
  "summary_bg_k": 40.918294267896236,
  "summary_bg_mad": 47.506343120249234,
  "summary_bg_mean": 307.157470703125,
  "summary_bg_median": 134.5563507080078,
  "summary_bg_n": 814525.0,
  "summary_bg_p05": 93.34207153320312,
  "summary_bg_p95": 1170.5101318359373,
  "summary_bg_stdv": 507.16900634765625,
  "summary_fg_k": 2.499811217066398,
  "summary_fg_mad": 1517.9740090321657,
  "summary_fg_mean": 5145.89697265625,
  "summary_fg_median": 4828.01904296875,
  "summary_fg_n": 268118.0,
  "summary_fg_p05": 2958.1732177734375,
  "summary_fg_p95": 8314.722216796874,
  "summary_fg_stdv": 1738.6407470703125,
  "tsnr": 19.831911087036133
}