{
  "aor": 0.007221181434599156,
  "aqi": 0.02152493164556962,
  "bids_meta": {
    "AcquisitionMatrixPE": 146,
    "CoilString": "RM:Nova32ch",
    "EchoTime": 0.0276,
    "EffectiveEchoSpacing": 0.000354,
    "FlipAngle": 71,
    "InstitutionName": "Stanford CNI",
    "MagneticFieldStrength": 3,
    "Manufacturer": "GE",
    "ManufacturerModelName": "GE Discovery MR750",
    "MultibandAccelerationFactor": 3,
    "PartialFourier": 0.0136986,
    "PhaseEncodingDirection": "j",
    "PulseSequenceType": "Multiband Gradient Echo EPI",
    "ReconMatrixPE": 146,
    "RepetitionTime": 1.5,
    "SliceThickness": 1.6,
    "SoftwareVersions": "DV24.0_R01_1344.a",
    "TaskDescription": "Subjects performed a visual localizer task. Stimuli were presented in miniblocks at a rate of 4 HZ. Subjects were instructed to maintain fixation on a central cross and to respond to oddball frames in which a blank display, rather than a face/object/place/character was presented. Due to an error, these responses were not recorded.",
    "TaskName": "sim",
    "TotalReadoutTime": 0.05133,
    "dataset": "ds001590",
    "modality": "bold",
    "run_id": 1,
    "subject_id": "27",
    "task_id": "loc"
  },
  "dummy_trs": 6,
  "dvars_nstd": 67.26535520728814,
  "dvars_std": 1.1303455234322028,
  "dvars_vstd": 1.1577092239406783,
  "efc": 0.5264794428750484,
  "fber": 1290.5126953125,
  "fd_mean": 0.11747442868897719,
  "fd_num": 8,
  "fd_perc": 3.3755274261603376,
  "fwhm_avg": 3.255526122808386,
  "fwhm_x": 3.1035589858357535,
  "fwhm_y": 3.3461884291371997,
  "fwhm_z": 3.3168309534522042,
  "gcor": 0.0620346,
  "gsr_x": -0.039302483201026917,
  "gsr_y": 0.06725816428661346,
  "provenance": {
    "md5sum": "7aea78dd518d920612df1790f7352e85",
    "settings": {
      "fd_thres": 0.2,
      "testing": false
    },
    "software": "mriqc",
    "version": "22.0.6",
    "webapi_port": null,
    "webapi_url": "https://mriqc.nimh.nih.gov/api/v1"
  },
  "size_t": 237,
  "size_x": 146,
  "size_y": 146,
  "size_z": 57,
  "snr": 2.7820312456195966,
  "spacing_tr": 1.5,
  "spacing_x": 1.5958904027938843,
  "spacing_y": 1.5958904027938843,
  "spacing_z": 1.6000001430511475,
  "summary_bg_k": 37.165440284112144,
  "summary_bg_mad": 41.55088524557924,
  "summary_bg_mean": 299.634033203125,
  "summary_bg_median": 130.02847290039062,
  "summary_bg_n": 808502.0,
  "summary_bg_p05": 92.8398307800293,
  "summary_bg_p95": 1156.1928588867183,
  "summary_bg_stdv": 502.71539306640625,
  "summary_fg_k": 2.497002415057861,
  "summary_fg_mad": 1501.6416760237914,
  "summary_fg_mean": 5045.67138671875,
  "summary_fg_median": 4738.6181640625,
  "summary_fg_n": 273624.0,
  "summary_fg_p05": 2909.7764892578125,
  "summary_fg_p95": 8136.125073242182,
  "summary_fg_stdv": 1703.291259765625,
  "tsnr": 14.073363304138184
}