{
  "aor": 0.001855843137254902,
  "aqi": 0.02450457019607843,
  "bids_meta": {
    "AcquisitionMatrixPE": 146,
    "CoilString": "RM:Nova32ch",
    "EchoTime": 0.0276,
    "EffectiveEchoSpacing": 0.000354,
    "FlipAngle": 71,
    "InstitutionName": "Stanford CNI",
    "MagneticFieldStrength": 3,
    "Manufacturer": "GE",
    "ManufacturerModelName": "GE Discovery MR750",
    "MultibandAccelerationFactor": 3,
    "PartialFourier": 0.0136986,
    "PhaseEncodingDirection": "j",
    "PulseSequenceType": "Multiband Gradient Echo EPI",
    "ReconMatrixPE": 146,
    "RepetitionTime": 1.5,
    "SliceThickness": 1.6,
    "SoftwareVersions": "DV24.0_R01_1344.a",
    "TaskDescription": "Simultaneous feature discrimination. Subjects performed a speeded reaction time task. The target was predicted by preceeding stimuli (AB+, B-, AC-, C+), where + corresponds to a 70% probability of seeing the target, and - corresponds to a 30% change of seeing the target. A, B and C are house, faces and body parts, counterbalanced across runs.",
    "TaskName": "sim",
    "TotalReadoutTime": 0.05133,
    "dataset": "ds001590",
    "modality": "bold",
    "run_id": 3,
    "subject_id": "11",
    "task_id": "sim"
  },
  "dummy_trs": 5,
  "dvars_nstd": 71.70220235377953,
  "dvars_std": 1.0047956428346458,
  "dvars_vstd": 0.99823497488189,
  "efc": 0.5466853867278437,
  "fber": 994.62890625,
  "fd_mean": 0.17874774010704858,
  "fd_num": 50,
  "fd_perc": 19.607843137254903,
  "fwhm_avg": 3.1378636363162844,
  "fwhm_x": 2.975028856422793,
  "fwhm_y": 3.343237098649997,
  "fwhm_z": 3.0953249538760637,
  "gcor": 0.0143404,
  "gsr_x": -0.009915812872350216,
  "gsr_y": 0.04233657196164131,
  "provenance": {
    "md5sum": "ad7fe7e03770e1db4b3f80d425749350",
    "settings": {
      "fd_thres": 0.2,
      "testing": false
    },
    "software": "mriqc",
    "version": "22.0.6",
    "webapi_port": null,
    "webapi_url": "https://mriqc.nimh.nih.gov/api/v1"
  },
  "size_t": 255,
  "size_x": 146,
  "size_y": 146,
  "size_z": 57,
  "snr": 2.959520333910659,
  "spacing_tr": 1.5,
  "spacing_x": 1.5958904027938843,
  "spacing_y": 1.5958904027938843,
  "spacing_z": 1.600000023841858,
  "summary_bg_k": 35.2175384710261,
  "summary_bg_mad": 55.5718724789129,
  "summary_bg_mean": 340.2771301269531,
  "summary_bg_median": 141.664306640625,
  "summary_bg_n": 795985.0,
  "summary_bg_p05": 93.27742309570313,
  "summary_bg_p95": 1307.5566406249986,
  "summary_bg_stdv": 598.3589477539062,
  "summary_fg_k": 1.0037570645718086,
  "summary_fg_mad": 1436.2611261646312,
  "summary_fg_mean": 4798.56787109375,
  "summary_fg_median": 4547.662109375,
  "summary_fg_n": 285575.0,
  "summary_fg_p05": 2811.248779296875,
  "summary_fg_p95": 7628.503515624999,
  "summary_fg_stdv": 1536.61865234375,
  "tsnr": 17.00356674194336
}