{
  "aor": 0.03629779735682819,
  "aqi": 0.05958680308370044,
  "bids_meta": {
    "AcquisitionMatrixPE": 146,
    "CoilString": "RM:Nova32ch",
    "EchoTime": 0.0276,
    "EffectiveEchoSpacing": 0.000354,
    "FlipAngle": 71,
    "InstitutionName": "Stanford CNI",
    "MagneticFieldStrength": 3,
    "Manufacturer": "GE",
    "ManufacturerModelName": "GE Discovery MR750",
    "MultibandAccelerationFactor": 3,
    "PartialFourier": 0.0136986,
    "PhaseEncodingDirection": "j",
    "PulseSequenceType": "Multiband Gradient Echo EPI",
    "ReconMatrixPE": 146,
    "RepetitionTime": 1.5,
    "SliceThickness": 1.6,
    "SoftwareVersions": "DV24.0_R01_1344.a",
    "TaskDescription": "Subjects performed a visual localizer task. Stimuli were presented in miniblocks at a rate of 4 HZ. Subjects were instructed to maintain fixation on a central cross and to respond to oddball frames in which a blank display, rather than a face/object/place/character was presented. Due to an error, these responses were not recorded.",
    "TaskName": "sim",
    "TotalReadoutTime": 0.05133,
    "dataset": "ds001590",
    "modality": "bold",
    "run_id": 1,
    "subject_id": "11",
    "task_id": "loc"
  },
  "dummy_trs": 5,
  "dvars_nstd": 97.28392990907082,
  "dvars_std": 1.530357269867257,
  "dvars_vstd": 1.662344897477876,
  "efc": 0.5453713455700882,
  "fber": 968.73974609375,
  "fd_mean": 0.3953350010314529,
  "fd_num": 50,
  "fd_perc": 22.026431718061673,
  "fwhm_avg": 3.2889687579335116,
  "fwhm_x": 2.9118164955843593,
  "fwhm_y": 3.47813358002686,
  "fwhm_z": 3.476956198189315,
  "gcor": 0.32718,
  "gsr_x": -0.017111901193857193,
  "gsr_y": 0.047725383192300797,
  "provenance": {
    "md5sum": "36e5cecdd2e96effdbcf292c7767c26d",
    "settings": {
      "fd_thres": 0.2,
      "testing": false
    },
    "software": "mriqc",
    "version": "22.0.6",
    "webapi_port": null,
    "webapi_url": "https://mriqc.nimh.nih.gov/api/v1"
  },
  "size_t": 227,
  "size_x": 146,
  "size_y": 146,
  "size_z": 57,
  "snr": 2.924436394542892,
  "spacing_tr": 1.5,
  "spacing_x": 1.5958904027938843,
  "spacing_y": 1.5958904027938843,
  "spacing_z": 1.600000023841858,
  "summary_bg_k": 50.42015609624402,
  "summary_bg_mad": 56.30688447353032,
  "summary_bg_mean": 316.55389404296875,
  "summary_bg_median": 141.21380615234375,
  "summary_bg_n": 792585.0,
  "summary_bg_p05": 92.51803894042969,
  "summary_bg_p95": 1143.269799804687,
  "summary_bg_stdv": 527.3024291992188,
  "summary_fg_k": 1.0067125945052116,
  "summary_fg_mad": 1414.1516757957934,
  "summary_fg_mean": 4703.1708984375,
  "summary_fg_median": 4468.48095703125,
  "summary_fg_n": 285280.0,
  "summary_fg_p05": 2738.987451171875,
  "summary_fg_p95": 7479.132592773436,
  "summary_fg_stdv": 1527.9775390625,
  "tsnr": 6.417218208312988
}