{
  "aor": 0.012511484375,
  "aqi": 0.031824140625,
  "bids_meta": {
    "AcquisitionMatrixPE": 146,
    "CoilString": "RM:Nova32ch",
    "EchoTime": 0.0276,
    "EffectiveEchoSpacing": 0.000354,
    "FlipAngle": 71,
    "InstitutionName": "Stanford CNI",
    "MagneticFieldStrength": 3,
    "Manufacturer": "GE",
    "ManufacturerModelName": "GE Discovery MR750",
    "MultibandAccelerationFactor": 3,
    "PartialFourier": 0.0136986,
    "PhaseEncodingDirection": "j",
    "PulseSequenceType": "Multiband Gradient Echo EPI",
    "ReconMatrixPE": 146,
    "RepetitionTime": 1.5,
    "SliceThickness": 1.6,
    "SoftwareVersions": "DV24.0_R01_1344.a",
    "TaskDescription": "Simultaneous feature discrimination. Subjects performed a speeded reaction time task. The target was predicted by preceeding stimuli (AB+, B-, AC-, C+), where + corresponds to a 70% probability of seeing the target, and - corresponds to a 30% change of seeing the target. A, B and C are house, faces and body parts, counterbalanced across runs.",
    "TaskName": "sim",
    "TotalReadoutTime": 0.05133,
    "dataset": "ds001590",
    "modality": "bold",
    "run_id": 2,
    "subject_id": "11",
    "task_id": "sim"
  },
  "dummy_trs": 7,
  "dvars_nstd": 80.39720515854904,
  "dvars_std": 1.1669371031372548,
  "dvars_vstd": 1.2240250827058825,
  "efc": 0.5505114091633027,
  "fber": 883.8989868164062,
  "fd_mean": 0.3166305237865374,
  "fd_num": 41,
  "fd_perc": 16.015625,
  "fwhm_avg": 3.233817589072189,
  "fwhm_x": 2.9971168393684193,
  "fwhm_y": 3.369567227540074,
  "fwhm_z": 3.334768700308074,
  "gcor": 0.144577,
  "gsr_x": -0.014813960529863834,
  "gsr_y": 0.05208717659115791,
  "provenance": {
    "md5sum": "515804ed50f0e164ab697284abef5b70",
    "settings": {
      "fd_thres": 0.2,
      "testing": false
    },
    "software": "mriqc",
    "version": "22.0.6",
    "webapi_port": null,
    "webapi_url": "https://mriqc.nimh.nih.gov/api/v1"
  },
  "size_t": 256,
  "size_x": 146,
  "size_y": 146,
  "size_z": 57,
  "snr": 2.933052758702203,
  "spacing_tr": 1.5,
  "spacing_x": 1.5958904027938843,
  "spacing_y": 1.5958904027938843,
  "spacing_z": 1.600000023841858,
  "summary_bg_k": 48.60387628502296,
  "summary_bg_mad": 65.12412139012403,
  "summary_bg_mean": 350.3524169921875,
  "summary_bg_median": 149.54039001464844,
  "summary_bg_n": 794277.0,
  "summary_bg_p05": 95.5497055053711,
  "summary_bg_p95": 1306.9910888671875,
  "summary_bg_stdv": 611.5960693359375,
  "summary_fg_k": 1.1079927322896577,
  "summary_fg_mad": 1403.5077791069812,
  "summary_fg_mean": 4796.23681640625,
  "summary_fg_median": 4530.81640625,
  "summary_fg_n": 288150.0,
  "summary_fg_p05": 2810.3817504882813,
  "summary_fg_p95": 7628.864208984375,
  "summary_fg_stdv": 1544.7415771484375,
  "tsnr": 10.786482810974121
}