{
  "aor": 0.03527764444444444,
  "aqi": 0.062393563111111106,
  "bids_meta": {
    "AcquisitionMatrixPE": 146,
    "CoilString": "RM:Nova32ch",
    "EchoTime": 0.0276,
    "EffectiveEchoSpacing": 0.000354,
    "FlipAngle": 71,
    "InstitutionName": "Stanford CNI",
    "MagneticFieldStrength": 3,
    "Manufacturer": "GE",
    "ManufacturerModelName": "GE Discovery MR750",
    "MultibandAccelerationFactor": 3,
    "PartialFourier": 0.0136986,
    "PhaseEncodingDirection": "j",
    "PulseSequenceType": "Multiband Gradient Echo EPI",
    "ReconMatrixPE": 146,
    "RepetitionTime": 1.5,
    "SliceThickness": 1.6,
    "SoftwareVersions": "DV24.0_R01_1344.a",
    "TaskDescription": "Subjects performed a visual localizer task. Stimuli were presented in miniblocks at a rate of 4 HZ. Subjects were instructed to maintain fixation on a central cross and to respond to oddball frames in which a blank display, rather than a face/object/place/character was presented. Due to an error, these responses were not recorded.",
    "TaskName": "sim",
    "TotalReadoutTime": 0.05133,
    "dataset": "ds001590",
    "modality": "bold",
    "run_id": 2,
    "subject_id": "11",
    "task_id": "loc"
  },
  "dummy_trs": 5,
  "dvars_nstd": 98.59915184964284,
  "dvars_std": 1.4902316089285723,
  "dvars_vstd": 1.6385995448214281,
  "efc": 0.5466204435002684,
  "fber": 959.4058227539062,
  "fd_mean": 0.448217560993012,
  "fd_num": 71,
  "fd_perc": 31.555555555555557,
  "fwhm_avg": 3.2775654035445103,
  "fwhm_x": 3.034443964022915,
  "fwhm_y": 3.3905210473897682,
  "fwhm_z": 3.4077311992208483,
  "gcor": 0.33856,
  "gsr_x": -0.011045298539102077,
  "gsr_y": 0.044692959636449814,
  "provenance": {
    "md5sum": "65b03f93012e6f54cd8624480e521fb8",
    "settings": {
      "fd_thres": 0.2,
      "testing": false
    },
    "software": "mriqc",
    "version": "22.0.6",
    "webapi_port": null,
    "webapi_url": "https://mriqc.nimh.nih.gov/api/v1"
  },
  "size_t": 225,
  "size_x": 146,
  "size_y": 146,
  "size_z": 57,
  "snr": 2.980695620028993,
  "spacing_tr": 1.5,
  "spacing_x": 1.5958904027938843,
  "spacing_y": 1.5958904027938843,
  "spacing_z": 1.600000023841858,
  "summary_bg_k": 38.049438276380606,
  "summary_bg_mad": 60.01524508238462,
  "summary_bg_mean": 336.28985595703125,
  "summary_bg_median": 142.1413116455078,
  "summary_bg_n": 799317.0,
  "summary_bg_p05": 90.75845642089844,
  "summary_bg_p95": 1265.6719238281248,
  "summary_bg_stdv": 580.2208862304688,
  "summary_fg_k": 0.9807790245500274,
  "summary_fg_mad": 1410.6172838615653,
  "summary_fg_mean": 4713.88330078125,
  "summary_fg_median": 4466.912109375,
  "summary_fg_n": 283164.0,
  "summary_fg_p05": 2784.4083862304688,
  "summary_fg_p95": 7464.414160156249,
  "summary_fg_stdv": 1498.611328125,
  "tsnr": 6.292034149169922
}