{
  "aor": 0.01968391304347826,
  "aqi": 0.03963075928853755,
  "bids_meta": {
    "AcquisitionMatrixPE": 146,
    "CoilString": "RM:Nova32ch",
    "EchoTime": 0.0276,
    "EffectiveEchoSpacing": 0.000354,
    "FlipAngle": 71,
    "InstitutionName": "Stanford CNI",
    "MagneticFieldStrength": 3,
    "Manufacturer": "GE",
    "ManufacturerModelName": "GE Discovery MR750",
    "MultibandAccelerationFactor": 3,
    "PartialFourier": 0.0136986,
    "PhaseEncodingDirection": "j",
    "PulseSequenceType": "Multiband Gradient Echo EPI",
    "ReconMatrixPE": 146,
    "RepetitionTime": 1.5,
    "SliceThickness": 1.6,
    "SoftwareVersions": "DV24.0_R01_1344.a",
    "TaskDescription": "Simultaneous feature discrimination. Subjects performed a speeded reaction time task. The target was predicted by preceeding stimuli (AB+, B-, AC-, C+), where + corresponds to a 70% probability of seeing the target, and - corresponds to a 30% change of seeing the target. A, B and C are house, faces and body parts, counterbalanced across runs.",
    "TaskName": "sim",
    "TotalReadoutTime": 0.05133,
    "dataset": "ds001590",
    "modality": "bold",
    "run_id": 1,
    "subject_id": "11",
    "task_id": "sim"
  },
  "dummy_trs": 7,
  "dvars_nstd": 83.29405124607143,
  "dvars_std": 1.3533307228174603,
  "dvars_vstd": 1.4610677360714295,
  "efc": 0.547180270563291,
  "fber": 877.9290161132812,
  "fd_mean": 0.3729176378787432,
  "fd_num": 51,
  "fd_perc": 20.158102766798418,
  "fwhm_avg": 3.2023651982007295,
  "fwhm_x": 2.959056581662963,
  "fwhm_y": 3.3440015621732213,
  "fwhm_z": 3.3040374507660055,
  "gcor": 0.243129,
  "gsr_x": -0.015281851403415203,
  "gsr_y": 0.050590697675943375,
  "provenance": {
    "md5sum": "200cf3100d908aa83fae2e23a6561794",
    "settings": {
      "fd_thres": 0.2,
      "testing": false
    },
    "software": "mriqc",
    "version": "22.0.6",
    "webapi_port": null,
    "webapi_url": "https://mriqc.nimh.nih.gov/api/v1"
  },
  "size_t": 253,
  "size_x": 146,
  "size_y": 146,
  "size_z": 57,
  "snr": 2.9803088934703297,
  "spacing_tr": 1.5,
  "spacing_x": 1.5958904027938843,
  "spacing_y": 1.5958904027938843,
  "spacing_z": 1.600000023841858,
  "summary_bg_k": 51.72663095566069,
  "summary_bg_mad": 67.30635367774438,
  "summary_bg_mean": 346.284423828125,
  "summary_bg_median": 150.41258239746094,
  "summary_bg_n": 800335.0,
  "summary_bg_p05": 94.76217956542969,
  "summary_bg_p95": 1274.4389282226555,
  "summary_bg_stdv": 598.5681762695312,
  "summary_fg_k": 1.096169203790808,
  "summary_fg_mad": 1392.917814969574,
  "summary_fg_mean": 4807.51806640625,
  "summary_fg_median": 4539.0810546875,
  "summary_fg_n": 282454.0,
  "summary_fg_p05": 2862.193603515625,
  "summary_fg_p95": 7591.5199462890605,
  "summary_fg_stdv": 1523.02099609375,
  "tsnr": 8.689037322998047
}