{
  "aor": 0.04835624535315986,
  "aqi": 0.06940304572490706,
  "bids_meta": {
    "AcquisitionMatrixPE": 146,
    "CoilString": "RM:Nova32ch",
    "EchoTime": 0.0276,
    "EffectiveEchoSpacing": 0.000354,
    "FlipAngle": 71,
    "InstitutionName": "Stanford CNI",
    "MagneticFieldStrength": 3,
    "Manufacturer": "GE",
    "ManufacturerModelName": "GE Discovery MR750",
    "MultibandAccelerationFactor": 3,
    "PartialFourier": 0.0136986,
    "PhaseEncodingDirection": "j",
    "PulseSequenceType": "Multiband Gradient Echo EPI",
    "ReconMatrixPE": 146,
    "RepetitionTime": 1.5,
    "SliceThickness": 1.6,
    "SoftwareVersions": "DV24.0_R01_1344.a",
    "TaskDescription": "Simultaneous feature discrimination. Subjects performed a speeded reaction time task. The target was predicted by preceeding stimuli (AB+, B-, AC-, C+), where + corresponds to a 70% probability of seeing the target, and - corresponds to a 30% change of seeing the target. A, B and C are house, faces and body parts, counterbalanced across runs.",
    "TaskName": "sim",
    "TotalReadoutTime": 0.05133,
    "dataset": "ds001590",
    "modality": "bold",
    "run_id": 2,
    "subject_id": "22",
    "task_id": "sim"
  },
  "dummy_trs": 7,
  "dvars_nstd": 93.84669628421645,
  "dvars_std": 1.9614371042537317,
  "dvars_vstd": 2.2798049225,
  "efc": 0.5442931741677912,
  "fber": 545.5901489257812,
  "fd_mean": 0.733329705709529,
  "fd_num": 52,
  "fd_perc": 19.33085501858736,
  "fwhm_avg": 3.2358236510777565,
  "fwhm_x": 2.912693748807732,
  "fwhm_y": 3.4245710046455224,
  "fwhm_z": 3.3702061997800143,
  "gcor": 0.581029,
  "gsr_x": -0.0051573170349001884,
  "gsr_y": 0.03224136680364609,
  "provenance": {
    "md5sum": "028a5dbb6d4d256903a8c4ac2e986d9d",
    "settings": {
      "fd_thres": 0.2,
      "testing": false
    },
    "software": "mriqc",
    "version": "22.0.6",
    "webapi_port": null,
    "webapi_url": "https://mriqc.nimh.nih.gov/api/v1"
  },
  "size_t": 269,
  "size_x": 146,
  "size_y": 146,
  "size_z": 57,
  "snr": 2.531603862604746,
  "spacing_tr": 1.5,
  "spacing_x": 1.5958904027938843,
  "spacing_y": 1.5958904027938843,
  "spacing_z": 1.600000023841858,
  "summary_bg_k": 42.33762560781451,
  "summary_bg_mad": 129.0275324163343,
  "summary_bg_mean": 444.9292297363281,
  "summary_bg_median": 204.42124938964844,
  "summary_bg_n": 819237.0,
  "summary_bg_p05": 100.74525909423828,
  "summary_bg_p95": 1647.0738281249992,
  "summary_bg_stdv": 710.263916015625,
  "summary_fg_k": 2.50449777792691,
  "summary_fg_mad": 1578.284175132335,
  "summary_fg_mean": 5227.2314453125,
  "summary_fg_median": 4858.7900390625,
  "summary_fg_n": 260504.0,
  "summary_fg_p05": 2826.527624511719,
  "summary_fg_p95": 8727.024218749997,
  "summary_fg_stdv": 1919.25,
  "tsnr": 5.057480335235596
}