{
  "aor": 0.0029074517374517374,
  "aqi": 0.022298303088803092,
  "bids_meta": {
    "AcquisitionMatrixPE": 146,
    "CoilString": "RM:Nova32ch",
    "EchoTime": 0.0276,
    "EffectiveEchoSpacing": 0.000354,
    "FlipAngle": 71,
    "InstitutionName": "Stanford CNI",
    "MagneticFieldStrength": 3,
    "Manufacturer": "GE",
    "ManufacturerModelName": "GE Discovery MR750",
    "MultibandAccelerationFactor": 3,
    "PartialFourier": 0.0136986,
    "PhaseEncodingDirection": "j",
    "PulseSequenceType": "Multiband Gradient Echo EPI",
    "ReconMatrixPE": 146,
    "RepetitionTime": 1.5,
    "SliceThickness": 1.6,
    "SoftwareVersions": "DV24.0_R01_1344.a",
    "TaskDescription": "Simultaneous feature discrimination. Subjects performed a speeded reaction time task. The target was predicted by preceeding stimuli (AB+, B-, AC-, C+), where + corresponds to a 70% probability of seeing the target, and - corresponds to a 30% change of seeing the target. A, B and C are house, faces and body parts, counterbalanced across runs.",
    "TaskName": "sim",
    "TotalReadoutTime": 0.05133,
    "dataset": "ds001590",
    "modality": "bold",
    "run_id": 1,
    "subject_id": "07",
    "task_id": "sim"
  },
  "dummy_trs": 6,
  "dvars_nstd": 77.97566675596904,
  "dvars_std": 1.067216991085271,
  "dvars_vstd": 1.0661003917441856,
  "efc": 0.5676975877876351,
  "fber": 322.4111022949219,
  "fd_mean": 0.07661854911032606,
  "fd_num": 2,
  "fd_perc": 0.7722007722007722,
  "fwhm_avg": 3.1498562950577065,
  "fwhm_x": 2.923421302510686,
  "fwhm_y": 3.3595038798491017,
  "fwhm_z": 3.1666437028133316,
  "gcor": 0.028931,
  "gsr_x": 0.03004232980310917,
  "gsr_y": 0.04161933809518814,
  "provenance": {
    "md5sum": "b8fb6e52786a2b5c9f156ec6cc2733c4",
    "settings": {
      "fd_thres": 0.2,
      "testing": false
    },
    "software": "mriqc",
    "version": "22.0.6",
    "webapi_port": null,
    "webapi_url": "https://mriqc.nimh.nih.gov/api/v1"
  },
  "size_t": 259,
  "size_x": 146,
  "size_y": 146,
  "size_z": 57,
  "snr": 2.905987672928907,
  "spacing_tr": 1.5,
  "spacing_x": 1.5958904027938843,
  "spacing_y": 1.5958904027938843,
  "spacing_z": 1.600000023841858,
  "summary_bg_k": 27.168278104557988,
  "summary_bg_mad": 158.05126482484255,
  "summary_bg_mean": 590.3209838867188,
  "summary_bg_median": 273.9992370605469,
  "summary_bg_n": 828799.0,
  "summary_bg_p05": 140.81612854003907,
  "summary_bg_p95": 2262.689453125,
  "summary_bg_stdv": 965.3032836914062,
  "summary_fg_k": 0.8826014521438048,
  "summary_fg_mad": 1552.3192712648615,
  "summary_fg_mean": 5356.173828125,
  "summary_fg_median": 5046.6796875,
  "summary_fg_n": 244658.0,
  "summary_fg_p05": 3112.3709106445312,
  "summary_fg_p95": 8589.147314453125,
  "summary_fg_stdv": 1736.6451416015625,
  "tsnr": 14.442639350891113
}