{
  "aor": 0.03500608695652174,
  "aqi": 0.060512572608695664,
  "bids_meta": {
    "AcquisitionMatrixPE": 146,
    "CoilString": "RM:Nova32ch",
    "EchoTime": 0.0276,
    "EffectiveEchoSpacing": 0.000354,
    "FlipAngle": 71,
    "InstitutionName": "Stanford CNI",
    "MagneticFieldStrength": 3,
    "Manufacturer": "GE",
    "ManufacturerModelName": "GE Discovery MR750",
    "MultibandAccelerationFactor": 3,
    "PartialFourier": 0.0136986,
    "PhaseEncodingDirection": "j",
    "PulseSequenceType": "Multiband Gradient Echo EPI",
    "ReconMatrixPE": 146,
    "RepetitionTime": 1.5,
    "SliceThickness": 1.6,
    "SoftwareVersions": "DV24.0_R01_1344.a",
    "TaskDescription": "Subjects performed a visual localizer task. Stimuli were presented in miniblocks at a rate of 4 HZ. Subjects were instructed to maintain fixation on a central cross and to respond to oddball frames in which a blank display, rather than a face/object/place/character was presented. Due to an error, these responses were not recorded.",
    "TaskName": "sim",
    "TotalReadoutTime": 0.05133,
    "dataset": "ds001590",
    "modality": "bold",
    "run_id": 2,
    "subject_id": "07",
    "task_id": "loc"
  },
  "dummy_trs": 5,
  "dvars_nstd": 105.01849648419208,
  "dvars_std": 1.6048288241921391,
  "dvars_vstd": 1.763047142139738,
  "efc": 0.5802225879817793,
  "fber": 210.64266967773438,
  "fd_mean": 0.3812417300382852,
  "fd_num": 28,
  "fd_perc": 12.173913043478262,
  "fwhm_avg": 3.2402509629020817,
  "fwhm_x": 3.1798361536079836,
  "fwhm_y": 3.374260532285116,
  "fwhm_z": 3.1666562028131455,
  "gcor": 0.319532,
  "gsr_x": 0.022017598152160645,
  "gsr_y": 0.050046272575855255,
  "provenance": {
    "md5sum": "9ca90e81da730cb55565b6f044f2b996",
    "settings": {
      "fd_thres": 0.2,
      "testing": false
    },
    "software": "mriqc",
    "version": "22.0.6",
    "webapi_port": null,
    "webapi_url": "https://mriqc.nimh.nih.gov/api/v1"
  },
  "size_t": 230,
  "size_x": 146,
  "size_y": 146,
  "size_z": 57,
  "snr": 2.9239862263643563,
  "spacing_tr": 1.5,
  "spacing_x": 1.5958904027938843,
  "spacing_y": 1.5958904027938843,
  "spacing_z": 1.600000023841858,
  "summary_bg_k": 18.7814434185547,
  "summary_bg_mad": 218.16612903059738,
  "summary_bg_mean": 681.0892333984375,
  "summary_bg_median": 323.2735290527344,
  "summary_bg_n": 859944.0,
  "summary_bg_p05": 147.44489669799805,
  "summary_bg_p95": 2826.255810546875,
  "summary_bg_stdv": 1038.0966796875,
  "summary_fg_k": 0.6371199202571085,
  "summary_fg_mad": 1514.1024481607944,
  "summary_fg_mean": 5051.58447265625,
  "summary_fg_median": 4753.23095703125,
  "summary_fg_n": 227631.0,
  "summary_fg_p05": 2903.41943359375,
  "summary_fg_p95": 8128.339111328125,
  "summary_fg_stdv": 1625.5960693359375,
  "tsnr": 6.272870063781738
}