{
  "aor": 0.0035189626556016602,
  "aqi": 0.023094263900414937,
  "bids_meta": {
    "AcquisitionMatrixPE": 146,
    "CoilString": "RM:Nova32ch",
    "EchoTime": 0.0276,
    "EffectiveEchoSpacing": 0.000354,
    "FlipAngle": 71,
    "InstitutionName": "Stanford CNI",
    "MagneticFieldStrength": 3,
    "Manufacturer": "GE",
    "ManufacturerModelName": "GE Discovery MR750",
    "MultibandAccelerationFactor": 3,
    "PartialFourier": 0.0136986,
    "PhaseEncodingDirection": "j",
    "PulseSequenceType": "Multiband Gradient Echo EPI",
    "ReconMatrixPE": 146,
    "RepetitionTime": 1.5,
    "SliceThickness": 1.6,
    "SoftwareVersions": "DV24.0_R01_1344.a",
    "TaskDescription": "Simultaneous feature discrimination. Subjects performed a speeded reaction time task. The target was predicted by preceeding stimuli (AB+, B-, AC-, C+), where + corresponds to a 70% probability of seeing the target, and - corresponds to a 30% change of seeing the target. A, B and C are house, faces and body parts, counterbalanced across runs.",
    "TaskName": "sim",
    "TotalReadoutTime": 0.05133,
    "dataset": "ds001590",
    "modality": "bold",
    "run_id": 2,
    "subject_id": "07",
    "task_id": "sim"
  },
  "dummy_trs": 7,
  "dvars_nstd": 76.65002686149998,
  "dvars_std": 1.063948756125,
  "dvars_vstd": 1.0692808866250003,
  "efc": 0.5653769582203921,
  "fber": 369.86468505859375,
  "fd_mean": 0.09124364754444515,
  "fd_num": 10,
  "fd_perc": 4.149377593360996,
  "fwhm_avg": 3.1799228013050693,
  "fwhm_x": 3.1172566683092686,
  "fwhm_y": 3.311480531963916,
  "fwhm_z": 3.1110312036420225,
  "gcor": 0.0319223,
  "gsr_x": 0.02882462739944458,
  "gsr_y": 0.031896792352199554,
  "provenance": {
    "md5sum": "e12935c29ef1b8b478e7b03d130c2006",
    "settings": {
      "fd_thres": 0.2,
      "testing": false
    },
    "software": "mriqc",
    "version": "22.0.6",
    "webapi_port": null,
    "webapi_url": "https://mriqc.nimh.nih.gov/api/v1"
  },
  "size_t": 241,
  "size_x": 146,
  "size_y": 146,
  "size_z": 57,
  "snr": 2.9548053559258354,
  "spacing_tr": 1.5,
  "spacing_x": 1.5958904027938843,
  "spacing_y": 1.5958904027938843,
  "spacing_z": 1.600000023841858,
  "summary_bg_k": 19.0018967145394,
  "summary_bg_mad": 140.96247348849005,
  "summary_bg_mean": 659.7655639648438,
  "summary_bg_median": 256.9281921386719,
  "summary_bg_n": 853905.0,
  "summary_bg_p05": 135.78286743164062,
  "summary_bg_p95": 2959.8591308593723,
  "summary_bg_stdv": 1119.36669921875,
  "summary_fg_k": 0.9403444041314768,
  "summary_fg_mad": 1515.07160525065,
  "summary_fg_mean": 5340.1376953125,
  "summary_fg_median": 4997.578125,
  "summary_fg_n": 233090.0,
  "summary_fg_p05": 3188.4539184570312,
  "summary_fg_p95": 8576.32290039062,
  "summary_fg_stdv": 1691.3355712890625,
  "tsnr": 14.437737464904785
}