{
  "aor": 0.013003672566371683,
  "aqi": 0.04267585353982301,
  "bids_meta": {
    "AcquisitionMatrixPE": 146,
    "CoilString": "RM:Nova32ch",
    "EchoTime": 0.0276,
    "EffectiveEchoSpacing": 0.000354,
    "FlipAngle": 71,
    "InstitutionName": "Stanford CNI",
    "MagneticFieldStrength": 3,
    "Manufacturer": "GE",
    "ManufacturerModelName": "GE Discovery MR750",
    "MultibandAccelerationFactor": 3,
    "PartialFourier": 0.0136986,
    "PhaseEncodingDirection": "j",
    "PulseSequenceType": "Multiband Gradient Echo EPI",
    "ReconMatrixPE": 146,
    "RepetitionTime": 1.5,
    "SliceThickness": 1.6,
    "SoftwareVersions": "DV24.0_R01_1344.a",
    "TaskDescription": "Subjects performed a visual localizer task. Stimuli were presented in miniblocks at a rate of 4 HZ. Subjects were instructed to maintain fixation on a central cross and to respond to oddball frames in which a blank display, rather than a face/object/place/character was presented. Due to an error, these responses were not recorded.",
    "TaskName": "sim",
    "TotalReadoutTime": 0.05133,
    "dataset": "ds001590",
    "modality": "bold",
    "run_id": 1,
    "subject_id": "07",
    "task_id": "loc"
  },
  "dummy_trs": 5,
  "dvars_nstd": 94.75728434253335,
  "dvars_std": 1.1385941875555559,
  "dvars_vstd": 1.1917140894666667,
  "efc": 0.5782950957522535,
  "fber": 210.84095764160156,
  "fd_mean": 0.30692473015308797,
  "fd_num": 33,
  "fd_perc": 14.601769911504425,
  "fwhm_avg": 3.3307543996236135,
  "fwhm_x": 3.26237314973842,
  "fwhm_y": 3.4441713480934433,
  "fwhm_z": 3.2857187010389763,
  "gcor": 0.115598,
  "gsr_x": 0.022548792883753777,
  "gsr_y": 0.05276782810688019,
  "provenance": {
    "md5sum": "8c56641dc0df9aacbb02bb3b0e5d43c8",
    "settings": {
      "fd_thres": 0.2,
      "testing": false
    },
    "software": "mriqc",
    "version": "22.0.6",
    "webapi_port": null,
    "webapi_url": "https://mriqc.nimh.nih.gov/api/v1"
  },
  "size_t": 226,
  "size_x": 146,
  "size_y": 146,
  "size_z": 57,
  "snr": 2.8478834619822955,
  "spacing_tr": 1.5,
  "spacing_x": 1.5958904027938843,
  "spacing_y": 1.5958904027938843,
  "spacing_z": 1.600000023841858,
  "summary_bg_k": 18.518385765646418,
  "summary_bg_mad": 219.96704415369715,
  "summary_bg_mean": 693.9906616210938,
  "summary_bg_median": 329.06365966796875,
  "summary_bg_n": 860572.0,
  "summary_bg_p05": 152.13098220825196,
  "summary_bg_p95": 2878.6869018554685,
  "summary_bg_stdv": 1060.8289794921875,
  "summary_fg_k": 0.7460520643161233,
  "summary_fg_mad": 1561.746970821306,
  "summary_fg_mean": 5143.06982421875,
  "summary_fg_median": 4819.5166015625,
  "summary_fg_n": 227305.0,
  "summary_fg_p05": 2939.62177734375,
  "summary_fg_p95": 8367.1125,
  "summary_fg_stdv": 1692.3115234375,
  "tsnr": 9.134100914001465
}