{
  "aor": 0.04376564705882353,
  "aqi": 0.0632673623529412,
  "bids_meta": {
    "AcquisitionMatrixPE": 146,
    "CoilString": "RM:Nova32ch",
    "EchoTime": 0.0276,
    "EffectiveEchoSpacing": 0.000354,
    "FlipAngle": 71,
    "InstitutionName": "Stanford CNI",
    "MagneticFieldStrength": 3,
    "Manufacturer": "GE",
    "ManufacturerModelName": "GE Discovery MR750",
    "MultibandAccelerationFactor": 3,
    "PartialFourier": 0.0136986,
    "PhaseEncodingDirection": "j",
    "PulseSequenceType": "Multiband Gradient Echo EPI",
    "ReconMatrixPE": 146,
    "RepetitionTime": 1.5,
    "SliceThickness": 1.6,
    "SoftwareVersions": "DV24.0_R01_1344.a",
    "TaskDescription": "Simultaneous feature discrimination. Subjects performed a speeded reaction time task. The target was predicted by preceeding stimuli (AB+, B-, AC-, C+), where + corresponds to a 70% probability of seeing the target, and - corresponds to a 30% change of seeing the target. A, B and C are house, faces and body parts, counterbalanced across runs.",
    "TaskName": "sim",
    "TotalReadoutTime": 0.05133,
    "dataset": "ds001590",
    "modality": "bold",
    "run_id": 3,
    "subject_id": "07",
    "task_id": "sim"
  },
  "dummy_trs": 6,
  "dvars_nstd": 98.37772919023618,
  "dvars_std": 1.9155835338188976,
  "dvars_vstd": 2.146449049055118,
  "efc": 0.5670925470851614,
  "fber": 372.7584228515625,
  "fd_mean": 0.3878751382594538,
  "fd_num": 18,
  "fd_perc": 7.0588235294117645,
  "fwhm_avg": 3.1845042659768743,
  "fwhm_x": 3.1268312606329327,
  "fwhm_y": 3.3240565835304046,
  "fwhm_z": 3.102624953767285,
  "gcor": 0.489526,
  "gsr_x": 0.028324106708168983,
  "gsr_y": 0.03637176379561424,
  "provenance": {
    "md5sum": "041bd6d05944568447777a106840766a",
    "settings": {
      "fd_thres": 0.2,
      "testing": false
    },
    "software": "mriqc",
    "version": "22.0.6",
    "webapi_port": null,
    "webapi_url": "https://mriqc.nimh.nih.gov/api/v1"
  },
  "size_t": 255,
  "size_x": 146,
  "size_y": 146,
  "size_z": 57,
  "snr": 3.0104952538027114,
  "spacing_tr": 1.5,
  "spacing_x": 1.5958904027938843,
  "spacing_y": 1.5958904027938843,
  "spacing_z": 1.600000023841858,
  "summary_bg_k": 18.730028114784762,
  "summary_bg_mad": 137.826082970738,
  "summary_bg_mean": 635.1427001953125,
  "summary_bg_median": 246.6371612548828,
  "summary_bg_n": 857264.0,
  "summary_bg_p05": 130.9334716796875,
  "summary_bg_p95": 2827.1444091796843,
  "summary_bg_stdv": 1052.3548583984375,
  "summary_fg_k": 0.7107560453726784,
  "summary_fg_mad": 1470.8123455902785,
  "summary_fg_mean": 5106.5966796875,
  "summary_fg_median": 4809.94140625,
  "summary_fg_n": 230249.0,
  "summary_fg_p05": 3017.69697265625,
  "summary_fg_p95": 8135.206835937499,
  "summary_fg_stdv": 1597.7208251953125,
  "tsnr": 5.539453983306885
}