{
  "aor": 0.022728923076923077,
  "aqi": 0.03810563076923077,
  "bids_meta": {
    "AcquisitionMatrixPE": 146,
    "CoilString": "RM:Nova32ch",
    "EchoTime": 0.0276,
    "EffectiveEchoSpacing": 0.000354,
    "FlipAngle": 71,
    "InstitutionName": "Stanford CNI",
    "MagneticFieldStrength": 3,
    "Manufacturer": "GE",
    "ManufacturerModelName": "GE Discovery MR750",
    "MultibandAccelerationFactor": 3,
    "PartialFourier": 0.0136986,
    "PhaseEncodingDirection": "j",
    "PulseSequenceType": "Multiband Gradient Echo EPI",
    "ReconMatrixPE": 146,
    "RepetitionTime": 1.5,
    "SliceThickness": 1.6,
    "SoftwareVersions": "DV24.0_R01_1344.a",
    "TaskDescription": "Simultaneous feature discrimination. Subjects performed a speeded reaction time task. The target was predicted by preceeding stimuli (AB+, B-, AC-, C+), where + corresponds to a 70% probability of seeing the target, and - corresponds to a 30% change of seeing the target. A, B and C are house, faces and body parts, counterbalanced across runs.",
    "TaskName": "sim",
    "TotalReadoutTime": 0.05133,
    "dataset": "ds001590",
    "modality": "bold",
    "run_id": 2,
    "subject_id": "03",
    "task_id": "sim"
  },
  "dummy_trs": 6,
  "dvars_nstd": 79.08208344787644,
  "dvars_std": 1.4465707468339766,
  "dvars_vstd": 1.6154287840926649,
  "efc": 0.5645667171542553,
  "fber": 611.5045776367188,
  "fd_mean": 0.2723982444738871,
  "fd_num": 9,
  "fd_perc": 3.4615384615384617,
  "fwhm_avg": 3.242452387854725,
  "fwhm_x": 3.179767226569004,
  "fwhm_y": 3.334627484872042,
  "fwhm_z": 3.212962452123129,
  "gcor": 0.263907,
  "gsr_x": 0.023317672312259674,
  "gsr_y": 0.03157183900475502,
  "provenance": {
    "md5sum": "866c841a085d7833fa8df46825079d90",
    "settings": {
      "fd_thres": 0.2,
      "testing": false
    },
    "software": "mriqc",
    "version": "22.0.6",
    "webapi_port": null,
    "webapi_url": "https://mriqc.nimh.nih.gov/api/v1"
  },
  "size_t": 260,
  "size_x": 146,
  "size_y": 146,
  "size_z": 57,
  "snr": 2.6689658346434046,
  "spacing_tr": 1.5,
  "spacing_x": 1.5958904027938843,
  "spacing_y": 1.5958904027938843,
  "spacing_z": 1.600000023841858,
  "summary_bg_k": 20.176250781102915,
  "summary_bg_mad": 93.45642446352952,
  "summary_bg_mean": 562.8587646484375,
  "summary_bg_median": 197.26779174804688,
  "summary_bg_n": 806551.0,
  "summary_bg_p05": 116.47883224487305,
  "summary_bg_p95": 2492.0460205078125,
  "summary_bg_stdv": 1035.431884765625,
  "summary_fg_k": 1.4588647360959852,
  "summary_fg_mad": 1594.7799346303711,
  "summary_fg_mean": 5325.81640625,
  "summary_fg_median": 4927.92041015625,
  "summary_fg_n": 275518.0,
  "summary_fg_p05": 2959.4691772460938,
  "summary_fg_p95": 8864.538427734375,
  "summary_fg_stdv": 1846.3748779296875,
  "tsnr": 8.405718803405762
}