{
  "aor": 0.016000474308300396,
  "aqi": 0.02942850118577075,
  "bids_meta": {
    "AcquisitionMatrixPE": 146,
    "CoilString": "RM:Nova32ch",
    "EchoTime": 0.0276,
    "EffectiveEchoSpacing": 0.000354,
    "FlipAngle": 71,
    "InstitutionName": "Stanford CNI",
    "MagneticFieldStrength": 3,
    "Manufacturer": "GE",
    "ManufacturerModelName": "GE Discovery MR750",
    "MultibandAccelerationFactor": 3,
    "PartialFourier": 0.0136986,
    "PhaseEncodingDirection": "j",
    "PulseSequenceType": "Multiband Gradient Echo EPI",
    "ReconMatrixPE": 146,
    "RepetitionTime": 1.5,
    "SliceThickness": 1.6,
    "SoftwareVersions": "DV24.0_R01_1344.a",
    "TaskDescription": "Simultaneous feature discrimination. Subjects performed a speeded reaction time task. The target was predicted by preceeding stimuli (AB+, B-, AC-, C+), where + corresponds to a 70% probability of seeing the target, and - corresponds to a 30% change of seeing the target. A, B and C are house, faces and body parts, counterbalanced across runs.",
    "TaskName": "sim",
    "TotalReadoutTime": 0.05133,
    "dataset": "ds001590",
    "modality": "bold",
    "run_id": 1,
    "subject_id": "12",
    "task_id": "sim"
  },
  "dummy_trs": 6,
  "dvars_nstd": 76.75589670464286,
  "dvars_std": 1.3484971864285715,
  "dvars_vstd": 1.4258666832936504,
  "efc": 0.5220250457050074,
  "fber": 1234.025390625,
  "fd_mean": 0.30629677545408973,
  "fd_num": 22,
  "fd_perc": 8.695652173913043,
  "fwhm_avg": 3.287251194175172,
  "fwhm_x": 3.0412050799373347,
  "fwhm_y": 3.4377298029961083,
  "fwhm_z": 3.3828186995920735,
  "gcor": 0.164448,
  "gsr_x": -0.025477953255176544,
  "gsr_y": 0.03861551731824875,
  "provenance": {
    "md5sum": "3dc68e5acc4fbd2f58d111a7fab51bac",
    "settings": {
      "fd_thres": 0.2,
      "testing": false
    },
    "software": "mriqc",
    "version": "22.0.6",
    "webapi_port": null,
    "webapi_url": "https://mriqc.nimh.nih.gov/api/v1"
  },
  "size_t": 253,
  "size_x": 146,
  "size_y": 146,
  "size_z": 57,
  "snr": 2.8496618439085393,
  "spacing_tr": 1.5,
  "spacing_x": 1.5958904027938843,
  "spacing_y": 1.5958904027938843,
  "spacing_z": 1.600000023841858,
  "summary_bg_k": 30.521146960055503,
  "summary_bg_mad": 49.5794434330455,
  "summary_bg_mean": 330.0287170410156,
  "summary_bg_median": 137.461669921875,
  "summary_bg_n": 824778.0,
  "summary_bg_p05": 93.59289474487305,
  "summary_bg_p95": 1308.0709411621092,
  "summary_bg_stdv": 559.9807739257812,
  "summary_fg_k": 1.1124794453667697,
  "summary_fg_mad": 1555.2727118903244,
  "summary_fg_mean": 5174.421875,
  "summary_fg_median": 4912.8046875,
  "summary_fg_n": 256310.0,
  "summary_fg_p05": 2934.4780029296876,
  "summary_fg_p95": 8321.02646484375,
  "summary_fg_stdv": 1723.9923095703125,
  "tsnr": 10.016851425170898
}