{
  "aor": 0.05552682403433476,
  "aqi": 0.07529839098712447,
  "bids_meta": {
    "AcquisitionMatrixPE": 146,
    "CoilString": "RM:Nova32ch",
    "EchoTime": 0.0276,
    "EffectiveEchoSpacing": 0.000354,
    "FlipAngle": 71,
    "InstitutionName": "Stanford CNI",
    "MagneticFieldStrength": 3,
    "Manufacturer": "GE",
    "ManufacturerModelName": "GE Discovery MR750",
    "MultibandAccelerationFactor": 3,
    "PartialFourier": 0.0136986,
    "PhaseEncodingDirection": "j",
    "PulseSequenceType": "Multiband Gradient Echo EPI",
    "ReconMatrixPE": 146,
    "RepetitionTime": 1.5,
    "SliceThickness": 1.6,
    "SoftwareVersions": "DV24.0_R01_1344.a",
    "TaskDescription": "Subjects performed a visual localizer task. Stimuli were presented in miniblocks at a rate of 4 HZ. Subjects were instructed to maintain fixation on a central cross and to respond to oddball frames in which a blank display, rather than a face/object/place/character was presented. Due to an error, these responses were not recorded.",
    "TaskName": "sim",
    "TotalReadoutTime": 0.05133,
    "dataset": "ds001590",
    "modality": "bold",
    "run_id": 1,
    "subject_id": "12",
    "task_id": "loc"
  },
  "dummy_trs": 4,
  "dvars_nstd": 96.31107257943968,
  "dvars_std": 1.9226639812068962,
  "dvars_vstd": 2.304811174655172,
  "efc": 0.5229180625110623,
  "fber": 1117.313232421875,
  "fd_mean": 0.6632251710944403,
  "fd_num": 62,
  "fd_perc": 26.609442060085836,
  "fwhm_avg": 3.420071702986668,
  "fwhm_x": 3.085901131668158,
  "fwhm_y": 3.562989031104781,
  "fwhm_z": 3.611324946187065,
  "gcor": 0.575394,
  "gsr_x": -0.02736673317849636,
  "gsr_y": 0.041199859231710434,
  "provenance": {
    "md5sum": "a09b186a3cd0ad3f85a2e9cac6b8369f",
    "settings": {
      "fd_thres": 0.2,
      "testing": false
    },
    "software": "mriqc",
    "version": "22.0.6",
    "webapi_port": null,
    "webapi_url": "https://mriqc.nimh.nih.gov/api/v1"
  },
  "size_t": 233,
  "size_x": 146,
  "size_y": 146,
  "size_z": 57,
  "snr": 2.7051255222693347,
  "spacing_tr": 1.5,
  "spacing_x": 1.5958904027938843,
  "spacing_y": 1.5958904027938843,
  "spacing_z": 1.600000023841858,
  "summary_bg_k": 29.164836878693116,
  "summary_bg_mad": 56.04209691148047,
  "summary_bg_mean": 345.24249267578125,
  "summary_bg_median": 138.2259063720703,
  "summary_bg_n": 828579.0,
  "summary_bg_p05": 88.99856491088867,
  "summary_bg_p95": 1412.726977539062,
  "summary_bg_stdv": 581.3263549804688,
  "summary_fg_k": 1.1832359706004647,
  "summary_fg_mad": 1520.0417251389072,
  "summary_fg_mean": 4950.02978515625,
  "summary_fg_median": 4674.3935546875,
  "summary_fg_n": 251322.0,
  "summary_fg_p05": 2731.7931396484373,
  "summary_fg_p95": 8165.723071289062,
  "summary_fg_stdv": 1727.97314453125,
  "tsnr": 4.720516681671143
}