{
  "aor": 0.02442085201793722,
  "aqi": 0.05687045112107624,
  "bids_meta": {
    "AcquisitionMatrixPE": 146,
    "CoilString": "RM:Nova32ch",
    "EchoTime": 0.0276,
    "EffectiveEchoSpacing": 0.000354,
    "FlipAngle": 71,
    "InstitutionName": "Stanford CNI",
    "MagneticFieldStrength": 3,
    "Manufacturer": "GE",
    "ManufacturerModelName": "GE Discovery MR750",
    "MultibandAccelerationFactor": 3,
    "PartialFourier": 0.0136986,
    "PhaseEncodingDirection": "j",
    "PulseSequenceType": "Multiband Gradient Echo EPI",
    "ReconMatrixPE": 146,
    "RepetitionTime": 1.5,
    "SliceThickness": 1.6,
    "SoftwareVersions": "DV24.0_R01_1344.a",
    "TaskDescription": "Subjects performed a visual localizer task. Stimuli were presented in miniblocks at a rate of 4 HZ. Subjects were instructed to maintain fixation on a central cross and to respond to oddball frames in which a blank display, rather than a face/object/place/character was presented. Due to an error, these responses were not recorded.",
    "TaskName": "sim",
    "TotalReadoutTime": 0.05133,
    "dataset": "ds001590",
    "modality": "bold",
    "run_id": 2,
    "subject_id": "12",
    "task_id": "loc"
  },
  "dummy_trs": 5,
  "dvars_nstd": 84.3180083024324,
  "dvars_std": 1.2577657721171172,
  "dvars_vstd": 1.4976655469819824,
  "efc": 0.5261739820563508,
  "fber": 1131.223388671875,
  "fd_mean": 0.4068932729400965,
  "fd_num": 50,
  "fd_perc": 22.42152466367713,
  "fwhm_avg": 3.353241877390747,
  "fwhm_x": 3.088125595198852,
  "fwhm_y": 3.5526938379190605,
  "fwhm_z": 3.4189061990543275,
  "gcor": 0.257979,
  "gsr_x": -0.021893683820962906,
  "gsr_y": 0.037376124411821365,
  "provenance": {
    "md5sum": "85aa2f8147329e5386b39ab8646feadc",
    "settings": {
      "fd_thres": 0.2,
      "testing": false
    },
    "software": "mriqc",
    "version": "22.0.6",
    "webapi_port": null,
    "webapi_url": "https://mriqc.nimh.nih.gov/api/v1"
  },
  "size_t": 223,
  "size_x": 146,
  "size_y": 146,
  "size_z": 57,
  "snr": 2.820817957800582,
  "spacing_tr": 1.5,
  "spacing_x": 1.5958904027938843,
  "spacing_y": 1.5958904027938843,
  "spacing_z": 1.600000023841858,
  "summary_bg_k": 25.052520825802745,
  "summary_bg_mad": 57.95731329967117,
  "summary_bg_mean": 365.2380676269531,
  "summary_bg_median": 141.50970458984375,
  "summary_bg_n": 830376.0,
  "summary_bg_p05": 89.90546607971191,
  "summary_bg_p95": 1552.4765014648438,
  "summary_bg_stdv": 632.1171264648438,
  "summary_fg_k": 1.1150602852659768,
  "summary_fg_mad": 1539.9967691589786,
  "summary_fg_mean": 5111.9599609375,
  "summary_fg_median": 4829.0009765625,
  "summary_fg_n": 251792.0,
  "summary_fg_p05": 2912.7384643554688,
  "summary_fg_p95": 8312.812451171874,
  "summary_fg_stdv": 1711.9117431640625,
  "tsnr": 7.955814361572266
}