{
  "aor": 0.009501666666666667,
  "aqi": 0.02456642945736434,
  "bids_meta": {
    "AcquisitionMatrixPE": 146,
    "CoilString": "RM:Nova32ch",
    "EchoTime": 0.0276,
    "EffectiveEchoSpacing": 0.000354,
    "FlipAngle": 71,
    "InstitutionName": "Stanford CNI",
    "MagneticFieldStrength": 3,
    "Manufacturer": "GE",
    "ManufacturerModelName": "GE Discovery MR750",
    "MultibandAccelerationFactor": 3,
    "PartialFourier": 0.0136986,
    "PhaseEncodingDirection": "j",
    "PulseSequenceType": "Multiband Gradient Echo EPI",
    "ReconMatrixPE": 146,
    "RepetitionTime": 1.5,
    "SliceThickness": 1.6,
    "SoftwareVersions": "DV24.0_R01_1344.a",
    "TaskDescription": "Simultaneous feature discrimination. Subjects performed a speeded reaction time task. The target was predicted by preceeding stimuli (AB+, B-, AC-, C+), where + corresponds to a 70% probability of seeing the target, and - corresponds to a 30% change of seeing the target. A, B and C are house, faces and body parts, counterbalanced across runs.",
    "TaskName": "sim",
    "TotalReadoutTime": 0.05133,
    "dataset": "ds001590",
    "modality": "bold",
    "run_id": 3,
    "subject_id": "12",
    "task_id": "sim"
  },
  "dummy_trs": 6,
  "dvars_nstd": 73.01347735525292,
  "dvars_std": 1.1771262773929965,
  "dvars_vstd": 1.183357884163424,
  "efc": 0.5240668999862078,
  "fber": 1145.8460693359375,
  "fd_mean": 0.2051892041516531,
  "fd_num": 46,
  "fd_perc": 17.829457364341085,
  "fwhm_avg": 3.3968544642043668,
  "fwhm_x": 3.069784736735917,
  "fwhm_y": 3.54680370913356,
  "fwhm_z": 3.573974946743623,
  "gcor": 0.0579783,
  "gsr_x": -0.027918752282857895,
  "gsr_y": 0.04085792973637581,
  "provenance": {
    "md5sum": "0778f38ffdf51e5b3809e805a180614f",
    "settings": {
      "fd_thres": 0.2,
      "testing": false
    },
    "software": "mriqc",
    "version": "22.0.6",
    "webapi_port": null,
    "webapi_url": "https://mriqc.nimh.nih.gov/api/v1"
  },
  "size_t": 258,
  "size_x": 146,
  "size_y": 146,
  "size_z": 57,
  "snr": 2.7197792152142535,
  "spacing_tr": 1.5,
  "spacing_x": 1.5958904027938843,
  "spacing_y": 1.5958904027938843,
  "spacing_z": 1.600000023841858,
  "summary_bg_k": 30.83047423642033,
  "summary_bg_mad": 50.320416512937825,
  "summary_bg_mean": 335.5806884765625,
  "summary_bg_median": 140.66184997558594,
  "summary_bg_n": 819568.0,
  "summary_bg_p05": 95.9088062286377,
  "summary_bg_p95": 1342.5672912597643,
  "summary_bg_stdv": 563.7576293945312,
  "summary_fg_k": 1.0609991641466685,
  "summary_fg_mad": 1590.8694626900328,
  "summary_fg_mean": 5126.826171875,
  "summary_fg_median": 4864.69580078125,
  "summary_fg_n": 257291.0,
  "summary_fg_p05": 2780.7630615234375,
  "summary_fg_p95": 8403.962890625,
  "summary_fg_stdv": 1788.6328125,
  "tsnr": 13.839630126953125
}