{
  "aor": 0.018705963636363634,
  "aqi": 0.032895802545454544,
  "bids_meta": {
    "AcquisitionMatrixPE": 146,
    "CoilString": "RM:Nova32ch",
    "EchoTime": 0.0276,
    "EffectiveEchoSpacing": 0.000354,
    "FlipAngle": 71,
    "InstitutionName": "Stanford CNI",
    "MagneticFieldStrength": 3,
    "Manufacturer": "GE",
    "ManufacturerModelName": "GE Discovery MR750",
    "MultibandAccelerationFactor": 3,
    "PartialFourier": 0.0136986,
    "PhaseEncodingDirection": "j",
    "PulseSequenceType": "Multiband Gradient Echo EPI",
    "ReconMatrixPE": 146,
    "RepetitionTime": 1.5,
    "SliceThickness": 1.6,
    "SoftwareVersions": "DV24.0_R01_1344.a",
    "TaskDescription": "Simultaneous feature discrimination. Subjects performed a speeded reaction time task. The target was predicted by preceeding stimuli (AB+, B-, AC-, C+), where + corresponds to a 70% probability of seeing the target, and - corresponds to a 30% change of seeing the target. A, B and C are house, faces and body parts, counterbalanced across runs.",
    "TaskName": "sim",
    "TotalReadoutTime": 0.05133,
    "dataset": "ds001590",
    "modality": "bold",
    "run_id": 2,
    "subject_id": "12",
    "task_id": "sim"
  },
  "dummy_trs": 5,
  "dvars_nstd": 77.77163602989047,
  "dvars_std": 1.4617490523357664,
  "dvars_vstd": 1.6051624105839422,
  "efc": 0.5242454148172158,
  "fber": 1101.130126953125,
  "fd_mean": 0.27494190160364834,
  "fd_num": 26,
  "fd_perc": 9.454545454545455,
  "fwhm_avg": 3.3455422635797483,
  "fwhm_x": 3.088927655288793,
  "fwhm_y": 3.5231429364803164,
  "fwhm_z": 3.424556198970136,
  "gcor": 0.222529,
  "gsr_x": -0.02529005892574787,
  "gsr_y": 0.0423712357878685,
  "provenance": {
    "md5sum": "b0ce8ca4da44bb397e1e0f4fa4973f88",
    "settings": {
      "fd_thres": 0.2,
      "testing": false
    },
    "software": "mriqc",
    "version": "22.0.6",
    "webapi_port": null,
    "webapi_url": "https://mriqc.nimh.nih.gov/api/v1"
  },
  "size_t": 275,
  "size_x": 146,
  "size_y": 146,
  "size_z": 57,
  "snr": 2.7512098804484593,
  "spacing_tr": 1.5,
  "spacing_x": 1.5958904027938843,
  "spacing_y": 1.5958904027938843,
  "spacing_z": 1.600000023841858,
  "summary_bg_k": 32.94262713585257,
  "summary_bg_mad": 52.62749790629209,
  "summary_bg_mean": 327.88433837890625,
  "summary_bg_median": 141.78634643554688,
  "summary_bg_n": 818928.0,
  "summary_bg_p05": 95.53914108276368,
  "summary_bg_p95": 1277.066168212887,
  "summary_bg_stdv": 541.4328002929688,
  "summary_fg_k": 1.0418795519639819,
  "summary_fg_mad": 1577.138017924108,
  "summary_fg_mean": 5068.56005859375,
  "summary_fg_median": 4812.912109375,
  "summary_fg_n": 259117.0,
  "summary_fg_p05": 2772.8962890625003,
  "summary_fg_p95": 8266.648046874998,
  "summary_fg_stdv": 1749.3768310546875,
  "tsnr": 9.055843353271484
}