{
  "aor": 0.009979959839357429,
  "aqi": 0.028297203212851407,
  "bids_meta": {
    "AcquisitionMatrixPE": 146,
    "CoilString": "RM:Nova32ch",
    "EchoTime": 0.0276,
    "EffectiveEchoSpacing": 0.000354,
    "FlipAngle": 71,
    "InstitutionName": "Stanford CNI",
    "MagneticFieldStrength": 3,
    "Manufacturer": "GE",
    "ManufacturerModelName": "GE Discovery MR750",
    "MultibandAccelerationFactor": 3,
    "PartialFourier": 0.0136986,
    "PhaseEncodingDirection": "j",
    "PulseSequenceType": "Multiband Gradient Echo EPI",
    "ReconMatrixPE": 146,
    "RepetitionTime": 1.5,
    "SliceThickness": 1.6,
    "SoftwareVersions": "DV24.0_R01_1344.a",
    "TaskDescription": "Simultaneous feature discrimination. Subjects performed a speeded reaction time task. The target was predicted by preceeding stimuli (AB+, B-, AC-, C+), where + corresponds to a 70% probability of seeing the target, and - corresponds to a 30% change of seeing the target. A, B and C are house, faces and body parts, counterbalanced across runs.",
    "TaskName": "sim",
    "TotalReadoutTime": 0.05133,
    "dataset": "ds001590",
    "modality": "bold",
    "run_id": 1,
    "subject_id": "30",
    "task_id": "sim"
  },
  "dummy_trs": 6,
  "dvars_nstd": 75.73363316435488,
  "dvars_std": 1.1718360577822573,
  "dvars_vstd": 1.2253309364919358,
  "efc": 0.54142637648315,
  "fber": 659.7308959960938,
  "fd_mean": 0.19632825358038614,
  "fd_num": 4,
  "fd_perc": 1.606425702811245,
  "fwhm_avg": 3.1235481940411334,
  "fwhm_x": 3.0404406164141102,
  "fwhm_y": 3.1600227629486723,
  "fwhm_z": 3.170181202760619,
  "gcor": 0.123061,
  "gsr_x": -0.006445919629186392,
  "gsr_y": 0.018101800233125687,
  "provenance": {
    "md5sum": "a8fdc14d74bde7e88b36f32327205b30",
    "settings": {
      "fd_thres": 0.2,
      "testing": false
    },
    "software": "mriqc",
    "version": "22.0.6",
    "webapi_port": null,
    "webapi_url": "https://mriqc.nimh.nih.gov/api/v1"
  },
  "size_t": 249,
  "size_x": 146,
  "size_y": 146,
  "size_z": 57,
  "snr": 3.1610956505684067,
  "spacing_tr": 1.5,
  "spacing_x": 1.5958904027938843,
  "spacing_y": 1.5958904027938843,
  "spacing_z": 1.600000023841858,
  "summary_bg_k": 30.265112281487518,
  "summary_bg_mad": 98.27231399557517,
  "summary_bg_mean": 419.6089782714844,
  "summary_bg_median": 183.8795623779297,
  "summary_bg_n": 842083.0,
  "summary_bg_p05": 104.58699645996094,
  "summary_bg_p95": 1506.3035400390622,
  "summary_bg_stdv": 676.2301025390625,
  "summary_fg_k": 0.8818646863874418,
  "summary_fg_mad": 1360.870296604816,
  "summary_fg_mean": 5062.98974609375,
  "summary_fg_median": 4788.2080078125,
  "summary_fg_n": 245344.0,
  "summary_fg_p05": 3084.697119140625,
  "summary_fg_p95": 7892.235180664063,
  "summary_fg_stdv": 1514.7274169921875,
  "tsnr": 12.188318252563477
}