{
  "aor": 0.03130094262295082,
  "aqi": 0.04879652049180328,
  "bids_meta": {
    "AcquisitionMatrixPE": 146,
    "CoilString": "RM:Nova32ch",
    "EchoTime": 0.0276,
    "EffectiveEchoSpacing": 0.000354,
    "FlipAngle": 71,
    "InstitutionName": "Stanford CNI",
    "MagneticFieldStrength": 3,
    "Manufacturer": "GE",
    "ManufacturerModelName": "GE Discovery MR750",
    "MultibandAccelerationFactor": 3,
    "PartialFourier": 0.0136986,
    "PhaseEncodingDirection": "j",
    "PulseSequenceType": "Multiband Gradient Echo EPI",
    "ReconMatrixPE": 146,
    "RepetitionTime": 1.5,
    "SliceThickness": 1.6,
    "SoftwareVersions": "DV24.0_R01_1344.a",
    "TaskDescription": "Simultaneous feature discrimination. Subjects performed a speeded reaction time task. The target was predicted by preceeding stimuli (AB+, B-, AC-, C+), where + corresponds to a 70% probability of seeing the target, and - corresponds to a 30% change of seeing the target. A, B and C are house, faces and body parts, counterbalanced across runs.",
    "TaskName": "sim",
    "TotalReadoutTime": 0.05133,
    "dataset": "ds001590",
    "modality": "bold",
    "run_id": 3,
    "subject_id": "30",
    "task_id": "sim"
  },
  "dummy_trs": 6,
  "dvars_nstd": 87.87646167279834,
  "dvars_std": 1.6917727248971195,
  "dvars_vstd": 1.8989246413168732,
  "efc": 0.5435812648629783,
  "fber": 607.8381958007812,
  "fd_mean": 0.3024204447983078,
  "fd_num": 11,
  "fd_perc": 4.508196721311475,
  "fwhm_avg": 3.1366318117600316,
  "fwhm_x": 3.0438556378908097,
  "fwhm_y": 3.193439844664708,
  "fwhm_z": 3.1725999527245765,
  "gcor": 0.343515,
  "gsr_x": -0.0060212742537260056,
  "gsr_y": 0.019397757947444916,
  "provenance": {
    "md5sum": "43664a2dd0f9988b8bc6b7bc83f6c269",
    "settings": {
      "fd_thres": 0.2,
      "testing": false
    },
    "software": "mriqc",
    "version": "22.0.6",
    "webapi_port": null,
    "webapi_url": "https://mriqc.nimh.nih.gov/api/v1"
  },
  "size_t": 244,
  "size_x": 146,
  "size_y": 146,
  "size_z": 57,
  "snr": 3.1087003067585104,
  "spacing_tr": 1.5,
  "spacing_x": 1.5958904027938843,
  "spacing_y": 1.5958904027938843,
  "spacing_z": 1.600000023841858,
  "summary_bg_k": 28.6768802826284,
  "summary_bg_mad": 101.78542926680112,
  "summary_bg_mean": 432.4215087890625,
  "summary_bg_median": 187.05230712890625,
  "summary_bg_n": 846379.0,
  "summary_bg_p05": 104.21432800292969,
  "summary_bg_p95": 1583.8416259765622,
  "summary_bg_stdv": 691.8540649414062,
  "summary_fg_k": 0.8371117241325283,
  "summary_fg_mad": 1338.4998706013243,
  "summary_fg_mean": 4971.517578125,
  "summary_fg_median": 4683.4697265625,
  "summary_fg_n": 241600.0,
  "summary_fg_p05": 3006.2615966796875,
  "summary_fg_p95": 7788.615209960936,
  "summary_fg_stdv": 1506.5653076171875,
  "tsnr": 7.038031578063965
}