{
  "aor": 0.0244704845814978,
  "aqi": 0.03859877356828193,
  "bids_meta": {
    "AcquisitionMatrixPE": 146,
    "CoilString": "RM:Nova32ch",
    "EchoTime": 0.0276,
    "EffectiveEchoSpacing": 0.000354,
    "FlipAngle": 71,
    "InstitutionName": "Stanford CNI",
    "MagneticFieldStrength": 3,
    "Manufacturer": "GE",
    "ManufacturerModelName": "GE Discovery MR750",
    "MultibandAccelerationFactor": 3,
    "PartialFourier": 0.0136986,
    "PhaseEncodingDirection": "j",
    "PulseSequenceType": "Multiband Gradient Echo EPI",
    "ReconMatrixPE": 146,
    "RepetitionTime": 1.5,
    "SliceThickness": 1.6,
    "SoftwareVersions": "DV24.0_R01_1344.a",
    "TaskDescription": "Subjects performed a visual localizer task. Stimuli were presented in miniblocks at a rate of 4 HZ. Subjects were instructed to maintain fixation on a central cross and to respond to oddball frames in which a blank display, rather than a face/object/place/character was presented. Due to an error, these responses were not recorded.",
    "TaskName": "sim",
    "TotalReadoutTime": 0.05133,
    "dataset": "ds001590",
    "modality": "bold",
    "run_id": 2,
    "subject_id": "29",
    "task_id": "loc"
  },
  "dummy_trs": 5,
  "dvars_nstd": 77.0527128538938,
  "dvars_std": 1.5320749246460166,
  "dvars_vstd": 1.9191292920796459,
  "efc": 0.5320693031359778,
  "fber": 1202.831298828125,
  "fd_mean": 0.32892153493533977,
  "fd_num": 15,
  "fd_perc": 6.607929515418502,
  "fwhm_avg": 3.1663070591909945,
  "fwhm_x": 2.6913251639841618,
  "fwhm_y": 3.441627313745663,
  "fwhm_z": 3.365968699843158,
  "gcor": 0.256239,
  "gsr_x": -0.01770242676138878,
  "gsr_y": 0.03507103770971298,
  "provenance": {
    "md5sum": "c374716aed04702978bac3cefd7c00a3",
    "settings": {
      "fd_thres": 0.2,
      "testing": false
    },
    "software": "mriqc",
    "version": "22.0.6",
    "webapi_port": null,
    "webapi_url": "https://mriqc.nimh.nih.gov/api/v1"
  },
  "size_t": 227,
  "size_x": 146,
  "size_y": 146,
  "size_z": 57,
  "snr": 3.01263226853715,
  "spacing_tr": 1.5,
  "spacing_x": 1.5958904027938843,
  "spacing_y": 1.5958904027938843,
  "spacing_z": 1.600000023841858,
  "summary_bg_k": 45.55051677588748,
  "summary_bg_mad": 48.83981640466687,
  "summary_bg_mean": 286.65625,
  "summary_bg_median": 133.1078338623047,
  "summary_bg_n": 797115.0,
  "summary_bg_p05": 87.73539276123047,
  "summary_bg_p95": 1073.6101318359372,
  "summary_bg_stdv": 500.19580078125,
  "summary_fg_k": 1.2851348691506255,
  "summary_fg_mad": 1407.7556009661785,
  "summary_fg_mean": 4867.7880859375,
  "summary_fg_median": 4709.533203125,
  "summary_fg_n": 273950.0,
  "summary_fg_p05": 2739.676440429688,
  "summary_fg_p95": 7531.3756591796855,
  "summary_fg_stdv": 1563.259033203125,
  "tsnr": 8.415506362915039
}