{
  "aor": 0.03509635687732342,
  "aqi": 0.04960400594795538,
  "bids_meta": {
    "AcquisitionMatrixPE": 146,
    "CoilString": "RM:Nova32ch",
    "EchoTime": 0.0276,
    "EffectiveEchoSpacing": 0.000354,
    "FlipAngle": 71,
    "InstitutionName": "Stanford CNI",
    "MagneticFieldStrength": 3,
    "Manufacturer": "GE",
    "ManufacturerModelName": "GE Discovery MR750",
    "MultibandAccelerationFactor": 3,
    "PartialFourier": 0.0136986,
    "PhaseEncodingDirection": "j",
    "PulseSequenceType": "Multiband Gradient Echo EPI",
    "ReconMatrixPE": 146,
    "RepetitionTime": 1.5,
    "SliceThickness": 1.6,
    "SoftwareVersions": "DV24.0_R01_1344.a",
    "TaskDescription": "Simultaneous feature discrimination. Subjects performed a speeded reaction time task. The target was predicted by preceeding stimuli (AB+, B-, AC-, C+), where + corresponds to a 70% probability of seeing the target, and - corresponds to a 30% change of seeing the target. A, B and C are house, faces and body parts, counterbalanced across runs.",
    "TaskName": "sim",
    "TotalReadoutTime": 0.05133,
    "dataset": "ds001590",
    "modality": "bold",
    "run_id": 3,
    "subject_id": "29",
    "task_id": "sim"
  },
  "dummy_trs": 5,
  "dvars_nstd": 86.3080257731343,
  "dvars_std": 1.8006064291044774,
  "dvars_vstd": 1.9719569607462688,
  "efc": 0.5312955491606989,
  "fber": 1278.09765625,
  "fd_mean": 0.3513303731194194,
  "fd_num": 13,
  "fd_perc": 4.83271375464684,
  "fwhm_avg": 3.197060867921415,
  "fwhm_x": 2.698380786337857,
  "fwhm_y": 3.460920618565403,
  "fwhm_z": 3.431881198860985,
  "gcor": 0.396153,
  "gsr_x": -0.018369343131780624,
  "gsr_y": 0.033629629760980606,
  "provenance": {
    "md5sum": "38bf242239d32e42dbe1efe24aba4eaf",
    "settings": {
      "fd_thres": 0.2,
      "testing": false
    },
    "software": "mriqc",
    "version": "22.0.6",
    "webapi_port": null,
    "webapi_url": "https://mriqc.nimh.nih.gov/api/v1"
  },
  "size_t": 269,
  "size_x": 146,
  "size_y": 146,
  "size_z": 57,
  "snr": 2.988485663029898,
  "spacing_tr": 1.5,
  "spacing_x": 1.5958904027938843,
  "spacing_y": 1.5958904027938843,
  "spacing_z": 1.600000023841858,
  "summary_bg_k": 46.17282788668844,
  "summary_bg_mad": 45.23617068562745,
  "summary_bg_mean": 285.0003967285156,
  "summary_bg_median": 129.00253295898438,
  "summary_bg_n": 797316.0,
  "summary_bg_p05": 86.90845680236816,
  "summary_bg_p95": 1078.1483154296875,
  "summary_bg_stdv": 504.8982849121094,
  "summary_fg_k": 1.1943133917348066,
  "summary_fg_mad": 1412.1605149549732,
  "summary_fg_mean": 4874.869140625,
  "summary_fg_median": 4711.36865234375,
  "summary_fg_n": 273879.0,
  "summary_fg_p05": 2726.0795654296876,
  "summary_fg_p95": 7586.825927734372,
  "summary_fg_stdv": 1576.504150390625,
  "tsnr": 6.668482780456543
}