{
  "aor": 0.004641140350877194,
  "aqi": 0.024841450877192986,
  "bids_meta": {
    "AcquisitionMatrixPE": 146,
    "CoilString": "RM:Nova32ch",
    "EchoTime": 0.0276,
    "EffectiveEchoSpacing": 0.000354,
    "FlipAngle": 71,
    "InstitutionName": "Stanford CNI",
    "MagneticFieldStrength": 3,
    "Manufacturer": "GE",
    "ManufacturerModelName": "GE Discovery MR750",
    "MultibandAccelerationFactor": 3,
    "PartialFourier": 0.0136986,
    "PhaseEncodingDirection": "j",
    "PulseSequenceType": "Multiband Gradient Echo EPI",
    "ReconMatrixPE": 146,
    "RepetitionTime": 1.5,
    "SliceThickness": 1.6,
    "SoftwareVersions": "DV24.0_R01_1344.a",
    "TaskDescription": "Simultaneous feature discrimination. Subjects performed a speeded reaction time task. The target was predicted by preceeding stimuli (AB+, B-, AC-, C+), where + corresponds to a 70% probability of seeing the target, and - corresponds to a 30% change of seeing the target. A, B and C are house, faces and body parts, counterbalanced across runs.",
    "TaskName": "sim",
    "TotalReadoutTime": 0.05133,
    "dataset": "ds001590",
    "modality": "bold",
    "run_id": 1,
    "subject_id": "29",
    "task_id": "sim"
  },
  "dummy_trs": 5,
  "dvars_nstd": 71.77943813616741,
  "dvars_std": 1.015926794229075,
  "dvars_vstd": 0.9996218469603528,
  "efc": 0.5305047847392488,
  "fber": 1098.084228515625,
  "fd_mean": 0.16312088275474518,
  "fd_num": 18,
  "fd_perc": 7.894736842105263,
  "fwhm_avg": 3.130807661837362,
  "fwhm_x": 2.6676205286697487,
  "fwhm_y": 3.4636964984079315,
  "fwhm_z": 3.2611059584344066,
  "gcor": 0.0127061,
  "gsr_x": -0.017736241221427917,
  "gsr_y": 0.03324718028306961,
  "provenance": {
    "md5sum": "f36d179a82f0729ea665e0ae83bf8301",
    "settings": {
      "fd_thres": 0.2,
      "testing": false
    },
    "software": "mriqc",
    "version": "22.0.6",
    "webapi_port": null,
    "webapi_url": "https://mriqc.nimh.nih.gov/api/v1"
  },
  "size_t": 228,
  "size_x": 146,
  "size_y": 146,
  "size_z": 57,
  "snr": 2.941536001622234,
  "spacing_tr": 1.5,
  "spacing_x": 1.5958904027938843,
  "spacing_y": 1.5958904027938843,
  "spacing_z": 1.6000001430511475,
  "summary_bg_k": 50.595683582067906,
  "summary_bg_mad": 46.4609022370464,
  "summary_bg_mean": 271.5033264160156,
  "summary_bg_median": 131.45826721191406,
  "summary_bg_n": 799164.0,
  "summary_bg_p05": 87.72525024414062,
  "summary_bg_p95": 950.493893432617,
  "summary_bg_stdv": 462.63470458984375,
  "summary_fg_k": 1.139618933934246,
  "summary_fg_mad": 1386.3670007726712,
  "summary_fg_mean": 4624.43408203125,
  "summary_fg_median": 4472.21484375,
  "summary_fg_n": 269907.0,
  "summary_fg_p05": 2554.857836914063,
  "summary_fg_p95": 7237.625341796875,
  "summary_fg_stdv": 1520.3643798828125,
  "tsnr": 16.97719955444336
}