{
  "aor": 0.01640485401459854,
  "aqi": 0.039891004744525546,
  "bids_meta": {
    "AcquisitionMatrixPE": 146,
    "CoilString": "RM:Nova32ch",
    "EchoTime": 0.0276,
    "EffectiveEchoSpacing": 0.000354,
    "FlipAngle": 71,
    "InstitutionName": "Stanford CNI",
    "MagneticFieldStrength": 3,
    "Manufacturer": "GE",
    "ManufacturerModelName": "GE Discovery MR750",
    "MultibandAccelerationFactor": 3,
    "PartialFourier": 0.0136986,
    "PhaseEncodingDirection": "j",
    "PulseSequenceType": "Multiband Gradient Echo EPI",
    "ReconMatrixPE": 146,
    "RepetitionTime": 1.5,
    "SliceThickness": 1.6,
    "SoftwareVersions": "DV24.0_R01_1344.a",
    "TaskDescription": "Simultaneous feature discrimination. Subjects performed a speeded reaction time task. The target was predicted by preceeding stimuli (AB+, B-, AC-, C+), where + corresponds to a 70% probability of seeing the target, and - corresponds to a 30% change of seeing the target. A, B and C are house, faces and body parts, counterbalanced across runs.",
    "TaskName": "sim",
    "TotalReadoutTime": 0.05133,
    "dataset": "ds001590",
    "modality": "bold",
    "run_id": 2,
    "subject_id": "32",
    "task_id": "sim"
  },
  "dummy_trs": 6,
  "dvars_nstd": 85.7593941320513,
  "dvars_std": 1.3427887630036637,
  "dvars_vstd": 1.4518486587545785,
  "efc": 0.5104551915487515,
  "fber": 761.073974609375,
  "fd_mean": 0.32992362751037363,
  "fd_num": 36,
  "fd_perc": 13.138686131386862,
  "fwhm_avg": 2.9969698860290186,
  "fwhm_x": 2.683693060940821,
  "fwhm_y": 3.2768728923018746,
  "fwhm_z": 3.03034370484436,
  "gcor": 0.188303,
  "gsr_x": -0.017432929947972298,
  "gsr_y": 0.029401179403066635,
  "provenance": {
    "md5sum": "0bf98e651abe0d1344542acfc67d6543",
    "settings": {
      "fd_thres": 0.2,
      "testing": false
    },
    "software": "mriqc",
    "version": "22.0.6",
    "webapi_port": null,
    "webapi_url": "https://mriqc.nimh.nih.gov/api/v1"
  },
  "size_t": 274,
  "size_x": 146,
  "size_y": 146,
  "size_z": 57,
  "snr": 3.302701943165442,
  "spacing_tr": 1.5,
  "spacing_x": 1.5958904027938843,
  "spacing_y": 1.5958904027938843,
  "spacing_z": 1.600000023841858,
  "summary_bg_k": 52.20172171038832,
  "summary_bg_mad": 133.1106835365714,
  "summary_bg_mean": 539.1553955078125,
  "summary_bg_median": 298.06292724609375,
  "summary_bg_n": 865888.0,
  "summary_bg_p05": 187.06075973510744,
  "summary_bg_p95": 1628.5361633300763,
  "summary_bg_stdv": 693.5487670898438,
  "summary_fg_k": 0.7383153690776973,
  "summary_fg_mad": 2381.211187561543,
  "summary_fg_mean": 8706.21484375,
  "summary_fg_median": 8497.107421875,
  "summary_fg_n": 215477.0,
  "summary_fg_p05": 5048.6193359375,
  "summary_fg_p95": 13098.010546874986,
  "summary_fg_stdv": 2572.7685546875,
  "tsnr": 9.209527969360352
}