{
  "aor": 0.03763027118644068,
  "aqi": 0.05978901525423729,
  "bids_meta": {
    "AcquisitionMatrixPE": 146,
    "CoilString": "RM:Nova32ch",
    "EchoTime": 0.0276,
    "EffectiveEchoSpacing": 0.000354,
    "FlipAngle": 71,
    "InstitutionName": "Stanford CNI",
    "MagneticFieldStrength": 3,
    "Manufacturer": "GE",
    "ManufacturerModelName": "GE Discovery MR750",
    "MultibandAccelerationFactor": 3,
    "PartialFourier": 0.0136986,
    "PhaseEncodingDirection": "j",
    "PulseSequenceType": "Multiband Gradient Echo EPI",
    "ReconMatrixPE": 146,
    "RepetitionTime": 1.5,
    "SliceThickness": 1.6,
    "SoftwareVersions": "DV24.0_R01_1344.a",
    "TaskDescription": "Simultaneous feature discrimination. Subjects performed a speeded reaction time task. The target was predicted by preceeding stimuli (AB+, B-, AC-, C+), where + corresponds to a 70% probability of seeing the target, and - corresponds to a 30% change of seeing the target. A, B and C are house, faces and body parts, counterbalanced across runs.",
    "TaskName": "sim",
    "TotalReadoutTime": 0.05133,
    "dataset": "ds001590",
    "modality": "bold",
    "run_id": 1,
    "subject_id": "32",
    "task_id": "sim"
  },
  "dummy_trs": 5,
  "dvars_nstd": 94.23244074088426,
  "dvars_std": 1.8118320330952387,
  "dvars_vstd": 1.9800195806802718,
  "efc": 0.5131937469105858,
  "fber": 848.0618896484375,
  "fd_mean": 0.3693221504537477,
  "fd_num": 36,
  "fd_perc": 12.203389830508474,
  "fwhm_avg": 3.0569759657675477,
  "fwhm_x": 2.6777277390218894,
  "fwhm_y": 3.3605064549615276,
  "fwhm_z": 3.132693703319226,
  "gcor": 0.451428,
  "gsr_x": -0.013268465176224709,
  "gsr_y": 0.02594692073762417,
  "provenance": {
    "md5sum": "1e337be654db2f42bdeaa3a6d46d7cff",
    "settings": {
      "fd_thres": 0.2,
      "testing": false
    },
    "software": "mriqc",
    "version": "22.0.6",
    "webapi_port": null,
    "webapi_url": "https://mriqc.nimh.nih.gov/api/v1"
  },
  "size_t": 295,
  "size_x": 146,
  "size_y": 146,
  "size_z": 57,
  "snr": 3.2773273351323544,
  "spacing_tr": 1.5,
  "spacing_x": 1.5958904027938843,
  "spacing_y": 1.5958904027938843,
  "spacing_z": 1.600000023841858,
  "summary_bg_k": 59.19038500038103,
  "summary_bg_mad": 108.79715864924836,
  "summary_bg_mean": 482.8916015625,
  "summary_bg_median": 275.1637268066406,
  "summary_bg_n": 845715.0,
  "summary_bg_p05": 180.73796997070312,
  "summary_bg_p95": 1444.9284179687493,
  "summary_bg_stdv": 653.1890869140625,
  "summary_fg_k": 0.8346424191059745,
  "summary_fg_mad": 2302.1996377889077,
  "summary_fg_mean": 8466.4501953125,
  "summary_fg_median": 8219.7880859375,
  "summary_fg_n": 234961.0,
  "summary_fg_p05": 4990.10693359375,
  "summary_fg_p95": 12790.95703125,
  "summary_fg_stdv": 2508.0712890625,
  "tsnr": 6.136216640472412
}