{
  "aor": 0.0466025321888412,
  "aqi": 0.07001813347639484,
  "bids_meta": {
    "AcquisitionMatrixPE": 146,
    "CoilString": "RM:Nova32ch",
    "EchoTime": 0.0276,
    "EffectiveEchoSpacing": 0.000354,
    "FlipAngle": 71,
    "InstitutionName": "Stanford CNI",
    "MagneticFieldStrength": 3,
    "Manufacturer": "GE",
    "ManufacturerModelName": "GE Discovery MR750",
    "MultibandAccelerationFactor": 3,
    "PartialFourier": 0.0136986,
    "PhaseEncodingDirection": "j",
    "PulseSequenceType": "Multiband Gradient Echo EPI",
    "ReconMatrixPE": 146,
    "RepetitionTime": 1.5,
    "SliceThickness": 1.6,
    "SoftwareVersions": "DV24.0_R01_1344.a",
    "TaskDescription": "Subjects performed a visual localizer task. Stimuli were presented in miniblocks at a rate of 4 HZ. Subjects were instructed to maintain fixation on a central cross and to respond to oddball frames in which a blank display, rather than a face/object/place/character was presented. Due to an error, these responses were not recorded.",
    "TaskName": "sim",
    "TotalReadoutTime": 0.05133,
    "dataset": "ds001590",
    "modality": "bold",
    "run_id": 2,
    "subject_id": "32",
    "task_id": "loc"
  },
  "dummy_trs": 5,
  "dvars_nstd": 95.86439471405173,
  "dvars_std": 1.9591561350000009,
  "dvars_vstd": 2.195023155775862,
  "efc": 0.5045054560121347,
  "fber": 828.6376953125,
  "fd_mean": 0.5893476323213502,
  "fd_num": 47,
  "fd_perc": 20.17167381974249,
  "fwhm_avg": 3.0313447108333436,
  "fwhm_x": 2.7086070524845973,
  "fwhm_y": 3.3369208754417152,
  "fwhm_z": 3.0485062045737177,
  "gcor": 0.438445,
  "gsr_x": -0.01560214813798666,
  "gsr_y": 0.02498430199921131,
  "provenance": {
    "md5sum": "95750ab73dddc6d75f7e4a8e81d83a16",
    "settings": {
      "fd_thres": 0.2,
      "testing": false
    },
    "software": "mriqc",
    "version": "22.0.6",
    "webapi_port": null,
    "webapi_url": "https://mriqc.nimh.nih.gov/api/v1"
  },
  "size_t": 233,
  "size_x": 146,
  "size_y": 146,
  "size_z": 57,
  "snr": 3.373322634343593,
  "spacing_tr": 1.5,
  "spacing_x": 1.5958904027938843,
  "spacing_y": 1.5958904027938843,
  "spacing_z": 1.600000023841858,
  "summary_bg_k": 47.111706528670595,
  "summary_bg_mad": 59.86265487297573,
  "summary_bg_mean": 258.88494873046875,
  "summary_bg_median": 142.2230682373047,
  "summary_bg_n": 871539.0,
  "summary_bg_p05": 91.31893005371094,
  "summary_bg_p95": 796.9470825195307,
  "summary_bg_stdv": 340.4892883300781,
  "summary_fg_k": 0.7763671929184159,
  "summary_fg_mad": 1166.7189029595747,
  "summary_fg_mean": 4323.37939453125,
  "summary_fg_median": 4229.251953125,
  "summary_fg_n": 210287.0,
  "summary_fg_p05": 2548.13193359375,
  "summary_fg_p95": 6447.299609375,
  "summary_fg_stdv": 1253.7318115234375,
  "tsnr": 5.454996109008789
}