{
  "aor": 0.014482007434944237,
  "aqi": 0.03521132713754647,
  "bids_meta": {
    "AcquisitionMatrixPE": 146,
    "CoilString": "RM:Nova32ch",
    "EchoTime": 0.0276,
    "EffectiveEchoSpacing": 0.000354,
    "FlipAngle": 71,
    "InstitutionName": "Stanford CNI",
    "MagneticFieldStrength": 3,
    "Manufacturer": "GE",
    "ManufacturerModelName": "GE Discovery MR750",
    "MultibandAccelerationFactor": 3,
    "PartialFourier": 0.0136986,
    "PhaseEncodingDirection": "j",
    "PulseSequenceType": "Multiband Gradient Echo EPI",
    "ReconMatrixPE": 146,
    "RepetitionTime": 1.5,
    "SliceThickness": 1.6,
    "SoftwareVersions": "DV24.0_R01_1344.a",
    "TaskDescription": "Simultaneous feature discrimination. Subjects performed a speeded reaction time task. The target was predicted by preceeding stimuli (AB+, B-, AC-, C+), where + corresponds to a 70% probability of seeing the target, and - corresponds to a 30% change of seeing the target. A, B and C are house, faces and body parts, counterbalanced across runs.",
    "TaskName": "sim",
    "TotalReadoutTime": 0.05133,
    "dataset": "ds001590",
    "modality": "bold",
    "run_id": 3,
    "subject_id": "32",
    "task_id": "sim"
  },
  "dummy_trs": 5,
  "dvars_nstd": 80.36594100492532,
  "dvars_std": 1.309467830447761,
  "dvars_vstd": 1.3880798029104469,
  "efc": 0.5044639732883864,
  "fber": 844.8496704101562,
  "fd_mean": 0.26414851681301327,
  "fd_num": 26,
  "fd_perc": 9.66542750929368,
  "fwhm_avg": 3.043827965036433,
  "fwhm_x": 2.7010000138190686,
  "fwhm_y": 3.3055026778560785,
  "fwhm_z": 3.1249812034341513,
  "gcor": 0.167722,
  "gsr_x": -0.014781463891267776,
  "gsr_y": 0.02469407580792904,
  "provenance": {
    "md5sum": "6a28e3d83c8a4e3bf9381154000c2589",
    "settings": {
      "fd_thres": 0.2,
      "testing": false
    },
    "software": "mriqc",
    "version": "22.0.6",
    "webapi_port": null,
    "webapi_url": "https://mriqc.nimh.nih.gov/api/v1"
  },
  "size_t": 269,
  "size_x": 146,
  "size_y": 146,
  "size_z": 57,
  "snr": 3.3512617992928577,
  "spacing_tr": 1.5,
  "spacing_x": 1.5958904027938843,
  "spacing_y": 1.5958904027938843,
  "spacing_z": 1.600000023841858,
  "summary_bg_k": 47.04283776890952,
  "summary_bg_mad": 59.87286902857961,
  "summary_bg_mean": 262.24237060546875,
  "summary_bg_median": 144.20785522460938,
  "summary_bg_n": 869160.0,
  "summary_bg_p05": 92.82713966369629,
  "summary_bg_p95": 810.0355010986323,
  "summary_bg_stdv": 349.3591003417969,
  "summary_fg_k": 0.7633304965530741,
  "summary_fg_mad": 1204.8769070059006,
  "summary_fg_mean": 4435.0625,
  "summary_fg_median": 4335.32470703125,
  "summary_fg_n": 212360.0,
  "summary_fg_p05": 2602.913916015625,
  "summary_fg_p95": 6628.516577148437,
  "summary_fg_stdv": 1293.636474609375,
  "tsnr": 9.79591178894043
}