{
  "aor": 0.019464015444015447,
  "aqi": 0.03611406293436294,
  "bids_meta": {
    "AcquisitionMatrixPE": 146,
    "CoilString": "RM:Nova32ch",
    "EchoTime": 0.0276,
    "EffectiveEchoSpacing": 0.000354,
    "FlipAngle": 71,
    "InstitutionName": "Stanford CNI",
    "MagneticFieldStrength": 3,
    "Manufacturer": "GE",
    "ManufacturerModelName": "GE Discovery MR750",
    "MultibandAccelerationFactor": 3,
    "PartialFourier": 0.0136986,
    "PhaseEncodingDirection": "j",
    "PulseSequenceType": "Multiband Gradient Echo EPI",
    "ReconMatrixPE": 146,
    "RepetitionTime": 1.5,
    "SliceThickness": 1.6,
    "SoftwareVersions": "DV24.0_R01_1344.a",
    "TaskDescription": "Simultaneous feature discrimination. Subjects performed a speeded reaction time task. The target was predicted by preceeding stimuli (AB+, B-, AC-, C+), where + corresponds to a 70% probability of seeing the target, and - corresponds to a 30% change of seeing the target. A, B and C are house, faces and body parts, counterbalanced across runs.",
    "TaskName": "sim",
    "TotalReadoutTime": 0.05133,
    "dataset": "ds001590",
    "modality": "bold",
    "run_id": 3,
    "subject_id": "05",
    "task_id": "sim"
  },
  "dummy_trs": 5,
  "dvars_nstd": 81.43672118077522,
  "dvars_std": 1.4019554614341077,
  "dvars_vstd": 1.6194270796511632,
  "efc": 0.5338175217041832,
  "fber": 888.2598876953125,
  "fd_mean": 0.2856852577168085,
  "fd_num": 16,
  "fd_perc": 6.177606177606178,
  "fwhm_avg": 3.4141853350574523,
  "fwhm_x": 3.0934141789168974,
  "fwhm_y": 3.5567981297855527,
  "fwhm_z": 3.5923436964699076,
  "gcor": 0.235549,
  "gsr_x": -0.018567707389593124,
  "gsr_y": 0.059146538376808167,
  "provenance": {
    "md5sum": "e5ca5cfbc4596bdcb4f71ca012d24e6e",
    "settings": {
      "fd_thres": 0.2,
      "testing": false
    },
    "software": "mriqc",
    "version": "22.0.6",
    "webapi_port": null,
    "webapi_url": "https://mriqc.nimh.nih.gov/api/v1"
  },
  "size_t": 259,
  "size_x": 146,
  "size_y": 146,
  "size_z": 57,
  "snr": 2.4680378266820147,
  "spacing_tr": 1.5,
  "spacing_x": 1.5958904027938843,
  "spacing_y": 1.5958904027938843,
  "spacing_z": 1.600000023841858,
  "summary_bg_k": 28.847121859219875,
  "summary_bg_mad": 62.51361849400561,
  "summary_bg_mean": 433.0451354980469,
  "summary_bg_median": 162.37355041503906,
  "summary_bg_n": 820800.0,
  "summary_bg_p05": 105.17207221984863,
  "summary_bg_p95": 1833.8259277343745,
  "summary_bg_stdv": 764.4317626953125,
  "summary_fg_k": 2.5368961921282818,
  "summary_fg_mad": 1622.4069745787474,
  "summary_fg_mean": 5280.7802734375,
  "summary_fg_median": 4876.20458984375,
  "summary_fg_n": 262657.0,
  "summary_fg_p05": 2913.403759765625,
  "summary_fg_p95": 8922.1740234375,
  "summary_fg_stdv": 1975.7376708984375,
  "tsnr": 8.805342674255371
}