{
  "aor": 0.014906926605504588,
  "aqi": 0.033696988073394496,
  "bids_meta": {
    "AcquisitionMatrixPE": 146,
    "CoilString": "RM:Nova32ch",
    "EchoTime": 0.0276,
    "EffectiveEchoSpacing": 0.000354,
    "FlipAngle": 71,
    "InstitutionName": "Stanford CNI",
    "MagneticFieldStrength": 3,
    "Manufacturer": "GE",
    "ManufacturerModelName": "GE Discovery MR750",
    "MultibandAccelerationFactor": 3,
    "PartialFourier": 0.0136986,
    "PhaseEncodingDirection": "j",
    "PulseSequenceType": "Multiband Gradient Echo EPI",
    "ReconMatrixPE": 146,
    "RepetitionTime": 1.5,
    "SliceThickness": 1.6,
    "SoftwareVersions": "DV24.0_R01_1344.a",
    "TaskDescription": "Subjects performed a visual localizer task. Stimuli were presented in miniblocks at a rate of 4 HZ. Subjects were instructed to maintain fixation on a central cross and to respond to oddball frames in which a blank display, rather than a face/object/place/character was presented. Due to an error, these responses were not recorded.",
    "TaskName": "sim",
    "TotalReadoutTime": 0.05133,
    "dataset": "ds001590",
    "modality": "bold",
    "run_id": 1,
    "subject_id": "05",
    "task_id": "loc"
  },
  "dummy_trs": 6,
  "dvars_nstd": 81.17146508728109,
  "dvars_std": 1.1661719516129034,
  "dvars_vstd": 1.244954990368664,
  "efc": 0.5316014842483419,
  "fber": 871.4757690429688,
  "fd_mean": 0.2873421488764503,
  "fd_num": 15,
  "fd_perc": 6.8807339449541285,
  "fwhm_avg": 3.541027792546668,
  "fwhm_x": 3.012656753611016,
  "fwhm_y": 3.713914182091548,
  "fwhm_z": 3.89651244193744,
  "gcor": 0.124825,
  "gsr_x": -0.03519601374864578,
  "gsr_y": 0.06704553961753845,
  "provenance": {
    "md5sum": "f3e13d9652b2e7dda634a7e9c52279f7",
    "settings": {
      "fd_thres": 0.2,
      "testing": false
    },
    "software": "mriqc",
    "version": "22.0.6",
    "webapi_port": null,
    "webapi_url": "https://mriqc.nimh.nih.gov/api/v1"
  },
  "size_t": 218,
  "size_x": 146,
  "size_y": 146,
  "size_z": 57,
  "snr": 2.3352237221227905,
  "spacing_tr": 1.5,
  "spacing_x": 1.5958904027938843,
  "spacing_y": 1.5958904027938843,
  "spacing_z": 1.600000023841858,
  "summary_bg_k": 40.809261044515026,
  "summary_bg_mad": 58.98890908159035,
  "summary_bg_mean": 398.00225830078125,
  "summary_bg_median": 161.74127197265625,
  "summary_bg_n": 811367.0,
  "summary_bg_p05": 107.39941787719727,
  "summary_bg_p95": 1607.1940307617185,
  "summary_bg_stdv": 668.998779296875,
  "summary_fg_k": 2.239373926930016,
  "summary_fg_mad": 1679.1519818529473,
  "summary_fg_mean": 5235.9033203125,
  "summary_fg_median": 4839.0703125,
  "summary_fg_n": 268921.0,
  "summary_fg_p05": 2700.59619140625,
  "summary_fg_p95": 9047.30078125,
  "summary_fg_stdv": 2072.20458984375,
  "tsnr": 9.752448081970215
}