{
  "aor": 0.0034266511627906973,
  "aqi": 0.01855357953488372,
  "bids_meta": {
    "AcquisitionMatrixPE": 146,
    "CoilString": "RM:Nova32ch",
    "EchoTime": 0.0276,
    "EffectiveEchoSpacing": 0.000354,
    "FlipAngle": 71,
    "InstitutionName": "Stanford CNI",
    "MagneticFieldStrength": 3,
    "Manufacturer": "GE",
    "ManufacturerModelName": "GE Discovery MR750",
    "MultibandAccelerationFactor": 3,
    "PartialFourier": 0.0136986,
    "PhaseEncodingDirection": "j",
    "PulseSequenceType": "Multiband Gradient Echo EPI",
    "ReconMatrixPE": 146,
    "RepetitionTime": 1.5,
    "SliceThickness": 1.6,
    "SoftwareVersions": "DV24.0_R01_1344.a",
    "TaskDescription": "Subjects performed a visual localizer task. Stimuli were presented in miniblocks at a rate of 4 HZ. Subjects were instructed to maintain fixation on a central cross and to respond to oddball frames in which a blank display, rather than a face/object/place/character was presented. Due to an error, these responses were not recorded.",
    "TaskName": "sim",
    "TotalReadoutTime": 0.05133,
    "dataset": "ds001590",
    "modality": "bold",
    "run_id": 2,
    "subject_id": "05",
    "task_id": "loc"
  },
  "dummy_trs": 5,
  "dvars_nstd": 72.40478123439253,
  "dvars_std": 1.0346493571495325,
  "dvars_vstd": 1.0319687437850469,
  "efc": 0.5326779482824358,
  "fber": 888.792236328125,
  "fd_mean": 0.12551218033761974,
  "fd_num": 17,
  "fd_perc": 7.906976744186046,
  "fwhm_avg": 3.4290212540267757,
  "fwhm_x": 3.103508857080133,
  "fwhm_y": 3.5497237091484997,
  "fwhm_z": 3.633831195851695,
  "gcor": 0.0141141,
  "gsr_x": -0.020224416628479958,
  "gsr_y": 0.060149870812892914,
  "provenance": {
    "md5sum": "296877510d44648cab14146bcb8fccfe",
    "settings": {
      "fd_thres": 0.2,
      "testing": false
    },
    "software": "mriqc",
    "version": "22.0.6",
    "webapi_port": null,
    "webapi_url": "https://mriqc.nimh.nih.gov/api/v1"
  },
  "size_t": 215,
  "size_x": 146,
  "size_y": 146,
  "size_z": 57,
  "snr": 2.417540646468559,
  "spacing_tr": 1.5,
  "spacing_x": 1.5958904027938843,
  "spacing_y": 1.5958904027938843,
  "spacing_z": 1.600000023841858,
  "summary_bg_k": 30.81709595038133,
  "summary_bg_mad": 60.76790845000296,
  "summary_bg_mean": 436.13275146484375,
  "summary_bg_median": 162.41554260253906,
  "summary_bg_n": 821668.0,
  "summary_bg_p05": 106.22747573852538,
  "summary_bg_p95": 1864.6934143066376,
  "summary_bg_stdv": 782.9356689453125,
  "summary_fg_k": 2.533573270558323,
  "summary_fg_mad": 1685.9956244665425,
  "summary_fg_mean": 5315.96826171875,
  "summary_fg_median": 4904.0126953125,
  "summary_fg_n": 261947.0,
  "summary_fg_p05": 2901.7607177734376,
  "summary_fg_p95": 9063.585058593746,
  "summary_fg_stdv": 2028.5091552734375,
  "tsnr": 16.876001358032227
}