{
  "aor": 0.05216307692307693,
  "aqi": 0.07568466882591095,
  "bids_meta": {
    "AcquisitionMatrixPE": 146,
    "CoilString": "RM:Nova32ch",
    "EchoTime": 0.0276,
    "EffectiveEchoSpacing": 0.000354,
    "FlipAngle": 71,
    "InstitutionName": "Stanford CNI",
    "MagneticFieldStrength": 3,
    "Manufacturer": "GE",
    "ManufacturerModelName": "GE Discovery MR750",
    "MultibandAccelerationFactor": 3,
    "PartialFourier": 0.0136986,
    "PhaseEncodingDirection": "j",
    "PulseSequenceType": "Multiband Gradient Echo EPI",
    "ReconMatrixPE": 146,
    "RepetitionTime": 1.5,
    "SliceThickness": 1.6,
    "SoftwareVersions": "DV24.0_R01_1344.a",
    "TaskDescription": "Simultaneous feature discrimination. Subjects performed a speeded reaction time task. The target was predicted by preceeding stimuli (AB+, B-, AC-, C+), where + corresponds to a 70% probability of seeing the target, and - corresponds to a 30% change of seeing the target. A, B and C are house, faces and body parts, counterbalanced across runs.",
    "TaskName": "sim",
    "TotalReadoutTime": 0.05133,
    "dataset": "ds001590",
    "modality": "bold",
    "run_id": 2,
    "subject_id": "05",
    "task_id": "sim"
  },
  "dummy_trs": 6,
  "dvars_nstd": 91.60733329951219,
  "dvars_std": 2.004916033455285,
  "dvars_vstd": 2.2665588651219513,
  "efc": 0.5348513647690603,
  "fber": 944.4987182617188,
  "fd_mean": 0.5850379329543193,
  "fd_num": 33,
  "fd_perc": 13.360323886639677,
  "fwhm_avg": 3.417743233297935,
  "fwhm_x": 2.982046882209772,
  "fwhm_y": 3.594657872468524,
  "fwhm_z": 3.676524945215509,
  "gcor": 0.569782,
  "gsr_x": -0.03353285416960716,
  "gsr_y": 0.06208117678761482,
  "provenance": {
    "md5sum": "b83e570a40eb9e58eb00313f3c744bc6",
    "settings": {
      "fd_thres": 0.2,
      "testing": false
    },
    "software": "mriqc",
    "version": "22.0.6",
    "webapi_port": null,
    "webapi_url": "https://mriqc.nimh.nih.gov/api/v1"
  },
  "size_t": 247,
  "size_x": 146,
  "size_y": 146,
  "size_z": 57,
  "snr": 2.453748735468051,
  "spacing_tr": 1.5,
  "spacing_x": 1.5958904027938843,
  "spacing_y": 1.5958904027938843,
  "spacing_z": 1.600000023841858,
  "summary_bg_k": 44.67325817411315,
  "summary_bg_mad": 53.25461086402653,
  "summary_bg_mean": 370.3961486816406,
  "summary_bg_median": 152.77862548828125,
  "summary_bg_n": 804612.0,
  "summary_bg_p05": 103.31358489990234,
  "summary_bg_p95": 1495.4758483886696,
  "summary_bg_stdv": 638.9343872070312,
  "summary_fg_k": 2.0937141766812646,
  "summary_fg_mad": 1616.4172037018357,
  "summary_fg_mean": 5131.07373046875,
  "summary_fg_median": 4791.083984375,
  "summary_fg_n": 275863.0,
  "summary_fg_p05": 2706.480712890625,
  "summary_fg_p95": 8687.46337890625,
  "summary_fg_stdv": 1952.5533447265625,
  "tsnr": 5.008099555969238
}