{
  "aor": 0.012616492537313433,
  "aqi": 0.02628106119402985,
  "bids_meta": {
    "AcquisitionMatrixPE": 146,
    "CoilString": "RM:Nova32ch",
    "EchoTime": 0.0276,
    "EffectiveEchoSpacing": 0.000354,
    "FlipAngle": 71,
    "InstitutionName": "Stanford CNI",
    "MagneticFieldStrength": 3,
    "Manufacturer": "GE",
    "ManufacturerModelName": "GE Discovery MR750",
    "MultibandAccelerationFactor": 3,
    "PartialFourier": 0.0136986,
    "PhaseEncodingDirection": "j",
    "PulseSequenceType": "Multiband Gradient Echo EPI",
    "ReconMatrixPE": 146,
    "RepetitionTime": 1.5,
    "SliceThickness": 1.6,
    "SoftwareVersions": "DV24.0_R01_1344.a",
    "TaskDescription": "Simultaneous feature discrimination. Subjects performed a speeded reaction time task. The target was predicted by preceeding stimuli (AB+, B-, AC-, C+), where + corresponds to a 70% probability of seeing the target, and - corresponds to a 30% change of seeing the target. A, B and C are house, faces and body parts, counterbalanced across runs.",
    "TaskName": "sim",
    "TotalReadoutTime": 0.05133,
    "dataset": "ds001590",
    "modality": "bold",
    "run_id": 1,
    "subject_id": "05",
    "task_id": "sim"
  },
  "dummy_trs": 6,
  "dvars_nstd": 77.35083227827717,
  "dvars_std": 1.2061823417977526,
  "dvars_vstd": 1.2515015032584267,
  "efc": 0.531616281439435,
  "fber": 945.1173095703125,
  "fd_mean": 0.2657719068827018,
  "fd_num": 14,
  "fd_perc": 5.223880597014926,
  "fwhm_avg": 3.419013882240596,
  "fwhm_x": 2.9698718606882535,
  "fwhm_y": 3.579851091276889,
  "fwhm_z": 3.7073186947566463,
  "gcor": 0.138837,
  "gsr_x": -0.033730220049619675,
  "gsr_y": 0.06211062893271446,
  "provenance": {
    "md5sum": "31006deb0d852e726677f077d04108cc",
    "settings": {
      "fd_thres": 0.2,
      "testing": false
    },
    "software": "mriqc",
    "version": "22.0.6",
    "webapi_port": null,
    "webapi_url": "https://mriqc.nimh.nih.gov/api/v1"
  },
  "size_t": 268,
  "size_x": 146,
  "size_y": 146,
  "size_z": 57,
  "snr": 2.4094290994279453,
  "spacing_tr": 1.5,
  "spacing_x": 1.5958904027938843,
  "spacing_y": 1.5958904027938843,
  "spacing_z": 1.600000023841858,
  "summary_bg_k": 44.06392197172247,
  "summary_bg_mad": 54.847012427434436,
  "summary_bg_mean": 384.701171875,
  "summary_bg_median": 160.19949340820312,
  "summary_bg_n": 806894.0,
  "summary_bg_p05": 108.64843711853027,
  "summary_bg_p95": 1549.39091796875,
  "summary_bg_stdv": 664.280517578125,
  "summary_fg_k": 2.2665217375960243,
  "summary_fg_mad": 1691.6672294865045,
  "summary_fg_mean": 5383.53271484375,
  "summary_fg_median": 5002.8427734375,
  "summary_fg_n": 273879.0,
  "summary_fg_p05": 2837.506591796875,
  "summary_fg_p95": 9178.840332031246,
  "summary_fg_stdv": 2076.3564453125,
  "tsnr": 10.9428129196167
}