{
  "aor": 0.019751259842519683,
  "aqi": 0.034991566535433075,
  "bids_meta": {
    "AcquisitionMatrixPE": 146,
    "CoilString": "RM:Nova32ch",
    "EchoTime": 0.0276,
    "EffectiveEchoSpacing": 0.000354,
    "FlipAngle": 71,
    "InstitutionName": "Stanford CNI",
    "MagneticFieldStrength": 3,
    "Manufacturer": "GE",
    "ManufacturerModelName": "GE Discovery MR750",
    "MultibandAccelerationFactor": 3,
    "PartialFourier": 0.0136986,
    "PhaseEncodingDirection": "j",
    "PulseSequenceType": "Multiband Gradient Echo EPI",
    "ReconMatrixPE": 146,
    "RepetitionTime": 1.5,
    "SliceThickness": 1.6,
    "SoftwareVersions": "DV24.0_R01_1344.a",
    "TaskDescription": "Simultaneous feature discrimination. Subjects performed a speeded reaction time task. The target was predicted by preceeding stimuli (AB+, B-, AC-, C+), where + corresponds to a 70% probability of seeing the target, and - corresponds to a 30% change of seeing the target. A, B and C are house, faces and body parts, counterbalanced across runs.",
    "TaskName": "sim",
    "TotalReadoutTime": 0.05133,
    "dataset": "ds001590",
    "modality": "bold",
    "run_id": 1,
    "subject_id": "03",
    "task_id": "sim"
  },
  "dummy_trs": 6,
  "dvars_nstd": 79.58832420383396,
  "dvars_std": 1.4195793501976284,
  "dvars_vstd": 1.5641712556521745,
  "efc": 0.5592243620469091,
  "fber": 618.0447387695312,
  "fd_mean": 0.30429933225041156,
  "fd_num": 8,
  "fd_perc": 3.1496062992125986,
  "fwhm_avg": 3.244312889210937,
  "fwhm_x": 2.9098238775484138,
  "fwhm_y": 3.4367710905448514,
  "fwhm_z": 3.3863436995395464,
  "gcor": 0.219383,
  "gsr_x": 0.0012769857421517372,
  "gsr_y": 0.04546905308961868,
  "provenance": {
    "md5sum": "f91d7aebf441780693e3985cd9ec8d2d",
    "settings": {
      "fd_thres": 0.2,
      "testing": false
    },
    "software": "mriqc",
    "version": "22.0.6",
    "webapi_port": null,
    "webapi_url": "https://mriqc.nimh.nih.gov/api/v1"
  },
  "size_t": 254,
  "size_x": 146,
  "size_y": 146,
  "size_z": 57,
  "snr": 2.5639488294922215,
  "spacing_tr": 1.5,
  "spacing_x": 1.5958904027938843,
  "spacing_y": 1.5958904027938843,
  "spacing_z": 1.600000023841858,
  "summary_bg_k": 25.148017999054208,
  "summary_bg_mad": 90.5728993372775,
  "summary_bg_mean": 488.8065185546875,
  "summary_bg_median": 197.99960327148438,
  "summary_bg_n": 797162.0,
  "summary_bg_p05": 118.16318588256836,
  "summary_bg_p95": 1967.6944335937487,
  "summary_bg_stdv": 834.7210693359375,
  "summary_fg_k": 1.2903026995058005,
  "summary_fg_mad": 1680.112632802145,
  "summary_fg_mean": 5344.89208984375,
  "summary_fg_median": 4988.9951171875,
  "summary_fg_n": 280259.0,
  "summary_fg_p05": 2841.6069580078124,
  "summary_fg_p95": 8965.170703124993,
  "summary_fg_stdv": 1945.8212890625,
  "tsnr": 8.703803062438965
}