{
  "aor": 0.02055894736842105,
  "aqi": 0.041112540080971656,
  "bids_meta": {
    "AcquisitionMatrixPE": 146,
    "CoilString": "RM:Nova32ch",
    "EchoTime": 0.0276,
    "EffectiveEchoSpacing": 0.000354,
    "FlipAngle": 71,
    "InstitutionName": "Stanford CNI",
    "MagneticFieldStrength": 3,
    "Manufacturer": "GE",
    "ManufacturerModelName": "GE Discovery MR750",
    "MultibandAccelerationFactor": 3,
    "PartialFourier": 0.0136986,
    "PhaseEncodingDirection": "j",
    "PulseSequenceType": "Multiband Gradient Echo EPI",
    "ReconMatrixPE": 146,
    "RepetitionTime": 1.5,
    "SliceThickness": 1.6,
    "SoftwareVersions": "DV24.0_R01_1344.a",
    "TaskDescription": "Simultaneous feature discrimination. Subjects performed a speeded reaction time task. The target was predicted by preceeding stimuli (AB+, B-, AC-, C+), where + corresponds to a 70% probability of seeing the target, and - corresponds to a 30% change of seeing the target. A, B and C are house, faces and body parts, counterbalanced across runs.",
    "TaskName": "sim",
    "TotalReadoutTime": 0.05133,
    "dataset": "ds001590",
    "modality": "bold",
    "run_id": 3,
    "subject_id": "03",
    "task_id": "sim"
  },
  "dummy_trs": 7,
  "dvars_nstd": 82.08192344569102,
  "dvars_std": 1.302887753373983,
  "dvars_vstd": 1.4777003318292683,
  "efc": 0.564477301649103,
  "fber": 535.2841186523438,
  "fd_mean": 0.30984221207095797,
  "fd_num": 8,
  "fd_perc": 3.2388663967611335,
  "fwhm_avg": 3.2244464090327973,
  "fwhm_x": 2.9042031908243775,
  "fwhm_y": 3.4742423353717578,
  "fwhm_z": 3.2948937009022576,
  "gcor": 0.205606,
  "gsr_x": 0.006799034308642149,
  "gsr_y": 0.04642166197299957,
  "provenance": {
    "md5sum": "60cf653c989724a991d23ba25133faa7",
    "settings": {
      "fd_thres": 0.2,
      "testing": false
    },
    "software": "mriqc",
    "version": "22.0.6",
    "webapi_port": null,
    "webapi_url": "https://mriqc.nimh.nih.gov/api/v1"
  },
  "size_t": 247,
  "size_x": 146,
  "size_y": 146,
  "size_z": 57,
  "snr": 2.5101174389445844,
  "spacing_tr": 1.5,
  "spacing_x": 1.5958904027938843,
  "spacing_y": 1.5958904027938843,
  "spacing_z": 1.600000023841858,
  "summary_bg_k": 24.07491750844905,
  "summary_bg_mad": 101.51585700063117,
  "summary_bg_mean": 501.4573669433594,
  "summary_bg_median": 205.90347290039062,
  "summary_bg_n": 795131.0,
  "summary_bg_p05": 118.3139762878418,
  "summary_bg_p95": 2020.7033081054688,
  "summary_bg_stdv": 826.896240234375,
  "summary_fg_k": 1.3934249717333245,
  "summary_fg_mad": 1664.5771622898744,
  "summary_fg_mean": 5185.57470703125,
  "summary_fg_median": 4826.9375,
  "summary_fg_n": 279691.0,
  "summary_fg_p05": 2740.196533203125,
  "summary_fg_p95": 8755.6220703125,
  "summary_fg_stdv": 1922.9892578125,
  "tsnr": 8.332125663757324
}