{
  "aor": 0.054786956521739136,
  "aqi": 0.07290720391304348,
  "bids_meta": {
    "AcquisitionMatrixPE": 146,
    "CoilString": "RM:Nova32ch",
    "EchoTime": 0.0276,
    "EffectiveEchoSpacing": 0.000354,
    "FlipAngle": 71,
    "InstitutionName": "Stanford CNI",
    "MagneticFieldStrength": 3,
    "Manufacturer": "GE",
    "ManufacturerModelName": "GE Discovery MR750",
    "MultibandAccelerationFactor": 3,
    "PartialFourier": 0.0136986,
    "PhaseEncodingDirection": "j",
    "PulseSequenceType": "Multiband Gradient Echo EPI",
    "ReconMatrixPE": 146,
    "RepetitionTime": 1.5,
    "SliceThickness": 1.6,
    "SoftwareVersions": "DV24.0_R01_1344.a",
    "TaskDescription": "Subjects performed a visual localizer task. Stimuli were presented in miniblocks at a rate of 4 HZ. Subjects were instructed to maintain fixation on a central cross and to respond to oddball frames in which a blank display, rather than a face/object/place/character was presented. Due to an error, these responses were not recorded.",
    "TaskName": "sim",
    "TotalReadoutTime": 0.05133,
    "dataset": "ds001590",
    "modality": "bold",
    "run_id": 2,
    "subject_id": "03",
    "task_id": "loc"
  },
  "dummy_trs": 6,
  "dvars_nstd": 92.90816904262007,
  "dvars_std": 2.247702221965065,
  "dvars_vstd": 2.5642155376855884,
  "efc": 0.5643794125387948,
  "fber": 575.3652954101562,
  "fd_mean": 0.7022559089477486,
  "fd_num": 20,
  "fd_perc": 8.695652173913043,
  "fwhm_avg": 3.214413738081906,
  "fwhm_x": 3.188151260946663,
  "fwhm_y": 3.276233750667704,
  "fwhm_z": 3.1788562026313514,
  "gcor": 0.600472,
  "gsr_x": 0.018898285925388336,
  "gsr_y": 0.026349987834692,
  "provenance": {
    "md5sum": "8d1dbca949ab76f9f60d146031cd3f01",
    "settings": {
      "fd_thres": 0.2,
      "testing": false
    },
    "software": "mriqc",
    "version": "22.0.6",
    "webapi_port": null,
    "webapi_url": "https://mriqc.nimh.nih.gov/api/v1"
  },
  "size_t": 230,
  "size_x": 146,
  "size_y": 146,
  "size_z": 57,
  "snr": 2.6547013942871716,
  "spacing_tr": 1.5,
  "spacing_x": 1.5958904027938843,
  "spacing_y": 1.5958904027938843,
  "spacing_z": 1.600000023841858,
  "summary_bg_k": 21.015362927739098,
  "summary_bg_mad": 93.32176275537438,
  "summary_bg_mean": 540.9439086914062,
  "summary_bg_median": 193.67608642578125,
  "summary_bg_n": 811386.0,
  "summary_bg_p05": 112.68927955627441,
  "summary_bg_p95": 2397.6107788085938,
  "summary_bg_stdv": 956.3887939453125,
  "summary_fg_k": 1.5138409883941035,
  "summary_fg_mad": 1542.7529397138642,
  "summary_fg_mean": 5073.43212890625,
  "summary_fg_median": 4709.12890625,
  "summary_fg_n": 267434.0,
  "summary_fg_p05": 2825.297021484375,
  "summary_fg_p95": 8460.632177734373,
  "summary_fg_stdv": 1773.87939453125,
  "tsnr": 4.664751052856445
}