{
  "aor": 0.02333927927927928,
  "aqi": 0.04485379954954955,
  "bids_meta": {
    "AcquisitionMatrixPE": 146,
    "CoilString": "RM:Nova32ch",
    "EchoTime": 0.0276,
    "EffectiveEchoSpacing": 0.000354,
    "FlipAngle": 71,
    "InstitutionName": "Stanford CNI",
    "MagneticFieldStrength": 3,
    "Manufacturer": "GE",
    "ManufacturerModelName": "GE Discovery MR750",
    "MultibandAccelerationFactor": 3,
    "PartialFourier": 0.0136986,
    "PhaseEncodingDirection": "j",
    "PulseSequenceType": "Multiband Gradient Echo EPI",
    "ReconMatrixPE": 146,
    "RepetitionTime": 1.5,
    "SliceThickness": 1.6,
    "SoftwareVersions": "DV24.0_R01_1344.a",
    "TaskDescription": "Subjects performed a visual localizer task. Stimuli were presented in miniblocks at a rate of 4 HZ. Subjects were instructed to maintain fixation on a central cross and to respond to oddball frames in which a blank display, rather than a face/object/place/character was presented. Due to an error, these responses were not recorded.",
    "TaskName": "sim",
    "TotalReadoutTime": 0.05133,
    "dataset": "ds001590",
    "modality": "bold",
    "run_id": 1,
    "subject_id": "03",
    "task_id": "loc"
  },
  "dummy_trs": 5,
  "dvars_nstd": 82.71447822959276,
  "dvars_std": 1.330201195837104,
  "dvars_vstd": 1.6491878567420812,
  "efc": 0.5640214343388884,
  "fber": 598.7439575195312,
  "fd_mean": 0.3534170250340131,
  "fd_num": 8,
  "fd_perc": 3.6036036036036037,
  "fwhm_avg": 3.1651042622834815,
  "fwhm_x": 2.906891345344569,
  "fwhm_y": 3.4831589877778932,
  "fwhm_z": 3.105262453727984,
  "gcor": 0.224399,
  "gsr_x": -0.006165897473692894,
  "gsr_y": 0.033859699964523315,
  "provenance": {
    "md5sum": "deac011bf2d449cde3ce171bee08733b",
    "settings": {
      "fd_thres": 0.2,
      "testing": false
    },
    "software": "mriqc",
    "version": "22.0.6",
    "webapi_port": null,
    "webapi_url": "https://mriqc.nimh.nih.gov/api/v1"
  },
  "size_t": 222,
  "size_x": 146,
  "size_y": 146,
  "size_z": 57,
  "snr": 2.5356695716463893,
  "spacing_tr": 1.5,
  "spacing_x": 1.5958904027938843,
  "spacing_y": 1.5958904027938843,
  "spacing_z": 1.600000023841858,
  "summary_bg_k": 24.978201619214445,
  "summary_bg_mad": 89.77132000519742,
  "summary_bg_mean": 482.245361328125,
  "summary_bg_median": 193.24331665039062,
  "summary_bg_n": 788318.0,
  "summary_bg_p05": 113.56547584533692,
  "summary_bg_p95": 2016.764428710924,
  "summary_bg_stdv": 810.8662719726562,
  "summary_fg_k": 1.3858694786038468,
  "summary_fg_mad": 1627.426683457223,
  "summary_fg_mean": 5175.55517578125,
  "summary_fg_median": 4827.47119140625,
  "summary_fg_n": 282299.0,
  "summary_fg_p05": 2736.033959960938,
  "summary_fg_p95": 8750.509570312499,
  "summary_fg_stdv": 1903.8216552734375,
  "tsnr": 7.996398448944092
}