{
  "aor": 0.009867015503875969,
  "aqi": 0.02337639031007752,
  "bids_meta": {
    "AcquisitionMatrixPE": 146,
    "CoilString": "RM:Nova32ch",
    "EchoTime": 0.0276,
    "EffectiveEchoSpacing": 0.000354,
    "FlipAngle": 71,
    "InstitutionName": "Stanford CNI",
    "MagneticFieldStrength": 3,
    "Manufacturer": "GE",
    "ManufacturerModelName": "GE Discovery MR750",
    "MultibandAccelerationFactor": 3,
    "PartialFourier": 0.0136986,
    "PhaseEncodingDirection": "j",
    "PulseSequenceType": "Multiband Gradient Echo EPI",
    "ReconMatrixPE": 146,
    "RepetitionTime": 1.5,
    "SliceThickness": 1.6,
    "SoftwareVersions": "DV24.0_R01_1344.a",
    "TaskDescription": "Simultaneous feature discrimination. Subjects performed a speeded reaction time task. The target was predicted by preceeding stimuli (AB+, B-, AC-, C+), where + corresponds to a 70% probability of seeing the target, and - corresponds to a 30% change of seeing the target. A, B and C are house, faces and body parts, counterbalanced across runs.",
    "TaskName": "sim",
    "TotalReadoutTime": 0.05133,
    "dataset": "ds001590",
    "modality": "bold",
    "run_id": 3,
    "subject_id": "31",
    "task_id": "sim"
  },
  "dummy_trs": 5,
  "dvars_nstd": 69.03681841879376,
  "dvars_std": 1.2278049885214009,
  "dvars_vstd": 1.2944252868871602,
  "efc": 0.5260762826536206,
  "fber": 1022.69580078125,
  "fd_mean": 0.16273741916015488,
  "fd_num": 4,
  "fd_perc": 1.550387596899225,
  "fwhm_avg": 3.1875288844430387,
  "fwhm_x": 3.0943478269903437,
  "fwhm_y": 3.268495124018669,
  "fwhm_z": 3.199743702320103,
  "gcor": 0.105147,
  "gsr_x": -0.017877032980322838,
  "gsr_y": 0.05088810250163078,
  "provenance": {
    "md5sum": "525c1fdc521f66e05c5d77aae22dacf7",
    "settings": {
      "fd_thres": 0.2,
      "testing": false
    },
    "software": "mriqc",
    "version": "22.0.6",
    "webapi_port": null,
    "webapi_url": "https://mriqc.nimh.nih.gov/api/v1"
  },
  "size_t": 258,
  "size_x": 146,
  "size_y": 146,
  "size_z": 57,
  "snr": 3.086836029156503,
  "spacing_tr": 1.5,
  "spacing_x": 1.5958904027938843,
  "spacing_y": 1.5958904027938843,
  "spacing_z": 1.600000023841858,
  "summary_bg_k": 46.39840433477401,
  "summary_bg_mad": 65.27122559126283,
  "summary_bg_mean": 405.1950378417969,
  "summary_bg_median": 153.4286346435547,
  "summary_bg_n": 845363.0,
  "summary_bg_p05": 96.89545516967773,
  "summary_bg_p95": 1658.018872070312,
  "summary_bg_stdv": 763.9723510742188,
  "summary_fg_k": 0.632996573521659,
  "summary_fg_mad": 1514.0420002676083,
  "summary_fg_mean": 5217.30712890625,
  "summary_fg_median": 4951.22705078125,
  "summary_fg_n": 241222.0,
  "summary_fg_p05": 3122.378173828125,
  "summary_fg_p95": 8210.350146484374,
  "summary_fg_stdv": 1603.9779052734375,
  "tsnr": 12.924760818481445
}