{
  "aor": 0.004184093023255814,
  "aqi": 0.017008626976744188,
  "bids_meta": {
    "AcquisitionMatrixPE": 146,
    "CoilString": "RM:Nova32ch",
    "EchoTime": 0.0276,
    "EffectiveEchoSpacing": 0.000354,
    "FlipAngle": 71,
    "InstitutionName": "Stanford CNI",
    "MagneticFieldStrength": 3,
    "Manufacturer": "GE",
    "ManufacturerModelName": "GE Discovery MR750",
    "MultibandAccelerationFactor": 3,
    "PartialFourier": 0.0136986,
    "PhaseEncodingDirection": "j",
    "PulseSequenceType": "Multiband Gradient Echo EPI",
    "ReconMatrixPE": 146,
    "RepetitionTime": 1.5,
    "SliceThickness": 1.6,
    "SoftwareVersions": "DV24.0_R01_1344.a",
    "TaskDescription": "Subjects performed a visual localizer task. Stimuli were presented in miniblocks at a rate of 4 HZ. Subjects were instructed to maintain fixation on a central cross and to respond to oddball frames in which a blank display, rather than a face/object/place/character was presented. Due to an error, these responses were not recorded.",
    "TaskName": "sim",
    "TotalReadoutTime": 0.05133,
    "dataset": "ds001590",
    "modality": "bold",
    "run_id": 2,
    "subject_id": "31",
    "task_id": "loc"
  },
  "dummy_trs": 5,
  "dvars_nstd": 65.56376917130842,
  "dvars_std": 1.1158936979906535,
  "dvars_vstd": 1.1144728264018695,
  "efc": 0.5259115216220263,
  "fber": 1021.8038330078125,
  "fd_mean": 0.08726738106174663,
  "fd_num": 2,
  "fd_perc": 0.9302325581395349,
  "fwhm_avg": 3.1876537521407164,
  "fwhm_x": 3.0969670544715555,
  "fwhm_y": 3.270587999565857,
  "fwhm_z": 3.195406202384737,
  "gcor": 0.0415196,
  "gsr_x": -0.017399311065673828,
  "gsr_y": 0.05081998556852341,
  "provenance": {
    "md5sum": "7057e9ae535d21a3aab6187e9184855a",
    "settings": {
      "fd_thres": 0.2,
      "testing": false
    },
    "software": "mriqc",
    "version": "22.0.6",
    "webapi_port": null,
    "webapi_url": "https://mriqc.nimh.nih.gov/api/v1"
  },
  "size_t": 215,
  "size_x": 146,
  "size_y": 146,
  "size_z": 57,
  "snr": 3.0752115450352124,
  "spacing_tr": 1.5,
  "spacing_x": 1.5958904027938843,
  "spacing_y": 1.5958904027938843,
  "spacing_z": 1.600000023841858,
  "summary_bg_k": 47.21413541050552,
  "summary_bg_mad": 64.40239458460601,
  "summary_bg_mean": 405.62530517578125,
  "summary_bg_median": 152.89012145996094,
  "summary_bg_n": 845362.0,
  "summary_bg_p05": 97.03565139770508,
  "summary_bg_p95": 1660.7526428222645,
  "summary_bg_stdv": 770.804931640625,
  "summary_fg_k": 0.6287924964595799,
  "summary_fg_mad": 1504.0545242631856,
  "summary_fg_mean": 5193.13037109375,
  "summary_fg_median": 4927.32421875,
  "summary_fg_n": 241254.0,
  "summary_fg_p05": 3094.3412109375,
  "summary_fg_p95": 8185.590624999994,
  "summary_fg_stdv": 1602.268310546875,
  "tsnr": 17.433374404907227
}