{
  "aor": 0.015615570776255708,
  "aqi": 0.02820934337899543,
  "bids_meta": {
    "AcquisitionMatrixPE": 146,
    "CoilString": "RM:Nova32ch",
    "EchoTime": 0.0276,
    "EffectiveEchoSpacing": 0.000354,
    "FlipAngle": 71,
    "InstitutionName": "Stanford CNI",
    "MagneticFieldStrength": 3,
    "Manufacturer": "GE",
    "ManufacturerModelName": "GE Discovery MR750",
    "MultibandAccelerationFactor": 3,
    "PartialFourier": 0.0136986,
    "PhaseEncodingDirection": "j",
    "PulseSequenceType": "Multiband Gradient Echo EPI",
    "ReconMatrixPE": 146,
    "RepetitionTime": 1.5,
    "SliceThickness": 1.6,
    "SoftwareVersions": "DV24.0_R01_1344.a",
    "TaskDescription": "Subjects performed a visual localizer task. Stimuli were presented in miniblocks at a rate of 4 HZ. Subjects were instructed to maintain fixation on a central cross and to respond to oddball frames in which a blank display, rather than a face/object/place/character was presented. Due to an error, these responses were not recorded.",
    "TaskName": "sim",
    "TotalReadoutTime": 0.05133,
    "dataset": "ds001590",
    "modality": "bold",
    "run_id": 1,
    "subject_id": "31",
    "task_id": "loc"
  },
  "dummy_trs": 5,
  "dvars_nstd": 73.43452882353209,
  "dvars_std": 1.3050291564678898,
  "dvars_vstd": 1.3774423625229366,
  "efc": 0.5265908328413327,
  "fber": 1014.9163208007812,
  "fd_mean": 0.31657153598400883,
  "fd_num": 7,
  "fd_perc": 3.1963470319634704,
  "fwhm_avg": 3.212781682989251,
  "fwhm_x": 3.1060904879946283,
  "fwhm_y": 3.298954609153049,
  "fwhm_z": 3.2332999518200762,
  "gcor": 0.164706,
  "gsr_x": -0.01783490553498268,
  "gsr_y": 0.051182422786951065,
  "provenance": {
    "md5sum": "edb91281a3f6348839949ee6940187b8",
    "settings": {
      "fd_thres": 0.2,
      "testing": false
    },
    "software": "mriqc",
    "version": "22.0.6",
    "webapi_port": null,
    "webapi_url": "https://mriqc.nimh.nih.gov/api/v1"
  },
  "size_t": 219,
  "size_x": 146,
  "size_y": 146,
  "size_z": 57,
  "snr": 3.086990023109927,
  "spacing_tr": 1.5,
  "spacing_x": 1.5958904027938843,
  "spacing_y": 1.5958904027938843,
  "spacing_z": 1.600000023841858,
  "summary_bg_k": 46.45597447095298,
  "summary_bg_mad": 66.69047855344564,
  "summary_bg_mean": 404.5799255371094,
  "summary_bg_median": 153.42115783691406,
  "summary_bg_n": 844984.0,
  "summary_bg_p05": 96.66346435546875,
  "summary_bg_p95": 1649.8248657226554,
  "summary_bg_stdv": 759.07421875,
  "summary_fg_k": 0.6400154577056387,
  "summary_fg_mad": 1497.818437270626,
  "summary_fg_mean": 5196.9404296875,
  "summary_fg_median": 4927.56640625,
  "summary_fg_n": 241369.0,
  "summary_fg_p05": 3107.797705078125,
  "summary_fg_p95": 8174.401855468745,
  "summary_fg_stdv": 1596.2332763671875,
  "tsnr": 10.73408317565918
}