{
  "aor": 0.038823676470588236,
  "aqi": 0.053963616544117646,
  "bids_meta": {
    "AcquisitionMatrixPE": 146,
    "CoilString": "RM:Nova32ch",
    "EchoTime": 0.0276,
    "EffectiveEchoSpacing": 0.000354,
    "FlipAngle": 71,
    "InstitutionName": "Stanford CNI",
    "MagneticFieldStrength": 3,
    "Manufacturer": "GE",
    "ManufacturerModelName": "GE Discovery MR750",
    "MultibandAccelerationFactor": 3,
    "PartialFourier": 0.0136986,
    "PhaseEncodingDirection": "j",
    "PulseSequenceType": "Multiband Gradient Echo EPI",
    "ReconMatrixPE": 146,
    "RepetitionTime": 1.5,
    "SliceThickness": 1.6,
    "SoftwareVersions": "DV24.0_R01_1344.a",
    "TaskDescription": "Simultaneous feature discrimination. Subjects performed a speeded reaction time task. The target was predicted by preceeding stimuli (AB+, B-, AC-, C+), where + corresponds to a 70% probability of seeing the target, and - corresponds to a 30% change of seeing the target. A, B and C are house, faces and body parts, counterbalanced across runs.",
    "TaskName": "sim",
    "TotalReadoutTime": 0.05133,
    "dataset": "ds001590",
    "modality": "bold",
    "run_id": 2,
    "subject_id": "31",
    "task_id": "sim"
  },
  "dummy_trs": 6,
  "dvars_nstd": 84.63235717154978,
  "dvars_std": 1.9894646054981548,
  "dvars_vstd": 2.2367982319926214,
  "efc": 0.5265619340535996,
  "fber": 1001.8880615234375,
  "fd_mean": 0.4093734893142504,
  "fd_num": 15,
  "fd_perc": 5.514705882352941,
  "fwhm_avg": 3.194259394139756,
  "fwhm_x": 3.101873406427988,
  "fwhm_y": 3.2820048236586037,
  "fwhm_z": 3.198899952332676,
  "gcor": 0.4593,
  "gsr_x": -0.0194183811545372,
  "gsr_y": 0.050642091780900955,
  "provenance": {
    "md5sum": "1c3d649e94d37cf871ca2a4ac73aad24",
    "settings": {
      "fd_thres": 0.2,
      "testing": false
    },
    "software": "mriqc",
    "version": "22.0.6",
    "webapi_port": null,
    "webapi_url": "https://mriqc.nimh.nih.gov/api/v1"
  },
  "size_t": 272,
  "size_x": 146,
  "size_y": 146,
  "size_z": 57,
  "snr": 3.1200806487629174,
  "spacing_tr": 1.5,
  "spacing_x": 1.5958904027938843,
  "spacing_y": 1.5958904027938843,
  "spacing_z": 1.600000023841858,
  "summary_bg_k": 56.31596074690994,
  "summary_bg_mad": 65.92114790090781,
  "summary_bg_mean": 395.85418701171875,
  "summary_bg_median": 152.20066833496094,
  "summary_bg_n": 844014.0,
  "summary_bg_p05": 95.70481910705567,
  "summary_bg_p95": 1577.3722167968745,
  "summary_bg_stdv": 755.7723999023438,
  "summary_fg_k": 0.6180325634813921,
  "summary_fg_mad": 1476.4046806185775,
  "summary_fg_mean": 5143.72216796875,
  "summary_fg_median": 4879.564453125,
  "summary_fg_n": 242210.0,
  "summary_fg_p05": 3103.5857055664064,
  "summary_fg_p95": 8056.300146484373,
  "summary_fg_stdv": 1563.9193115234375,
  "tsnr": 6.008111953735352
}