{
  "aor": 0.015110981132075471,
  "aqi": 0.03140485132075471,
  "bids_meta": {
    "AcquisitionMatrixPE": 146,
    "CoilString": "RM:Nova32ch",
    "EchoTime": 0.0276,
    "EffectiveEchoSpacing": 0.000354,
    "FlipAngle": 71,
    "InstitutionName": "Stanford CNI",
    "MagneticFieldStrength": 3,
    "Manufacturer": "GE",
    "ManufacturerModelName": "GE Discovery MR750",
    "MultibandAccelerationFactor": 3,
    "PartialFourier": 0.0136986,
    "PhaseEncodingDirection": "j",
    "PulseSequenceType": "Multiband Gradient Echo EPI",
    "ReconMatrixPE": 146,
    "RepetitionTime": 1.5,
    "SliceThickness": 1.6,
    "SoftwareVersions": "DV24.0_R01_1344.a",
    "TaskDescription": "Simultaneous feature discrimination. Subjects performed a speeded reaction time task. The target was predicted by preceeding stimuli (AB+, B-, AC-, C+), where + corresponds to a 70% probability of seeing the target, and - corresponds to a 30% change of seeing the target. A, B and C are house, faces and body parts, counterbalanced across runs.",
    "TaskName": "sim",
    "TotalReadoutTime": 0.05133,
    "dataset": "ds001590",
    "modality": "bold",
    "run_id": 1,
    "subject_id": "31",
    "task_id": "sim"
  },
  "dummy_trs": 5,
  "dvars_nstd": 72.44187541439398,
  "dvars_std": 1.2395637231060608,
  "dvars_vstd": 1.3268132501893932,
  "efc": 0.5283467345664519,
  "fber": 1020.5875244140625,
  "fd_mean": 0.27407371470015973,
  "fd_num": 6,
  "fd_perc": 2.2641509433962264,
  "fwhm_avg": 3.1756541868722667,
  "fwhm_x": 3.0925807883546934,
  "fwhm_y": 3.275481819333385,
  "fwhm_z": 3.1588999529287225,
  "gcor": 0.174931,
  "gsr_x": -0.020781802013516426,
  "gsr_y": 0.05003240332007408,
  "provenance": {
    "md5sum": "c7f31f66ed576b443954e5137b492d3a",
    "settings": {
      "fd_thres": 0.2,
      "testing": false
    },
    "software": "mriqc",
    "version": "22.0.6",
    "webapi_port": null,
    "webapi_url": "https://mriqc.nimh.nih.gov/api/v1"
  },
  "size_t": 265,
  "size_x": 146,
  "size_y": 146,
  "size_z": 57,
  "snr": 3.1339740525664315,
  "spacing_tr": 1.5,
  "spacing_x": 1.5958904027938843,
  "spacing_y": 1.5958904027938843,
  "spacing_z": 1.600000023841858,
  "summary_bg_k": 60.92365460673388,
  "summary_bg_mad": 67.18209841826652,
  "summary_bg_mean": 390.36700439453125,
  "summary_bg_median": 153.5716552734375,
  "summary_bg_n": 837637.0,
  "summary_bg_p05": 96.86178894042969,
  "summary_bg_p95": 1527.8517822265585,
  "summary_bg_stdv": 739.6012573242188,
  "summary_fg_k": 0.5864567243804366,
  "summary_fg_mad": 1492.0380622392722,
  "summary_fg_mean": 5219.21240234375,
  "summary_fg_median": 4953.7900390625,
  "summary_fg_n": 247988.0,
  "summary_fg_p05": 3147.903369140625,
  "summary_fg_p95": 8165.639721679687,
  "summary_fg_stdv": 1580.67041015625,
  "tsnr": 10.477282524108887
}