{
  "aor": 0.02131655021834061,
  "aqi": 0.03414018733624454,
  "bids_meta": {
    "AcquisitionMatrixPE": 146,
    "CoilString": "RM:Nova32ch",
    "EchoTime": 0.0276,
    "EffectiveEchoSpacing": 0.000354,
    "FlipAngle": 71,
    "InstitutionName": "Stanford CNI",
    "MagneticFieldStrength": 3,
    "Manufacturer": "GE",
    "ManufacturerModelName": "GE Discovery MR750",
    "MultibandAccelerationFactor": 3,
    "PartialFourier": 0.0136986,
    "PhaseEncodingDirection": "j",
    "PulseSequenceType": "Multiband Gradient Echo EPI",
    "ReconMatrixPE": 146,
    "RepetitionTime": 1.5,
    "SliceThickness": 1.6,
    "SoftwareVersions": "DV24.0_R01_1344.a",
    "TaskDescription": "Subjects performed a visual localizer task. Stimuli were presented in miniblocks at a rate of 4 HZ. Subjects were instructed to maintain fixation on a central cross and to respond to oddball frames in which a blank display, rather than a face/object/place/character was presented. Due to an error, these responses were not recorded.",
    "TaskName": "sim",
    "TotalReadoutTime": 0.05133,
    "dataset": "ds001590",
    "modality": "bold",
    "run_id": 1,
    "subject_id": "24",
    "task_id": "loc"
  },
  "dummy_trs": 5,
  "dvars_nstd": 79.92382842662283,
  "dvars_std": 1.4047757705701749,
  "dvars_vstd": 1.5672357057017543,
  "efc": 0.5442615562381051,
  "fber": 1099.6348876953125,
  "fd_mean": 0.33163121836348114,
  "fd_num": 17,
  "fd_perc": 7.423580786026201,
  "fwhm_avg": 3.1602555426857943,
  "fwhm_x": 2.8210270530597694,
  "fwhm_y": 3.3684581288219526,
  "fwhm_z": 3.2912814461756614,
  "gcor": 0.222078,
  "gsr_x": -0.020147252827882767,
  "gsr_y": 0.046474020928144455,
  "provenance": {
    "md5sum": "7097013dd66d5a4c3e7d947ce6cc18ce",
    "settings": {
      "fd_thres": 0.2,
      "testing": false
    },
    "software": "mriqc",
    "version": "22.0.6",
    "webapi_port": null,
    "webapi_url": "https://mriqc.nimh.nih.gov/api/v1"
  },
  "size_t": 229,
  "size_x": 146,
  "size_y": 146,
  "size_z": 57,
  "snr": 2.796181993391877,
  "spacing_tr": 1.5,
  "spacing_x": 1.5958904027938843,
  "spacing_y": 1.5958904027938843,
  "spacing_z": 1.5999999046325684,
  "summary_bg_k": 34.465718724152644,
  "summary_bg_mad": 46.57448523095146,
  "summary_bg_mean": 317.5603942871094,
  "summary_bg_median": 130.8733673095703,
  "summary_bg_n": 790094.0,
  "summary_bg_p05": 87.89352569580078,
  "summary_bg_p95": 1328.6894714355467,
  "summary_bg_stdv": 570.60595703125,
  "summary_fg_k": 0.7121755743342377,
  "summary_fg_mad": 1442.6867010139747,
  "summary_fg_mean": 4673.43115234375,
  "summary_fg_median": 4420.94921875,
  "summary_fg_n": 288806.0,
  "summary_fg_p05": 2613.1618041992188,
  "summary_fg_p95": 7581.3099365234375,
  "summary_fg_stdv": 1581.0635986328125,
  "tsnr": 9.199230194091797
}