{
  "aor": 0.01983965250965251,
  "aqi": 0.03527303127413127,
  "bids_meta": {
    "AcquisitionMatrixPE": 146,
    "CoilString": "RM:Nova32ch",
    "EchoTime": 0.0276,
    "EffectiveEchoSpacing": 0.000354,
    "FlipAngle": 71,
    "InstitutionName": "Stanford CNI",
    "MagneticFieldStrength": 3,
    "Manufacturer": "GE",
    "ManufacturerModelName": "GE Discovery MR750",
    "MultibandAccelerationFactor": 3,
    "PartialFourier": 0.0136986,
    "PhaseEncodingDirection": "j",
    "PulseSequenceType": "Multiband Gradient Echo EPI",
    "ReconMatrixPE": 146,
    "RepetitionTime": 1.5,
    "SliceThickness": 1.6,
    "SoftwareVersions": "DV24.0_R01_1344.a",
    "TaskDescription": "Simultaneous feature discrimination. Subjects performed a speeded reaction time task. The target was predicted by preceeding stimuli (AB+, B-, AC-, C+), where + corresponds to a 70% probability of seeing the target, and - corresponds to a 30% change of seeing the target. A, B and C are house, faces and body parts, counterbalanced across runs.",
    "TaskName": "sim",
    "TotalReadoutTime": 0.05133,
    "dataset": "ds001590",
    "modality": "bold",
    "run_id": 2,
    "subject_id": "24",
    "task_id": "sim"
  },
  "dummy_trs": 5,
  "dvars_nstd": 79.30767136220935,
  "dvars_std": 1.4323565043798452,
  "dvars_vstd": 1.5788361424806203,
  "efc": 0.5402870560048401,
  "fber": 1113.848388671875,
  "fd_mean": 0.25052120087790636,
  "fd_num": 27,
  "fd_perc": 10.424710424710424,
  "fwhm_avg": 3.2141044661336644,
  "fwhm_x": 2.872998040450131,
  "fwhm_y": 3.395527656857444,
  "fwhm_z": 3.3737877010934176,
  "gcor": 0.233838,
  "gsr_x": -0.020891055464744568,
  "gsr_y": 0.046776220202445984,
  "provenance": {
    "md5sum": "ab25c9ee3d5dfb08d06d3d6f10196c22",
    "settings": {
      "fd_thres": 0.2,
      "testing": false
    },
    "software": "mriqc",
    "version": "22.0.6",
    "webapi_port": null,
    "webapi_url": "https://mriqc.nimh.nih.gov/api/v1"
  },
  "size_t": 259,
  "size_x": 146,
  "size_y": 146,
  "size_z": 57,
  "snr": 2.762648395491856,
  "spacing_tr": 1.5,
  "spacing_x": 1.5958904027938843,
  "spacing_y": 1.5958904027938843,
  "spacing_z": 1.5999999046325684,
  "summary_bg_k": 33.68139222716777,
  "summary_bg_mad": 47.0041188579991,
  "summary_bg_mean": 321.91876220703125,
  "summary_bg_median": 132.41180419921875,
  "summary_bg_n": 796292.0,
  "summary_bg_p05": 89.41382026672363,
  "summary_bg_p95": 1312.0034729003899,
  "summary_bg_stdv": 570.5188598632812,
  "summary_fg_k": 0.7266072654717313,
  "summary_fg_mad": 1470.6842105352612,
  "summary_fg_mean": 4763.12939453125,
  "summary_fg_median": 4487.8671875,
  "summary_fg_n": 282882.0,
  "summary_fg_p05": 2682.07626953125,
  "summary_fg_p95": 7774.734106445313,
  "summary_fg_stdv": 1624.4771728515625,
  "tsnr": 8.865701675415039
}