{
  "aor": 0.03167917647058823,
  "aqi": 0.04938255882352941,
  "bids_meta": {
    "AcquisitionMatrixPE": 146,
    "CoilString": "RM:Nova32ch",
    "EchoTime": 0.0276,
    "EffectiveEchoSpacing": 0.000354,
    "FlipAngle": 71,
    "InstitutionName": "Stanford CNI",
    "MagneticFieldStrength": 3,
    "Manufacturer": "GE",
    "ManufacturerModelName": "GE Discovery MR750",
    "MultibandAccelerationFactor": 3,
    "PartialFourier": 0.0136986,
    "PhaseEncodingDirection": "j",
    "PulseSequenceType": "Multiband Gradient Echo EPI",
    "ReconMatrixPE": 146,
    "RepetitionTime": 1.5,
    "SliceThickness": 1.6,
    "SoftwareVersions": "DV24.0_R01_1344.a",
    "TaskDescription": "Simultaneous feature discrimination. Subjects performed a speeded reaction time task. The target was predicted by preceeding stimuli (AB+, B-, AC-, C+), where + corresponds to a 70% probability of seeing the target, and - corresponds to a 30% change of seeing the target. A, B and C are house, faces and body parts, counterbalanced across runs.",
    "TaskName": "sim",
    "TotalReadoutTime": 0.05133,
    "dataset": "ds001590",
    "modality": "bold",
    "run_id": 3,
    "subject_id": "24",
    "task_id": "sim"
  },
  "dummy_trs": 5,
  "dvars_nstd": 95.54763775917327,
  "dvars_std": 1.6210441798818889,
  "dvars_vstd": 1.7894683038582675,
  "efc": 0.5468843267414288,
  "fber": 805.98974609375,
  "fd_mean": 0.37489177437374843,
  "fd_num": 44,
  "fd_perc": 17.254901960784313,
  "fwhm_avg": 3.222619257871665,
  "fwhm_x": 2.9007443066865095,
  "fwhm_y": 3.441025768678208,
  "fwhm_z": 3.3260876982502756,
  "gcor": 0.350493,
  "gsr_x": -0.024617884308099747,
  "gsr_y": 0.0548415407538414,
  "provenance": {
    "md5sum": "e903b7a4bd9e1052daec4465aecf649c",
    "settings": {
      "fd_thres": 0.2,
      "testing": false
    },
    "software": "mriqc",
    "version": "22.0.6",
    "webapi_port": null,
    "webapi_url": "https://mriqc.nimh.nih.gov/api/v1"
  },
  "size_t": 255,
  "size_x": 146,
  "size_y": 146,
  "size_z": 57,
  "snr": 2.723186941819198,
  "spacing_tr": 1.5,
  "spacing_x": 1.5958904027938843,
  "spacing_y": 1.5958904027938843,
  "spacing_z": 1.5999999046325684,
  "summary_bg_k": 33.311844399770926,
  "summary_bg_mad": 64.28933191313482,
  "summary_bg_mean": 337.13836669921875,
  "summary_bg_median": 151.05435180664062,
  "summary_bg_n": 796064.0,
  "summary_bg_p05": 96.51199417114258,
  "summary_bg_p95": 1295.1086120605457,
  "summary_bg_stdv": 554.5281982421875,
  "summary_fg_k": 0.6952621030020079,
  "summary_fg_mad": 1451.3774430223534,
  "summary_fg_mean": 4631.37353515625,
  "summary_fg_median": 4365.181640625,
  "summary_fg_n": 282988.0,
  "summary_fg_p05": 2538.04658203125,
  "summary_fg_p95": 7590.358593749998,
  "summary_fg_stdv": 1602.9652099609375,
  "tsnr": 6.816270351409912
}