{
  "aor": 0.010804977973568282,
  "aqi": 0.02620586828193833,
  "bids_meta": {
    "AcquisitionMatrixPE": 146,
    "CoilString": "RM:Nova32ch",
    "EchoTime": 0.0276,
    "EffectiveEchoSpacing": 0.000354,
    "FlipAngle": 71,
    "InstitutionName": "Stanford CNI",
    "MagneticFieldStrength": 3,
    "Manufacturer": "GE",
    "ManufacturerModelName": "GE Discovery MR750",
    "MultibandAccelerationFactor": 3,
    "PartialFourier": 0.0136986,
    "PhaseEncodingDirection": "j",
    "PulseSequenceType": "Multiband Gradient Echo EPI",
    "ReconMatrixPE": 146,
    "RepetitionTime": 1.5,
    "SliceThickness": 1.6,
    "SoftwareVersions": "DV24.0_R01_1344.a",
    "TaskDescription": "Subjects performed a visual localizer task. Stimuli were presented in miniblocks at a rate of 4 HZ. Subjects were instructed to maintain fixation on a central cross and to respond to oddball frames in which a blank display, rather than a face/object/place/character was presented. Due to an error, these responses were not recorded.",
    "TaskName": "sim",
    "TotalReadoutTime": 0.05133,
    "dataset": "ds001590",
    "modality": "bold",
    "run_id": 2,
    "subject_id": "24",
    "task_id": "loc"
  },
  "dummy_trs": 5,
  "dvars_nstd": 74.69962263508852,
  "dvars_std": 1.1507444868141594,
  "dvars_vstd": 1.1973410534070794,
  "efc": 0.543631157956023,
  "fber": 1119.682861328125,
  "fd_mean": 0.24501510889158468,
  "fd_num": 13,
  "fd_perc": 5.726872246696035,
  "fwhm_avg": 3.182030828047258,
  "fwhm_x": 2.819516924296679,
  "fwhm_y": 3.3849003606657324,
  "fwhm_z": 3.341675199179363,
  "gcor": 0.117895,
  "gsr_x": -0.02007921412587166,
  "gsr_y": 0.046380046755075455,
  "provenance": {
    "md5sum": "3ba401c5eeb3156a7b8f0af41caa1380",
    "settings": {
      "fd_thres": 0.2,
      "testing": false
    },
    "software": "mriqc",
    "version": "22.0.6",
    "webapi_port": null,
    "webapi_url": "https://mriqc.nimh.nih.gov/api/v1"
  },
  "size_t": 227,
  "size_x": 146,
  "size_y": 146,
  "size_z": 57,
  "snr": 2.7765729454392196,
  "spacing_tr": 1.5,
  "spacing_x": 1.5958904027938843,
  "spacing_y": 1.5958904027938843,
  "spacing_z": 1.5999999046325684,
  "summary_bg_k": 35.01966290461413,
  "summary_bg_mad": 44.74894528310128,
  "summary_bg_mean": 318.07891845703125,
  "summary_bg_median": 130.62380981445312,
  "summary_bg_n": 789352.0,
  "summary_bg_p05": 88.42776565551758,
  "summary_bg_p95": 1331.1962768554688,
  "summary_bg_stdv": 573.6170043945312,
  "summary_fg_k": 0.6972263460928754,
  "summary_fg_mad": 1460.643344924581,
  "summary_fg_mean": 4699.32666015625,
  "summary_fg_median": 4442.40576171875,
  "summary_fg_n": 289332.0,
  "summary_fg_p05": 2623.737170410156,
  "summary_fg_p95": 7643.047753906251,
  "summary_fg_stdv": 1599.957275390625,
  "tsnr": 11.914342880249023
}